{
  "aor": 0.0027944444444444444,
  "aqi": 0.001624616888888889,
  "bids_meta": {
    "CogAtlasID": "trm_4c898f079d05e",
    "CogPOID": "",
    "EchoTime": 0.035,
    "FlipAngle": 90.0,
    "InPlanePhaseEncodingDirection": "COL",
    "MRAcquisitionType": "2D",
    "MagneticFieldStrength": 3.0,
    "Manufacturer": "GE",
    "ManufacturerModelName": "SIGNA HDx",
    "ReceiveCoilName": "8-channel head",
    "RepetitionTime": 3.0,
    "ScanOptions": "EPI.GEMS",
    "ScanningSequence": "EP/GR",
    "SequenceVariant": "SS",
    "SliceAcquisitionDirection": "sequential/ascending (bottom up)",
    "SliceGap": 0,
    "SliceTiming": [
      0.0,
      0.075,
      0.15,
      0.225,
      0.3,
      0.375,
      0.45,
      0.525,
      0.6,
      0.675,
      0.75,
      0.825,
      0.9,
      0.975,
      1.05,
      1.125,
      1.2,
      1.275,
      1.35,
      1.425,
      1.5,
      1.575,
      1.65,
      1.725,
      1.8,
      1.875,
      1.95,
      2.025,
      2.1,
      2.175,
      2.25,
      2.325,
      2.4,
      2.475,
      2.55,
      2.625,
      2.7,
      2.775,
      2.85,
      2.925
    ],
    "SliceTimingCalculationMethod": "slice_number * (RepetitionTime / num_slices)",
    "SoftwareVersion": "14/LX/MR Software release.14.0.M5A.0828.b",
    "TaskDescription": "Finger-to-thumb opposition sequence performed with the untrained hand using the novel, untrained sequence.",
    "TaskInstructions": "See published manuscripts.",
    "TaskName": "Untrained Hand, Untrained Sequence",
    "dataset": "ds000170",
    "modality": "bold",
    "run_id": 2,
    "subject_id": "1714",
    "task_id": "UntrainedHandUntrainedSequence"
  },
  "dummy_trs": 0,
  "dvars_nstd": 14.607860457045456,
  "dvars_std": 1.2934335390909089,
  "dvars_vstd": 1.0183939479545459,
  "efc": 0.44340401529736717,
  "fber": 5841.57666015625,
  "fd_mean": 0.042288398320173747,
  "fd_num": 0,
  "fd_perc": 0.0,
  "fwhm_avg": 2.3601020090617904,
  "fwhm_x": 2.339690338151224,
  "fwhm_y": 2.567593439606667,
  "fwhm_z": 2.17302224942748,
  "gcor": 0.033012,
  "gsr_x": -0.006655332166701555,
  "gsr_y": 0.021281689405441284,
  "provenance": {
    "md5sum": "342bae66d72a1ed8e091ac749bd052d9",
    "settings": {
      "fd_thres": 0.2,
      "testing": false
    },
    "software": "mriqc",
    "version": "22.0.0rc1",
    "webapi_port": null,
    "webapi_url": "https://mriqc.nimh.nih.gov/api/v1"
  },
  "size_t": 45,
  "size_x": 64,
  "size_y": 64,
  "size_z": 40,
  "snr": 5.877662731387663,
  "spacing_tr": 3.0,
  "spacing_x": 3.437501907348633,
  "spacing_y": 3.4374990463256836,
  "spacing_z": 3.4000020027160645,
  "summary_bg_k": 26.749453946320937,
  "summary_bg_mad": 11.531349017355062,
  "summary_bg_mean": 61.46333312988281,
  "summary_bg_median": 23.377779006958008,
  "summary_bg_n": 110905.0,
  "summary_bg_p05": 6.844444751739502,
  "summary_bg_p95": 249.24444580078125,
  "summary_bg_stdv": 101.97306060791016,
  "summary_fg_k": 0.3584353296715195,
  "summary_fg_mad": 287.2953531758791,
  "summary_fg_mean": 1737.4119873046875,
  "summary_fg_median": 1741.5111083984375,
  "summary_fg_n": 21828.0,
  "summary_fg_p05": 1247.551141357422,
  "summary_fg_p95": 2212.9489013671864,
  "summary_fg_stdv": 296.2863464355469,
  "tsnr": 131.88257385184988
}