{
  "aor": 0.003760666666666668,
  "aqi": 0.0014381037777777778,
  "bids_meta": {
    "CogAtlasID": "trm_4c898f079d05e",
    "CogPOID": "",
    "EchoTime": 0.035,
    "FlipAngle": 90.0,
    "InPlanePhaseEncodingDirection": "COL",
    "MRAcquisitionType": "2D",
    "MagneticFieldStrength": 3.0,
    "Manufacturer": "GE",
    "ManufacturerModelName": "SIGNA HDx",
    "ReceiveCoilName": "8-channel head",
    "RepetitionTime": 3.0,
    "ScanOptions": "EPI.GEMS",
    "ScanningSequence": "EP/GR",
    "SequenceVariant": "SS",
    "SliceAcquisitionDirection": "sequential/ascending (bottom up)",
    "SliceGap": 0,
    "SliceTiming": [
      0.0,
      0.075,
      0.15,
      0.225,
      0.3,
      0.375,
      0.45,
      0.525,
      0.6,
      0.675,
      0.75,
      0.825,
      0.9,
      0.975,
      1.05,
      1.125,
      1.2,
      1.275,
      1.35,
      1.425,
      1.5,
      1.575,
      1.65,
      1.725,
      1.8,
      1.875,
      1.95,
      2.025,
      2.1,
      2.175,
      2.25,
      2.325,
      2.4,
      2.475,
      2.55,
      2.625,
      2.7,
      2.775,
      2.85,
      2.925
    ],
    "SliceTimingCalculationMethod": "slice_number * (RepetitionTime / num_slices)",
    "SoftwareVersion": "14/LX/MR Software release.14.0.M5A.0828.b",
    "TaskDescription": "Finger-to-thumb opposition sequence performed with the untrained hand using the pre-trained sequence.",
    "TaskInstructions": "See published manuscripts.",
    "TaskName": "Untrained Hand, Trained Sequence",
    "dataset": "ds000170",
    "modality": "bold",
    "run_id": 2,
    "subject_id": "1714",
    "task_id": "UntrainedHandTrainedSequence"
  },
  "dummy_trs": 0,
  "dvars_nstd": 13.055866003636366,
  "dvars_std": 1.193151723181818,
  "dvars_vstd": 1.031273034772727,
  "efc": 0.4426675165990331,
  "fber": 5809.6318359375,
  "fd_mean": 0.04548632311195944,
  "fd_num": 0,
  "fd_perc": 0.0,
  "fwhm_avg": 2.3940843744001508,
  "fwhm_x": 2.359835781518676,
  "fwhm_y": 2.617309817035971,
  "fwhm_z": 2.205107524645805,
  "gcor": 0.0263868,
  "gsr_x": -0.006910701282322407,
  "gsr_y": 0.021341994404792786,
  "provenance": {
    "md5sum": "aedf24ca0edfdd12fe9735862bbec984",
    "settings": {
      "fd_thres": 0.2,
      "testing": false
    },
    "software": "mriqc",
    "version": "22.0.0rc1",
    "webapi_port": null,
    "webapi_url": "https://mriqc.nimh.nih.gov/api/v1"
  },
  "size_t": 45,
  "size_x": 64,
  "size_y": 64,
  "size_z": 40,
  "snr": 5.775968859626257,
  "spacing_tr": 3.0,
  "spacing_x": 3.437501907348633,
  "spacing_y": 3.4374990463256836,
  "spacing_z": 3.4000020027160645,
  "summary_bg_k": 26.595571082874553,
  "summary_bg_mad": 11.399563221782751,
  "summary_bg_mean": 61.0389289855957,
  "summary_bg_median": 23.22222328186035,
  "summary_bg_n": 111034.0,
  "summary_bg_p05": 6.933333396911621,
  "summary_bg_p95": 247.09667358398417,
  "summary_bg_stdv": 101.48860931396484,
  "summary_fg_k": 0.3242036037429932,
  "summary_fg_mad": 291.80912766692387,
  "summary_fg_mean": 1726.3045654296875,
  "summary_fg_median": 1729.4000244140625,
  "summary_fg_n": 21765.0,
  "summary_fg_p05": 1231.4444580078125,
  "summary_fg_p95": 2210.346826171875,
  "summary_fg_stdv": 299.4060974121094,
  "tsnr": 131.34637270867825
}