{
  "aor": 0.002927777777777778,
  "aqi": 0.0014895959555555555,
  "bids_meta": {
    "CogAtlasID": "trm_4c898f079d05e",
    "CogPOID": "",
    "EchoTime": 0.035,
    "FlipAngle": 90.0,
    "InPlanePhaseEncodingDirection": "COL",
    "MRAcquisitionType": "2D",
    "MagneticFieldStrength": 3.0,
    "Manufacturer": "GE",
    "ManufacturerModelName": "SIGNA HDx",
    "ReceiveCoilName": "8-channel head",
    "RepetitionTime": 3.0,
    "ScanOptions": "EPI.GEMS",
    "ScanningSequence": "EP/GR",
    "SequenceVariant": "SS",
    "SliceAcquisitionDirection": "sequential/ascending (bottom up)",
    "SliceGap": 0,
    "SliceTiming": [
      0.0,
      0.075,
      0.15,
      0.225,
      0.3,
      0.375,
      0.45,
      0.525,
      0.6,
      0.675,
      0.75,
      0.825,
      0.9,
      0.975,
      1.05,
      1.125,
      1.2,
      1.275,
      1.35,
      1.425,
      1.5,
      1.575,
      1.65,
      1.725,
      1.8,
      1.875,
      1.95,
      2.025,
      2.1,
      2.175,
      2.25,
      2.325,
      2.4,
      2.475,
      2.55,
      2.625,
      2.7,
      2.775,
      2.85,
      2.925
    ],
    "SliceTimingCalculationMethod": "slice_number * (RepetitionTime / num_slices)",
    "SoftwareVersion": "14/LX/MR Software release.14.0.M5A.0828.b",
    "TaskDescription": "Finger-to-thumb opposition sequence performed with the untrained hand using the novel, untrained sequence.",
    "TaskInstructions": "See published manuscripts.",
    "TaskName": "Untrained Hand, Untrained Sequence",
    "dataset": "ds000170",
    "modality": "bold",
    "run_id": 3,
    "subject_id": "1714",
    "task_id": "UntrainedHandUntrainedSequence"
  },
  "dummy_trs": 0,
  "dvars_nstd": 13.845903678636365,
  "dvars_std": 1.2415670163636365,
  "dvars_vstd": 1.0236345822727275,
  "efc": 0.44337523051091704,
  "fber": 5813.26611328125,
  "fd_mean": 0.04925630275177215,
  "fd_num": 0,
  "fd_perc": 0.0,
  "fwhm_avg": 2.3647298095737583,
  "fwhm_x": 2.3344801592239883,
  "fwhm_y": 2.577775260613254,
  "fwhm_z": 2.181934008884032,
  "gcor": 0.0304882,
  "gsr_x": -0.0064956555142998695,
  "gsr_y": 0.02119372971355915,
  "provenance": {
    "md5sum": "787992dd42073b0abb3ca53fc7431dc8",
    "settings": {
      "fd_thres": 0.2,
      "testing": false
    },
    "software": "mriqc",
    "version": "22.0.0rc1",
    "webapi_port": null,
    "webapi_url": "https://mriqc.nimh.nih.gov/api/v1"
  },
  "size_t": 45,
  "size_x": 64,
  "size_y": 64,
  "size_z": 40,
  "snr": 5.865339380553252,
  "spacing_tr": 3.0,
  "spacing_x": 3.437501907348633,
  "spacing_y": 3.4374990463256836,
  "spacing_z": 3.4000020027160645,
  "summary_bg_k": 27.264880941655658,
  "summary_bg_mad": 11.53135043127472,
  "summary_bg_mean": 61.60469055175781,
  "summary_bg_median": 23.422222137451172,
  "summary_bg_n": 110932.0,
  "summary_bg_p05": 6.97777795791626,
  "summary_bg_p95": 249.37777709960938,
  "summary_bg_stdv": 102.51209259033203,
  "summary_fg_k": 0.36143783842073773,
  "summary_fg_mad": 287.3613210114071,
  "summary_fg_mean": 1736.923583984375,
  "summary_fg_median": 1741.844482421875,
  "summary_fg_n": 21840.0,
  "summary_fg_p05": 1246.3022705078124,
  "summary_fg_p95": 2212.4690185546874,
  "summary_fg_stdv": 296.9656982421875,
  "tsnr": 134.5589356822893
}