{
  "aor": 0.0032926666666666664,
  "aqi": 0.0014701180000000003,
  "bids_meta": {
    "CogAtlasID": "trm_4c898f079d05e",
    "CogPOID": "",
    "EchoTime": 0.035,
    "FlipAngle": 90.0,
    "InPlanePhaseEncodingDirection": "COL",
    "MRAcquisitionType": "2D",
    "MagneticFieldStrength": 3.0,
    "Manufacturer": "GE",
    "ManufacturerModelName": "SIGNA HDx",
    "ReceiveCoilName": "8-channel head",
    "RepetitionTime": 3.0,
    "ScanOptions": "EPI.GEMS",
    "ScanningSequence": "EP/GR",
    "SequenceVariant": "SS",
    "SliceAcquisitionDirection": "sequential/ascending (bottom up)",
    "SliceGap": 0,
    "SliceTiming": [
      0.0,
      0.075,
      0.15,
      0.225,
      0.3,
      0.375,
      0.45,
      0.525,
      0.6,
      0.675,
      0.75,
      0.825,
      0.9,
      0.975,
      1.05,
      1.125,
      1.2,
      1.275,
      1.35,
      1.425,
      1.5,
      1.575,
      1.65,
      1.725,
      1.8,
      1.875,
      1.95,
      2.025,
      2.1,
      2.175,
      2.25,
      2.325,
      2.4,
      2.475,
      2.55,
      2.625,
      2.7,
      2.775,
      2.85,
      2.925
    ],
    "SliceTimingCalculationMethod": "slice_number * (RepetitionTime / num_slices)",
    "SoftwareVersion": "14/LX/MR Software release.14.0.M5A.0828.b",
    "TaskDescription": "Finger-to-thumb opposition sequence performed with the trained hand using the pre-trained sequence.",
    "TaskInstructions": "See published manuscripts.",
    "TaskName": "Trained Hand, Trained Sequence",
    "dataset": "ds000170",
    "modality": "bold",
    "run_id": 3,
    "subject_id": "1714",
    "task_id": "TrainedHandTrainedSequence"
  },
  "dummy_trs": 0,
  "dvars_nstd": 12.955541350454547,
  "dvars_std": 1.196410439090909,
  "dvars_vstd": 1.0189446895454544,
  "efc": 0.4423877063712368,
  "fber": 5836.3642578125,
  "fd_mean": 0.05412429993690284,
  "fd_num": 1,
  "fd_perc": 2.2222222222222223,
  "fwhm_avg": 2.406808524736786,
  "fwhm_x": 2.3713557751266343,
  "fwhm_y": 2.6325534576286893,
  "fwhm_z": 2.216516341455034,
  "gcor": 0.0168789,
  "gsr_x": -0.006593291647732258,
  "gsr_y": 0.020907003432512283,
  "provenance": {
    "md5sum": "b4ae398559a301e05ae66f9d5f436baa",
    "settings": {
      "fd_thres": 0.2,
      "testing": false
    },
    "software": "mriqc",
    "version": "22.0.0rc1",
    "webapi_port": null,
    "webapi_url": "https://mriqc.nimh.nih.gov/api/v1"
  },
  "size_t": 45,
  "size_x": 64,
  "size_y": 64,
  "size_z": 40,
  "snr": 5.784426485286065,
  "spacing_tr": 3.0,
  "spacing_x": 3.437501907348633,
  "spacing_y": 3.4374990463256836,
  "spacing_z": 3.4000020027160645,
  "summary_bg_k": 26.990079821408607,
  "summary_bg_mad": 11.49840468934147,
  "summary_bg_mean": 61.03204345703125,
  "summary_bg_median": 23.33333396911621,
  "summary_bg_n": 111050.0,
  "summary_bg_p05": 6.933333396911621,
  "summary_bg_p95": 245.91111755371094,
  "summary_bg_stdv": 101.53919982910156,
  "summary_fg_k": 0.31836348831714867,
  "summary_fg_mad": 293.4563327562462,
  "summary_fg_mean": 1733.9482421875,
  "summary_fg_median": 1738.077880859375,
  "summary_fg_n": 21782.0,
  "summary_fg_p05": 1235.5855407714844,
  "summary_fg_p95": 2215.704516601563,
  "summary_fg_stdv": 300.468505859375,
  "tsnr": 128.11908195726573
}