{
  "aor": 0.0035157777777777774,
  "aqi": 0.0014385397777777777,
  "bids_meta": {
    "CogAtlasID": "trm_4c898f079d05e",
    "CogPOID": "",
    "EchoTime": 0.035,
    "FlipAngle": 90.0,
    "InPlanePhaseEncodingDirection": "COL",
    "MRAcquisitionType": "2D",
    "MagneticFieldStrength": 3.0,
    "Manufacturer": "GE",
    "ManufacturerModelName": "SIGNA HDx",
    "ReceiveCoilName": "8-channel head",
    "RepetitionTime": 3.0,
    "ScanOptions": "EPI.GEMS",
    "ScanningSequence": "EP/GR",
    "SequenceVariant": "SS",
    "SliceAcquisitionDirection": "sequential/ascending (bottom up)",
    "SliceGap": 0,
    "SliceTiming": [
      0.0,
      0.075,
      0.15,
      0.225,
      0.3,
      0.375,
      0.45,
      0.525,
      0.6,
      0.675,
      0.75,
      0.825,
      0.9,
      0.975,
      1.05,
      1.125,
      1.2,
      1.275,
      1.35,
      1.425,
      1.5,
      1.575,
      1.65,
      1.725,
      1.8,
      1.875,
      1.95,
      2.025,
      2.1,
      2.175,
      2.25,
      2.325,
      2.4,
      2.475,
      2.55,
      2.625,
      2.7,
      2.775,
      2.85,
      2.925
    ],
    "SliceTimingCalculationMethod": "slice_number * (RepetitionTime / num_slices)",
    "SoftwareVersion": "14/LX/MR Software release.14.0.M5A.0828.b",
    "TaskDescription": "Finger-to-thumb opposition sequence performed with the trained hand using the pre-trained sequence.",
    "TaskInstructions": "See published manuscripts.",
    "TaskName": "Trained Hand, Trained Sequence",
    "dataset": "ds000170",
    "modality": "bold",
    "run_id": 1,
    "subject_id": "1714",
    "task_id": "TrainedHandTrainedSequence"
  },
  "dummy_trs": 0,
  "dvars_nstd": 14.082419720909087,
  "dvars_std": 1.2559891434090908,
  "dvars_vstd": 1.0353314793181814,
  "efc": 0.43978537078227264,
  "fber": 5830.81640625,
  "fd_mean": 0.05132656274275799,
  "fd_num": 0,
  "fd_perc": 0.0,
  "fwhm_avg": 2.399068444615191,
  "fwhm_x": 2.3746139551369656,
  "fwhm_y": 2.6231309095600226,
  "fwhm_z": 2.199460469148584,
  "gcor": 0.0346258,
  "gsr_x": -0.0064324201084673405,
  "gsr_y": 0.019907329231500626,
  "provenance": {
    "md5sum": "6c2b29598be22fc941da2d196e8f1d19",
    "settings": {
      "fd_thres": 0.2,
      "testing": false
    },
    "software": "mriqc",
    "version": "22.0.0rc1",
    "webapi_port": null,
    "webapi_url": "https://mriqc.nimh.nih.gov/api/v1"
  },
  "size_t": 45,
  "size_x": 64,
  "size_y": 64,
  "size_z": 40,
  "snr": 5.809174682888974,
  "spacing_tr": 3.0,
  "spacing_x": 3.437501907348633,
  "spacing_y": 3.4374990463256836,
  "spacing_z": 3.4000020027160645,
  "summary_bg_k": 27.68976233024607,
  "summary_bg_mad": 11.432510377635657,
  "summary_bg_mean": 59.96292495727539,
  "summary_bg_median": 23.288888931274414,
  "summary_bg_n": 111354.0,
  "summary_bg_p05": 6.9555559158325195,
  "summary_bg_p95": 240.82223510742188,
  "summary_bg_stdv": 99.3763427734375,
  "summary_fg_k": 0.3153909762620901,
  "summary_fg_mad": 292.599655802963,
  "summary_fg_mean": 1733.6368408203125,
  "summary_fg_median": 1739.577880859375,
  "summary_fg_n": 21485.0,
  "summary_fg_p05": 1239.3733642578125,
  "summary_fg_p95": 2212.20439453125,
  "summary_fg_stdv": 299.4465637207031,
  "tsnr": 130.15035978052765
}