{
  "aor": 0.0036420000000000003,
  "aqi": 0.001522570688888889,
  "bids_meta": {
    "CogAtlasID": "trm_4c898f079d05e",
    "CogPOID": "",
    "EchoTime": 0.035,
    "FlipAngle": 90.0,
    "InPlanePhaseEncodingDirection": "COL",
    "MRAcquisitionType": "2D",
    "MagneticFieldStrength": 3.0,
    "Manufacturer": "GE",
    "ManufacturerModelName": "SIGNA HDx",
    "ReceiveCoilName": "8-channel head",
    "RepetitionTime": 3.0,
    "ScanOptions": "EPI.GEMS",
    "ScanningSequence": "EP/GR",
    "SequenceVariant": "SS",
    "SliceAcquisitionDirection": "sequential/ascending (bottom up)",
    "SliceGap": 0,
    "SliceTiming": [
      0.0,
      0.075,
      0.15,
      0.225,
      0.3,
      0.375,
      0.45,
      0.525,
      0.6,
      0.675,
      0.75,
      0.825,
      0.9,
      0.975,
      1.05,
      1.125,
      1.2,
      1.275,
      1.35,
      1.425,
      1.5,
      1.575,
      1.65,
      1.725,
      1.8,
      1.875,
      1.95,
      2.025,
      2.1,
      2.175,
      2.25,
      2.325,
      2.4,
      2.475,
      2.55,
      2.625,
      2.7,
      2.775,
      2.85,
      2.925
    ],
    "SliceTimingCalculationMethod": "slice_number * (RepetitionTime / num_slices)",
    "SoftwareVersion": "14/LX/MR Software release.14.0.M5A.0828.b",
    "TaskDescription": "Finger-to-thumb opposition sequence performed with the untrained hand using the pre-trained sequence.",
    "TaskInstructions": "See published manuscripts.",
    "TaskName": "Untrained Hand, Trained Sequence",
    "dataset": "ds000170",
    "modality": "bold",
    "run_id": 1,
    "subject_id": "1714",
    "task_id": "UntrainedHandTrainedSequence"
  },
  "dummy_trs": 0,
  "dvars_nstd": 11.55722319068182,
  "dvars_std": 1.136307230909091,
  "dvars_vstd": 1.014863721363636,
  "efc": 0.44263395946578926,
  "fber": 5823.77783203125,
  "fd_mean": 0.053539309508715036,
  "fd_num": 0,
  "fd_perc": 0.0,
  "fwhm_avg": 2.4023647402096446,
  "fwhm_x": 2.3642139609075588,
  "fwhm_y": 2.6292050930633803,
  "fwhm_z": 2.213675166657995,
  "gcor": 0.0264403,
  "gsr_x": -0.0065117524936795235,
  "gsr_y": 0.02100191079080105,
  "provenance": {
    "md5sum": "791069fa5e18e7c61671bf1d0a00b1d6",
    "settings": {
      "fd_thres": 0.2,
      "testing": false
    },
    "software": "mriqc",
    "version": "22.0.0rc1",
    "webapi_port": null,
    "webapi_url": "https://mriqc.nimh.nih.gov/api/v1"
  },
  "size_t": 45,
  "size_x": 64,
  "size_y": 64,
  "size_z": 40,
  "snr": 5.805218854655021,
  "spacing_tr": 3.0,
  "spacing_x": 3.437501907348633,
  "spacing_y": 3.4374990463256836,
  "spacing_z": 3.4000020027160645,
  "summary_bg_k": 26.475618294488534,
  "summary_bg_mad": 11.531351845194378,
  "summary_bg_mean": 61.15469741821289,
  "summary_bg_median": 23.311111450195312,
  "summary_bg_n": 111013.0,
  "summary_bg_p05": 6.933333396911621,
  "summary_bg_p95": 246.9377838134762,
  "summary_bg_stdv": 101.79817962646484,
  "summary_fg_k": 0.3241005862265909,
  "summary_fg_mad": 292.91284466271935,
  "summary_fg_mean": 1732.7623291015625,
  "summary_fg_median": 1737.60009765625,
  "summary_fg_n": 21786.0,
  "summary_fg_p05": 1237.4055786132812,
  "summary_fg_p95": 2215.1388549804688,
  "summary_fg_stdv": 299.3100280761719,
  "tsnr": 123.09469181858003
}