{
  "aor": 0.003511333333333333,
  "aqi": 0.0014855306000000003,
  "bids_meta": {
    "CogAtlasID": "trm_4c898f079d05e",
    "CogPOID": "",
    "EchoTime": 0.035,
    "FlipAngle": 90.0,
    "InPlanePhaseEncodingDirection": "COL",
    "MRAcquisitionType": "2D",
    "MagneticFieldStrength": 3.0,
    "Manufacturer": "GE",
    "ManufacturerModelName": "SIGNA HDx",
    "ReceiveCoilName": "8-channel head",
    "RepetitionTime": 3.0,
    "ScanOptions": "EPI.GEMS",
    "ScanningSequence": "EP/GR",
    "SequenceVariant": "SS",
    "SliceAcquisitionDirection": "sequential/ascending (bottom up)",
    "SliceGap": 0,
    "SliceTiming": [
      0.0,
      0.075,
      0.15,
      0.225,
      0.3,
      0.375,
      0.45,
      0.525,
      0.6,
      0.675,
      0.75,
      0.825,
      0.9,
      0.975,
      1.05,
      1.125,
      1.2,
      1.275,
      1.35,
      1.425,
      1.5,
      1.575,
      1.65,
      1.725,
      1.8,
      1.875,
      1.95,
      2.025,
      2.1,
      2.175,
      2.25,
      2.325,
      2.4,
      2.475,
      2.55,
      2.625,
      2.7,
      2.775,
      2.85,
      2.925
    ],
    "SliceTimingCalculationMethod": "slice_number * (RepetitionTime / num_slices)",
    "SoftwareVersion": "14/LX/MR Software release.14.0.M5A.0828.b",
    "TaskDescription": "Finger-to-thumb opposition sequence performed with the trained hand using the novel, untrained sequence.",
    "TaskInstructions": "See published manuscripts.",
    "TaskName": "Trained Hand, Untrained Sequence",
    "dataset": "ds000170",
    "modality": "bold",
    "run_id": 1,
    "subject_id": "1714",
    "task_id": "TrainedHandUntrainedSequence"
  },
  "dummy_trs": 0,
  "dvars_nstd": 12.586891065681817,
  "dvars_std": 1.1739902552272725,
  "dvars_vstd": 1.0274257893181817,
  "efc": 0.44057732917387193,
  "fber": 5802.93505859375,
  "fd_mean": 0.056306254550161694,
  "fd_num": 0,
  "fd_perc": 0.0,
  "fwhm_avg": 2.407340930783421,
  "fwhm_x": 2.3765426813395103,
  "fwhm_y": 2.632152002971858,
  "fwhm_z": 2.2133281080388945,
  "gcor": 0.0395989,
  "gsr_x": -0.006388384383171797,
  "gsr_y": 0.019839053973555565,
  "provenance": {
    "md5sum": "0fdcfb190f0fc707c079f08aeb64ca2b",
    "settings": {
      "fd_thres": 0.2,
      "testing": false
    },
    "software": "mriqc",
    "version": "22.0.0rc1",
    "webapi_port": null,
    "webapi_url": "https://mriqc.nimh.nih.gov/api/v1"
  },
  "size_t": 45,
  "size_x": 64,
  "size_y": 64,
  "size_z": 40,
  "snr": 5.76577724423835,
  "spacing_tr": 3.0,
  "spacing_x": 3.437501907348633,
  "spacing_y": 3.4374990463256836,
  "spacing_z": 3.4000020027160645,
  "summary_bg_k": 27.358653842056572,
  "summary_bg_mad": 11.366616065929843,
  "summary_bg_mean": 60.69526290893555,
  "summary_bg_median": 23.288888931274414,
  "summary_bg_n": 111325.0,
  "summary_bg_p05": 7.044444561004639,
  "summary_bg_p95": 246.39556274414036,
  "summary_bg_stdv": 101.03533935546875,
  "summary_fg_k": 0.2826181063760833,
  "summary_fg_mad": 294.11519669380357,
  "summary_fg_mean": 1729.336669921875,
  "summary_fg_median": 1733.5333251953125,
  "summary_fg_n": 21513.0,
  "summary_fg_p05": 1234.8400390625,
  "summary_fg_p95": 2214.631201171875,
  "summary_fg_stdv": 300.652099609375,
  "tsnr": 126.8554735777434
}