{
  "bids_meta": {
    "EchoTime": 0.003,
    "FlipAngle": 20.0,
    "InPlanePhaseEncodingDirection": "ROW",
    "MRAcquisitionType": "3D",
    "MagneticFieldStrength": 3.0,
    "Manufacturer": "GE",
    "ManufacturerModelName": "SIGNA HDx",
    "ReceiveCoilName": "8-channel head",
    "RepetitionTime": 0.0073,
    "ScanOptions": "FAST.GEMS/EDR.GEMS/FILTERED.GEMS",
    "ScanningSequence": "Scanning Sequence",
    "SequenceVariant": "SS/SP/SK",
    "SeriesDescription": "Ax FSPGR 3D Asset",
    "SoftwareVersion": "14/LX/MR Software release.14.0.M5A.0828.b",
    "dataset": "ds000170",
    "modality": "T1w",
    "subject_id": "1713"
  },
  "cjv": 0.589425859691344,
  "cnr": 2.118437757853423,
  "efc": 0.7688423324173818,
  "fber": 17683.98148807405,
  "fwhm_avg": 4.984740774588532,
  "fwhm_x": 4.624,
  "fwhm_y": 4.907789414945911,
  "fwhm_z": 5.422432908819687,
  "icvs_csf": 0.20767425067071382,
  "icvs_gm": 0.43675687329687,
  "icvs_wm": 0.35556887603241616,
  "inu_med": 0.9378778338432312,
  "inu_range": 0.3391289055347442,
  "provenance": {
    "md5sum": "49076948c2db9591933aac1c764a5a9f",
    "settings": {
      "testing": false
    },
    "software": "mriqc",
    "version": "22.0.0rc1",
    "warnings": {
      "large_rot_frame": true,
      "small_air_mask": false
    },
    "webapi_port": null,
    "webapi_url": "https://mriqc.nimh.nih.gov/api/v1"
  },
  "qi_1": 0.003003589395838289,
  "qi_2": 0.0007543672303024128,
  "rpve_csf": 26.853287870940516,
  "rpve_gm": 13.5269047465509,
  "rpve_wm": 18.757649811604114,
  "size_x": 256,
  "size_y": 256,
  "size_z": 172,
  "snr_csf": 4.37248635649443,
  "snr_gm": 11.287546355918032,
  "snr_total": 12.652104146462344,
  "snr_wm": 22.296279726974575,
  "snrd_csf": 32.812534737528466,
  "snrd_gm": 54.65469058228725,
  "snrd_total": 51.46777847162691,
  "snrd_wm": 66.93611009506502,
  "spacing_x": 1.0,
  "spacing_y": 1.0000001192092896,
  "spacing_z": 0.999999463558197,
  "summary_bg_k": 3.931440834106045,
  "summary_bg_mad": 9.78695434391416,
  "summary_bg_mean": 13.628659621767191,
  "summary_bg_median": 7.255864892154932,
  "summary_bg_n": 324804.0,
  "summary_bg_p05": 0.0,
  "summary_bg_p95": 46.59029036015272,
  "summary_bg_stdv": 16.036953904899026,
  "summary_csf_k": 0.6546947537861127,
  "summary_csf_mad": 111.05362243135654,
  "summary_csf_mean": 497.09829088201667,
  "summary_csf_median": 490.1800455339253,
  "summary_csf_n": 47018.0,
  "summary_csf_p05": 321.7130471356213,
  "summary_csf_p95": 682.332260044478,
  "summary_csf_stdv": 112.10437102751997,
  "summary_gm_k": 0.4749043920754694,
  "summary_gm_mad": 63.97918087633141,
  "summary_gm_mean": 826.0724104757421,
  "summary_gm_median": 816.4757441803813,
  "summary_gm_n": 37729.0,
  "summary_gm_p05": 724.626314613223,
  "summary_gm_p95": 967.3213564120233,
  "summary_gm_stdv": 72.33325100925265,
  "summary_wm_k": 0.10015340595480726,
  "summary_wm_mad": 44.16262042791018,
  "summary_wm_mean": 1002.9905214592305,
  "summary_wm_median": 999.945470739156,
  "summary_wm_n": 208515.0,
  "summary_wm_p05": 934.2062437087297,
  "summary_wm_p95": 1081.6148673072457,
  "summary_wm_stdv": 44.84797846109989,
  "tpm_overlap_csf": 0.16113190352916718,
  "tpm_overlap_gm": 0.4989534914493561,
  "tpm_overlap_wm": 0.5380265712738037,
  "wm2max": 0.45436291522062466
}