{
  "bids_meta": {
    "EchoTime": 0.003,
    "FlipAngle": 20.0,
    "InPlanePhaseEncodingDirection": "ROW",
    "MRAcquisitionType": "3D",
    "MagneticFieldStrength": 3.0,
    "Manufacturer": "GE",
    "ManufacturerModelName": "SIGNA HDx",
    "ReceiveCoilName": "8-channel head",
    "RepetitionTime": 0.0073,
    "ScanOptions": "FAST.GEMS/EDR.GEMS/FILTERED.GEMS",
    "ScanningSequence": "Scanning Sequence",
    "SequenceVariant": "SS/SP/SK",
    "SeriesDescription": "Ax FSPGR 3D Asset",
    "SoftwareVersion": "14/LX/MR Software release.14.0.M5A.0828.b",
    "dataset": "ds000170",
    "modality": "T1w",
    "subject_id": "1701"
  },
  "cjv": 0.7118187475400286,
  "cnr": 1.8750181631936687,
  "efc": 0.7881835467660417,
  "fber": 25135.190441482715,
  "fwhm_avg": 5.105639139544056,
  "fwhm_x": 4.81971,
  "fwhm_y": 4.960441478326762,
  "fwhm_z": 5.536765940305408,
  "icvs_csf": 0.23212271920326874,
  "icvs_gm": 0.4276066568175344,
  "icvs_wm": 0.3402706239791969,
  "inu_med": 1.0502012968063354,
  "inu_range": 0.4572405338287353,
  "provenance": {
    "md5sum": "801b1e1e7466d439d8df81a6c1295f23",
    "settings": {
      "testing": false
    },
    "software": "mriqc",
    "version": "22.0.0rc1",
    "warnings": {
      "large_rot_frame": true,
      "small_air_mask": true
    },
    "webapi_port": null,
    "webapi_url": "https://mriqc.nimh.nih.gov/api/v1"
  },
  "qi_1": 0.0010756720997223568,
  "qi_2": 0.0022009809949665943,
  "rpve_csf": 26.2262276276206,
  "rpve_gm": 14.265866570182935,
  "rpve_wm": 19.890507782779046,
  "size_x": 256,
  "size_y": 256,
  "size_z": 172,
  "snr_csf": 4.470923987519712,
  "snr_gm": 11.106107907023285,
  "snr_total": 11.787972687101623,
  "snr_wm": 19.786886166761878,
  "snrd_csf": 46.1883781310167,
  "snrd_gm": 78.66443614821293,
  "snrd_total": 73.25796167547526,
  "snrd_wm": 94.92107074719615,
  "spacing_x": 1.0,
  "spacing_y": 0.9999997019767761,
  "spacing_z": 0.999998927116394,
  "summary_bg_k": 4.462096710001874,
  "summary_bg_mad": 6.901906669208747,
  "summary_bg_mean": 11.224391116298571,
  "summary_bg_median": 4.6552653051912785,
  "summary_bg_n": 169416.0,
  "summary_bg_p05": 0.0,
  "summary_bg_p95": 43.17146035656333,
  "summary_bg_stdv": 14.866157471878969,
  "summary_csf_k": 0.537752802099551,
  "summary_csf_mad": 96.5540417197729,
  "summary_csf_mean": 501.29295093743684,
  "summary_csf_median": 486.59773137420416,
  "summary_csf_n": 56711.0,
  "summary_csf_p05": 346.4987470842898,
  "summary_csf_p95": 706.1057412121445,
  "summary_csf_stdv": 108.83509595792823,
  "summary_gm_k": 0.15750483304645435,
  "summary_gm_mad": 72.5789975004162,
  "summary_gm_mean": 835.7543830573587,
  "summary_gm_median": 828.73522990942,
  "summary_gm_n": 29930.0,
  "summary_gm_p05": 727.005432292819,
  "summary_gm_p95": 972.7054348215461,
  "summary_gm_stdv": 74.61852452486166,
  "summary_wm_k": 0.3976994448409994,
  "summary_wm_mad": 49.330469772555155,
  "summary_wm_mean": 1002.8516855182929,
  "summary_wm_median": 999.9999903477728,
  "summary_wm_n": 171478.0,
  "summary_wm_p05": 925.1727259159088,
  "summary_wm_p95": 1089.96911771968,
  "summary_wm_stdv": 50.53837506769579,
  "tpm_overlap_csf": 0.1650756597518921,
  "tpm_overlap_gm": 0.4722878336906433,
  "tpm_overlap_wm": 0.51071697473526,
  "wm2max": 0.4849687492573493
}