{
  "aor": 0.0035875555555555548,
  "aqi": 0.002936304666666667,
  "bids_meta": {
    "CogAtlasID": "trm_4c898f079d05e",
    "CogPOID": "",
    "EchoTime": 0.035,
    "FlipAngle": 90.0,
    "InPlanePhaseEncodingDirection": "COL",
    "MRAcquisitionType": "2D",
    "MagneticFieldStrength": 3.0,
    "Manufacturer": "GE",
    "ManufacturerModelName": "SIGNA HDx",
    "ReceiveCoilName": "8-channel head",
    "RepetitionTime": 3.0,
    "ScanOptions": "EPI.GEMS",
    "ScanningSequence": "EP/GR",
    "SequenceVariant": "SS",
    "SliceAcquisitionDirection": "sequential/ascending (bottom up)",
    "SliceGap": 0,
    "SliceTiming": [
      0.0,
      0.075,
      0.15,
      0.225,
      0.3,
      0.375,
      0.45,
      0.525,
      0.6,
      0.675,
      0.75,
      0.825,
      0.9,
      0.975,
      1.05,
      1.125,
      1.2,
      1.275,
      1.35,
      1.425,
      1.5,
      1.575,
      1.65,
      1.725,
      1.8,
      1.875,
      1.95,
      2.025,
      2.1,
      2.175,
      2.25,
      2.325,
      2.4,
      2.475,
      2.55,
      2.625,
      2.7,
      2.775,
      2.85,
      2.925
    ],
    "SliceTimingCalculationMethod": "slice_number * (RepetitionTime / num_slices)",
    "SoftwareVersion": "14/LX/MR Software release.14.0.M5A.0828.b",
    "TaskDescription": "Finger-to-thumb opposition sequence performed with the trained hand using the pre-trained sequence.",
    "TaskInstructions": "See published manuscripts.",
    "TaskName": "Trained Hand, Trained Sequence",
    "dataset": "ds000170",
    "modality": "bold",
    "run_id": 2,
    "subject_id": "1710",
    "task_id": "TrainedHandTrainedSequence"
  },
  "dummy_trs": 0,
  "dvars_nstd": 14.856347344999996,
  "dvars_std": 1.1217594527272727,
  "dvars_vstd": 0.9928704988636361,
  "efc": 0.48304734752471734,
  "fber": 4557.09521484375,
  "fd_mean": 0.09278957891082219,
  "fd_num": 4,
  "fd_perc": 8.88888888888889,
  "fwhm_avg": 2.2649145865229054,
  "fwhm_x": 2.2381294545454544,
  "fwhm_y": 2.4669643636363636,
  "fwhm_z": 2.0896499413868974,
  "gcor": 0.0453841,
  "gsr_x": -0.0016203094273805618,
  "gsr_y": 0.028435906395316124,
  "provenance": {
    "md5sum": "bb62fdbcc950504a464901e1949ada7d",
    "settings": {
      "fd_thres": 0.2,
      "testing": false
    },
    "software": "mriqc",
    "version": "22.0.0rc1",
    "webapi_port": null,
    "webapi_url": "https://mriqc.nimh.nih.gov/api/v1"
  },
  "size_t": 45,
  "size_x": 64,
  "size_y": 64,
  "size_z": 40,
  "snr": 5.207102864776422,
  "spacing_tr": 3.0,
  "spacing_x": 3.4375,
  "spacing_y": 3.4375,
  "spacing_z": 3.4000000953674316,
  "summary_bg_k": 25.90815887584085,
  "summary_bg_mad": 13.145739859272291,
  "summary_bg_mean": 63.37190246582031,
  "summary_bg_median": 24.177778244018555,
  "summary_bg_n": 103491.0,
  "summary_bg_p05": 5.733333587646484,
  "summary_bg_p95": 248.34445190429688,
  "summary_bg_stdv": 106.46873474121094,
  "summary_fg_k": 1.0812726792169665,
  "summary_fg_mad": 270.360622525379,
  "summary_fg_mean": 1589.3868408203125,
  "summary_fg_median": 1589.0888671875,
  "summary_fg_n": 27443.0,
  "summary_fg_p05": 1091.8978149414063,
  "summary_fg_p95": 2083.182177734375,
  "summary_fg_stdv": 305.1716003417969,
  "tsnr": 95.67213538940996
}