{
  "aor": 0.003156666666666666,
  "aqi": 0.002715853333333333,
  "bids_meta": {
    "CogAtlasID": "trm_4c898f079d05e",
    "CogPOID": "",
    "EchoTime": 0.035,
    "FlipAngle": 90.0,
    "InPlanePhaseEncodingDirection": "COL",
    "MRAcquisitionType": "2D",
    "MagneticFieldStrength": 3.0,
    "Manufacturer": "GE",
    "ManufacturerModelName": "SIGNA HDx",
    "ReceiveCoilName": "8-channel head",
    "RepetitionTime": 3.0,
    "ScanOptions": "EPI.GEMS",
    "ScanningSequence": "EP/GR",
    "SequenceVariant": "SS",
    "SliceAcquisitionDirection": "sequential/ascending (bottom up)",
    "SliceGap": 0,
    "SliceTiming": [
      0.0,
      0.075,
      0.15,
      0.225,
      0.3,
      0.375,
      0.45,
      0.525,
      0.6,
      0.675,
      0.75,
      0.825,
      0.9,
      0.975,
      1.05,
      1.125,
      1.2,
      1.275,
      1.35,
      1.425,
      1.5,
      1.575,
      1.65,
      1.725,
      1.8,
      1.875,
      1.95,
      2.025,
      2.1,
      2.175,
      2.25,
      2.325,
      2.4,
      2.475,
      2.55,
      2.625,
      2.7,
      2.775,
      2.85,
      2.925
    ],
    "SliceTimingCalculationMethod": "slice_number * (RepetitionTime / num_slices)",
    "SoftwareVersion": "14/LX/MR Software release.14.0.M5A.0828.b",
    "TaskDescription": "Finger-to-thumb opposition sequence performed with the untrained hand using the pre-trained sequence.",
    "TaskInstructions": "See published manuscripts.",
    "TaskName": "Untrained Hand, Trained Sequence",
    "dataset": "ds000170",
    "modality": "bold",
    "run_id": 3,
    "subject_id": "1710",
    "task_id": "UntrainedHandTrainedSequence"
  },
  "dummy_trs": 0,
  "dvars_nstd": 15.469631368636364,
  "dvars_std": 1.1618173106818181,
  "dvars_vstd": 1.0024523986363634,
  "efc": 0.48114157362670884,
  "fber": 4794.50537109375,
  "fd_mean": 0.07493506755531704,
  "fd_num": 1,
  "fd_perc": 2.2222222222222223,
  "fwhm_avg": 2.2179255209444233,
  "fwhm_x": 2.1941207272727272,
  "fwhm_y": 2.4101323636363636,
  "fwhm_z": 2.0495234719241795,
  "gcor": 0.0524514,
  "gsr_x": 0.0002491154882591218,
  "gsr_y": 0.028433339670300484,
  "provenance": {
    "md5sum": "0ffaff2eccd6be71b4172f8affd87a51",
    "settings": {
      "fd_thres": 0.2,
      "testing": false
    },
    "software": "mriqc",
    "version": "22.0.0rc1",
    "webapi_port": null,
    "webapi_url": "https://mriqc.nimh.nih.gov/api/v1"
  },
  "size_t": 45,
  "size_x": 64,
  "size_y": 64,
  "size_z": 40,
  "snr": 5.32771981697087,
  "spacing_tr": 3.0,
  "spacing_x": 3.4375,
  "spacing_y": 3.4375,
  "spacing_z": 3.4000000953674316,
  "summary_bg_k": 27.138303991457825,
  "summary_bg_mad": 12.684485333010226,
  "summary_bg_mean": 62.59785461425781,
  "summary_bg_median": 23.733333587646484,
  "summary_bg_n": 103750.0,
  "summary_bg_p05": 5.721111202240007,
  "summary_bg_p95": 247.4488945007314,
  "summary_bg_stdv": 106.56493377685547,
  "summary_fg_k": 1.1789614342527068,
  "summary_fg_mad": 266.6048899523286,
  "summary_fg_mean": 1593.892333984375,
  "summary_fg_median": 1594.4222412109375,
  "summary_fg_n": 27259.0,
  "summary_fg_p05": 1109.5377685546875,
  "summary_fg_p95": 2079.915576171875,
  "summary_fg_stdv": 299.263671875,
  "tsnr": 103.15512062935159
}