{
  "aor": 0.002898888888888889,
  "aqi": 0.0027273182222222227,
  "bids_meta": {
    "CogAtlasID": "trm_4c898f079d05e",
    "CogPOID": "",
    "EchoTime": 0.035,
    "FlipAngle": 90.0,
    "InPlanePhaseEncodingDirection": "COL",
    "MRAcquisitionType": "2D",
    "MagneticFieldStrength": 3.0,
    "Manufacturer": "GE",
    "ManufacturerModelName": "SIGNA HDx",
    "ReceiveCoilName": "8-channel head",
    "RepetitionTime": 3.0,
    "ScanOptions": "EPI.GEMS",
    "ScanningSequence": "EP/GR",
    "SequenceVariant": "SS",
    "SliceAcquisitionDirection": "sequential/ascending (bottom up)",
    "SliceGap": 0,
    "SliceTiming": [
      0.0,
      0.075,
      0.15,
      0.225,
      0.3,
      0.375,
      0.45,
      0.525,
      0.6,
      0.675,
      0.75,
      0.825,
      0.9,
      0.975,
      1.05,
      1.125,
      1.2,
      1.275,
      1.35,
      1.425,
      1.5,
      1.575,
      1.65,
      1.725,
      1.8,
      1.875,
      1.95,
      2.025,
      2.1,
      2.175,
      2.25,
      2.325,
      2.4,
      2.475,
      2.55,
      2.625,
      2.7,
      2.775,
      2.85,
      2.925
    ],
    "SliceTimingCalculationMethod": "slice_number * (RepetitionTime / num_slices)",
    "SoftwareVersion": "14/LX/MR Software release.14.0.M5A.0828.b",
    "TaskDescription": "Finger-to-thumb opposition sequence performed with the trained hand using the novel, untrained sequence.",
    "TaskInstructions": "See published manuscripts.",
    "TaskName": "Trained Hand, Untrained Sequence",
    "dataset": "ds000170",
    "modality": "bold",
    "run_id": 3,
    "subject_id": "1710",
    "task_id": "TrainedHandUntrainedSequence"
  },
  "dummy_trs": 0,
  "dvars_nstd": 16.524353049090912,
  "dvars_std": 1.1933730172727275,
  "dvars_vstd": 0.9871257275000002,
  "efc": 0.4808035910032594,
  "fber": 4547.01708984375,
  "fd_mean": 0.07137084125654566,
  "fd_num": 2,
  "fd_perc": 4.444444444444445,
  "fwhm_avg": 2.2807928322867164,
  "fwhm_x": 2.2606981818181815,
  "fwhm_y": 2.467912727272727,
  "fwhm_z": 2.1137675877692397,
  "gcor": 0.0816229,
  "gsr_x": -0.0013176263310015202,
  "gsr_y": 0.026294158771634102,
  "provenance": {
    "md5sum": "775edca28633ac364040ce69870db241",
    "settings": {
      "fd_thres": 0.2,
      "testing": false
    },
    "software": "mriqc",
    "version": "22.0.0rc1",
    "webapi_port": null,
    "webapi_url": "https://mriqc.nimh.nih.gov/api/v1"
  },
  "size_t": 45,
  "size_x": 64,
  "size_y": 64,
  "size_z": 40,
  "snr": 5.110921368144825,
  "spacing_tr": 3.0,
  "spacing_x": 3.4375,
  "spacing_y": 3.4375,
  "spacing_z": 3.4000000953674316,
  "summary_bg_k": 26.147810745998196,
  "summary_bg_mad": 13.277527068764261,
  "summary_bg_mean": 62.58964157104492,
  "summary_bg_median": 24.311111450195312,
  "summary_bg_n": 103592.0,
  "summary_bg_p05": 5.711111068725586,
  "summary_bg_p95": 245.1333465576172,
  "summary_bg_stdv": 105.12982177734375,
  "summary_fg_k": 1.0827855569679974,
  "summary_fg_mad": 276.9831054818679,
  "summary_fg_mean": 1596.862548828125,
  "summary_fg_median": 1597.822265625,
  "summary_fg_n": 27208.0,
  "summary_fg_p05": 1090.9355712890624,
  "summary_fg_p95": 2104.0277709960933,
  "summary_fg_stdv": 312.6232604980469,
  "tsnr": 97.3861832767725
}