{
  "aor": 0.0032311111111111104,
  "aqi": 0.003142915555555555,
  "bids_meta": {
    "CogAtlasID": "trm_4c898f079d05e",
    "CogPOID": "",
    "EchoTime": 0.035,
    "FlipAngle": 90.0,
    "InPlanePhaseEncodingDirection": "COL",
    "MRAcquisitionType": "2D",
    "MagneticFieldStrength": 3.0,
    "Manufacturer": "GE",
    "ManufacturerModelName": "SIGNA HDx",
    "ReceiveCoilName": "8-channel head",
    "RepetitionTime": 3.0,
    "ScanOptions": "EPI.GEMS",
    "ScanningSequence": "EP/GR",
    "SequenceVariant": "SS",
    "SliceAcquisitionDirection": "sequential/ascending (bottom up)",
    "SliceGap": 0,
    "SliceTiming": [
      0.0,
      0.075,
      0.15,
      0.225,
      0.3,
      0.375,
      0.45,
      0.525,
      0.6,
      0.675,
      0.75,
      0.825,
      0.9,
      0.975,
      1.05,
      1.125,
      1.2,
      1.275,
      1.35,
      1.425,
      1.5,
      1.575,
      1.65,
      1.725,
      1.8,
      1.875,
      1.95,
      2.025,
      2.1,
      2.175,
      2.25,
      2.325,
      2.4,
      2.475,
      2.55,
      2.625,
      2.7,
      2.775,
      2.85,
      2.925
    ],
    "SliceTimingCalculationMethod": "slice_number * (RepetitionTime / num_slices)",
    "SoftwareVersion": "14/LX/MR Software release.14.0.M5A.0828.b",
    "TaskDescription": "Finger-to-thumb opposition sequence performed with the untrained hand using the pre-trained sequence.",
    "TaskInstructions": "See published manuscripts.",
    "TaskName": "Untrained Hand, Trained Sequence",
    "dataset": "ds000170",
    "modality": "bold",
    "run_id": 1,
    "subject_id": "1710",
    "task_id": "UntrainedHandTrainedSequence"
  },
  "dummy_trs": 0,
  "dvars_nstd": 14.46573296431818,
  "dvars_std": 1.1138405922727272,
  "dvars_vstd": 0.9898842336363635,
  "efc": 0.4850919715968064,
  "fber": 4658.095703125,
  "fd_mean": 0.0754115669309665,
  "fd_num": 3,
  "fd_perc": 6.666666666666667,
  "fwhm_avg": 2.217778152100025,
  "fwhm_x": 2.1922036363636366,
  "fwhm_y": 2.4265338181818183,
  "fwhm_z": 2.03459700175462,
  "gcor": 0.053585,
  "gsr_x": -0.0006708807777613401,
  "gsr_y": 0.029979877173900604,
  "provenance": {
    "md5sum": "395170ce6cb5d3d6304c8ee3233ebf10",
    "settings": {
      "fd_thres": 0.2,
      "testing": false
    },
    "software": "mriqc",
    "version": "22.0.0rc1",
    "webapi_port": null,
    "webapi_url": "https://mriqc.nimh.nih.gov/api/v1"
  },
  "size_t": 45,
  "size_x": 64,
  "size_y": 64,
  "size_z": 40,
  "snr": 5.298473073002134,
  "spacing_tr": 3.0,
  "spacing_x": 3.4375,
  "spacing_y": 3.4375,
  "spacing_z": 3.4000000953674316,
  "summary_bg_k": 26.80834600035423,
  "summary_bg_mad": 12.981005493927414,
  "summary_bg_mean": 63.16530990600586,
  "summary_bg_median": 23.866666793823242,
  "summary_bg_n": 103024.0,
  "summary_bg_p05": 5.644444465637207,
  "summary_bg_p95": 248.71112060546875,
  "summary_bg_stdv": 107.3267593383789,
  "summary_fg_k": 1.1342165437553522,
  "summary_fg_mad": 266.9013380033433,
  "summary_fg_mean": 1585.379638671875,
  "summary_fg_median": 1583.933349609375,
  "summary_fg_n": 27795.0,
  "summary_fg_p05": 1102.2689453125,
  "summary_fg_p95": 2072.1955078124997,
  "summary_fg_stdv": 298.93609619140625,
  "tsnr": 95.8149110188242
}