{
  "aor": 0.0030826666666666667,
  "aqi": 0.002825121111111111,
  "bids_meta": {
    "CogAtlasID": "trm_4c898f079d05e",
    "CogPOID": "",
    "EchoTime": 0.035,
    "FlipAngle": 90.0,
    "InPlanePhaseEncodingDirection": "COL",
    "MRAcquisitionType": "2D",
    "MagneticFieldStrength": 3.0,
    "Manufacturer": "GE",
    "ManufacturerModelName": "SIGNA HDx",
    "ReceiveCoilName": "8-channel head",
    "RepetitionTime": 3.0,
    "ScanOptions": "EPI.GEMS",
    "ScanningSequence": "EP/GR",
    "SequenceVariant": "SS",
    "SliceAcquisitionDirection": "sequential/ascending (bottom up)",
    "SliceGap": 0,
    "SliceTiming": [
      0.0,
      0.075,
      0.15,
      0.225,
      0.3,
      0.375,
      0.45,
      0.525,
      0.6,
      0.675,
      0.75,
      0.825,
      0.9,
      0.975,
      1.05,
      1.125,
      1.2,
      1.275,
      1.35,
      1.425,
      1.5,
      1.575,
      1.65,
      1.725,
      1.8,
      1.875,
      1.95,
      2.025,
      2.1,
      2.175,
      2.25,
      2.325,
      2.4,
      2.475,
      2.55,
      2.625,
      2.7,
      2.775,
      2.85,
      2.925
    ],
    "SliceTimingCalculationMethod": "slice_number * (RepetitionTime / num_slices)",
    "SoftwareVersion": "14/LX/MR Software release.14.0.M5A.0828.b",
    "TaskDescription": "Finger-to-thumb opposition sequence performed with the untrained hand using the novel, untrained sequence.",
    "TaskInstructions": "See published manuscripts.",
    "TaskName": "Untrained Hand, Untrained Sequence",
    "dataset": "ds000170",
    "modality": "bold",
    "run_id": 3,
    "subject_id": "1710",
    "task_id": "UntrainedHandUntrainedSequence"
  },
  "dummy_trs": 0,
  "dvars_nstd": 14.53136879681818,
  "dvars_std": 1.1560330070454545,
  "dvars_vstd": 0.9823537581818184,
  "efc": 0.4848083937268046,
  "fber": 4603.70751953125,
  "fd_mean": 0.07226789123832113,
  "fd_num": 0,
  "fd_perc": 0.0,
  "fwhm_avg": 2.2528759947494703,
  "fwhm_x": 2.2221352727272725,
  "fwhm_y": 2.449722181818182,
  "fwhm_z": 2.086770529702957,
  "gcor": 0.0450989,
  "gsr_x": -0.0018572183325886726,
  "gsr_y": 0.029108598828315735,
  "provenance": {
    "md5sum": "83950520edb495db7be9637b4b8723e1",
    "settings": {
      "fd_thres": 0.2,
      "testing": false
    },
    "software": "mriqc",
    "version": "22.0.0rc1",
    "webapi_port": null,
    "webapi_url": "https://mriqc.nimh.nih.gov/api/v1"
  },
  "size_t": 45,
  "size_x": 64,
  "size_y": 64,
  "size_z": 40,
  "snr": 5.232519782711328,
  "spacing_tr": 3.0,
  "spacing_x": 3.4375,
  "spacing_y": 3.4375,
  "spacing_z": 3.4000000953674316,
  "summary_bg_k": 24.248208337871798,
  "summary_bg_mad": 12.91511259614126,
  "summary_bg_mean": 62.82267379760742,
  "summary_bg_median": 23.9777774810791,
  "summary_bg_n": 103051.0,
  "summary_bg_p05": 5.866666793823242,
  "summary_bg_p95": 248.22222900390625,
  "summary_bg_stdv": 104.70999145507812,
  "summary_fg_k": 1.0789668530672802,
  "summary_fg_mad": 268.08749217083425,
  "summary_fg_mean": 1585.892578125,
  "summary_fg_median": 1585.566650390625,
  "summary_fg_n": 27794.0,
  "summary_fg_p05": 1094.362255859375,
  "summary_fg_p95": 2080.9722290039062,
  "summary_fg_stdv": 303.01617431640625,
  "tsnr": 100.54025674797595
}