{
  "aor": 0.004238888888888889,
  "aqi": 0.002454552222222222,
  "bids_meta": {
    "CogAtlasID": "trm_4c898f079d05e",
    "CogPOID": "",
    "EchoTime": 0.035,
    "FlipAngle": 90.0,
    "InPlanePhaseEncodingDirection": "COL",
    "MRAcquisitionType": "2D",
    "MagneticFieldStrength": 3.0,
    "Manufacturer": "GE",
    "ManufacturerModelName": "SIGNA HDx",
    "ReceiveCoilName": "8-channel head",
    "RepetitionTime": 3.0,
    "ScanOptions": "EPI.GEMS",
    "ScanningSequence": "EP/GR",
    "SequenceVariant": "SS",
    "SliceAcquisitionDirection": "sequential/ascending (bottom up)",
    "SliceGap": 0,
    "SliceTiming": [
      0.0,
      0.075,
      0.15,
      0.225,
      0.3,
      0.375,
      0.45,
      0.525,
      0.6,
      0.675,
      0.75,
      0.825,
      0.9,
      0.975,
      1.05,
      1.125,
      1.2,
      1.275,
      1.35,
      1.425,
      1.5,
      1.575,
      1.65,
      1.725,
      1.8,
      1.875,
      1.95,
      2.025,
      2.1,
      2.175,
      2.25,
      2.325,
      2.4,
      2.475,
      2.55,
      2.625,
      2.7,
      2.775,
      2.85,
      2.925
    ],
    "SliceTimingCalculationMethod": "slice_number * (RepetitionTime / num_slices)",
    "SoftwareVersion": "14/LX/MR Software release.14.0.M5A.0828.b",
    "TaskDescription": "Finger-to-thumb opposition sequence performed with the trained hand using the novel, untrained sequence.",
    "TaskInstructions": "See published manuscripts.",
    "TaskName": "Trained Hand, Untrained Sequence",
    "dataset": "ds000170",
    "modality": "bold",
    "run_id": 1,
    "subject_id": "1710",
    "task_id": "TrainedHandUntrainedSequence"
  },
  "dummy_trs": 0,
  "dvars_nstd": 14.678099328636364,
  "dvars_std": 1.138060740909091,
  "dvars_vstd": 1.0044447572727273,
  "efc": 0.48585253297002645,
  "fber": 4596.681640625,
  "fd_mean": 0.07555149488722687,
  "fd_num": 3,
  "fd_perc": 6.666666666666667,
  "fwhm_avg": 2.297920372277044,
  "fwhm_x": 2.265047272727273,
  "fwhm_y": 2.5024727272727274,
  "fwhm_z": 2.126241116831131,
  "gcor": 0.0523952,
  "gsr_x": -0.0015719718066975474,
  "gsr_y": 0.028240134939551353,
  "provenance": {
    "md5sum": "894ec248cec7d772a977d0dfcd3721bb",
    "settings": {
      "fd_thres": 0.2,
      "testing": false
    },
    "software": "mriqc",
    "version": "22.0.0rc1",
    "webapi_port": null,
    "webapi_url": "https://mriqc.nimh.nih.gov/api/v1"
  },
  "size_t": 45,
  "size_x": 64,
  "size_y": 64,
  "size_z": 40,
  "snr": 5.083098711039994,
  "spacing_tr": 3.0,
  "spacing_x": 3.4375,
  "spacing_y": 3.4375,
  "spacing_z": 3.4000000953674316,
  "summary_bg_k": 25.854897110736335,
  "summary_bg_mad": 12.684486746929883,
  "summary_bg_mean": 63.06169509887695,
  "summary_bg_median": 23.91111183166504,
  "summary_bg_n": 102618.0,
  "summary_bg_p05": 5.377778053283691,
  "summary_bg_p95": 250.20334472656236,
  "summary_bg_stdv": 107.58194732666016,
  "summary_fg_k": 0.9821915873120224,
  "summary_fg_mad": 281.38150412888217,
  "summary_fg_mean": 1582.771240234375,
  "summary_fg_median": 1582.4444580078125,
  "summary_fg_n": 27990.0,
  "summary_fg_p05": 1082.7211791992188,
  "summary_fg_p95": 2087.6345336914064,
  "summary_fg_stdv": 311.3093566894531,
  "tsnr": 103.5624926276505
}