{
  "aor": 0.004611777777777776,
  "aqi": 0.0019463137777777778,
  "bids_meta": {
    "CogAtlasID": "trm_4c898f079d05e",
    "CogPOID": "",
    "EchoTime": 0.035,
    "FlipAngle": 90.0,
    "InPlanePhaseEncodingDirection": "COL",
    "MRAcquisitionType": "2D",
    "MagneticFieldStrength": 3.0,
    "Manufacturer": "GE",
    "ManufacturerModelName": "SIGNA HDx",
    "ReceiveCoilName": "8-channel head",
    "RepetitionTime": 3.0,
    "ScanOptions": "EPI.GEMS",
    "ScanningSequence": "EP/GR",
    "SequenceVariant": "SS",
    "SliceAcquisitionDirection": "sequential/ascending (bottom up)",
    "SliceGap": 0,
    "SliceTiming": [
      0.0,
      0.075,
      0.15,
      0.225,
      0.3,
      0.375,
      0.45,
      0.525,
      0.6,
      0.675,
      0.75,
      0.825,
      0.9,
      0.975,
      1.05,
      1.125,
      1.2,
      1.275,
      1.35,
      1.425,
      1.5,
      1.575,
      1.65,
      1.725,
      1.8,
      1.875,
      1.95,
      2.025,
      2.1,
      2.175,
      2.25,
      2.325,
      2.4,
      2.475,
      2.55,
      2.625,
      2.7,
      2.775,
      2.85,
      2.925
    ],
    "SliceTimingCalculationMethod": "slice_number * (RepetitionTime / num_slices)",
    "SoftwareVersion": "14/LX/MR Software release.14.0.M5A.0828.b",
    "TaskDescription": "Finger-to-thumb opposition sequence performed with the trained hand using the novel, untrained sequence.",
    "TaskInstructions": "See published manuscripts.",
    "TaskName": "Trained Hand, Untrained Sequence",
    "dataset": "ds000170",
    "modality": "bold",
    "run_id": 1,
    "subject_id": "1708",
    "task_id": "TrainedHandUntrainedSequence"
  },
  "dummy_trs": 0,
  "dvars_nstd": 13.455472599545452,
  "dvars_std": 1.2044151838636363,
  "dvars_vstd": 1.0285823138636365,
  "efc": 0.43289143954507947,
  "fber": 8676.83203125,
  "fd_mean": 0.049626749466385435,
  "fd_num": 0,
  "fd_perc": 0.0,
  "fwhm_avg": 2.4761385677574173,
  "fwhm_x": 2.335653818181818,
  "fwhm_y": 2.6901920381481035,
  "fwhm_z": 2.4025698469423316,
  "gcor": 0.0301076,
  "gsr_x": -0.015866009518504143,
  "gsr_y": 0.02240779623389244,
  "provenance": {
    "md5sum": "e6e541f4f2bc5adfcdc136952f24605d",
    "settings": {
      "fd_thres": 0.2,
      "testing": false
    },
    "software": "mriqc",
    "version": "22.0.0rc1",
    "webapi_port": null,
    "webapi_url": "https://mriqc.nimh.nih.gov/api/v1"
  },
  "size_t": 45,
  "size_x": 64,
  "size_y": 64,
  "size_z": 40,
  "snr": 5.744410695283567,
  "spacing_tr": 3.0,
  "spacing_x": 3.4375,
  "spacing_y": 3.437498092651367,
  "spacing_z": 3.400001049041748,
  "summary_bg_k": 54.43477456770296,
  "summary_bg_mad": 7.347119608661511,
  "summary_bg_mean": 45.32925796508789,
  "summary_bg_median": 18.955556869506836,
  "summary_bg_n": 109197.0,
  "summary_bg_p05": 5.6666669845581055,
  "summary_bg_p95": 166.08889770507812,
  "summary_bg_stdv": 84.06571960449219,
  "summary_fg_k": 0.29396483659073125,
  "summary_fg_mad": 298.5631843310365,
  "summary_fg_mean": 1763.2978515625,
  "summary_fg_median": 1755.2889404296875,
  "summary_fg_n": 22860.0,
  "summary_fg_p05": 1251.3111572265625,
  "summary_fg_p95": 2262.8044921875,
  "summary_fg_stdv": 305.5579833984375,
  "tsnr": 121.24199178628623
}