{
  "aor": 0.0049744444444444445,
  "aqi": 0.0019630237777777775,
  "bids_meta": {
    "CogAtlasID": "trm_4c898f079d05e",
    "CogPOID": "",
    "EchoTime": 0.035,
    "FlipAngle": 90.0,
    "InPlanePhaseEncodingDirection": "COL",
    "MRAcquisitionType": "2D",
    "MagneticFieldStrength": 3.0,
    "Manufacturer": "GE",
    "ManufacturerModelName": "SIGNA HDx",
    "ReceiveCoilName": "8-channel head",
    "RepetitionTime": 3.0,
    "ScanOptions": "EPI.GEMS",
    "ScanningSequence": "EP/GR",
    "SequenceVariant": "SS",
    "SliceAcquisitionDirection": "sequential/ascending (bottom up)",
    "SliceGap": 0,
    "SliceTiming": [
      0.0,
      0.075,
      0.15,
      0.225,
      0.3,
      0.375,
      0.45,
      0.525,
      0.6,
      0.675,
      0.75,
      0.825,
      0.9,
      0.975,
      1.05,
      1.125,
      1.2,
      1.275,
      1.35,
      1.425,
      1.5,
      1.575,
      1.65,
      1.725,
      1.8,
      1.875,
      1.95,
      2.025,
      2.1,
      2.175,
      2.25,
      2.325,
      2.4,
      2.475,
      2.55,
      2.625,
      2.7,
      2.775,
      2.85,
      2.925
    ],
    "SliceTimingCalculationMethod": "slice_number * (RepetitionTime / num_slices)",
    "SoftwareVersion": "14/LX/MR Software release.14.0.M5A.0828.b",
    "TaskDescription": "Finger-to-thumb opposition sequence performed with the trained hand using the novel, untrained sequence.",
    "TaskInstructions": "See published manuscripts.",
    "TaskName": "Trained Hand, Untrained Sequence",
    "dataset": "ds000170",
    "modality": "bold",
    "run_id": 3,
    "subject_id": "1708",
    "task_id": "TrainedHandUntrainedSequence"
  },
  "dummy_trs": 0,
  "dvars_nstd": 12.890216523863636,
  "dvars_std": 1.216951111818182,
  "dvars_vstd": 1.030660119090909,
  "efc": 0.4346789094778348,
  "fber": 8662.6591796875,
  "fd_mean": 0.046185151946544094,
  "fd_num": 0,
  "fd_perc": 0.0,
  "fwhm_avg": 2.457378450969497,
  "fwhm_x": 2.3230167272727273,
  "fwhm_y": 2.6775811220598373,
  "fwhm_z": 2.371537503575927,
  "gcor": 0.0303173,
  "gsr_x": -0.01628723554313183,
  "gsr_y": 0.023957250639796257,
  "provenance": {
    "md5sum": "dce6b33aff3bdd1c2529d2a9d1ba399f",
    "settings": {
      "fd_thres": 0.2,
      "testing": false
    },
    "software": "mriqc",
    "version": "22.0.0rc1",
    "webapi_port": null,
    "webapi_url": "https://mriqc.nimh.nih.gov/api/v1"
  },
  "size_t": 45,
  "size_x": 64,
  "size_y": 64,
  "size_z": 40,
  "snr": 5.832088227193978,
  "spacing_tr": 3.0,
  "spacing_x": 3.4375,
  "spacing_y": 3.437498092651367,
  "spacing_z": 3.400001049041748,
  "summary_bg_k": 48.629887311923234,
  "summary_bg_mad": 7.347119608661511,
  "summary_bg_mean": 45.421695709228516,
  "summary_bg_median": 19.088890075683594,
  "summary_bg_n": 108962.0,
  "summary_bg_p05": 5.6666669845581055,
  "summary_bg_p95": 166.11111450195312,
  "summary_bg_stdv": 82.23857116699219,
  "summary_fg_k": 0.37815615907012656,
  "summary_fg_mad": 294.23066302869205,
  "summary_fg_mean": 1768.529296875,
  "summary_fg_median": 1761.60009765625,
  "summary_fg_n": 23052.0,
  "summary_fg_p05": 1266.6211486816405,
  "summary_fg_p95": 2259.242272949219,
  "summary_fg_stdv": 302.0465087890625,
  "tsnr": 128.40115364501253
}