{
  "aor": 0.004242444444444445,
  "aqi": 0.0024140306666666665,
  "bids_meta": {
    "CogAtlasID": "trm_4c898f079d05e",
    "CogPOID": "",
    "EchoTime": 0.035,
    "FlipAngle": 90.0,
    "InPlanePhaseEncodingDirection": "COL",
    "MRAcquisitionType": "2D",
    "MagneticFieldStrength": 3.0,
    "Manufacturer": "GE",
    "ManufacturerModelName": "SIGNA HDx",
    "ReceiveCoilName": "8-channel head",
    "RepetitionTime": 3.0,
    "ScanOptions": "EPI.GEMS",
    "ScanningSequence": "EP/GR",
    "SequenceVariant": "SS",
    "SliceAcquisitionDirection": "sequential/ascending (bottom up)",
    "SliceGap": 0,
    "SliceTiming": [
      0.0,
      0.075,
      0.15,
      0.225,
      0.3,
      0.375,
      0.45,
      0.525,
      0.6,
      0.675,
      0.75,
      0.825,
      0.9,
      0.975,
      1.05,
      1.125,
      1.2,
      1.275,
      1.35,
      1.425,
      1.5,
      1.575,
      1.65,
      1.725,
      1.8,
      1.875,
      1.95,
      2.025,
      2.1,
      2.175,
      2.25,
      2.325,
      2.4,
      2.475,
      2.55,
      2.625,
      2.7,
      2.775,
      2.85,
      2.925
    ],
    "SliceTimingCalculationMethod": "slice_number * (RepetitionTime / num_slices)",
    "SoftwareVersion": "14/LX/MR Software release.14.0.M5A.0828.b",
    "TaskDescription": "Finger-to-thumb opposition sequence performed with the trained hand using the novel, untrained sequence.",
    "TaskInstructions": "See published manuscripts.",
    "TaskName": "Trained Hand, Untrained Sequence",
    "dataset": "ds000170",
    "modality": "bold",
    "run_id": 2,
    "subject_id": "1708",
    "task_id": "TrainedHandUntrainedSequence"
  },
  "dummy_trs": 0,
  "dvars_nstd": 12.964605569772727,
  "dvars_std": 1.1762947920454545,
  "dvars_vstd": 1.0079335788636365,
  "efc": 0.4324364590723414,
  "fber": 8729.4423828125,
  "fd_mean": 0.04871258999549677,
  "fd_num": 0,
  "fd_perc": 0.0,
  "fwhm_avg": 2.4424432015578703,
  "fwhm_x": 2.306754909090909,
  "fwhm_y": 2.6492960154563296,
  "fwhm_z": 2.371278680126373,
  "gcor": 0.0261138,
  "gsr_x": -0.015850147232413292,
  "gsr_y": 0.023219626396894455,
  "provenance": {
    "md5sum": "238a15ab1b90dd02fae041a46613dacc",
    "settings": {
      "fd_thres": 0.2,
      "testing": false
    },
    "software": "mriqc",
    "version": "22.0.0rc1",
    "webapi_port": null,
    "webapi_url": "https://mriqc.nimh.nih.gov/api/v1"
  },
  "size_t": 45,
  "size_x": 64,
  "size_y": 64,
  "size_z": 40,
  "snr": 5.873366006715675,
  "spacing_tr": 3.0,
  "spacing_x": 3.4375,
  "spacing_y": 3.437498092651367,
  "spacing_z": 3.400001049041748,
  "summary_bg_k": 49.448018947914164,
  "summary_bg_mad": 7.445958248380917,
  "summary_bg_mean": 45.35126876831055,
  "summary_bg_median": 19.11111068725586,
  "summary_bg_n": 109388.0,
  "summary_bg_p05": 5.755555629730225,
  "summary_bg_p95": 165.55555725097656,
  "summary_bg_stdv": 82.50320434570312,
  "summary_fg_k": 0.39156202856451205,
  "summary_fg_mad": 293.2093832045921,
  "summary_fg_mean": 1775.4720458984375,
  "summary_fg_median": 1768.7445068359375,
  "summary_fg_n": 22792.0,
  "summary_fg_p05": 1272.9800048828124,
  "summary_fg_p95": 2264.5167846679688,
  "summary_fg_stdv": 301.1400451660156,
  "tsnr": 114.3481954401359
}