{
  "aor": 0.004281333333333334,
  "aqi": 0.001981205111111111,
  "bids_meta": {
    "CogAtlasID": "trm_4c898f079d05e",
    "CogPOID": "",
    "EchoTime": 0.035,
    "FlipAngle": 90.0,
    "InPlanePhaseEncodingDirection": "COL",
    "MRAcquisitionType": "2D",
    "MagneticFieldStrength": 3.0,
    "Manufacturer": "GE",
    "ManufacturerModelName": "SIGNA HDx",
    "ReceiveCoilName": "8-channel head",
    "RepetitionTime": 3.0,
    "ScanOptions": "EPI.GEMS",
    "ScanningSequence": "EP/GR",
    "SequenceVariant": "SS",
    "SliceAcquisitionDirection": "sequential/ascending (bottom up)",
    "SliceGap": 0,
    "SliceTiming": [
      0.0,
      0.075,
      0.15,
      0.225,
      0.3,
      0.375,
      0.45,
      0.525,
      0.6,
      0.675,
      0.75,
      0.825,
      0.9,
      0.975,
      1.05,
      1.125,
      1.2,
      1.275,
      1.35,
      1.425,
      1.5,
      1.575,
      1.65,
      1.725,
      1.8,
      1.875,
      1.95,
      2.025,
      2.1,
      2.175,
      2.25,
      2.325,
      2.4,
      2.475,
      2.55,
      2.625,
      2.7,
      2.775,
      2.85,
      2.925
    ],
    "SliceTimingCalculationMethod": "slice_number * (RepetitionTime / num_slices)",
    "SoftwareVersion": "14/LX/MR Software release.14.0.M5A.0828.b",
    "TaskDescription": "Finger-to-thumb opposition sequence performed with the untrained hand using the pre-trained sequence.",
    "TaskInstructions": "See published manuscripts.",
    "TaskName": "Untrained Hand, Trained Sequence",
    "dataset": "ds000170",
    "modality": "bold",
    "run_id": 3,
    "subject_id": "1708",
    "task_id": "UntrainedHandTrainedSequence"
  },
  "dummy_trs": 0,
  "dvars_nstd": 13.461327813181818,
  "dvars_std": 1.2228207472727275,
  "dvars_vstd": 1.0225027204545452,
  "efc": 0.43332853627614865,
  "fber": 8595.3955078125,
  "fd_mean": 0.05110392039272174,
  "fd_num": 0,
  "fd_perc": 0.0,
  "fwhm_avg": 2.4686121759298065,
  "fwhm_x": 2.344922181818182,
  "fwhm_y": 2.6675680255948295,
  "fwhm_z": 2.3933463203764096,
  "gcor": 0.0265355,
  "gsr_x": -0.015923764556646347,
  "gsr_y": 0.02236192859709263,
  "provenance": {
    "md5sum": "8bdda93a5d722e7189b578b89237f745",
    "settings": {
      "fd_thres": 0.2,
      "testing": false
    },
    "software": "mriqc",
    "version": "22.0.0rc1",
    "webapi_port": null,
    "webapi_url": "https://mriqc.nimh.nih.gov/api/v1"
  },
  "size_t": 45,
  "size_x": 64,
  "size_y": 64,
  "size_z": 40,
  "snr": 5.743748081669156,
  "spacing_tr": 3.0,
  "spacing_x": 3.4375,
  "spacing_y": 3.437498092651367,
  "spacing_z": 3.400001049041748,
  "summary_bg_k": 50.016983529283124,
  "summary_bg_mad": 7.281225296955697,
  "summary_bg_mean": 45.149574279785156,
  "summary_bg_median": 18.9777774810791,
  "summary_bg_n": 109101.0,
  "summary_bg_p05": 5.733333587646484,
  "summary_bg_p95": 165.44444274902344,
  "summary_bg_stdv": 82.84436798095703,
  "summary_fg_k": 0.29642675835268184,
  "summary_fg_mad": 296.8170727338512,
  "summary_fg_mean": 1758.93603515625,
  "summary_fg_median": 1752.2000732421875,
  "summary_fg_n": 22911.0,
  "summary_fg_p05": 1246.211181640625,
  "summary_fg_p95": 2258.7222900390625,
  "summary_fg_stdv": 305.05548095703125,
  "tsnr": 121.59940413245931
}