{
  "aor": 0.004316222222222222,
  "aqi": 0.0020113544444444447,
  "bids_meta": {
    "CogAtlasID": "trm_4c898f079d05e",
    "CogPOID": "",
    "EchoTime": 0.035,
    "FlipAngle": 90.0,
    "InPlanePhaseEncodingDirection": "COL",
    "MRAcquisitionType": "2D",
    "MagneticFieldStrength": 3.0,
    "Manufacturer": "GE",
    "ManufacturerModelName": "SIGNA HDx",
    "ReceiveCoilName": "8-channel head",
    "RepetitionTime": 3.0,
    "ScanOptions": "EPI.GEMS",
    "ScanningSequence": "EP/GR",
    "SequenceVariant": "SS",
    "SliceAcquisitionDirection": "sequential/ascending (bottom up)",
    "SliceGap": 0,
    "SliceTiming": [
      0.0,
      0.075,
      0.15,
      0.225,
      0.3,
      0.375,
      0.45,
      0.525,
      0.6,
      0.675,
      0.75,
      0.825,
      0.9,
      0.975,
      1.05,
      1.125,
      1.2,
      1.275,
      1.35,
      1.425,
      1.5,
      1.575,
      1.65,
      1.725,
      1.8,
      1.875,
      1.95,
      2.025,
      2.1,
      2.175,
      2.25,
      2.325,
      2.4,
      2.475,
      2.55,
      2.625,
      2.7,
      2.775,
      2.85,
      2.925
    ],
    "SliceTimingCalculationMethod": "slice_number * (RepetitionTime / num_slices)",
    "SoftwareVersion": "14/LX/MR Software release.14.0.M5A.0828.b",
    "TaskDescription": "Finger-to-thumb opposition sequence performed with the trained hand using the pre-trained sequence.",
    "TaskInstructions": "See published manuscripts.",
    "TaskName": "Trained Hand, Trained Sequence",
    "dataset": "ds000170",
    "modality": "bold",
    "run_id": 2,
    "subject_id": "1708",
    "task_id": "TrainedHandTrainedSequence"
  },
  "dummy_trs": 0,
  "dvars_nstd": 13.099539929999999,
  "dvars_std": 1.1921934820454547,
  "dvars_vstd": 1.0225700647727274,
  "efc": 0.4330819817702197,
  "fber": 8710.5439453125,
  "fd_mean": 0.050965911901863815,
  "fd_num": 0,
  "fd_perc": 0.0,
  "fwhm_avg": 2.4774989233416966,
  "fwhm_x": 2.3335709090909087,
  "fwhm_y": 2.6891913103201075,
  "fwhm_z": 2.4097345506140746,
  "gcor": 0.024257,
  "gsr_x": -0.015966737642884254,
  "gsr_y": 0.023400451987981796,
  "provenance": {
    "md5sum": "b3563faf9d9af6fb87b56d9ca84cee56",
    "settings": {
      "fd_thres": 0.2,
      "testing": false
    },
    "software": "mriqc",
    "version": "22.0.0rc1",
    "webapi_port": null,
    "webapi_url": "https://mriqc.nimh.nih.gov/api/v1"
  },
  "size_t": 45,
  "size_x": 64,
  "size_y": 64,
  "size_z": 40,
  "snr": 5.7410098992226715,
  "spacing_tr": 3.0,
  "spacing_x": 3.4375,
  "spacing_y": 3.437498092651367,
  "spacing_z": 3.400001049041748,
  "summary_bg_k": 50.018800114618855,
  "summary_bg_mad": 7.28122388303604,
  "summary_bg_mean": 44.57154083251953,
  "summary_bg_median": 18.866666793823242,
  "summary_bg_n": 109034.0,
  "summary_bg_p05": 5.577777862548828,
  "summary_bg_p95": 160.37777709960938,
  "summary_bg_stdv": 81.97886657714844,
  "summary_fg_k": 0.25595689317385784,
  "summary_fg_mad": 298.3653713153106,
  "summary_fg_mean": 1757.6795654296875,
  "summary_fg_median": 1751.1334228515625,
  "summary_fg_n": 22949.0,
  "summary_fg_p05": 1249.3511474609375,
  "summary_fg_p95": 2255.7289550781243,
  "summary_fg_stdv": 305.01519775390625,
  "tsnr": 120.82008559838869
}