{
  "aor": 0.004829777777777778,
  "aqi": 0.0018156533333333333,
  "bids_meta": {
    "CogAtlasID": "trm_4c898f079d05e",
    "CogPOID": "",
    "EchoTime": 0.035,
    "FlipAngle": 90.0,
    "InPlanePhaseEncodingDirection": "COL",
    "MRAcquisitionType": "2D",
    "MagneticFieldStrength": 3.0,
    "Manufacturer": "GE",
    "ManufacturerModelName": "SIGNA HDx",
    "ReceiveCoilName": "8-channel head",
    "RepetitionTime": 3.0,
    "ScanOptions": "EPI.GEMS",
    "ScanningSequence": "EP/GR",
    "SequenceVariant": "SS",
    "SliceAcquisitionDirection": "sequential/ascending (bottom up)",
    "SliceGap": 0,
    "SliceTiming": [
      0.0,
      0.075,
      0.15,
      0.225,
      0.3,
      0.375,
      0.45,
      0.525,
      0.6,
      0.675,
      0.75,
      0.825,
      0.9,
      0.975,
      1.05,
      1.125,
      1.2,
      1.275,
      1.35,
      1.425,
      1.5,
      1.575,
      1.65,
      1.725,
      1.8,
      1.875,
      1.95,
      2.025,
      2.1,
      2.175,
      2.25,
      2.325,
      2.4,
      2.475,
      2.55,
      2.625,
      2.7,
      2.775,
      2.85,
      2.925
    ],
    "SliceTimingCalculationMethod": "slice_number * (RepetitionTime / num_slices)",
    "SoftwareVersion": "14/LX/MR Software release.14.0.M5A.0828.b",
    "TaskDescription": "Finger-to-thumb opposition sequence performed with the untrained hand using the pre-trained sequence.",
    "TaskInstructions": "See published manuscripts.",
    "TaskName": "Untrained Hand, Trained Sequence",
    "dataset": "ds000170",
    "modality": "bold",
    "run_id": 1,
    "subject_id": "1708",
    "task_id": "UntrainedHandTrainedSequence"
  },
  "dummy_trs": 0,
  "dvars_nstd": 13.460057431818177,
  "dvars_std": 1.2429973538636363,
  "dvars_vstd": 1.0357232363636362,
  "efc": 0.433630701181031,
  "fber": 8697.0302734375,
  "fd_mean": 0.04048568079406136,
  "fd_num": 0,
  "fd_perc": 0.0,
  "fwhm_avg": 2.4763476265053366,
  "fwhm_x": 2.3418385454545456,
  "fwhm_y": 2.6879433096276357,
  "fwhm_z": 2.3992610244338293,
  "gcor": 0.0194278,
  "gsr_x": -0.015640169382095337,
  "gsr_y": 0.022700848057866096,
  "provenance": {
    "md5sum": "1167717a4438b45cbc6eef82793950cc",
    "settings": {
      "fd_thres": 0.2,
      "testing": false
    },
    "software": "mriqc",
    "version": "22.0.0rc1",
    "webapi_port": null,
    "webapi_url": "https://mriqc.nimh.nih.gov/api/v1"
  },
  "size_t": 45,
  "size_x": 64,
  "size_y": 64,
  "size_z": 40,
  "snr": 5.739550271260421,
  "spacing_tr": 3.0,
  "spacing_x": 3.4375,
  "spacing_y": 3.437498092651367,
  "spacing_z": 3.400001049041748,
  "summary_bg_k": 51.4406566465932,
  "summary_bg_mad": 7.182385243316634,
  "summary_bg_mean": 44.906272888183594,
  "summary_bg_median": 18.91111183166504,
  "summary_bg_n": 108943.0,
  "summary_bg_p05": 5.577777862548828,
  "summary_bg_p95": 163.06666564941406,
  "summary_bg_stdv": 82.83202362060547,
  "summary_fg_k": 0.2772142879758004,
  "summary_fg_mad": 301.57779677655014,
  "summary_fg_mean": 1765.3675537109375,
  "summary_fg_median": 1757.86669921875,
  "summary_fg_n": 23026.0,
  "summary_fg_p05": 1258.8833618164062,
  "summary_fg_p95": 2266.7445068359375,
  "summary_fg_stdv": 306.2658996582031,
  "tsnr": 129.0462978798896
}