{
  "aor": 0.004958444444444444,
  "aqi": 0.001991238444444444,
  "bids_meta": {
    "CogAtlasID": "trm_4c898f079d05e",
    "CogPOID": "",
    "EchoTime": 0.035,
    "FlipAngle": 90.0,
    "InPlanePhaseEncodingDirection": "COL",
    "MRAcquisitionType": "2D",
    "MagneticFieldStrength": 3.0,
    "Manufacturer": "GE",
    "ManufacturerModelName": "SIGNA HDx",
    "ReceiveCoilName": "8-channel head",
    "RepetitionTime": 3.0,
    "ScanOptions": "EPI.GEMS",
    "ScanningSequence": "EP/GR",
    "SequenceVariant": "SS",
    "SliceAcquisitionDirection": "sequential/ascending (bottom up)",
    "SliceGap": 0,
    "SliceTiming": [
      0.0,
      0.075,
      0.15,
      0.225,
      0.3,
      0.375,
      0.45,
      0.525,
      0.6,
      0.675,
      0.75,
      0.825,
      0.9,
      0.975,
      1.05,
      1.125,
      1.2,
      1.275,
      1.35,
      1.425,
      1.5,
      1.575,
      1.65,
      1.725,
      1.8,
      1.875,
      1.95,
      2.025,
      2.1,
      2.175,
      2.25,
      2.325,
      2.4,
      2.475,
      2.55,
      2.625,
      2.7,
      2.775,
      2.85,
      2.925
    ],
    "SliceTimingCalculationMethod": "slice_number * (RepetitionTime / num_slices)",
    "SoftwareVersion": "14/LX/MR Software release.14.0.M5A.0828.b",
    "TaskDescription": "Finger-to-thumb opposition sequence performed with the trained hand using the pre-trained sequence.",
    "TaskInstructions": "See published manuscripts.",
    "TaskName": "Trained Hand, Trained Sequence",
    "dataset": "ds000170",
    "modality": "bold",
    "run_id": 3,
    "subject_id": "1708",
    "task_id": "TrainedHandTrainedSequence"
  },
  "dummy_trs": 0,
  "dvars_nstd": 12.313259146590907,
  "dvars_std": 1.1695736611363639,
  "dvars_vstd": 1.0255392525000007,
  "efc": 0.4327111453067382,
  "fber": 8733.6376953125,
  "fd_mean": 0.047425800529115186,
  "fd_num": 0,
  "fd_perc": 0.0,
  "fwhm_avg": 2.4462606634047925,
  "fwhm_x": 2.316136727272727,
  "fwhm_y": 2.6506312889244987,
  "fwhm_z": 2.3720139740171513,
  "gcor": 0.0156138,
  "gsr_x": -0.015775630250573158,
  "gsr_y": 0.02286606840789318,
  "provenance": {
    "md5sum": "be4fd9b1c286c8b090a7d877806b82c9",
    "settings": {
      "fd_thres": 0.2,
      "testing": false
    },
    "software": "mriqc",
    "version": "22.0.0rc1",
    "webapi_port": null,
    "webapi_url": "https://mriqc.nimh.nih.gov/api/v1"
  },
  "size_t": 45,
  "size_x": 64,
  "size_y": 64,
  "size_z": 40,
  "snr": 5.851410892741062,
  "spacing_tr": 3.0,
  "spacing_x": 3.4375,
  "spacing_y": 3.437498092651367,
  "spacing_z": 3.400001049041748,
  "summary_bg_k": 52.56446827888242,
  "summary_bg_mad": 7.314172452808604,
  "summary_bg_mean": 44.598995208740234,
  "summary_bg_median": 18.933334350585938,
  "summary_bg_n": 109123.0,
  "summary_bg_p05": 5.6666669845581055,
  "summary_bg_p95": 161.2422241210936,
  "summary_bg_stdv": 81.78466033935547,
  "summary_fg_k": 0.3365529481517271,
  "summary_fg_mad": 295.3015318430106,
  "summary_fg_mean": 1765.867431640625,
  "summary_fg_median": 1759.711181640625,
  "summary_fg_n": 22876.0,
  "summary_fg_p05": 1265.18896484375,
  "summary_fg_p95": 2253.4501342773438,
  "summary_fg_stdv": 300.7262268066406,
  "tsnr": 123.51148486416787
}