{
  "aor": 0.0043908888888888895,
  "aqi": 0.00199265,
  "bids_meta": {
    "CogAtlasID": "trm_4c898f079d05e",
    "CogPOID": "",
    "EchoTime": 0.035,
    "FlipAngle": 90.0,
    "InPlanePhaseEncodingDirection": "COL",
    "MRAcquisitionType": "2D",
    "MagneticFieldStrength": 3.0,
    "Manufacturer": "GE",
    "ManufacturerModelName": "SIGNA HDx",
    "ReceiveCoilName": "8-channel head",
    "RepetitionTime": 3.0,
    "ScanOptions": "EPI.GEMS",
    "ScanningSequence": "EP/GR",
    "SequenceVariant": "SS",
    "SliceAcquisitionDirection": "sequential/ascending (bottom up)",
    "SliceGap": 0,
    "SliceTiming": [
      0.0,
      0.075,
      0.15,
      0.225,
      0.3,
      0.375,
      0.45,
      0.525,
      0.6,
      0.675,
      0.75,
      0.825,
      0.9,
      0.975,
      1.05,
      1.125,
      1.2,
      1.275,
      1.35,
      1.425,
      1.5,
      1.575,
      1.65,
      1.725,
      1.8,
      1.875,
      1.95,
      2.025,
      2.1,
      2.175,
      2.25,
      2.325,
      2.4,
      2.475,
      2.55,
      2.625,
      2.7,
      2.775,
      2.85,
      2.925
    ],
    "SliceTimingCalculationMethod": "slice_number * (RepetitionTime / num_slices)",
    "SoftwareVersion": "14/LX/MR Software release.14.0.M5A.0828.b",
    "TaskDescription": "Finger-to-thumb opposition sequence performed with the untrained hand using the novel, untrained sequence.",
    "TaskInstructions": "See published manuscripts.",
    "TaskName": "Untrained Hand, Untrained Sequence",
    "dataset": "ds000170",
    "modality": "bold",
    "run_id": 1,
    "subject_id": "1708",
    "task_id": "UntrainedHandUntrainedSequence"
  },
  "dummy_trs": 0,
  "dvars_nstd": 12.574013340454542,
  "dvars_std": 1.175237084318182,
  "dvars_vstd": 1.0258181447727273,
  "efc": 0.435818043539865,
  "fber": 8541.19140625,
  "fd_mean": 0.04529682395030672,
  "fd_num": 0,
  "fd_perc": 0.0,
  "fwhm_avg": 2.464378139631791,
  "fwhm_x": 2.321570909090909,
  "fwhm_y": 2.681511306058741,
  "fwhm_z": 2.390052203745723,
  "gcor": 0.0212923,
  "gsr_x": -0.015891462564468384,
  "gsr_y": 0.023658471181988716,
  "provenance": {
    "md5sum": "55a5c7bd78a444c04a11354cab9060a6",
    "settings": {
      "fd_thres": 0.2,
      "testing": false
    },
    "software": "mriqc",
    "version": "22.0.0rc1",
    "webapi_port": null,
    "webapi_url": "https://mriqc.nimh.nih.gov/api/v1"
  },
  "size_t": 45,
  "size_x": 64,
  "size_y": 64,
  "size_z": 40,
  "snr": 5.798502984359674,
  "spacing_tr": 3.0,
  "spacing_x": 3.4375,
  "spacing_y": 3.437498092651367,
  "spacing_z": 3.400001049041748,
  "summary_bg_k": 47.406413665594364,
  "summary_bg_mad": 7.445958248380917,
  "summary_bg_mean": 45.837337493896484,
  "summary_bg_median": 19.177778244018555,
  "summary_bg_n": 108766.0,
  "summary_bg_p05": 5.6666669845581055,
  "summary_bg_p95": 169.04444885253906,
  "summary_bg_stdv": 83.81002044677734,
  "summary_fg_k": 0.3461824680335579,
  "summary_fg_mad": 295.9603052897099,
  "summary_fg_mean": 1767.91552734375,
  "summary_fg_median": 1759.1778564453125,
  "summary_fg_n": 23207.0,
  "summary_fg_p05": 1270.9044677734375,
  "summary_fg_p95": 2263.682299804688,
  "summary_fg_stdv": 303.3782958984375,
  "tsnr": 127.99370858375914
}