{
  "aor": 0.004942666666666666,
  "aqi": 0.001932376888888889,
  "bids_meta": {
    "CogAtlasID": "trm_4c898f079d05e",
    "CogPOID": "",
    "EchoTime": 0.035,
    "FlipAngle": 90.0,
    "InPlanePhaseEncodingDirection": "COL",
    "MRAcquisitionType": "2D",
    "MagneticFieldStrength": 3.0,
    "Manufacturer": "GE",
    "ManufacturerModelName": "SIGNA HDx",
    "ReceiveCoilName": "8-channel head",
    "RepetitionTime": 3.0,
    "ScanOptions": "EPI.GEMS",
    "ScanningSequence": "EP/GR",
    "SequenceVariant": "SS",
    "SliceAcquisitionDirection": "sequential/ascending (bottom up)",
    "SliceGap": 0,
    "SliceTiming": [
      0.0,
      0.075,
      0.15,
      0.225,
      0.3,
      0.375,
      0.45,
      0.525,
      0.6,
      0.675,
      0.75,
      0.825,
      0.9,
      0.975,
      1.05,
      1.125,
      1.2,
      1.275,
      1.35,
      1.425,
      1.5,
      1.575,
      1.65,
      1.725,
      1.8,
      1.875,
      1.95,
      2.025,
      2.1,
      2.175,
      2.25,
      2.325,
      2.4,
      2.475,
      2.55,
      2.625,
      2.7,
      2.775,
      2.85,
      2.925
    ],
    "SliceTimingCalculationMethod": "slice_number * (RepetitionTime / num_slices)",
    "SoftwareVersion": "14/LX/MR Software release.14.0.M5A.0828.b",
    "TaskDescription": "Finger-to-thumb opposition sequence performed with the trained hand using the pre-trained sequence.",
    "TaskInstructions": "See published manuscripts.",
    "TaskName": "Trained Hand, Trained Sequence",
    "dataset": "ds000170",
    "modality": "bold",
    "run_id": 1,
    "subject_id": "1708",
    "task_id": "TrainedHandTrainedSequence"
  },
  "dummy_trs": 0,
  "dvars_nstd": 15.45953128545454,
  "dvars_std": 1.3432468277272722,
  "dvars_vstd": 1.0474442263636363,
  "efc": 0.43311820137062207,
  "fber": 8776.48046875,
  "fd_mean": 0.05237436710733501,
  "fd_num": 0,
  "fd_perc": 0.0,
  "fwhm_avg": 2.479773190091042,
  "fwhm_x": 2.347810909090909,
  "fwhm_y": 2.684350580361428,
  "fwhm_z": 2.407158080820788,
  "gcor": 0.03877,
  "gsr_x": -0.015469512902200222,
  "gsr_y": 0.023300206288695335,
  "provenance": {
    "md5sum": "933a6e77e18f9751c31c1b4b872785e0",
    "settings": {
      "fd_thres": 0.2,
      "testing": false
    },
    "software": "mriqc",
    "version": "22.0.0rc1",
    "webapi_port": null,
    "webapi_url": "https://mriqc.nimh.nih.gov/api/v1"
  },
  "size_t": 45,
  "size_x": 64,
  "size_y": 64,
  "size_z": 40,
  "snr": 5.763193131645113,
  "spacing_tr": 3.0,
  "spacing_x": 3.4375,
  "spacing_y": 3.437498092651367,
  "spacing_z": 3.400001049041748,
  "summary_bg_k": 46.503074758838935,
  "summary_bg_mad": 7.14943667354407,
  "summary_bg_mean": 43.86995315551758,
  "summary_bg_median": 18.844444274902344,
  "summary_bg_n": 108876.0,
  "summary_bg_p05": 5.555555820465088,
  "summary_bg_p95": 157.8944435119629,
  "summary_bg_stdv": 79.1304931640625,
  "summary_fg_k": 0.27184539109913475,
  "summary_fg_mad": 299.3868321211267,
  "summary_fg_mean": 1765.96142578125,
  "summary_fg_median": 1758.5333251953125,
  "summary_fg_n": 23053.0,
  "summary_fg_p05": 1255.4177978515625,
  "summary_fg_p95": 2264.6800781249995,
  "summary_fg_stdv": 305.1251525878906,
  "tsnr": 129.9895696300082
}