{
  "aor": 0.005268837209302325,
  "aqi": 0.0019102262790697674,
  "bids_meta": {
    "CogAtlasID": "trm_4c898f079d05e",
    "CogPOID": "",
    "EchoTime": 0.035,
    "FlipAngle": 90.0,
    "InPlanePhaseEncodingDirection": "COL",
    "MRAcquisitionType": "2D",
    "MagneticFieldStrength": 3.0,
    "Manufacturer": "GE",
    "ManufacturerModelName": "SIGNA HDx",
    "ReceiveCoilName": "8-channel head",
    "RepetitionTime": 3.0,
    "ScanOptions": "EPI.GEMS",
    "ScanningSequence": "EP/GR",
    "SequenceVariant": "SS",
    "SliceAcquisitionDirection": "sequential/ascending (bottom up)",
    "SliceGap": 0,
    "SliceTiming": [
      0.0,
      0.075,
      0.15,
      0.225,
      0.3,
      0.375,
      0.45,
      0.525,
      0.6,
      0.675,
      0.75,
      0.825,
      0.9,
      0.975,
      1.05,
      1.125,
      1.2,
      1.275,
      1.35,
      1.425,
      1.5,
      1.575,
      1.65,
      1.725,
      1.8,
      1.875,
      1.95,
      2.025,
      2.1,
      2.175,
      2.25,
      2.325,
      2.4,
      2.475,
      2.55,
      2.625,
      2.7,
      2.775,
      2.85,
      2.925
    ],
    "SliceTimingCalculationMethod": "slice_number * (RepetitionTime / num_slices)",
    "SoftwareVersion": "14/LX/MR Software release.14.0.M5A.0828.b",
    "TaskDescription": "Finger-to-thumb opposition sequence performed with the untrained hand using the novel, untrained sequence.",
    "TaskInstructions": "See published manuscripts.",
    "TaskName": "Untrained Hand, Untrained Sequence",
    "dataset": "ds000170",
    "modality": "bold",
    "run_id": 2,
    "subject_id": "1708",
    "task_id": "UntrainedHandUntrainedSequence"
  },
  "dummy_trs": 2,
  "dvars_nstd": 12.734013353571427,
  "dvars_std": 1.2091238426190478,
  "dvars_vstd": 1.0371037719047618,
  "efc": 0.43633034240935625,
  "fber": 8533.2265625,
  "fd_mean": 0.04389049936624619,
  "fd_num": 0,
  "fd_perc": 0.0,
  "fwhm_avg": 2.462001332087318,
  "fwhm_x": 2.318429090909091,
  "fwhm_y": 2.6860785813202357,
  "fwhm_z": 2.3814963240326272,
  "gcor": 0.0275039,
  "gsr_x": -0.01619713567197323,
  "gsr_y": 0.023584231734275818,
  "provenance": {
    "md5sum": "28c3f9b7b82dd7603cd0f2077a5bf7e9",
    "settings": {
      "fd_thres": 0.2,
      "testing": false
    },
    "software": "mriqc",
    "version": "22.0.0rc1",
    "webapi_port": null,
    "webapi_url": "https://mriqc.nimh.nih.gov/api/v1"
  },
  "size_t": 43,
  "size_x": 64,
  "size_y": 64,
  "size_z": 40,
  "snr": 5.835866305342443,
  "spacing_tr": 3.0,
  "spacing_x": 3.4375,
  "spacing_y": 3.437498092651367,
  "spacing_z": 3.400001049041748,
  "summary_bg_k": 46.92520284028964,
  "summary_bg_mad": 7.44749093728936,
  "summary_bg_mean": 45.748043060302734,
  "summary_bg_median": 19.186046600341797,
  "summary_bg_n": 108675.0,
  "summary_bg_p05": 5.511627674102783,
  "summary_bg_p95": 168.44884033203098,
  "summary_bg_stdv": 83.09049987792969,
  "summary_fg_k": 0.32643257779466595,
  "summary_fg_mad": 295.8825736426337,
  "summary_fg_mean": 1767.16748046875,
  "summary_fg_median": 1761.534912109375,
  "summary_fg_n": 23216.0,
  "summary_fg_p05": 1267.3604431152344,
  "summary_fg_p95": 2259.7034301757812,
  "summary_fg_stdv": 301.83984375,
  "tsnr": 129.4799273221288
}