{
  "bids_meta": {
    "EchoTime": 0.003,
    "FlipAngle": 20.0,
    "InPlanePhaseEncodingDirection": "ROW",
    "MRAcquisitionType": "3D",
    "MagneticFieldStrength": 3.0,
    "Manufacturer": "GE",
    "ManufacturerModelName": "SIGNA HDx",
    "ReceiveCoilName": "8-channel head",
    "RepetitionTime": 0.0073,
    "ScanOptions": "FAST.GEMS/EDR.GEMS/FILTERED.GEMS",
    "ScanningSequence": "Scanning Sequence",
    "SequenceVariant": "SS/SP/SK",
    "SeriesDescription": "Ax FSPGR 3D Asset",
    "SoftwareVersion": "14/LX/MR Software release.14.0.M5A.0828.b",
    "dataset": "ds000170",
    "modality": "T1w",
    "subject_id": "1718"
  },
  "cjv": 0.6094873720447173,
  "cnr": 2.1774285375056945,
  "efc": 0.7713763598593653,
  "fber": 12941.337599999999,
  "fwhm_avg": 4.610758021565468,
  "fwhm_x": 4.33627,
  "fwhm_y": 4.604480274448411,
  "fwhm_z": 4.891523790247993,
  "icvs_csf": 0.23837650236652635,
  "icvs_gm": 0.41220427424173417,
  "icvs_wm": 0.3494192233917395,
  "inu_med": 0.8339160084724426,
  "inu_range": 0.3240391135215758,
  "provenance": {
    "md5sum": "4178b6943fedaf2f41d198351a118fc6",
    "settings": {
      "testing": false
    },
    "software": "mriqc",
    "version": "22.0.0rc1",
    "warnings": {
      "large_rot_frame": true,
      "small_air_mask": false
    },
    "webapi_port": null,
    "webapi_url": "https://mriqc.nimh.nih.gov/api/v1"
  },
  "qi_1": 0.0005774001311624989,
  "qi_2": 0.0014707434265903594,
  "rpve_csf": 21.081698071606656,
  "rpve_gm": 12.139911890995199,
  "rpve_wm": 16.351586245228102,
  "size_x": 256,
  "size_y": 256,
  "size_z": 172,
  "snr_csf": 4.239483891220525,
  "snr_gm": 11.109952011353823,
  "snr_total": 12.694880028289461,
  "snr_wm": 22.73520418229404,
  "snrd_csf": 25.119107891564834,
  "snrd_gm": 46.7357758280012,
  "snrd_total": 43.166114332667064,
  "snrd_wm": 57.643459278435145,
  "spacing_x": 1.0,
  "spacing_y": 0.9999999403953552,
  "spacing_z": 0.9999992251396179,
  "summary_bg_k": 7.387940458010309,
  "summary_bg_mad": 11.365319893745939,
  "summary_bg_mean": 14.918646907556626,
  "summary_bg_median": 8.900550182908773,
  "summary_bg_n": 324421.0,
  "summary_bg_p05": 0.0,
  "summary_bg_p95": 48.0012330673635,
  "summary_bg_stdv": 17.092067508646004,
  "summary_csf_k": 0.37987482246205717,
  "summary_csf_mad": 91.15139109413688,
  "summary_csf_mean": 454.5698745745994,
  "summary_csf_median": 435.7668210938573,
  "summary_csf_n": 55299.0,
  "summary_csf_p05": 317.48725536838174,
  "summary_csf_p95": 647.7336809411645,
  "summary_csf_stdv": 102.78677597565631,
  "summary_gm_k": -0.21013208062879274,
  "summary_gm_mad": 73.60760870781765,
  "summary_gm_mean": 818.6731147679078,
  "summary_gm_median": 810.7732389159501,
  "summary_gm_n": 28331.0,
  "summary_gm_p05": 711.9411180987954,
  "summary_gm_p95": 950.0179734248668,
  "summary_gm_stdv": 72.97591645937834,
  "summary_wm_k": 0.4339801650173052,
  "summary_wm_mad": 41.723691153550526,
  "summary_wm_mean": 1001.8377504400416,
  "summary_wm_median": 999.9999647699296,
  "summary_wm_n": 213727.0,
  "summary_wm_p05": 933.0657694637775,
  "summary_wm_p95": 1077.6868478693068,
  "summary_wm_stdv": 43.98454561112097,
  "tpm_overlap_csf": 0.17564302682876587,
  "tpm_overlap_gm": 0.45897093415260315,
  "tpm_overlap_wm": 0.5073932409286499,
  "wm2max": 0.4526337851054911
}