{
  "bids_meta": {
    "EchoTime": 0.003,
    "FlipAngle": 20.0,
    "InPlanePhaseEncodingDirection": "ROW",
    "MRAcquisitionType": "3D",
    "MagneticFieldStrength": 3.0,
    "Manufacturer": "GE",
    "ManufacturerModelName": "SIGNA HDx",
    "ReceiveCoilName": "8-channel head",
    "RepetitionTime": 0.0073,
    "ScanOptions": "FAST.GEMS/EDR.GEMS/FILTERED.GEMS",
    "ScanningSequence": "Scanning Sequence",
    "SequenceVariant": "SS/SP/SK",
    "SeriesDescription": "Ax FSPGR 3D Asset",
    "SoftwareVersion": "14/LX/MR Software release.14.0.M5A.0828.b",
    "dataset": "ds000170",
    "modality": "T1w",
    "subject_id": "1712"
  },
  "cjv": 0.6055828141657645,
  "cnr": 2.191145999954592,
  "efc": 0.7840174137992972,
  "fber": 11729.357486672532,
  "fwhm_avg": 4.845988605694566,
  "fwhm_x": 4.45378,
  "fwhm_y": 4.83628769387832,
  "fwhm_z": 5.2478981232053785,
  "icvs_csf": 0.20439877100833725,
  "icvs_gm": 0.42891389553388487,
  "icvs_wm": 0.3666873334577779,
  "inu_med": 1.184165358543396,
  "inu_range": 0.48948153555393215,
  "provenance": {
    "md5sum": "f077c5952d0a5e57769d7ede9d175e4f",
    "settings": {
      "testing": false
    },
    "software": "mriqc",
    "version": "22.0.0rc1",
    "warnings": {
      "large_rot_frame": true,
      "small_air_mask": false
    },
    "webapi_port": null,
    "webapi_url": "https://mriqc.nimh.nih.gov/api/v1"
  },
  "qi_1": 0.0039102531073058186,
  "qi_2": 0.0016532152748070243,
  "rpve_csf": 21.569260331798265,
  "rpve_gm": 10.92767071350864,
  "rpve_wm": 14.556895933910573,
  "size_x": 256,
  "size_y": 256,
  "size_z": 172,
  "snr_csf": 4.087965232435405,
  "snr_gm": 13.593824099237148,
  "snr_total": 13.281959662223072,
  "snr_wm": 22.164089654996662,
  "snrd_csf": 24.01340050012173,
  "snrd_gm": 41.901666918569575,
  "snrd_total": 38.81292409105881,
  "snrd_wm": 50.52370485448513,
  "spacing_x": 1.0,
  "spacing_y": 1.0000004768371582,
  "spacing_z": 1.0000003576278687,
  "summary_bg_k": 4.279727705312993,
  "summary_bg_mad": 12.966910559668078,
  "summary_bg_mean": 16.13925159349641,
  "summary_bg_median": 10.221285320818424,
  "summary_bg_n": 284747.0,
  "summary_bg_p05": 0.0,
  "summary_bg_p95": 51.211800679564476,
  "summary_bg_stdv": 17.553845087660182,
  "summary_csf_k": 0.16554612883837905,
  "summary_csf_mad": 125.72435268545645,
  "summary_csf_mean": 494.27153010154586,
  "summary_csf_median": 475.2897674180567,
  "summary_csf_n": 51730.0,
  "summary_csf_p05": 338.5379266219214,
  "summary_csf_p95": 699.7892352119088,
  "summary_csf_stdv": 116.26448524504684,
  "summary_gm_k": -0.1143904258892654,
  "summary_gm_mad": 60.61640117049656,
  "summary_gm_mean": 833.8100714042776,
  "summary_gm_median": 829.3466610051692,
  "summary_gm_n": 40827.0,
  "summary_gm_p05": 740.7428696442396,
  "summary_gm_p95": 942.2549828737974,
  "summary_gm_stdv": 61.008329815664666,
  "summary_wm_k": 0.6338708966394533,
  "summary_wm_mad": 42.72831371167734,
  "summary_wm_mean": 1003.9274156509036,
  "summary_wm_median": 999.9999762326479,
  "summary_wm_n": 265467.0,
  "summary_wm_p05": 936.9335920624435,
  "summary_wm_p95": 1083.9304273463786,
  "summary_wm_stdv": 45.11794115271522,
  "tpm_overlap_csf": 0.16524580121040344,
  "tpm_overlap_gm": 0.45619720220565796,
  "tpm_overlap_wm": 0.5033509135246277,
  "wm2max": 0.4915837074914265
}