{
  "aor": 0.004590222222222222,
  "aqi": 0.0019455126666666671,
  "bids_meta": {
    "CogAtlasID": "trm_4c898f079d05e",
    "CogPOID": "",
    "EchoTime": 0.035,
    "FlipAngle": 90.0,
    "InPlanePhaseEncodingDirection": "COL",
    "MRAcquisitionType": "2D",
    "MagneticFieldStrength": 3.0,
    "Manufacturer": "GE",
    "ManufacturerModelName": "SIGNA HDx",
    "ReceiveCoilName": "8-channel head",
    "RepetitionTime": 3.0,
    "ScanOptions": "EPI.GEMS",
    "ScanningSequence": "EP/GR",
    "SequenceVariant": "SS",
    "SliceAcquisitionDirection": "sequential/ascending (bottom up)",
    "SliceGap": 0,
    "SliceTiming": [
      0.0,
      0.075,
      0.15,
      0.225,
      0.3,
      0.375,
      0.45,
      0.525,
      0.6,
      0.675,
      0.75,
      0.825,
      0.9,
      0.975,
      1.05,
      1.125,
      1.2,
      1.275,
      1.35,
      1.425,
      1.5,
      1.575,
      1.65,
      1.725,
      1.8,
      1.875,
      1.95,
      2.025,
      2.1,
      2.175,
      2.25,
      2.325,
      2.4,
      2.475,
      2.55,
      2.625,
      2.7,
      2.775,
      2.85,
      2.925
    ],
    "SliceTimingCalculationMethod": "slice_number * (RepetitionTime / num_slices)",
    "SoftwareVersion": "14/LX/MR Software release.14.0.M5A.0828.b",
    "TaskDescription": "Finger-to-thumb opposition sequence performed with the untrained hand using the pre-trained sequence.",
    "TaskInstructions": "See published manuscripts.",
    "TaskName": "Untrained Hand, Trained Sequence",
    "dataset": "ds000170",
    "modality": "bold",
    "run_id": 1,
    "subject_id": "1719",
    "task_id": "UntrainedHandTrainedSequence"
  },
  "dummy_trs": 0,
  "dvars_nstd": 15.85692782863637,
  "dvars_std": 1.3295474377272727,
  "dvars_vstd": 1.049120206818182,
  "efc": 0.41973264773094066,
  "fber": 8859.953125,
  "fd_mean": 0.06408702355288555,
  "fd_num": 1,
  "fd_perc": 2.2222222222222223,
  "fwhm_avg": 2.391800316439138,
  "fwhm_x": 2.3096785454545454,
  "fwhm_y": 2.6043054545454543,
  "fwhm_z": 2.2614169493174145,
  "gcor": 0.11931,
  "gsr_x": -0.01500209141522646,
  "gsr_y": 0.029625268653035164,
  "provenance": {
    "md5sum": "6433746e92b0caefadde98cd443774e1",
    "settings": {
      "fd_thres": 0.2,
      "testing": false
    },
    "software": "mriqc",
    "version": "22.0.0rc1",
    "webapi_port": null,
    "webapi_url": "https://mriqc.nimh.nih.gov/api/v1"
  },
  "size_t": 45,
  "size_x": 64,
  "size_y": 64,
  "size_z": 40,
  "snr": 6.153485883138193,
  "spacing_tr": 3.0,
  "spacing_x": 3.4375,
  "spacing_y": 3.4375,
  "spacing_z": 3.400001049041748,
  "summary_bg_k": 43.32358231434632,
  "summary_bg_mad": 7.841319876856826,
  "summary_bg_mean": 48.58808135986328,
  "summary_bg_median": 18.666667938232422,
  "summary_bg_n": 112544.0,
  "summary_bg_p05": 5.8222222328186035,
  "summary_bg_p95": 189.32667617797813,
  "summary_bg_stdv": 87.96733093261719,
  "summary_fg_k": 1.1883835305923878,
  "summary_fg_mad": 256.9513252141586,
  "summary_fg_mean": 1739.689697265625,
  "summary_fg_median": 1737.1112060546875,
  "summary_fg_n": 20171.0,
  "summary_fg_p05": 1267.6778564453125,
  "summary_fg_p95": 2189.7667236328125,
  "summary_fg_stdv": 282.29010009765625,
  "tsnr": 128.3228213544935
}