{
  "aor": 0.004220888888888889,
  "aqi": 0.0018510291111111111,
  "bids_meta": {
    "CogAtlasID": "trm_4c898f079d05e",
    "CogPOID": "",
    "EchoTime": 0.035,
    "FlipAngle": 90.0,
    "InPlanePhaseEncodingDirection": "COL",
    "MRAcquisitionType": "2D",
    "MagneticFieldStrength": 3.0,
    "Manufacturer": "GE",
    "ManufacturerModelName": "SIGNA HDx",
    "ReceiveCoilName": "8-channel head",
    "RepetitionTime": 3.0,
    "ScanOptions": "EPI.GEMS",
    "ScanningSequence": "EP/GR",
    "SequenceVariant": "SS",
    "SliceAcquisitionDirection": "sequential/ascending (bottom up)",
    "SliceGap": 0,
    "SliceTiming": [
      0.0,
      0.075,
      0.15,
      0.225,
      0.3,
      0.375,
      0.45,
      0.525,
      0.6,
      0.675,
      0.75,
      0.825,
      0.9,
      0.975,
      1.05,
      1.125,
      1.2,
      1.275,
      1.35,
      1.425,
      1.5,
      1.575,
      1.65,
      1.725,
      1.8,
      1.875,
      1.95,
      2.025,
      2.1,
      2.175,
      2.25,
      2.325,
      2.4,
      2.475,
      2.55,
      2.625,
      2.7,
      2.775,
      2.85,
      2.925
    ],
    "SliceTimingCalculationMethod": "slice_number * (RepetitionTime / num_slices)",
    "SoftwareVersion": "14/LX/MR Software release.14.0.M5A.0828.b",
    "TaskDescription": "Finger-to-thumb opposition sequence performed with the untrained hand using the pre-trained sequence.",
    "TaskInstructions": "See published manuscripts.",
    "TaskName": "Untrained Hand, Trained Sequence",
    "dataset": "ds000170",
    "modality": "bold",
    "run_id": 3,
    "subject_id": "1719",
    "task_id": "UntrainedHandTrainedSequence"
  },
  "dummy_trs": 0,
  "dvars_nstd": 14.44423573545455,
  "dvars_std": 1.2989106559090906,
  "dvars_vstd": 1.0309331238636368,
  "efc": 0.4207880145479349,
  "fber": 8829.1708984375,
  "fd_mean": 0.041568148250605466,
  "fd_num": 0,
  "fd_perc": 0.0,
  "fwhm_avg": 2.4026366673236734,
  "fwhm_x": 2.3304116363636362,
  "fwhm_y": 2.5960843636363635,
  "fwhm_z": 2.2814140019710196,
  "gcor": 0.0547314,
  "gsr_x": -0.015571230091154575,
  "gsr_y": 0.03244827687740326,
  "provenance": {
    "md5sum": "36ef205cb79fb83aa22df05b55aba4c3",
    "settings": {
      "fd_thres": 0.2,
      "testing": false
    },
    "software": "mriqc",
    "version": "22.0.0rc1",
    "webapi_port": null,
    "webapi_url": "https://mriqc.nimh.nih.gov/api/v1"
  },
  "size_t": 45,
  "size_x": 64,
  "size_y": 64,
  "size_z": 40,
  "snr": 6.092435925875634,
  "spacing_tr": 3.0,
  "spacing_x": 3.4375,
  "spacing_y": 3.4375,
  "spacing_z": 3.400001049041748,
  "summary_bg_k": 42.63974214036251,
  "summary_bg_mad": 7.907211360723324,
  "summary_bg_mean": 49.61304473876953,
  "summary_bg_median": 18.733333587646484,
  "summary_bg_n": 112459.0,
  "summary_bg_p05": 5.733333587646484,
  "summary_bg_p95": 194.9800048828123,
  "summary_bg_stdv": 91.21836853027344,
  "summary_fg_k": 1.2426551966763482,
  "summary_fg_mad": 257.57734097023905,
  "summary_fg_mean": 1744.5128173828125,
  "summary_fg_median": 1739.95556640625,
  "summary_fg_n": 20219.0,
  "summary_fg_p05": 1269.442236328125,
  "summary_fg_p95": 2203.8200439453117,
  "summary_fg_stdv": 285.585693359375,
  "tsnr": 141.7398395994678
}