{
  "aor": 0.005290222222222222,
  "aqi": 0.0024679291111111114,
  "bids_meta": {
    "CogAtlasID": "trm_4c898f079d05e",
    "CogPOID": "",
    "EchoTime": 0.035,
    "FlipAngle": 90.0,
    "InPlanePhaseEncodingDirection": "COL",
    "MRAcquisitionType": "2D",
    "MagneticFieldStrength": 3.0,
    "Manufacturer": "GE",
    "ManufacturerModelName": "SIGNA HDx",
    "ReceiveCoilName": "8-channel head",
    "RepetitionTime": 3.0,
    "ScanOptions": "EPI.GEMS",
    "ScanningSequence": "EP/GR",
    "SequenceVariant": "SS",
    "SliceAcquisitionDirection": "sequential/ascending (bottom up)",
    "SliceGap": 0,
    "SliceTiming": [
      0.0,
      0.075,
      0.15,
      0.225,
      0.3,
      0.375,
      0.45,
      0.525,
      0.6,
      0.675,
      0.75,
      0.825,
      0.9,
      0.975,
      1.05,
      1.125,
      1.2,
      1.275,
      1.35,
      1.425,
      1.5,
      1.575,
      1.65,
      1.725,
      1.8,
      1.875,
      1.95,
      2.025,
      2.1,
      2.175,
      2.25,
      2.325,
      2.4,
      2.475,
      2.55,
      2.625,
      2.7,
      2.775,
      2.85,
      2.925
    ],
    "SliceTimingCalculationMethod": "slice_number * (RepetitionTime / num_slices)",
    "SoftwareVersion": "14/LX/MR Software release.14.0.M5A.0828.b",
    "TaskDescription": "Finger-to-thumb opposition sequence performed with the untrained hand using the novel, untrained sequence.",
    "TaskInstructions": "See published manuscripts.",
    "TaskName": "Untrained Hand, Untrained Sequence",
    "dataset": "ds000170",
    "modality": "bold",
    "run_id": 2,
    "subject_id": "1719",
    "task_id": "UntrainedHandUntrainedSequence"
  },
  "dummy_trs": 0,
  "dvars_nstd": 15.087607253863633,
  "dvars_std": 1.302579945227273,
  "dvars_vstd": 1.0424302711363636,
  "efc": 0.4236100287950953,
  "fber": 8680.33203125,
  "fd_mean": 0.04755573961630013,
  "fd_num": 1,
  "fd_perc": 2.2222222222222223,
  "fwhm_avg": 2.4303926219832395,
  "fwhm_x": 2.368055272727273,
  "fwhm_y": 2.6168203636363634,
  "fwhm_z": 2.3063022295860818,
  "gcor": 0.0412402,
  "gsr_x": -0.01580958068370819,
  "gsr_y": 0.03401278704404831,
  "provenance": {
    "md5sum": "eab65f8e43ca7c604b4bdd28e84bcfaf",
    "settings": {
      "fd_thres": 0.2,
      "testing": false
    },
    "software": "mriqc",
    "version": "22.0.0rc1",
    "webapi_port": null,
    "webapi_url": "https://mriqc.nimh.nih.gov/api/v1"
  },
  "size_t": 45,
  "size_x": 64,
  "size_y": 64,
  "size_z": 40,
  "snr": 6.047195247459356,
  "spacing_tr": 3.0,
  "spacing_x": 3.4375,
  "spacing_y": 3.4375,
  "spacing_z": 3.400001049041748,
  "summary_bg_k": 43.08388367559054,
  "summary_bg_mad": 7.907212774642982,
  "summary_bg_mean": 50.151309967041016,
  "summary_bg_median": 18.77777862548828,
  "summary_bg_n": 112019.0,
  "summary_bg_p05": 5.6666669845581055,
  "summary_bg_p95": 197.5111083984375,
  "summary_bg_stdv": 92.20207214355469,
  "summary_fg_k": 1.1116580186243477,
  "summary_fg_mad": 258.89524982706985,
  "summary_fg_mean": 1735.075439453125,
  "summary_fg_median": 1728.3333740234375,
  "summary_fg_n": 20530.0,
  "summary_fg_p05": 1259.2000732421875,
  "summary_fg_p95": 2196.5712158203123,
  "summary_fg_stdv": 285.80047607421875,
  "tsnr": 140.28695957711898
}