{
  "aor": 0.006150666666666666,
  "aqi": 0.0019599206666666667,
  "bids_meta": {
    "CogAtlasID": "trm_4c898f079d05e",
    "CogPOID": "",
    "EchoTime": 0.035,
    "FlipAngle": 90.0,
    "InPlanePhaseEncodingDirection": "COL",
    "MRAcquisitionType": "2D",
    "MagneticFieldStrength": 3.0,
    "Manufacturer": "GE",
    "ManufacturerModelName": "SIGNA HDx",
    "ReceiveCoilName": "8-channel head",
    "RepetitionTime": 3.0,
    "ScanOptions": "EPI.GEMS",
    "ScanningSequence": "EP/GR",
    "SequenceVariant": "SS",
    "SliceAcquisitionDirection": "sequential/ascending (bottom up)",
    "SliceGap": 0,
    "SliceTiming": [
      0.0,
      0.075,
      0.15,
      0.225,
      0.3,
      0.375,
      0.45,
      0.525,
      0.6,
      0.675,
      0.75,
      0.825,
      0.9,
      0.975,
      1.05,
      1.125,
      1.2,
      1.275,
      1.35,
      1.425,
      1.5,
      1.575,
      1.65,
      1.725,
      1.8,
      1.875,
      1.95,
      2.025,
      2.1,
      2.175,
      2.25,
      2.325,
      2.4,
      2.475,
      2.55,
      2.625,
      2.7,
      2.775,
      2.85,
      2.925
    ],
    "SliceTimingCalculationMethod": "slice_number * (RepetitionTime / num_slices)",
    "SoftwareVersion": "14/LX/MR Software release.14.0.M5A.0828.b",
    "TaskDescription": "Finger-to-thumb opposition sequence performed with the trained hand using the pre-trained sequence.",
    "TaskInstructions": "See published manuscripts.",
    "TaskName": "Trained Hand, Trained Sequence",
    "dataset": "ds000170",
    "modality": "bold",
    "run_id": 1,
    "subject_id": "1719",
    "task_id": "TrainedHandTrainedSequence"
  },
  "dummy_trs": 0,
  "dvars_nstd": 16.460111119318185,
  "dvars_std": 1.3003539586363635,
  "dvars_vstd": 1.0485721775000008,
  "efc": 0.42231983739823864,
  "fber": 8712.8759765625,
  "fd_mean": 0.07741779673676204,
  "fd_num": 2,
  "fd_perc": 4.444444444444445,
  "fwhm_avg": 2.403126524963474,
  "fwhm_x": 2.3284014545454546,
  "fwhm_y": 2.6019200000000002,
  "fwhm_z": 2.2790581203449665,
  "gcor": 0.0908675,
  "gsr_x": -0.015521159395575523,
  "gsr_y": 0.03117167204618454,
  "provenance": {
    "md5sum": "45190d6ee46e03a55a76d37eca0016fe",
    "settings": {
      "fd_thres": 0.2,
      "testing": false
    },
    "software": "mriqc",
    "version": "22.0.0rc1",
    "webapi_port": null,
    "webapi_url": "https://mriqc.nimh.nih.gov/api/v1"
  },
  "size_t": 45,
  "size_x": 64,
  "size_y": 64,
  "size_z": 40,
  "snr": 6.052329135207755,
  "spacing_tr": 3.0,
  "spacing_x": 3.4375,
  "spacing_y": 3.4375,
  "spacing_z": 3.400001049041748,
  "summary_bg_k": 42.45434454757057,
  "summary_bg_mad": 7.874264204870418,
  "summary_bg_mean": 48.86402130126953,
  "summary_bg_median": 18.688888549804688,
  "summary_bg_n": 112120.0,
  "summary_bg_p05": 5.622222423553467,
  "summary_bg_p95": 190.46778564453098,
  "summary_bg_stdv": 88.4101791381836,
  "summary_fg_k": 1.2042254356882482,
  "summary_fg_mad": 258.8293724823999,
  "summary_fg_mean": 1732.074462890625,
  "summary_fg_median": 1727.04443359375,
  "summary_fg_n": 20463.0,
  "summary_fg_p05": 1256.7667236328125,
  "summary_fg_p95": 2188.0199951171876,
  "summary_fg_stdv": 285.3450622558594,
  "tsnr": 123.37535178055987
}