{
  "aor": 0.003236,
  "aqi": 0.0021441888888888887,
  "bids_meta": {
    "CogAtlasID": "trm_4c898f079d05e",
    "CogPOID": "",
    "EchoTime": 0.035,
    "FlipAngle": 90.0,
    "InPlanePhaseEncodingDirection": "COL",
    "MRAcquisitionType": "2D",
    "MagneticFieldStrength": 3.0,
    "Manufacturer": "GE",
    "ManufacturerModelName": "SIGNA HDx",
    "ReceiveCoilName": "8-channel head",
    "RepetitionTime": 3.0,
    "ScanOptions": "EPI.GEMS",
    "ScanningSequence": "EP/GR",
    "SequenceVariant": "SS",
    "SliceAcquisitionDirection": "sequential/ascending (bottom up)",
    "SliceGap": 0,
    "SliceTiming": [
      0.0,
      0.075,
      0.15,
      0.225,
      0.3,
      0.375,
      0.45,
      0.525,
      0.6,
      0.675,
      0.75,
      0.825,
      0.9,
      0.975,
      1.05,
      1.125,
      1.2,
      1.275,
      1.35,
      1.425,
      1.5,
      1.575,
      1.65,
      1.725,
      1.8,
      1.875,
      1.95,
      2.025,
      2.1,
      2.175,
      2.25,
      2.325,
      2.4,
      2.475,
      2.55,
      2.625,
      2.7,
      2.775,
      2.85,
      2.925
    ],
    "SliceTimingCalculationMethod": "slice_number * (RepetitionTime / num_slices)",
    "SoftwareVersion": "14/LX/MR Software release.14.0.M5A.0828.b",
    "TaskDescription": "Finger-to-thumb opposition sequence performed with the trained hand using the novel, untrained sequence.",
    "TaskInstructions": "See published manuscripts.",
    "TaskName": "Trained Hand, Untrained Sequence",
    "dataset": "ds000170",
    "modality": "bold",
    "run_id": 1,
    "subject_id": "1719",
    "task_id": "TrainedHandUntrainedSequence"
  },
  "dummy_trs": 0,
  "dvars_nstd": 14.362568746590908,
  "dvars_std": 1.278877221590909,
  "dvars_vstd": 1.026099167272727,
  "efc": 0.42373365769466564,
  "fber": 8649.4560546875,
  "fd_mean": 0.044662884260325594,
  "fd_num": 0,
  "fd_perc": 0.0,
  "fwhm_avg": 2.4121416017275643,
  "fwhm_x": 2.353058909090909,
  "fwhm_y": 2.605428363636364,
  "fwhm_z": 2.2779375324554203,
  "gcor": 0.0427124,
  "gsr_x": -0.01569392718374729,
  "gsr_y": 0.03329552710056305,
  "provenance": {
    "md5sum": "30640edaa418e2c7f90f0e79130e075a",
    "settings": {
      "fd_thres": 0.2,
      "testing": false
    },
    "software": "mriqc",
    "version": "22.0.0rc1",
    "webapi_port": null,
    "webapi_url": "https://mriqc.nimh.nih.gov/api/v1"
  },
  "size_t": 45,
  "size_x": 64,
  "size_y": 64,
  "size_z": 40,
  "snr": 6.098385204662245,
  "spacing_tr": 3.0,
  "spacing_x": 3.4375,
  "spacing_y": 3.4375,
  "spacing_z": 3.400001049041748,
  "summary_bg_k": 41.278129203442994,
  "summary_bg_mad": 7.907212774642982,
  "summary_bg_mean": 50.204708099365234,
  "summary_bg_median": 18.80000114440918,
  "summary_bg_n": 112083.0,
  "summary_bg_p05": 5.599999904632568,
  "summary_bg_p95": 199.173335266113,
  "summary_bg_stdv": 91.64408874511719,
  "summary_fg_k": 1.10908722000337,
  "summary_fg_mad": 256.4243064567992,
  "summary_fg_mean": 1732.57861328125,
  "summary_fg_median": 1725.9666748046875,
  "summary_fg_n": 20476.0,
  "summary_fg_p05": 1264.0999755859375,
  "summary_fg_p95": 2190.4279174804688,
  "summary_fg_stdv": 283.01336669921875,
  "tsnr": 138.7176974141039
}