{
  "aor": 0.005063777777777778,
  "aqi": 0.0016759017777777778,
  "bids_meta": {
    "CogAtlasID": "trm_4c898f079d05e",
    "CogPOID": "",
    "EchoTime": 0.035,
    "FlipAngle": 90.0,
    "InPlanePhaseEncodingDirection": "COL",
    "MRAcquisitionType": "2D",
    "MagneticFieldStrength": 3.0,
    "Manufacturer": "GE",
    "ManufacturerModelName": "SIGNA HDx",
    "ReceiveCoilName": "8-channel head",
    "RepetitionTime": 3.0,
    "ScanOptions": "EPI.GEMS",
    "ScanningSequence": "EP/GR",
    "SequenceVariant": "SS",
    "SliceAcquisitionDirection": "sequential/ascending (bottom up)",
    "SliceGap": 0,
    "SliceTiming": [
      0.0,
      0.075,
      0.15,
      0.225,
      0.3,
      0.375,
      0.45,
      0.525,
      0.6,
      0.675,
      0.75,
      0.825,
      0.9,
      0.975,
      1.05,
      1.125,
      1.2,
      1.275,
      1.35,
      1.425,
      1.5,
      1.575,
      1.65,
      1.725,
      1.8,
      1.875,
      1.95,
      2.025,
      2.1,
      2.175,
      2.25,
      2.325,
      2.4,
      2.475,
      2.55,
      2.625,
      2.7,
      2.775,
      2.85,
      2.925
    ],
    "SliceTimingCalculationMethod": "slice_number * (RepetitionTime / num_slices)",
    "SoftwareVersion": "14/LX/MR Software release.14.0.M5A.0828.b",
    "TaskDescription": "Finger-to-thumb opposition sequence performed with the untrained hand using the pre-trained sequence.",
    "TaskInstructions": "See published manuscripts.",
    "TaskName": "Untrained Hand, Trained Sequence",
    "dataset": "ds000170",
    "modality": "bold",
    "run_id": 2,
    "subject_id": "1719",
    "task_id": "UntrainedHandTrainedSequence"
  },
  "dummy_trs": 0,
  "dvars_nstd": 15.495060789999998,
  "dvars_std": 1.3109937759090908,
  "dvars_vstd": 1.046005669318182,
  "efc": 0.41970167771201133,
  "fber": 8851.810546875,
  "fd_mean": 0.06318365466147093,
  "fd_num": 0,
  "fd_perc": 0.0,
  "fwhm_avg": 2.404421455022478,
  "fwhm_x": 2.330926545454546,
  "fwhm_y": 2.599173818181818,
  "fwhm_z": 2.283164001431072,
  "gcor": 0.103153,
  "gsr_x": -0.015018139965832233,
  "gsr_y": 0.029670672491192818,
  "provenance": {
    "md5sum": "65692c1d7c24e23e17685abc78995720",
    "settings": {
      "fd_thres": 0.2,
      "testing": false
    },
    "software": "mriqc",
    "version": "22.0.0rc1",
    "webapi_port": null,
    "webapi_url": "https://mriqc.nimh.nih.gov/api/v1"
  },
  "size_t": 45,
  "size_x": 64,
  "size_y": 64,
  "size_z": 40,
  "snr": 6.095768894723688,
  "spacing_tr": 3.0,
  "spacing_x": 3.4375,
  "spacing_y": 3.4375,
  "spacing_z": 3.400001049041748,
  "summary_bg_k": 42.4206693453432,
  "summary_bg_mad": 7.808372721003919,
  "summary_bg_mean": 48.80830764770508,
  "summary_bg_median": 18.644445419311523,
  "summary_bg_n": 112569.0,
  "summary_bg_p05": 5.733333587646484,
  "summary_bg_p95": 191.51556091308555,
  "summary_bg_stdv": 88.4466781616211,
  "summary_fg_k": 1.1580714182608185,
  "summary_fg_mad": 258.74711629242057,
  "summary_fg_mean": 1739.7613525390625,
  "summary_fg_median": 1735.5555419921875,
  "summary_fg_n": 20182.0,
  "summary_fg_p05": 1262.0255554199218,
  "summary_fg_p95": 2197.6634155273437,
  "summary_fg_stdv": 284.7077331542969,
  "tsnr": 134.6310252919793
}