{
  "aor": 0.0044688888888888886,
  "aqi": 0.0016232437777777774,
  "bids_meta": {
    "CogAtlasID": "trm_4c898f079d05e",
    "CogPOID": "",
    "EchoTime": 0.035,
    "FlipAngle": 90.0,
    "InPlanePhaseEncodingDirection": "COL",
    "MRAcquisitionType": "2D",
    "MagneticFieldStrength": 3.0,
    "Manufacturer": "GE",
    "ManufacturerModelName": "SIGNA HDx",
    "ReceiveCoilName": "8-channel head",
    "RepetitionTime": 3.0,
    "ScanOptions": "EPI.GEMS",
    "ScanningSequence": "EP/GR",
    "SequenceVariant": "SS",
    "SliceAcquisitionDirection": "sequential/ascending (bottom up)",
    "SliceGap": 0,
    "SliceTiming": [
      0.0,
      0.075,
      0.15,
      0.225,
      0.3,
      0.375,
      0.45,
      0.525,
      0.6,
      0.675,
      0.75,
      0.825,
      0.9,
      0.975,
      1.05,
      1.125,
      1.2,
      1.275,
      1.35,
      1.425,
      1.5,
      1.575,
      1.65,
      1.725,
      1.8,
      1.875,
      1.95,
      2.025,
      2.1,
      2.175,
      2.25,
      2.325,
      2.4,
      2.475,
      2.55,
      2.625,
      2.7,
      2.775,
      2.85,
      2.925
    ],
    "SliceTimingCalculationMethod": "slice_number * (RepetitionTime / num_slices)",
    "SoftwareVersion": "14/LX/MR Software release.14.0.M5A.0828.b",
    "TaskDescription": "Finger-to-thumb opposition sequence performed with the trained hand using the pre-trained sequence.",
    "TaskInstructions": "See published manuscripts.",
    "TaskName": "Trained Hand, Trained Sequence",
    "dataset": "ds000170",
    "modality": "bold",
    "run_id": 2,
    "subject_id": "1719",
    "task_id": "TrainedHandTrainedSequence"
  },
  "dummy_trs": 0,
  "dvars_nstd": 16.206649282954544,
  "dvars_std": 1.3277312822727272,
  "dvars_vstd": 1.0359230636363634,
  "efc": 0.41923325931540695,
  "fber": 8784.0234375,
  "fd_mean": 0.05958786494895441,
  "fd_num": 0,
  "fd_perc": 0.0,
  "fwhm_avg": 2.416164860057861,
  "fwhm_x": 2.3410792727272725,
  "fwhm_y": 2.6281483636363636,
  "fwhm_z": 2.2792669438099473,
  "gcor": 0.100776,
  "gsr_x": -0.015303443185985088,
  "gsr_y": 0.029542135074734688,
  "provenance": {
    "md5sum": "a0fc021a3a56a936492fce3a2da7aef6",
    "settings": {
      "fd_thres": 0.2,
      "testing": false
    },
    "software": "mriqc",
    "version": "22.0.0rc1",
    "webapi_port": null,
    "webapi_url": "https://mriqc.nimh.nih.gov/api/v1"
  },
  "size_t": 45,
  "size_x": 64,
  "size_y": 64,
  "size_z": 40,
  "snr": 6.046624386395839,
  "spacing_tr": 3.0,
  "spacing_x": 3.4375,
  "spacing_y": 3.4375,
  "spacing_z": 3.400001049041748,
  "summary_bg_k": 42.37495266996011,
  "summary_bg_mad": 7.874264204870418,
  "summary_bg_mean": 48.59065628051758,
  "summary_bg_median": 18.688888549804688,
  "summary_bg_n": 112644.0,
  "summary_bg_p05": 5.844444751739502,
  "summary_bg_p95": 188.94889907836875,
  "summary_bg_stdv": 88.14715576171875,
  "summary_fg_k": 1.1643490414138915,
  "summary_fg_mad": 258.9283694811209,
  "summary_fg_mean": 1734.0361328125,
  "summary_fg_median": 1729.5333251953125,
  "summary_fg_n": 20107.0,
  "summary_fg_p05": 1255.0800537109376,
  "summary_fg_p95": 2194.904467773438,
  "summary_fg_stdv": 286.0257568359375,
  "tsnr": 133.67365400493145
}