{
  "aor": 0.003708222222222222,
  "aqi": 0.001809967111111111,
  "bids_meta": {
    "CogAtlasID": "trm_4c898f079d05e",
    "CogPOID": "",
    "EchoTime": 0.035,
    "FlipAngle": 90.0,
    "InPlanePhaseEncodingDirection": "COL",
    "MRAcquisitionType": "2D",
    "MagneticFieldStrength": 3.0,
    "Manufacturer": "GE",
    "ManufacturerModelName": "SIGNA HDx",
    "ReceiveCoilName": "8-channel head",
    "RepetitionTime": 3.0,
    "ScanOptions": "EPI.GEMS",
    "ScanningSequence": "EP/GR",
    "SequenceVariant": "SS",
    "SliceAcquisitionDirection": "sequential/ascending (bottom up)",
    "SliceGap": 0,
    "SliceTiming": [
      0.0,
      0.075,
      0.15,
      0.225,
      0.3,
      0.375,
      0.45,
      0.525,
      0.6,
      0.675,
      0.75,
      0.825,
      0.9,
      0.975,
      1.05,
      1.125,
      1.2,
      1.275,
      1.35,
      1.425,
      1.5,
      1.575,
      1.65,
      1.725,
      1.8,
      1.875,
      1.95,
      2.025,
      2.1,
      2.175,
      2.25,
      2.325,
      2.4,
      2.475,
      2.55,
      2.625,
      2.7,
      2.775,
      2.85,
      2.925
    ],
    "SliceTimingCalculationMethod": "slice_number * (RepetitionTime / num_slices)",
    "SoftwareVersion": "14/LX/MR Software release.14.0.M5A.0828.b",
    "TaskDescription": "Finger-to-thumb opposition sequence performed with the trained hand using the novel, untrained sequence.",
    "TaskInstructions": "See published manuscripts.",
    "TaskName": "Trained Hand, Untrained Sequence",
    "dataset": "ds000170",
    "modality": "bold",
    "run_id": 2,
    "subject_id": "1719",
    "task_id": "TrainedHandUntrainedSequence"
  },
  "dummy_trs": 0,
  "dvars_nstd": 15.225436318636362,
  "dvars_std": 1.3326537824999998,
  "dvars_vstd": 1.0345746711363633,
  "efc": 0.42349534176635945,
  "fber": 8650.5986328125,
  "fd_mean": 0.039737986061262026,
  "fd_num": 0,
  "fd_perc": 0.0,
  "fwhm_avg": 2.414814217958534,
  "fwhm_x": 2.3625745454545455,
  "fwhm_y": 2.5988276363636365,
  "fwhm_z": 2.2830404720574213,
  "gcor": 0.0220509,
  "gsr_x": -0.015551773831248283,
  "gsr_y": 0.031840454787015915,
  "provenance": {
    "md5sum": "8cefb012cf26c9bfb8273111bc508a61",
    "settings": {
      "fd_thres": 0.2,
      "testing": false
    },
    "software": "mriqc",
    "version": "22.0.0rc1",
    "webapi_port": null,
    "webapi_url": "https://mriqc.nimh.nih.gov/api/v1"
  },
  "size_t": 45,
  "size_x": 64,
  "size_y": 64,
  "size_z": 40,
  "snr": 6.056472445962392,
  "spacing_tr": 3.0,
  "spacing_x": 3.4375,
  "spacing_y": 3.4375,
  "spacing_z": 3.400001049041748,
  "summary_bg_k": 40.146821932536696,
  "summary_bg_mad": 7.8742656187900755,
  "summary_bg_mean": 49.799339294433594,
  "summary_bg_median": 18.755556106567383,
  "summary_bg_n": 112011.0,
  "summary_bg_p05": 5.644444465637207,
  "summary_bg_p95": 196.94445037841797,
  "summary_bg_stdv": 89.98766326904297,
  "summary_fg_k": 1.1313188704839447,
  "summary_fg_mad": 256.39136778446425,
  "summary_fg_mean": 1732.996826171875,
  "summary_fg_median": 1725.666748046875,
  "summary_fg_n": 20485.0,
  "summary_fg_p05": 1259.1733154296876,
  "summary_fg_p95": 2196.715625,
  "summary_fg_stdv": 284.9223937988281,
  "tsnr": 148.01646741991863
}