{
  "aor": 0.005672222222222223,
  "aqi": 0.002263310222222222,
  "bids_meta": {
    "CogAtlasID": "trm_4c898f079d05e",
    "CogPOID": "",
    "EchoTime": 0.035,
    "FlipAngle": 90.0,
    "InPlanePhaseEncodingDirection": "COL",
    "MRAcquisitionType": "2D",
    "MagneticFieldStrength": 3.0,
    "Manufacturer": "GE",
    "ManufacturerModelName": "SIGNA HDx",
    "ReceiveCoilName": "8-channel head",
    "RepetitionTime": 3.0,
    "ScanOptions": "EPI.GEMS",
    "ScanningSequence": "EP/GR",
    "SequenceVariant": "SS",
    "SliceAcquisitionDirection": "sequential/ascending (bottom up)",
    "SliceGap": 0,
    "SliceTiming": [
      0.0,
      0.075,
      0.15,
      0.225,
      0.3,
      0.375,
      0.45,
      0.525,
      0.6,
      0.675,
      0.75,
      0.825,
      0.9,
      0.975,
      1.05,
      1.125,
      1.2,
      1.275,
      1.35,
      1.425,
      1.5,
      1.575,
      1.65,
      1.725,
      1.8,
      1.875,
      1.95,
      2.025,
      2.1,
      2.175,
      2.25,
      2.325,
      2.4,
      2.475,
      2.55,
      2.625,
      2.7,
      2.775,
      2.85,
      2.925
    ],
    "SliceTimingCalculationMethod": "slice_number * (RepetitionTime / num_slices)",
    "SoftwareVersion": "14/LX/MR Software release.14.0.M5A.0828.b",
    "TaskDescription": "Finger-to-thumb opposition sequence performed with the trained hand using the pre-trained sequence.",
    "TaskInstructions": "See published manuscripts.",
    "TaskName": "Trained Hand, Trained Sequence",
    "dataset": "ds000170",
    "modality": "bold",
    "run_id": 3,
    "subject_id": "1718",
    "task_id": "TrainedHandTrainedSequence"
  },
  "dummy_trs": 0,
  "dvars_nstd": 19.617689696363637,
  "dvars_std": 1.3387130006818178,
  "dvars_vstd": 1.038516670454545,
  "efc": 0.48420557097392214,
  "fber": 4863.35693359375,
  "fd_mean": 0.05826901941092701,
  "fd_num": 2,
  "fd_perc": 4.444444444444445,
  "fwhm_avg": 2.3217218328965883,
  "fwhm_x": 2.232573090909091,
  "fwhm_y": 2.5666734545454544,
  "fwhm_z": 2.165918953235219,
  "gcor": 0.0637525,
  "gsr_x": -0.0073717376217246056,
  "gsr_y": 0.02972671017050743,
  "provenance": {
    "md5sum": "6165b11abeadfe59e690d3e2e012ce50",
    "settings": {
      "fd_thres": 0.2,
      "testing": false
    },
    "software": "mriqc",
    "version": "22.0.0rc1",
    "webapi_port": null,
    "webapi_url": "https://mriqc.nimh.nih.gov/api/v1"
  },
  "size_t": 45,
  "size_x": 64,
  "size_y": 64,
  "size_z": 40,
  "snr": 5.046188122066814,
  "spacing_tr": 3.0,
  "spacing_x": 3.4375,
  "spacing_y": 3.4375,
  "spacing_z": 3.3999979496002197,
  "summary_bg_k": 29.494453033538477,
  "summary_bg_mad": 13.343421380470074,
  "summary_bg_mean": 65.80561828613281,
  "summary_bg_median": 23.822223663330078,
  "summary_bg_n": 103145.0,
  "summary_bg_p05": 4.733333587646484,
  "summary_bg_p95": 262.57334594726535,
  "summary_bg_stdv": 112.97962188720703,
  "summary_fg_k": 0.6614722791600127,
  "summary_fg_mad": 298.49730698636654,
  "summary_fg_mean": 1628.9337158203125,
  "summary_fg_median": 1617.4222412109375,
  "summary_fg_n": 27581.0,
  "summary_fg_p05": 1117.888916015625,
  "summary_fg_p95": 2171.3779296875,
  "summary_fg_stdv": 320.51776123046875,
  "tsnr": 103.23230861220509
}