{
  "aor": 0.00660088888888889,
  "aqi": 0.002064407111111111,
  "bids_meta": {
    "CogAtlasID": "trm_4c898f079d05e",
    "CogPOID": "",
    "EchoTime": 0.035,
    "FlipAngle": 90.0,
    "InPlanePhaseEncodingDirection": "COL",
    "MRAcquisitionType": "2D",
    "MagneticFieldStrength": 3.0,
    "Manufacturer": "GE",
    "ManufacturerModelName": "SIGNA HDx",
    "ReceiveCoilName": "8-channel head",
    "RepetitionTime": 3.0,
    "ScanOptions": "EPI.GEMS",
    "ScanningSequence": "EP/GR",
    "SequenceVariant": "SS",
    "SliceAcquisitionDirection": "sequential/ascending (bottom up)",
    "SliceGap": 0,
    "SliceTiming": [
      0.0,
      0.075,
      0.15,
      0.225,
      0.3,
      0.375,
      0.45,
      0.525,
      0.6,
      0.675,
      0.75,
      0.825,
      0.9,
      0.975,
      1.05,
      1.125,
      1.2,
      1.275,
      1.35,
      1.425,
      1.5,
      1.575,
      1.65,
      1.725,
      1.8,
      1.875,
      1.95,
      2.025,
      2.1,
      2.175,
      2.25,
      2.325,
      2.4,
      2.475,
      2.55,
      2.625,
      2.7,
      2.775,
      2.85,
      2.925
    ],
    "SliceTimingCalculationMethod": "slice_number * (RepetitionTime / num_slices)",
    "SoftwareVersion": "14/LX/MR Software release.14.0.M5A.0828.b",
    "TaskDescription": "Finger-to-thumb opposition sequence performed with the trained hand using the novel, untrained sequence.",
    "TaskInstructions": "See published manuscripts.",
    "TaskName": "Trained Hand, Untrained Sequence",
    "dataset": "ds000170",
    "modality": "bold",
    "run_id": 1,
    "subject_id": "1718",
    "task_id": "TrainedHandUntrainedSequence"
  },
  "dummy_trs": 0,
  "dvars_nstd": 19.68419937659091,
  "dvars_std": 1.3542256706818185,
  "dvars_vstd": 1.0645523859090906,
  "efc": 0.48159786021541146,
  "fber": 4891.60693359375,
  "fd_mean": 0.06591433091066252,
  "fd_num": 2,
  "fd_perc": 4.444444444444445,
  "fwhm_avg": 2.311061614015323,
  "fwhm_x": 2.2325061818181817,
  "fwhm_y": 2.5417861818181815,
  "fwhm_z": 2.158892478409607,
  "gcor": 0.0629215,
  "gsr_x": -0.007205486297607422,
  "gsr_y": 0.02916489727795124,
  "provenance": {
    "md5sum": "a4afcbc72edc796badfb31046245b9d5",
    "settings": {
      "fd_thres": 0.2,
      "testing": false
    },
    "software": "mriqc",
    "version": "22.0.0rc1",
    "webapi_port": null,
    "webapi_url": "https://mriqc.nimh.nih.gov/api/v1"
  },
  "size_t": 45,
  "size_x": 64,
  "size_y": 64,
  "size_z": 40,
  "snr": 5.049275538907754,
  "spacing_tr": 3.0,
  "spacing_x": 3.4375,
  "spacing_y": 3.4375,
  "spacing_z": 3.3999979496002197,
  "summary_bg_k": 31.218472188748926,
  "summary_bg_mad": 13.145739859272291,
  "summary_bg_mean": 64.93656921386719,
  "summary_bg_median": 23.755556106567383,
  "summary_bg_n": 103534.0,
  "summary_bg_p05": 4.681111311912549,
  "summary_bg_p95": 258.4600097656246,
  "summary_bg_stdv": 110.94358825683594,
  "summary_fg_k": 0.7437821161619849,
  "summary_fg_mad": 295.6803265748627,
  "summary_fg_mean": 1625.2200927734375,
  "summary_fg_median": 1613.666748046875,
  "summary_fg_n": 27200.0,
  "summary_fg_p05": 1119.5277709960938,
  "summary_fg_p95": 2167.6822998046873,
  "summary_fg_stdv": 319.57794189453125,
  "tsnr": 110.41458544135094
}