{
  "aor": 0.0041104444444444435,
  "aqi": 0.00187776,
  "bids_meta": {
    "CogAtlasID": "trm_4c898f079d05e",
    "CogPOID": "",
    "EchoTime": 0.035,
    "FlipAngle": 90.0,
    "InPlanePhaseEncodingDirection": "COL",
    "MRAcquisitionType": "2D",
    "MagneticFieldStrength": 3.0,
    "Manufacturer": "GE",
    "ManufacturerModelName": "SIGNA HDx",
    "ReceiveCoilName": "8-channel head",
    "RepetitionTime": 3.0,
    "ScanOptions": "EPI.GEMS",
    "ScanningSequence": "EP/GR",
    "SequenceVariant": "SS",
    "SliceAcquisitionDirection": "sequential/ascending (bottom up)",
    "SliceGap": 0,
    "SliceTiming": [
      0.0,
      0.075,
      0.15,
      0.225,
      0.3,
      0.375,
      0.45,
      0.525,
      0.6,
      0.675,
      0.75,
      0.825,
      0.9,
      0.975,
      1.05,
      1.125,
      1.2,
      1.275,
      1.35,
      1.425,
      1.5,
      1.575,
      1.65,
      1.725,
      1.8,
      1.875,
      1.95,
      2.025,
      2.1,
      2.175,
      2.25,
      2.325,
      2.4,
      2.475,
      2.55,
      2.625,
      2.7,
      2.775,
      2.85,
      2.925
    ],
    "SliceTimingCalculationMethod": "slice_number * (RepetitionTime / num_slices)",
    "SoftwareVersion": "14/LX/MR Software release.14.0.M5A.0828.b",
    "TaskDescription": "Finger-to-thumb opposition sequence performed with the trained hand using the novel, untrained sequence.",
    "TaskInstructions": "See published manuscripts.",
    "TaskName": "Trained Hand, Untrained Sequence",
    "dataset": "ds000170",
    "modality": "bold",
    "run_id": 2,
    "subject_id": "1718",
    "task_id": "TrainedHandUntrainedSequence"
  },
  "dummy_trs": 0,
  "dvars_nstd": 18.42206892045455,
  "dvars_std": 1.326499139318182,
  "dvars_vstd": 1.0352602543181817,
  "efc": 0.48428238063968526,
  "fber": 4826.099609375,
  "fd_mean": 0.06255057081267829,
  "fd_num": 0,
  "fd_perc": 0.0,
  "fwhm_avg": 2.305945907365508,
  "fwhm_x": 2.217282909090909,
  "fwhm_y": 2.554347636363637,
  "fwhm_z": 2.1462071766419775,
  "gcor": 0.0574673,
  "gsr_x": -0.007470344193279743,
  "gsr_y": 0.030218185856938362,
  "provenance": {
    "md5sum": "741b9d013910f4ab35e7688896f9ce51",
    "settings": {
      "fd_thres": 0.2,
      "testing": false
    },
    "software": "mriqc",
    "version": "22.0.0rc1",
    "webapi_port": null,
    "webapi_url": "https://mriqc.nimh.nih.gov/api/v1"
  },
  "size_t": 45,
  "size_x": 64,
  "size_y": 64,
  "size_z": 40,
  "snr": 5.094442416317773,
  "spacing_tr": 3.0,
  "spacing_x": 3.4375,
  "spacing_y": 3.4375,
  "spacing_z": 3.3999979496002197,
  "summary_bg_k": 29.569920975033632,
  "summary_bg_mad": 13.244578498991697,
  "summary_bg_mean": 65.42723083496094,
  "summary_bg_median": 23.80000114440918,
  "summary_bg_n": 103141.0,
  "summary_bg_p05": 4.599999904632568,
  "summary_bg_p95": 260.022216796875,
  "summary_bg_stdv": 111.29241943359375,
  "summary_fg_k": 0.6474100553886348,
  "summary_fg_mad": 293.209292713734,
  "summary_fg_mean": 1622.7623291015625,
  "summary_fg_median": 1609.64453125,
  "summary_fg_n": 27498.0,
  "summary_fg_p05": 1121.9800048828124,
  "summary_fg_p95": 2157.9877807617186,
  "summary_fg_stdv": 315.95513916015625,
  "tsnr": 115.07844081521034
}