{
  "aor": 0.004938000000000001,
  "aqi": 0.0020034162222222224,
  "bids_meta": {
    "CogAtlasID": "trm_4c898f079d05e",
    "CogPOID": "",
    "EchoTime": 0.035,
    "FlipAngle": 90.0,
    "InPlanePhaseEncodingDirection": "COL",
    "MRAcquisitionType": "2D",
    "MagneticFieldStrength": 3.0,
    "Manufacturer": "GE",
    "ManufacturerModelName": "SIGNA HDx",
    "ReceiveCoilName": "8-channel head",
    "RepetitionTime": 3.0,
    "ScanOptions": "EPI.GEMS",
    "ScanningSequence": "EP/GR",
    "SequenceVariant": "SS",
    "SliceAcquisitionDirection": "sequential/ascending (bottom up)",
    "SliceGap": 0,
    "SliceTiming": [
      0.0,
      0.075,
      0.15,
      0.225,
      0.3,
      0.375,
      0.45,
      0.525,
      0.6,
      0.675,
      0.75,
      0.825,
      0.9,
      0.975,
      1.05,
      1.125,
      1.2,
      1.275,
      1.35,
      1.425,
      1.5,
      1.575,
      1.65,
      1.725,
      1.8,
      1.875,
      1.95,
      2.025,
      2.1,
      2.175,
      2.25,
      2.325,
      2.4,
      2.475,
      2.55,
      2.625,
      2.7,
      2.775,
      2.85,
      2.925
    ],
    "SliceTimingCalculationMethod": "slice_number * (RepetitionTime / num_slices)",
    "SoftwareVersion": "14/LX/MR Software release.14.0.M5A.0828.b",
    "TaskDescription": "Finger-to-thumb opposition sequence performed with the untrained hand using the novel, untrained sequence.",
    "TaskInstructions": "See published manuscripts.",
    "TaskName": "Untrained Hand, Untrained Sequence",
    "dataset": "ds000170",
    "modality": "bold",
    "run_id": 1,
    "subject_id": "1718",
    "task_id": "UntrainedHandUntrainedSequence"
  },
  "dummy_trs": 0,
  "dvars_nstd": 19.201593767045452,
  "dvars_std": 1.3580142318181818,
  "dvars_vstd": 1.0439789970454545,
  "efc": 0.48407184479324106,
  "fber": 4888.3173828125,
  "fd_mean": 0.04897059082326021,
  "fd_num": 0,
  "fd_perc": 0.0,
  "fwhm_avg": 2.317149906701633,
  "fwhm_x": 2.2262545454545455,
  "fwhm_y": 2.5645556363636364,
  "fwhm_z": 2.160639538286716,
  "gcor": 0.0561581,
  "gsr_x": -0.007486668881028891,
  "gsr_y": 0.029958320781588554,
  "provenance": {
    "md5sum": "60ce93bdd78313521c30220c2f25892a",
    "settings": {
      "fd_thres": 0.2,
      "testing": false
    },
    "software": "mriqc",
    "version": "22.0.0rc1",
    "webapi_port": null,
    "webapi_url": "https://mriqc.nimh.nih.gov/api/v1"
  },
  "size_t": 45,
  "size_x": 64,
  "size_y": 64,
  "size_z": 40,
  "snr": 5.067605939012904,
  "spacing_tr": 3.0,
  "spacing_x": 3.4375,
  "spacing_y": 3.4375,
  "spacing_z": 3.3999979496002197,
  "summary_bg_k": 31.1718902238079,
  "summary_bg_mad": 13.096319125492931,
  "summary_bg_mean": 65.53791046142578,
  "summary_bg_median": 23.74444580078125,
  "summary_bg_n": 103140.0,
  "summary_bg_p05": 4.644444465637207,
  "summary_bg_p95": 259.4500137329089,
  "summary_bg_stdv": 112.57634735107422,
  "summary_fg_k": 0.6630076968809386,
  "summary_fg_mad": 295.861489272705,
  "summary_fg_mean": 1628.887939453125,
  "summary_fg_median": 1616.2000732421875,
  "summary_fg_n": 27509.0,
  "summary_fg_p05": 1123.986669921875,
  "summary_fg_p95": 2168.657861328125,
  "summary_fg_stdv": 318.92193603515625,
  "tsnr": 114.99139608349651
}