{
  "aor": 0.006410222222222223,
  "aqi": 0.0018928757777777784,
  "bids_meta": {
    "CogAtlasID": "trm_4c898f079d05e",
    "CogPOID": "",
    "EchoTime": 0.035,
    "FlipAngle": 90.0,
    "InPlanePhaseEncodingDirection": "COL",
    "MRAcquisitionType": "2D",
    "MagneticFieldStrength": 3.0,
    "Manufacturer": "GE",
    "ManufacturerModelName": "SIGNA HDx",
    "ReceiveCoilName": "8-channel head",
    "RepetitionTime": 3.0,
    "ScanOptions": "EPI.GEMS",
    "ScanningSequence": "EP/GR",
    "SequenceVariant": "SS",
    "SliceAcquisitionDirection": "sequential/ascending (bottom up)",
    "SliceGap": 0,
    "SliceTiming": [
      0.0,
      0.075,
      0.15,
      0.225,
      0.3,
      0.375,
      0.45,
      0.525,
      0.6,
      0.675,
      0.75,
      0.825,
      0.9,
      0.975,
      1.05,
      1.125,
      1.2,
      1.275,
      1.35,
      1.425,
      1.5,
      1.575,
      1.65,
      1.725,
      1.8,
      1.875,
      1.95,
      2.025,
      2.1,
      2.175,
      2.25,
      2.325,
      2.4,
      2.475,
      2.55,
      2.625,
      2.7,
      2.775,
      2.85,
      2.925
    ],
    "SliceTimingCalculationMethod": "slice_number * (RepetitionTime / num_slices)",
    "SoftwareVersion": "14/LX/MR Software release.14.0.M5A.0828.b",
    "TaskDescription": "Finger-to-thumb opposition sequence performed with the trained hand using the pre-trained sequence.",
    "TaskInstructions": "See published manuscripts.",
    "TaskName": "Trained Hand, Trained Sequence",
    "dataset": "ds000170",
    "modality": "bold",
    "run_id": 1,
    "subject_id": "1718",
    "task_id": "TrainedHandTrainedSequence"
  },
  "dummy_trs": 0,
  "dvars_nstd": 20.259428935,
  "dvars_std": 1.3822250552272726,
  "dvars_vstd": 1.060085625,
  "efc": 0.48398167255645574,
  "fber": 4970.7373046875,
  "fd_mean": 0.04151975847459551,
  "fd_num": 0,
  "fd_perc": 0.0,
  "fwhm_avg": 2.3297922124859056,
  "fwhm_x": 2.238978909090909,
  "fwhm_y": 2.576058181818182,
  "fwhm_z": 2.174339546548626,
  "gcor": 0.0441411,
  "gsr_x": -0.007453405763953924,
  "gsr_y": 0.030169766396284103,
  "provenance": {
    "md5sum": "8e6e4accbf2c9b9d5e5fd24bab378e65",
    "settings": {
      "fd_thres": 0.2,
      "testing": false
    },
    "software": "mriqc",
    "version": "22.0.0rc1",
    "webapi_port": null,
    "webapi_url": "https://mriqc.nimh.nih.gov/api/v1"
  },
  "size_t": 45,
  "size_x": 64,
  "size_y": 64,
  "size_z": 40,
  "snr": 5.025874677928913,
  "spacing_tr": 3.0,
  "spacing_x": 3.4375,
  "spacing_y": 3.4375,
  "spacing_z": 3.3999979496002197,
  "summary_bg_k": 30.467619049850924,
  "summary_bg_mad": 12.981005493927414,
  "summary_bg_mean": 65.44438934326172,
  "summary_bg_median": 23.55555534362793,
  "summary_bg_n": 103058.0,
  "summary_bg_p05": 4.599999904632568,
  "summary_bg_p95": 259.9111022949219,
  "summary_bg_stdv": 112.84538269042969,
  "summary_fg_k": 0.6978358552548811,
  "summary_fg_mad": 298.6455310118739,
  "summary_fg_mean": 1632.5693359375,
  "summary_fg_median": 1620.5,
  "summary_fg_n": 27606.0,
  "summary_fg_p05": 1119.4833679199219,
  "summary_fg_p95": 2178.444580078125,
  "summary_fg_stdv": 322.42559814453125,
  "tsnr": 119.63253365363926
}