{
  "aor": 0.004856666666666667,
  "aqi": 0.0023539306666666665,
  "bids_meta": {
    "CogAtlasID": "trm_4c898f079d05e",
    "CogPOID": "",
    "EchoTime": 0.035,
    "FlipAngle": 90.0,
    "InPlanePhaseEncodingDirection": "COL",
    "MRAcquisitionType": "2D",
    "MagneticFieldStrength": 3.0,
    "Manufacturer": "GE",
    "ManufacturerModelName": "SIGNA HDx",
    "ReceiveCoilName": "8-channel head",
    "RepetitionTime": 3.0,
    "ScanOptions": "EPI.GEMS",
    "ScanningSequence": "EP/GR",
    "SequenceVariant": "SS",
    "SliceAcquisitionDirection": "sequential/ascending (bottom up)",
    "SliceGap": 0,
    "SliceTiming": [
      0.0,
      0.075,
      0.15,
      0.225,
      0.3,
      0.375,
      0.45,
      0.525,
      0.6,
      0.675,
      0.75,
      0.825,
      0.9,
      0.975,
      1.05,
      1.125,
      1.2,
      1.275,
      1.35,
      1.425,
      1.5,
      1.575,
      1.65,
      1.725,
      1.8,
      1.875,
      1.95,
      2.025,
      2.1,
      2.175,
      2.25,
      2.325,
      2.4,
      2.475,
      2.55,
      2.625,
      2.7,
      2.775,
      2.85,
      2.925
    ],
    "SliceTimingCalculationMethod": "slice_number * (RepetitionTime / num_slices)",
    "SoftwareVersion": "14/LX/MR Software release.14.0.M5A.0828.b",
    "TaskDescription": "Finger-to-thumb opposition sequence performed with the untrained hand using the novel, untrained sequence.",
    "TaskInstructions": "See published manuscripts.",
    "TaskName": "Untrained Hand, Untrained Sequence",
    "dataset": "ds000170",
    "modality": "bold",
    "run_id": 3,
    "subject_id": "1718",
    "task_id": "UntrainedHandUntrainedSequence"
  },
  "dummy_trs": 0,
  "dvars_nstd": 18.640939647272727,
  "dvars_std": 1.2738981325000003,
  "dvars_vstd": 1.0427610102272729,
  "efc": 0.47947195554214206,
  "fber": 4828.62158203125,
  "fd_mean": 0.09514307431225992,
  "fd_num": 3,
  "fd_perc": 6.666666666666667,
  "fwhm_avg": 2.290067689821024,
  "fwhm_x": 2.2026938181818183,
  "fwhm_y": 2.521678545454545,
  "fwhm_z": 2.1458307058267083,
  "gcor": 0.0980572,
  "gsr_x": -0.006680502090603113,
  "gsr_y": 0.027188390493392944,
  "provenance": {
    "md5sum": "70ae657e02f82f3a9de349c240a72ff6",
    "settings": {
      "fd_thres": 0.2,
      "testing": false
    },
    "software": "mriqc",
    "version": "22.0.0rc1",
    "webapi_port": null,
    "webapi_url": "https://mriqc.nimh.nih.gov/api/v1"
  },
  "size_t": 45,
  "size_x": 64,
  "size_y": 64,
  "size_z": 40,
  "snr": 5.046967544552166,
  "spacing_tr": 3.0,
  "spacing_x": 3.4375,
  "spacing_y": 3.4375,
  "spacing_z": 3.3999979496002197,
  "summary_bg_k": 31.479115921130102,
  "summary_bg_mad": 13.277525654844604,
  "summary_bg_mean": 65.19548034667969,
  "summary_bg_median": 23.866666793823242,
  "summary_bg_n": 104047.0,
  "summary_bg_p05": 4.911111354827881,
  "summary_bg_p95": 257.83112182617174,
  "summary_bg_stdv": 112.24893188476562,
  "summary_fg_k": 0.7821647367951741,
  "summary_fg_mad": 296.55338237345535,
  "summary_fg_mean": 1626.30615234375,
  "summary_fg_median": 1614.7333984375,
  "summary_fg_n": 26774.0,
  "summary_fg_p05": 1119.3700317382813,
  "summary_fg_p95": 2162.3712646484373,
  "summary_fg_stdv": 319.9353332519531,
  "tsnr": 100.89814054802991
}