{
  "aor": 0.0054006818181818175,
  "aqi": 0.0018553484090909093,
  "bids_meta": {
    "CogAtlasID": "trm_4c898f079d05e",
    "CogPOID": "",
    "EchoTime": 0.035,
    "FlipAngle": 90.0,
    "InPlanePhaseEncodingDirection": "COL",
    "MRAcquisitionType": "2D",
    "MagneticFieldStrength": 3.0,
    "Manufacturer": "GE",
    "ManufacturerModelName": "SIGNA HDx",
    "ReceiveCoilName": "8-channel head",
    "RepetitionTime": 3.0,
    "ScanOptions": "EPI.GEMS",
    "ScanningSequence": "EP/GR",
    "SequenceVariant": "SS",
    "SliceAcquisitionDirection": "sequential/ascending (bottom up)",
    "SliceGap": 0,
    "SliceTiming": [
      0.0,
      0.075,
      0.15,
      0.225,
      0.3,
      0.375,
      0.45,
      0.525,
      0.6,
      0.675,
      0.75,
      0.825,
      0.9,
      0.975,
      1.05,
      1.125,
      1.2,
      1.275,
      1.35,
      1.425,
      1.5,
      1.575,
      1.65,
      1.725,
      1.8,
      1.875,
      1.95,
      2.025,
      2.1,
      2.175,
      2.25,
      2.325,
      2.4,
      2.475,
      2.55,
      2.625,
      2.7,
      2.775,
      2.85,
      2.925
    ],
    "SliceTimingCalculationMethod": "slice_number * (RepetitionTime / num_slices)",
    "SoftwareVersion": "14/LX/MR Software release.14.0.M5A.0828.b",
    "TaskDescription": "Finger-to-thumb opposition sequence performed with the untrained hand using the pre-trained sequence.",
    "TaskInstructions": "See published manuscripts.",
    "TaskName": "Untrained Hand, Trained Sequence",
    "dataset": "ds000170",
    "modality": "bold",
    "run_id": 2,
    "subject_id": "1718",
    "task_id": "UntrainedHandTrainedSequence"
  },
  "dummy_trs": 1,
  "dvars_nstd": 18.764329288372092,
  "dvars_std": 1.338807011860465,
  "dvars_vstd": 1.0154229274418602,
  "efc": 0.48367197236716236,
  "fber": 4951.1572265625,
  "fd_mean": 0.03826581628238058,
  "fd_num": 0,
  "fd_perc": 0.0,
  "fwhm_avg": 2.326937107191815,
  "fwhm_x": 2.2266647272727274,
  "fwhm_y": 2.5804276363636363,
  "fwhm_z": 2.1737189579390805,
  "gcor": 0.0368317,
  "gsr_x": -0.0074858712032437325,
  "gsr_y": 0.030000906437635422,
  "provenance": {
    "md5sum": "02a73dcc170a86f8e98dd8ba9663e0ba",
    "settings": {
      "fd_thres": 0.2,
      "testing": false
    },
    "software": "mriqc",
    "version": "22.0.0rc1",
    "webapi_port": null,
    "webapi_url": "https://mriqc.nimh.nih.gov/api/v1"
  },
  "size_t": 44,
  "size_x": 64,
  "size_y": 64,
  "size_z": 40,
  "snr": 5.04313194482878,
  "spacing_tr": 3.0,
  "spacing_x": 3.4375,
  "spacing_y": 3.4375,
  "spacing_z": 3.3999979496002197,
  "summary_bg_k": 31.362334512319194,
  "summary_bg_mad": 13.141246422601597,
  "summary_bg_mean": 65.68254852294922,
  "summary_bg_median": 23.75,
  "summary_bg_n": 103131.0,
  "summary_bg_p05": 4.68181848526001,
  "summary_bg_p95": 260.5227355957031,
  "summary_bg_stdv": 113.42721557617188,
  "summary_fg_k": 0.6395297278389864,
  "summary_fg_mad": 299.1992445723619,
  "summary_fg_mean": 1638.7030029296875,
  "summary_fg_median": 1625.8182373046875,
  "summary_fg_n": 27560.0,
  "summary_fg_p05": 1124.931884765625,
  "summary_fg_p95": 2186.977294921875,
  "summary_fg_stdv": 322.3768005371094,
  "tsnr": 119.39422048372217
}