{
  "aor": 0.005444222222222223,
  "aqi": 0.0020716584444444444,
  "bids_meta": {
    "CogAtlasID": "trm_4c898f079d05e",
    "CogPOID": "",
    "EchoTime": 0.035,
    "FlipAngle": 90.0,
    "InPlanePhaseEncodingDirection": "COL",
    "MRAcquisitionType": "2D",
    "MagneticFieldStrength": 3.0,
    "Manufacturer": "GE",
    "ManufacturerModelName": "SIGNA HDx",
    "ReceiveCoilName": "8-channel head",
    "RepetitionTime": 3.0,
    "ScanOptions": "EPI.GEMS",
    "ScanningSequence": "EP/GR",
    "SequenceVariant": "SS",
    "SliceAcquisitionDirection": "sequential/ascending (bottom up)",
    "SliceGap": 0,
    "SliceTiming": [
      0.0,
      0.075,
      0.15,
      0.225,
      0.3,
      0.375,
      0.45,
      0.525,
      0.6,
      0.675,
      0.75,
      0.825,
      0.9,
      0.975,
      1.05,
      1.125,
      1.2,
      1.275,
      1.35,
      1.425,
      1.5,
      1.575,
      1.65,
      1.725,
      1.8,
      1.875,
      1.95,
      2.025,
      2.1,
      2.175,
      2.25,
      2.325,
      2.4,
      2.475,
      2.55,
      2.625,
      2.7,
      2.775,
      2.85,
      2.925
    ],
    "SliceTimingCalculationMethod": "slice_number * (RepetitionTime / num_slices)",
    "SoftwareVersion": "14/LX/MR Software release.14.0.M5A.0828.b",
    "TaskDescription": "Finger-to-thumb opposition sequence performed with the untrained hand using the novel, untrained sequence.",
    "TaskInstructions": "See published manuscripts.",
    "TaskName": "Untrained Hand, Untrained Sequence",
    "dataset": "ds000170",
    "modality": "bold",
    "run_id": 2,
    "subject_id": "1718",
    "task_id": "UntrainedHandUntrainedSequence"
  },
  "dummy_trs": 0,
  "dvars_nstd": 19.456172423181815,
  "dvars_std": 1.3310613254545454,
  "dvars_vstd": 1.0494722993181818,
  "efc": 0.4808891415989393,
  "fber": 4889.2890625,
  "fd_mean": 0.07598381633346224,
  "fd_num": 3,
  "fd_perc": 6.666666666666667,
  "fwhm_avg": 2.316263778583465,
  "fwhm_x": 2.233917090909091,
  "fwhm_y": 2.5531200000000003,
  "fwhm_z": 2.1617542448413025,
  "gcor": 0.0469658,
  "gsr_x": -0.007151537109166384,
  "gsr_y": 0.02837132290005684,
  "provenance": {
    "md5sum": "20687bd5bc50cbdd9693433a4cfbbf09",
    "settings": {
      "fd_thres": 0.2,
      "testing": false
    },
    "software": "mriqc",
    "version": "22.0.0rc1",
    "webapi_port": null,
    "webapi_url": "https://mriqc.nimh.nih.gov/api/v1"
  },
  "size_t": 45,
  "size_x": 64,
  "size_y": 64,
  "size_z": 40,
  "snr": 5.033592071671788,
  "spacing_tr": 3.0,
  "spacing_x": 3.4375,
  "spacing_y": 3.4375,
  "spacing_z": 3.3999979496002197,
  "summary_bg_k": 31.71068738476606,
  "summary_bg_mad": 13.145739859272291,
  "summary_bg_mean": 64.99958801269531,
  "summary_bg_median": 23.755556106567383,
  "summary_bg_n": 103688.0,
  "summary_bg_p05": 4.777777671813965,
  "summary_bg_p95": 257.6444396972656,
  "summary_bg_stdv": 111.55453491210938,
  "summary_fg_k": 0.7283615274936501,
  "summary_fg_mad": 296.9815851138099,
  "summary_fg_mean": 1628.5377197265625,
  "summary_fg_median": 1617.066650390625,
  "summary_fg_n": 27127.0,
  "summary_fg_p05": 1116.7311767578126,
  "summary_fg_p95": 2168.844482421875,
  "summary_fg_stdv": 321.24908447265625,
  "tsnr": 109.94507752731442
}