{
  "aor": 0.003856444444444444,
  "aqi": 0.001889697777777778,
  "bids_meta": {
    "CogAtlasID": "trm_4c898f079d05e",
    "CogPOID": "",
    "EchoTime": 0.035,
    "FlipAngle": 90.0,
    "InPlanePhaseEncodingDirection": "COL",
    "MRAcquisitionType": "2D",
    "MagneticFieldStrength": 3.0,
    "Manufacturer": "GE",
    "ManufacturerModelName": "SIGNA HDx",
    "ReceiveCoilName": "8-channel head",
    "RepetitionTime": 3.0,
    "ScanOptions": "EPI.GEMS",
    "ScanningSequence": "EP/GR",
    "SequenceVariant": "SS",
    "SliceAcquisitionDirection": "sequential/ascending (bottom up)",
    "SliceGap": 0,
    "SliceTiming": [
      0.0,
      0.075,
      0.15,
      0.225,
      0.3,
      0.375,
      0.45,
      0.525,
      0.6,
      0.675,
      0.75,
      0.825,
      0.9,
      0.975,
      1.05,
      1.125,
      1.2,
      1.275,
      1.35,
      1.425,
      1.5,
      1.575,
      1.65,
      1.725,
      1.8,
      1.875,
      1.95,
      2.025,
      2.1,
      2.175,
      2.25,
      2.325,
      2.4,
      2.475,
      2.55,
      2.625,
      2.7,
      2.775,
      2.85,
      2.925
    ],
    "SliceTimingCalculationMethod": "slice_number * (RepetitionTime / num_slices)",
    "SoftwareVersion": "14/LX/MR Software release.14.0.M5A.0828.b",
    "TaskDescription": "Finger-to-thumb opposition sequence performed with the trained hand using the pre-trained sequence.",
    "TaskInstructions": "See published manuscripts.",
    "TaskName": "Trained Hand, Trained Sequence",
    "dataset": "ds000170",
    "modality": "bold",
    "run_id": 1,
    "subject_id": "1715",
    "task_id": "TrainedHandTrainedSequence"
  },
  "dummy_trs": 0,
  "dvars_nstd": 16.967475478863637,
  "dvars_std": 1.2525400518181817,
  "dvars_vstd": 1.028090605681818,
  "efc": 0.45399626412349425,
  "fber": 3764.808837890625,
  "fd_mean": 0.05149681942660466,
  "fd_num": 0,
  "fd_perc": 0.0,
  "fwhm_avg": 2.4795672977704992,
  "fwhm_x": 2.4581679547030233,
  "fwhm_y": 2.688048708793305,
  "fwhm_z": 2.2924852298151683,
  "gcor": 0.0829206,
  "gsr_x": -0.00855350587517023,
  "gsr_y": 0.03001435101032257,
  "provenance": {
    "md5sum": "8ce2eb6326054112c8386f1d54b584db",
    "settings": {
      "fd_thres": 0.2,
      "testing": false
    },
    "software": "mriqc",
    "version": "22.0.0rc1",
    "webapi_port": null,
    "webapi_url": "https://mriqc.nimh.nih.gov/api/v1"
  },
  "size_t": 45,
  "size_x": 64,
  "size_y": 64,
  "size_z": 40,
  "snr": 4.93636011736253,
  "spacing_tr": 3.0,
  "spacing_x": 3.4374990463256836,
  "spacing_y": 3.4375009536743164,
  "spacing_z": 3.4000000953674316,
  "summary_bg_k": 34.49963042067617,
  "summary_bg_mad": 13.343419966550417,
  "summary_bg_mean": 67.0813217163086,
  "summary_bg_median": 27.622222900390625,
  "summary_bg_n": 109521.0,
  "summary_bg_p05": 9.155555725097656,
  "summary_bg_p95": 276.22222900390625,
  "summary_bg_stdv": 116.08366394042969,
  "summary_fg_k": 0.8006014204901719,
  "summary_fg_mad": 313.7021239032747,
  "summary_fg_mean": 1668.1610107421875,
  "summary_fg_median": 1669.7445068359375,
  "summary_fg_n": 22402.0,
  "summary_fg_p05": 1117.0899780273437,
  "summary_fg_p95": 2217.665637207031,
  "summary_fg_stdv": 338.24664306640625,
  "tsnr": 102.7219250309281
}