{
  "aor": 0.0038722222222222218,
  "aqi": 0.0019568828888888888,
  "bids_meta": {
    "CogAtlasID": "trm_4c898f079d05e",
    "CogPOID": "",
    "EchoTime": 0.035,
    "FlipAngle": 90.0,
    "InPlanePhaseEncodingDirection": "COL",
    "MRAcquisitionType": "2D",
    "MagneticFieldStrength": 3.0,
    "Manufacturer": "GE",
    "ManufacturerModelName": "SIGNA HDx",
    "ReceiveCoilName": "8-channel head",
    "RepetitionTime": 3.0,
    "ScanOptions": "EPI.GEMS",
    "ScanningSequence": "EP/GR",
    "SequenceVariant": "SS",
    "SliceAcquisitionDirection": "sequential/ascending (bottom up)",
    "SliceGap": 0,
    "SliceTiming": [
      0.0,
      0.075,
      0.15,
      0.225,
      0.3,
      0.375,
      0.45,
      0.525,
      0.6,
      0.675,
      0.75,
      0.825,
      0.9,
      0.975,
      1.05,
      1.125,
      1.2,
      1.275,
      1.35,
      1.425,
      1.5,
      1.575,
      1.65,
      1.725,
      1.8,
      1.875,
      1.95,
      2.025,
      2.1,
      2.175,
      2.25,
      2.325,
      2.4,
      2.475,
      2.55,
      2.625,
      2.7,
      2.775,
      2.85,
      2.925
    ],
    "SliceTimingCalculationMethod": "slice_number * (RepetitionTime / num_slices)",
    "SoftwareVersion": "14/LX/MR Software release.14.0.M5A.0828.b",
    "TaskDescription": "Finger-to-thumb opposition sequence performed with the untrained hand using the pre-trained sequence.",
    "TaskInstructions": "See published manuscripts.",
    "TaskName": "Untrained Hand, Trained Sequence",
    "dataset": "ds000170",
    "modality": "bold",
    "run_id": 2,
    "subject_id": "1715",
    "task_id": "UntrainedHandTrainedSequence"
  },
  "dummy_trs": 0,
  "dvars_nstd": 16.05913021409091,
  "dvars_std": 1.2351880397727268,
  "dvars_vstd": 1.0277514763636362,
  "efc": 0.4549866516712507,
  "fber": 3729.914794921875,
  "fd_mean": 0.06326559988477615,
  "fd_num": 0,
  "fd_perc": 0.0,
  "fwhm_avg": 2.472837934231739,
  "fwhm_x": 2.438083585494603,
  "fwhm_y": 2.685986163910976,
  "fwhm_z": 2.2944440532896366,
  "gcor": 0.0814487,
  "gsr_x": -0.008802573196589947,
  "gsr_y": 0.030922863632440567,
  "provenance": {
    "md5sum": "4207ca67f14c99331498353d8c5b598a",
    "settings": {
      "fd_thres": 0.2,
      "testing": false
    },
    "software": "mriqc",
    "version": "22.0.0rc1",
    "webapi_port": null,
    "webapi_url": "https://mriqc.nimh.nih.gov/api/v1"
  },
  "size_t": 45,
  "size_x": 64,
  "size_y": 64,
  "size_z": 40,
  "snr": 4.966485506476855,
  "spacing_tr": 3.0,
  "spacing_x": 3.4374990463256836,
  "spacing_y": 3.4375009536743164,
  "spacing_z": 3.4000000953674316,
  "summary_bg_k": 38.02958273260808,
  "summary_bg_mad": 13.639938713547949,
  "summary_bg_mean": 67.93144989013672,
  "summary_bg_median": 27.844444274902344,
  "summary_bg_n": 109404.0,
  "summary_bg_p05": 9.022222518920898,
  "summary_bg_p95": 281.5777893066406,
  "summary_bg_stdv": 118.62215423583984,
  "summary_fg_k": 0.8289470347431558,
  "summary_fg_mad": 312.8455374408495,
  "summary_fg_mean": 1678.4073486328125,
  "summary_fg_median": 1678.1334228515625,
  "summary_fg_n": 22514.0,
  "summary_fg_p05": 1130.7978271484376,
  "summary_fg_p95": 2233.224475097656,
  "summary_fg_stdv": 337.884033203125,
  "tsnr": 105.07489723339677
}