{
  "aor": 0.004159777777777778,
  "aqi": 0.0020477984444444443,
  "bids_meta": {
    "CogAtlasID": "trm_4c898f079d05e",
    "CogPOID": "",
    "EchoTime": 0.035,
    "FlipAngle": 90.0,
    "InPlanePhaseEncodingDirection": "COL",
    "MRAcquisitionType": "2D",
    "MagneticFieldStrength": 3.0,
    "Manufacturer": "GE",
    "ManufacturerModelName": "SIGNA HDx",
    "ReceiveCoilName": "8-channel head",
    "RepetitionTime": 3.0,
    "ScanOptions": "EPI.GEMS",
    "ScanningSequence": "EP/GR",
    "SequenceVariant": "SS",
    "SliceAcquisitionDirection": "sequential/ascending (bottom up)",
    "SliceGap": 0,
    "SliceTiming": [
      0.0,
      0.075,
      0.15,
      0.225,
      0.3,
      0.375,
      0.45,
      0.525,
      0.6,
      0.675,
      0.75,
      0.825,
      0.9,
      0.975,
      1.05,
      1.125,
      1.2,
      1.275,
      1.35,
      1.425,
      1.5,
      1.575,
      1.65,
      1.725,
      1.8,
      1.875,
      1.95,
      2.025,
      2.1,
      2.175,
      2.25,
      2.325,
      2.4,
      2.475,
      2.55,
      2.625,
      2.7,
      2.775,
      2.85,
      2.925
    ],
    "SliceTimingCalculationMethod": "slice_number * (RepetitionTime / num_slices)",
    "SoftwareVersion": "14/LX/MR Software release.14.0.M5A.0828.b",
    "TaskDescription": "Finger-to-thumb opposition sequence performed with the untrained hand using the novel, untrained sequence.",
    "TaskInstructions": "See published manuscripts.",
    "TaskName": "Untrained Hand, Untrained Sequence",
    "dataset": "ds000170",
    "modality": "bold",
    "run_id": 2,
    "subject_id": "1715",
    "task_id": "UntrainedHandUntrainedSequence"
  },
  "dummy_trs": 0,
  "dvars_nstd": 16.61859451704545,
  "dvars_std": 1.2399246888636368,
  "dvars_vstd": 1.0342863588636364,
  "efc": 0.4538623872371249,
  "fber": 3789.75390625,
  "fd_mean": 0.0751790738913223,
  "fd_num": 0,
  "fd_perc": 0.0,
  "fwhm_avg": 2.4826437367710215,
  "fwhm_x": 2.4631279560790897,
  "fwhm_y": 2.687097436329946,
  "fwhm_z": 2.2977058179040286,
  "gcor": 0.0753637,
  "gsr_x": -0.008693467825651169,
  "gsr_y": 0.02993936464190483,
  "provenance": {
    "md5sum": "4ca1512913cbae0b955c1948e63be497",
    "settings": {
      "fd_thres": 0.2,
      "testing": false
    },
    "software": "mriqc",
    "version": "22.0.0rc1",
    "webapi_port": null,
    "webapi_url": "https://mriqc.nimh.nih.gov/api/v1"
  },
  "size_t": 45,
  "size_x": 64,
  "size_y": 64,
  "size_z": 40,
  "snr": 4.899109590457406,
  "spacing_tr": 3.0,
  "spacing_x": 3.4374990463256836,
  "spacing_y": 3.4375009536743164,
  "spacing_z": 3.4000000953674316,
  "summary_bg_k": 34.163865872706964,
  "summary_bg_mad": 13.079848375405792,
  "summary_bg_mean": 66.84078979492188,
  "summary_bg_median": 27.422222137451172,
  "summary_bg_n": 109480.0,
  "summary_bg_p05": 8.977778434753418,
  "summary_bg_p95": 275.3777770996094,
  "summary_bg_stdv": 115.64058685302734,
  "summary_fg_k": 0.800041073645374,
  "summary_fg_mad": 316.5520429871135,
  "summary_fg_mean": 1666.240478515625,
  "summary_fg_median": 1669.5111083984375,
  "summary_fg_n": 22409.0,
  "summary_fg_p05": 1110.897802734375,
  "summary_fg_p95": 2220.8622558593747,
  "summary_fg_stdv": 340.7708740234375,
  "tsnr": 99.67962387460284
}