{
  "aor": 0.0034948888888888894,
  "aqi": 0.002691859333333333,
  "bids_meta": {
    "CogAtlasID": "trm_4c898f079d05e",
    "CogPOID": "",
    "EchoTime": 0.035,
    "FlipAngle": 90.0,
    "InPlanePhaseEncodingDirection": "COL",
    "MRAcquisitionType": "2D",
    "MagneticFieldStrength": 3.0,
    "Manufacturer": "GE",
    "ManufacturerModelName": "SIGNA HDx",
    "ReceiveCoilName": "8-channel head",
    "RepetitionTime": 3.0,
    "ScanOptions": "EPI.GEMS",
    "ScanningSequence": "EP/GR",
    "SequenceVariant": "SS",
    "SliceAcquisitionDirection": "sequential/ascending (bottom up)",
    "SliceGap": 0,
    "SliceTiming": [
      0.0,
      0.075,
      0.15,
      0.225,
      0.3,
      0.375,
      0.45,
      0.525,
      0.6,
      0.675,
      0.75,
      0.825,
      0.9,
      0.975,
      1.05,
      1.125,
      1.2,
      1.275,
      1.35,
      1.425,
      1.5,
      1.575,
      1.65,
      1.725,
      1.8,
      1.875,
      1.95,
      2.025,
      2.1,
      2.175,
      2.25,
      2.325,
      2.4,
      2.475,
      2.55,
      2.625,
      2.7,
      2.775,
      2.85,
      2.925
    ],
    "SliceTimingCalculationMethod": "slice_number * (RepetitionTime / num_slices)",
    "SoftwareVersion": "14/LX/MR Software release.14.0.M5A.0828.b",
    "TaskDescription": "Finger-to-thumb opposition sequence performed with the untrained hand using the pre-trained sequence.",
    "TaskInstructions": "See published manuscripts.",
    "TaskName": "Untrained Hand, Trained Sequence",
    "dataset": "ds000170",
    "modality": "bold",
    "run_id": 3,
    "subject_id": "1715",
    "task_id": "UntrainedHandTrainedSequence"
  },
  "dummy_trs": 0,
  "dvars_nstd": 16.493932939999997,
  "dvars_std": 1.2056721986363637,
  "dvars_vstd": 1.0137714079545452,
  "efc": 0.45889520369525233,
  "fber": 3684.47998046875,
  "fd_mean": 0.06850029726469803,
  "fd_num": 0,
  "fd_perc": 0.0,
  "fwhm_avg": 2.4613458387172473,
  "fwhm_x": 2.433274856887778,
  "fwhm_y": 2.675045076037299,
  "fwhm_z": 2.2757175832266645,
  "gcor": 0.0763166,
  "gsr_x": -0.009461075067520142,
  "gsr_y": 0.032521866261959076,
  "provenance": {
    "md5sum": "0d4aeb45e004872f34e4838187c1896a",
    "settings": {
      "fd_thres": 0.2,
      "testing": false
    },
    "software": "mriqc",
    "version": "22.0.0rc1",
    "webapi_port": null,
    "webapi_url": "https://mriqc.nimh.nih.gov/api/v1"
  },
  "size_t": 45,
  "size_x": 64,
  "size_y": 64,
  "size_z": 40,
  "snr": 4.979662043215506,
  "spacing_tr": 3.0,
  "spacing_x": 3.4374990463256836,
  "spacing_y": 3.4375009536743164,
  "spacing_z": 3.4000000953674316,
  "summary_bg_k": 35.96408263788053,
  "summary_bg_mad": 13.574047229681451,
  "summary_bg_mean": 68.2778091430664,
  "summary_bg_median": 27.77777862548828,
  "summary_bg_n": 108782.0,
  "summary_bg_p05": 9.0,
  "summary_bg_p95": 284.22222900390625,
  "summary_bg_stdv": 117.89159393310547,
  "summary_fg_k": 0.781255794113247,
  "summary_fg_mad": 309.00727720524566,
  "summary_fg_mean": 1665.4295654296875,
  "summary_fg_median": 1665.888916015625,
  "summary_fg_n": 22916.0,
  "summary_fg_p05": 1122.3555908203125,
  "summary_fg_p95": 2208.2499389648438,
  "summary_fg_stdv": 334.53125,
  "tsnr": 91.65038431622088
}