{
  "aor": 0.003364666666666667,
  "aqi": 0.002221231111111111,
  "bids_meta": {
    "CogAtlasID": "trm_4c898f079d05e",
    "CogPOID": "",
    "EchoTime": 0.035,
    "FlipAngle": 90.0,
    "InPlanePhaseEncodingDirection": "COL",
    "MRAcquisitionType": "2D",
    "MagneticFieldStrength": 3.0,
    "Manufacturer": "GE",
    "ManufacturerModelName": "SIGNA HDx",
    "ReceiveCoilName": "8-channel head",
    "RepetitionTime": 3.0,
    "ScanOptions": "EPI.GEMS",
    "ScanningSequence": "EP/GR",
    "SequenceVariant": "SS",
    "SliceAcquisitionDirection": "sequential/ascending (bottom up)",
    "SliceGap": 0,
    "SliceTiming": [
      0.0,
      0.075,
      0.15,
      0.225,
      0.3,
      0.375,
      0.45,
      0.525,
      0.6,
      0.675,
      0.75,
      0.825,
      0.9,
      0.975,
      1.05,
      1.125,
      1.2,
      1.275,
      1.35,
      1.425,
      1.5,
      1.575,
      1.65,
      1.725,
      1.8,
      1.875,
      1.95,
      2.025,
      2.1,
      2.175,
      2.25,
      2.325,
      2.4,
      2.475,
      2.55,
      2.625,
      2.7,
      2.775,
      2.85,
      2.925
    ],
    "SliceTimingCalculationMethod": "slice_number * (RepetitionTime / num_slices)",
    "SoftwareVersion": "14/LX/MR Software release.14.0.M5A.0828.b",
    "TaskDescription": "Finger-to-thumb opposition sequence performed with the untrained hand using the pre-trained sequence.",
    "TaskInstructions": "See published manuscripts.",
    "TaskName": "Untrained Hand, Trained Sequence",
    "dataset": "ds000170",
    "modality": "bold",
    "run_id": 1,
    "subject_id": "1715",
    "task_id": "UntrainedHandTrainedSequence"
  },
  "dummy_trs": 0,
  "dvars_nstd": 16.288986747500005,
  "dvars_std": 1.212631651590909,
  "dvars_vstd": 1.0102782015909093,
  "efc": 0.45479113615839917,
  "fber": 3730.74169921875,
  "fd_mean": 0.06807821474299461,
  "fd_num": 0,
  "fd_perc": 0.0,
  "fwhm_avg": 2.4900099059841483,
  "fwhm_x": 2.4598523188066848,
  "fwhm_y": 2.703574522667757,
  "fwhm_z": 2.3066028764780024,
  "gcor": 0.0676173,
  "gsr_x": -0.00884851161390543,
  "gsr_y": 0.030624717473983765,
  "provenance": {
    "md5sum": "a66436d4e31540f7560aed4258990e2b",
    "settings": {
      "fd_thres": 0.2,
      "testing": false
    },
    "software": "mriqc",
    "version": "22.0.0rc1",
    "webapi_port": null,
    "webapi_url": "https://mriqc.nimh.nih.gov/api/v1"
  },
  "size_t": 45,
  "size_x": 64,
  "size_y": 64,
  "size_z": 40,
  "snr": 4.919680580359918,
  "spacing_tr": 3.0,
  "spacing_x": 3.4374990463256836,
  "spacing_y": 3.4375009536743164,
  "spacing_z": 3.4000000953674316,
  "summary_bg_k": 35.066918565326624,
  "summary_bg_mad": 13.574047229681451,
  "summary_bg_mean": 67.57811737060547,
  "summary_bg_median": 27.80000114440918,
  "summary_bg_n": 109468.0,
  "summary_bg_p05": 9.377778053283691,
  "summary_bg_p95": 279.6000061035156,
  "summary_bg_stdv": 116.84878540039062,
  "summary_fg_k": 0.7857868770937206,
  "summary_fg_mad": 315.4648858183436,
  "summary_fg_mean": 1673.689453125,
  "summary_fg_median": 1672.95556640625,
  "summary_fg_n": 22509.0,
  "summary_fg_p05": 1121.6000244140625,
  "summary_fg_p95": 2229.933349609375,
  "summary_fg_stdv": 340.046142578125,
  "tsnr": 96.73879215819761
}