{
  "aor": 0.0042506666666666665,
  "aqi": 0.001881953555555556,
  "bids_meta": {
    "CogAtlasID": "trm_4c898f079d05e",
    "CogPOID": "",
    "EchoTime": 0.035,
    "FlipAngle": 90.0,
    "InPlanePhaseEncodingDirection": "COL",
    "MRAcquisitionType": "2D",
    "MagneticFieldStrength": 3.0,
    "Manufacturer": "GE",
    "ManufacturerModelName": "SIGNA HDx",
    "ReceiveCoilName": "8-channel head",
    "RepetitionTime": 3.0,
    "ScanOptions": "EPI.GEMS",
    "ScanningSequence": "EP/GR",
    "SequenceVariant": "SS",
    "SliceAcquisitionDirection": "sequential/ascending (bottom up)",
    "SliceGap": 0,
    "SliceTiming": [
      0.0,
      0.075,
      0.15,
      0.225,
      0.3,
      0.375,
      0.45,
      0.525,
      0.6,
      0.675,
      0.75,
      0.825,
      0.9,
      0.975,
      1.05,
      1.125,
      1.2,
      1.275,
      1.35,
      1.425,
      1.5,
      1.575,
      1.65,
      1.725,
      1.8,
      1.875,
      1.95,
      2.025,
      2.1,
      2.175,
      2.25,
      2.325,
      2.4,
      2.475,
      2.55,
      2.625,
      2.7,
      2.775,
      2.85,
      2.925
    ],
    "SliceTimingCalculationMethod": "slice_number * (RepetitionTime / num_slices)",
    "SoftwareVersion": "14/LX/MR Software release.14.0.M5A.0828.b",
    "TaskDescription": "Finger-to-thumb opposition sequence performed with the trained hand using the pre-trained sequence.",
    "TaskInstructions": "See published manuscripts.",
    "TaskName": "Trained Hand, Trained Sequence",
    "dataset": "ds000170",
    "modality": "bold",
    "run_id": 3,
    "subject_id": "1715",
    "task_id": "TrainedHandTrainedSequence"
  },
  "dummy_trs": 0,
  "dvars_nstd": 15.894270962045455,
  "dvars_std": 1.2366725165909092,
  "dvars_vstd": 1.0401557611363639,
  "efc": 0.4542942595043358,
  "fber": 3746.0126953125,
  "fd_mean": 0.06446862908542673,
  "fd_num": 0,
  "fd_perc": 0.0,
  "fwhm_avg": 2.4762438250355956,
  "fwhm_x": 2.4505344980398,
  "fwhm_y": 2.6841999825883396,
  "fwhm_z": 2.2939969944786465,
  "gcor": 0.0573497,
  "gsr_x": -0.008736486546695232,
  "gsr_y": 0.030107613652944565,
  "provenance": {
    "md5sum": "ba7387bebf2acd692d48fe289e80253e",
    "settings": {
      "fd_thres": 0.2,
      "testing": false
    },
    "software": "mriqc",
    "version": "22.0.0rc1",
    "webapi_port": null,
    "webapi_url": "https://mriqc.nimh.nih.gov/api/v1"
  },
  "size_t": 45,
  "size_x": 64,
  "size_y": 64,
  "size_z": 40,
  "snr": 4.960980423698265,
  "spacing_tr": 3.0,
  "spacing_x": 3.4374990463256836,
  "spacing_y": 3.4375009536743164,
  "spacing_z": 3.4000000953674316,
  "summary_bg_k": 34.488400862606774,
  "summary_bg_mad": 13.376367122403325,
  "summary_bg_mean": 67.13033294677734,
  "summary_bg_median": 27.666667938232422,
  "summary_bg_n": 109520.0,
  "summary_bg_p05": 9.155555725097656,
  "summary_bg_p95": 278.0944534301745,
  "summary_bg_stdv": 115.76919555664062,
  "summary_fg_k": 0.7918284241144216,
  "summary_fg_mad": 311.9066042975869,
  "summary_fg_mean": 1668.4234619140625,
  "summary_fg_median": 1669.1334228515625,
  "summary_fg_n": 22413.0,
  "summary_fg_p05": 1119.3555908203125,
  "summary_fg_p95": 2216.191064453125,
  "summary_fg_stdv": 336.44482421875,
  "tsnr": 105.78551369905472
}