{
  "aor": 0.0055720000000000006,
  "aqi": 0.0020702416444444444,
  "bids_meta": {
    "CogAtlasID": "trm_4c898f079d05e",
    "CogPOID": "",
    "EchoTime": 0.035,
    "FlipAngle": 90.0,
    "InPlanePhaseEncodingDirection": "COL",
    "MRAcquisitionType": "2D",
    "MagneticFieldStrength": 3.0,
    "Manufacturer": "GE",
    "ManufacturerModelName": "SIGNA HDx",
    "ReceiveCoilName": "8-channel head",
    "RepetitionTime": 3.0,
    "ScanOptions": "EPI.GEMS",
    "ScanningSequence": "EP/GR",
    "SequenceVariant": "SS",
    "SliceAcquisitionDirection": "sequential/ascending (bottom up)",
    "SliceGap": 0,
    "SliceTiming": [
      0.0,
      0.075,
      0.15,
      0.225,
      0.3,
      0.375,
      0.45,
      0.525,
      0.6,
      0.675,
      0.75,
      0.825,
      0.9,
      0.975,
      1.05,
      1.125,
      1.2,
      1.275,
      1.35,
      1.425,
      1.5,
      1.575,
      1.65,
      1.725,
      1.8,
      1.875,
      1.95,
      2.025,
      2.1,
      2.175,
      2.25,
      2.325,
      2.4,
      2.475,
      2.55,
      2.625,
      2.7,
      2.775,
      2.85,
      2.925
    ],
    "SliceTimingCalculationMethod": "slice_number * (RepetitionTime / num_slices)",
    "SoftwareVersion": "14/LX/MR Software release.14.0.M5A.0828.b",
    "TaskDescription": "Finger-to-thumb opposition sequence performed with the trained hand using the pre-trained sequence.",
    "TaskInstructions": "See published manuscripts.",
    "TaskName": "Trained Hand, Trained Sequence",
    "dataset": "ds000170",
    "modality": "bold",
    "run_id": 2,
    "subject_id": "1715",
    "task_id": "TrainedHandTrainedSequence"
  },
  "dummy_trs": 0,
  "dvars_nstd": 15.67198996068182,
  "dvars_std": 1.1897726952272722,
  "dvars_vstd": 1.0334082436363636,
  "efc": 0.45401917138810377,
  "fber": 3760.71728515625,
  "fd_mean": 0.06790738047855628,
  "fd_num": 0,
  "fd_perc": 0.0,
  "fwhm_avg": 2.4946515518411845,
  "fwhm_x": 2.4813068702134204,
  "fwhm_y": 2.6998596146074845,
  "fwhm_z": 2.302788170702649,
  "gcor": 0.0933199,
  "gsr_x": -0.008858474902808666,
  "gsr_y": 0.03069683350622654,
  "provenance": {
    "md5sum": "1136b552a02770021fbd2dd0fdd60f40",
    "settings": {
      "fd_thres": 0.2,
      "testing": false
    },
    "software": "mriqc",
    "version": "22.0.0rc1",
    "webapi_port": null,
    "webapi_url": "https://mriqc.nimh.nih.gov/api/v1"
  },
  "size_t": 45,
  "size_x": 64,
  "size_y": 64,
  "size_z": 40,
  "snr": 4.91279097088317,
  "spacing_tr": 3.0,
  "spacing_x": 3.4374990463256836,
  "spacing_y": 3.4375009536743164,
  "spacing_z": 3.4000000953674316,
  "summary_bg_k": 35.076492417831446,
  "summary_bg_mad": 13.31047281069751,
  "summary_bg_mean": 67.1353988647461,
  "summary_bg_median": 27.622222900390625,
  "summary_bg_n": 109523.0,
  "summary_bg_p05": 9.202222061157235,
  "summary_bg_p95": 277.933349609375,
  "summary_bg_stdv": 116.07374572753906,
  "summary_fg_k": 0.7681473085751116,
  "summary_fg_mad": 316.9473070551331,
  "summary_fg_mean": 1669.026123046875,
  "summary_fg_median": 1670.60009765625,
  "summary_fg_n": 22441.0,
  "summary_fg_p05": 1115.3333740234375,
  "summary_fg_p95": 2224.51123046875,
  "summary_fg_stdv": 340.0435485839844,
  "tsnr": 98.44712123274803
}