{
  "aor": 0.0038439999999999998,
  "aqi": 0.0019013353333333332,
  "bids_meta": {
    "CogAtlasID": "trm_4c898f079d05e",
    "CogPOID": "",
    "EchoTime": 0.035,
    "FlipAngle": 90.0,
    "InPlanePhaseEncodingDirection": "COL",
    "MRAcquisitionType": "2D",
    "MagneticFieldStrength": 3.0,
    "Manufacturer": "GE",
    "ManufacturerModelName": "SIGNA HDx",
    "ReceiveCoilName": "8-channel head",
    "RepetitionTime": 3.0,
    "ScanOptions": "EPI.GEMS",
    "ScanningSequence": "EP/GR",
    "SequenceVariant": "SS",
    "SliceAcquisitionDirection": "sequential/ascending (bottom up)",
    "SliceGap": 0,
    "SliceTiming": [
      0.0,
      0.075,
      0.15,
      0.225,
      0.3,
      0.375,
      0.45,
      0.525,
      0.6,
      0.675,
      0.75,
      0.825,
      0.9,
      0.975,
      1.05,
      1.125,
      1.2,
      1.275,
      1.35,
      1.425,
      1.5,
      1.575,
      1.65,
      1.725,
      1.8,
      1.875,
      1.95,
      2.025,
      2.1,
      2.175,
      2.25,
      2.325,
      2.4,
      2.475,
      2.55,
      2.625,
      2.7,
      2.775,
      2.85,
      2.925
    ],
    "SliceTimingCalculationMethod": "slice_number * (RepetitionTime / num_slices)",
    "SoftwareVersion": "14/LX/MR Software release.14.0.M5A.0828.b",
    "TaskDescription": "Finger-to-thumb opposition sequence performed with the untrained hand using the novel, untrained sequence.",
    "TaskInstructions": "See published manuscripts.",
    "TaskName": "Untrained Hand, Untrained Sequence",
    "dataset": "ds000170",
    "modality": "bold",
    "run_id": 1,
    "subject_id": "1715",
    "task_id": "UntrainedHandUntrainedSequence"
  },
  "dummy_trs": 0,
  "dvars_nstd": 17.460900263409087,
  "dvars_std": 1.2779421481818185,
  "dvars_vstd": 1.034452186363637,
  "efc": 0.45384063538279173,
  "fber": 3792.463134765625,
  "fd_mean": 0.07924593366752844,
  "fd_num": 1,
  "fd_perc": 2.2222222222222223,
  "fwhm_avg": 2.483943649063265,
  "fwhm_x": 2.453888680788541,
  "fwhm_y": 2.701159977883085,
  "fwhm_z": 2.2967822885181683,
  "gcor": 0.093782,
  "gsr_x": -0.008537187241017818,
  "gsr_y": 0.029922889545559883,
  "provenance": {
    "md5sum": "acc4e11e1e5234df219429f7b6b2a6db",
    "settings": {
      "fd_thres": 0.2,
      "testing": false
    },
    "software": "mriqc",
    "version": "22.0.0rc1",
    "webapi_port": null,
    "webapi_url": "https://mriqc.nimh.nih.gov/api/v1"
  },
  "size_t": 45,
  "size_x": 64,
  "size_y": 64,
  "size_z": 40,
  "snr": 4.936623071566764,
  "spacing_tr": 3.0,
  "spacing_x": 3.4374990463256836,
  "spacing_y": 3.4375009536743164,
  "spacing_z": 3.4000000953674316,
  "summary_bg_k": 31.69670925589989,
  "summary_bg_mad": 13.145739859272291,
  "summary_bg_mean": 66.7266616821289,
  "summary_bg_median": 27.422222137451172,
  "summary_bg_n": 109526.0,
  "summary_bg_p05": 9.022222518920898,
  "summary_bg_p95": 275.3055648803711,
  "summary_bg_stdv": 115.37651062011719,
  "summary_fg_k": 0.7578858320358797,
  "summary_fg_mad": 313.71877422115824,
  "summary_fg_mean": 1664.45751953125,
  "summary_fg_median": 1667.6778564453125,
  "summary_fg_n": 22398.0,
  "summary_fg_p05": 1114.4722290039062,
  "summary_fg_p95": 2211.81337890625,
  "summary_fg_stdv": 337.80999755859375,
  "tsnr": 100.7826705579646
}