{
  "bids_meta": {
    "EchoTime": 0.003,
    "FlipAngle": 20.0,
    "InPlanePhaseEncodingDirection": "ROW",
    "MRAcquisitionType": "3D",
    "MagneticFieldStrength": 3.0,
    "Manufacturer": "GE",
    "ManufacturerModelName": "SIGNA HDx",
    "ReceiveCoilName": "8-channel head",
    "RepetitionTime": 0.0073,
    "ScanOptions": "FAST.GEMS/EDR.GEMS/FILTERED.GEMS",
    "ScanningSequence": "Scanning Sequence",
    "SequenceVariant": "SS/SP/SK",
    "SeriesDescription": "Ax FSPGR 3D Asset",
    "SoftwareVersion": "14/LX/MR Software release.14.0.M5A.0828.b",
    "dataset": "ds000170",
    "modality": "T1w",
    "subject_id": "1709"
  },
  "cjv": 0.47982171735317286,
  "cnr": 2.7165508818409347,
  "efc": 0.7612333851573126,
  "fber": 7972.929493825997,
  "fwhm_avg": 4.612703858560639,
  "fwhm_x": 4.335789483133616,
  "fwhm_y": 4.583069453655547,
  "fwhm_z": 4.919252638892755,
  "icvs_csf": 0.19843652559802485,
  "icvs_gm": 0.4343435712487718,
  "icvs_wm": 0.3672199031532033,
  "inu_med": 0.7742792963981628,
  "inu_range": 0.2769876718521118,
  "provenance": {
    "md5sum": "98270bcc8dec95a74489b81059647c7f",
    "settings": {
      "testing": false
    },
    "software": "mriqc",
    "version": "22.0.0rc1",
    "warnings": {
      "large_rot_frame": true,
      "small_air_mask": false
    },
    "webapi_port": null,
    "webapi_url": "https://mriqc.nimh.nih.gov/api/v1"
  },
  "qi_1": 0.0,
  "qi_2": 0.0022132902723686495,
  "rpve_csf": 24.189555211124254,
  "rpve_gm": 11.784675992006852,
  "rpve_wm": 15.84154864661024,
  "size_x": 256,
  "size_y": 256,
  "size_z": 160,
  "snr_csf": 4.083877477521353,
  "snr_gm": 14.154369706743665,
  "snr_total": 13.758261899298988,
  "snr_wm": 23.03653851363195,
  "snrd_csf": 22.389378841240834,
  "snrd_gm": 37.374288407153834,
  "snrd_total": 35.47054271986991,
  "snrd_wm": 46.64796091121507,
  "spacing_x": 1.0000001192092896,
  "spacing_y": 1.0000001192092896,
  "spacing_z": 0.999999463558197,
  "summary_bg_k": 4.368803155078161,
  "summary_bg_mad": 14.044854870968887,
  "summary_bg_mean": 16.994026253880968,
  "summary_bg_median": 12.365343552082777,
  "summary_bg_n": 433640.0,
  "summary_bg_p05": 0.0,
  "summary_bg_p95": 48.91646076366305,
  "summary_bg_stdv": 16.347495849360484,
  "summary_csf_k": 0.04361854704440615,
  "summary_csf_mad": 120.00272015858815,
  "summary_csf_mean": 493.5699275438853,
  "summary_csf_median": 479.98491191491485,
  "summary_csf_n": 34160.0,
  "summary_csf_p05": 324.80823362004014,
  "summary_csf_p95": 693.171818036586,
  "summary_csf_stdv": 117.52994279704323,
  "summary_gm_k": 0.27519290471784164,
  "summary_gm_mad": 53.38287758478882,
  "summary_gm_mean": 805.1612212432673,
  "summary_gm_median": 801.2323457561433,
  "summary_gm_n": 32788.0,
  "summary_gm_p05": 718.5040057508274,
  "summary_gm_p95": 906.7213011810555,
  "summary_gm_stdv": 56.60584991667987,
  "summary_wm_k": 0.2376126871187556,
  "summary_wm_mad": 42.01027386183614,
  "summary_wm_mean": 1002.04496106614,
  "summary_wm_median": 1000.041920222342,
  "summary_wm_n": 217395.0,
  "summary_wm_p05": 934.1912262551486,
  "summary_wm_p95": 1077.0004651769996,
  "summary_wm_stdv": 43.411019392978886,
  "tpm_overlap_csf": 0.15572994947433472,
  "tpm_overlap_gm": 0.45474931597709656,
  "tpm_overlap_wm": 0.49264824390411377,
  "wm2max": 0.5238409149725306
}