{
  "aor": 0.0032424444444444445,
  "aqi": 0.0014203633333333336,
  "bids_meta": {
    "CogAtlasID": "trm_4c898f079d05e",
    "CogPOID": "",
    "EchoTime": 0.035,
    "FlipAngle": 90.0,
    "InPlanePhaseEncodingDirection": "COL",
    "MRAcquisitionType": "2D",
    "MagneticFieldStrength": 3.0,
    "Manufacturer": "GE",
    "ManufacturerModelName": "SIGNA HDx",
    "ReceiveCoilName": "8-channel head",
    "RepetitionTime": 3.0,
    "ScanOptions": "EPI.GEMS",
    "ScanningSequence": "EP/GR",
    "SequenceVariant": "SS",
    "SliceAcquisitionDirection": "sequential/ascending (bottom up)",
    "SliceGap": 0,
    "SliceTiming": [
      0.0,
      0.075,
      0.15,
      0.225,
      0.3,
      0.375,
      0.45,
      0.525,
      0.6,
      0.675,
      0.75,
      0.825,
      0.9,
      0.975,
      1.05,
      1.125,
      1.2,
      1.275,
      1.35,
      1.425,
      1.5,
      1.575,
      1.65,
      1.725,
      1.8,
      1.875,
      1.95,
      2.025,
      2.1,
      2.175,
      2.25,
      2.325,
      2.4,
      2.475,
      2.55,
      2.625,
      2.7,
      2.775,
      2.85,
      2.925
    ],
    "SliceTimingCalculationMethod": "slice_number * (RepetitionTime / num_slices)",
    "SoftwareVersion": "14/LX/MR Software release.14.0.M5A.0828.b",
    "TaskDescription": "Finger-to-thumb opposition sequence performed with the trained hand using the novel, untrained sequence.",
    "TaskInstructions": "See published manuscripts.",
    "TaskName": "Trained Hand, Untrained Sequence",
    "dataset": "ds000170",
    "modality": "bold",
    "run_id": 3,
    "subject_id": "1714",
    "task_id": "TrainedHandUntrainedSequence"
  },
  "dummy_trs": 0,
  "dvars_nstd": 12.231382044545455,
  "dvars_std": 1.1982540322727273,
  "dvars_vstd": 1.023766966590909,
  "efc": 0.4433693529890765,
  "fber": 5832.51318359375,
  "fd_mean": 0.04562151923259639,
  "fd_num": 0,
  "fd_perc": 0.0,
  "fwhm_avg": 2.377690729865518,
  "fwhm_x": 2.352929603532491,
  "fwhm_y": 2.592887992078744,
  "fwhm_z": 2.18725459398532,
  "gcor": 0.0334105,
  "gsr_x": -0.00641124090179801,
  "gsr_y": 0.02180735021829605,
  "provenance": {
    "md5sum": "b4dc448625a546df945c0643fc0ed4f8",
    "settings": {
      "fd_thres": 0.2,
      "testing": false
    },
    "software": "mriqc",
    "version": "22.0.0rc1",
    "webapi_port": null,
    "webapi_url": "https://mriqc.nimh.nih.gov/api/v1"
  },
  "size_t": 45,
  "size_x": 64,
  "size_y": 64,
  "size_z": 40,
  "snr": 5.8209392264384645,
  "spacing_tr": 3.0,
  "spacing_x": 3.437501907348633,
  "spacing_y": 3.4374990463256836,
  "spacing_z": 3.4000020027160645,
  "summary_bg_k": 27.501061229552096,
  "summary_bg_mad": 11.49840468934147,
  "summary_bg_mean": 61.598880767822266,
  "summary_bg_median": 23.33333396911621,
  "summary_bg_n": 110906.0,
  "summary_bg_p05": 6.888888835906982,
  "summary_bg_p95": 249.0944480895996,
  "summary_bg_stdv": 102.79232788085938,
  "summary_fg_k": 0.32473996872097066,
  "summary_fg_mad": 290.7217895164378,
  "summary_fg_mean": 1736.9820556640625,
  "summary_fg_median": 1740.95556640625,
  "summary_fg_n": 21872.0,
  "summary_fg_p05": 1245.8811401367188,
  "summary_fg_p95": 2217.99111328125,
  "summary_fg_stdv": 299.0781555175781,
  "tsnr": 131.24424588726833
}