{
  "aor": 0.0034886666666666673,
  "aqi": 0.0015005437777777777,
  "bids_meta": {
    "CogAtlasID": "trm_4c898f079d05e",
    "CogPOID": "",
    "EchoTime": 0.035,
    "FlipAngle": 90.0,
    "InPlanePhaseEncodingDirection": "COL",
    "MRAcquisitionType": "2D",
    "MagneticFieldStrength": 3.0,
    "Manufacturer": "GE",
    "ManufacturerModelName": "SIGNA HDx",
    "ReceiveCoilName": "8-channel head",
    "RepetitionTime": 3.0,
    "ScanOptions": "EPI.GEMS",
    "ScanningSequence": "EP/GR",
    "SequenceVariant": "SS",
    "SliceAcquisitionDirection": "sequential/ascending (bottom up)",
    "SliceGap": 0,
    "SliceTiming": [
      0.0,
      0.075,
      0.15,
      0.225,
      0.3,
      0.375,
      0.45,
      0.525,
      0.6,
      0.675,
      0.75,
      0.825,
      0.9,
      0.975,
      1.05,
      1.125,
      1.2,
      1.275,
      1.35,
      1.425,
      1.5,
      1.575,
      1.65,
      1.725,
      1.8,
      1.875,
      1.95,
      2.025,
      2.1,
      2.175,
      2.25,
      2.325,
      2.4,
      2.475,
      2.55,
      2.625,
      2.7,
      2.775,
      2.85,
      2.925
    ],
    "SliceTimingCalculationMethod": "slice_number * (RepetitionTime / num_slices)",
    "SoftwareVersion": "14/LX/MR Software release.14.0.M5A.0828.b",
    "TaskDescription": "Finger-to-thumb opposition sequence performed with the untrained hand using the novel, untrained sequence.",
    "TaskInstructions": "See published manuscripts.",
    "TaskName": "Untrained Hand, Untrained Sequence",
    "dataset": "ds000170",
    "modality": "bold",
    "run_id": 1,
    "subject_id": "1714",
    "task_id": "UntrainedHandUntrainedSequence"
  },
  "dummy_trs": 0,
  "dvars_nstd": 13.130281405,
  "dvars_std": 1.248626882727273,
  "dvars_vstd": 1.0297861393181817,
  "efc": 0.4433361977376679,
  "fber": 5757.0166015625,
  "fd_mean": 0.04125600795547938,
  "fd_num": 0,
  "fd_perc": 0.0,
  "fwhm_avg": 2.3834426361010976,
  "fwhm_x": 2.3604234175562535,
  "fwhm_y": 2.6006087214934532,
  "fwhm_z": 2.189295769253586,
  "gcor": 0.0337096,
  "gsr_x": -0.006337321363389492,
  "gsr_y": 0.02150597609579563,
  "provenance": {
    "md5sum": "329ac070c66a8311ca23d006e8bbaa3f",
    "settings": {
      "fd_thres": 0.2,
      "testing": false
    },
    "software": "mriqc",
    "version": "22.0.0rc1",
    "webapi_port": null,
    "webapi_url": "https://mriqc.nimh.nih.gov/api/v1"
  },
  "size_t": 45,
  "size_x": 64,
  "size_y": 64,
  "size_z": 40,
  "snr": 5.85122777187839,
  "spacing_tr": 3.0,
  "spacing_x": 3.437501907348633,
  "spacing_y": 3.4374990463256836,
  "spacing_z": 3.4000020027160645,
  "summary_bg_k": 27.37135310597737,
  "summary_bg_mad": 11.597243329060877,
  "summary_bg_mean": 61.38209533691406,
  "summary_bg_median": 23.44444465637207,
  "summary_bg_n": 110910.0,
  "summary_bg_p05": 6.9555559158325195,
  "summary_bg_p95": 248.42445602416942,
  "summary_bg_stdv": 101.67164611816406,
  "summary_fg_k": 0.3406533696573937,
  "summary_fg_mad": 289.32153397876965,
  "summary_fg_mean": 1733.1956787109375,
  "summary_fg_median": 1738.8333740234375,
  "summary_fg_n": 21828.0,
  "summary_fg_p05": 1241.86669921875,
  "summary_fg_p95": 2209.903356933594,
  "summary_fg_stdv": 297.16729736328125,
  "tsnr": 132.27059926092625
}