{
  "aor": 0.002946888888888889,
  "aqi": 0.0014374874444444447,
  "bids_meta": {
    "CogAtlasID": "trm_4c898f079d05e",
    "CogPOID": "",
    "EchoTime": 0.035,
    "FlipAngle": 90.0,
    "InPlanePhaseEncodingDirection": "COL",
    "MRAcquisitionType": "2D",
    "MagneticFieldStrength": 3.0,
    "Manufacturer": "GE",
    "ManufacturerModelName": "SIGNA HDx",
    "ReceiveCoilName": "8-channel head",
    "RepetitionTime": 3.0,
    "ScanOptions": "EPI.GEMS",
    "ScanningSequence": "EP/GR",
    "SequenceVariant": "SS",
    "SliceAcquisitionDirection": "sequential/ascending (bottom up)",
    "SliceGap": 0,
    "SliceTiming": [
      0.0,
      0.075,
      0.15,
      0.225,
      0.3,
      0.375,
      0.45,
      0.525,
      0.6,
      0.675,
      0.75,
      0.825,
      0.9,
      0.975,
      1.05,
      1.125,
      1.2,
      1.275,
      1.35,
      1.425,
      1.5,
      1.575,
      1.65,
      1.725,
      1.8,
      1.875,
      1.95,
      2.025,
      2.1,
      2.175,
      2.25,
      2.325,
      2.4,
      2.475,
      2.55,
      2.625,
      2.7,
      2.775,
      2.85,
      2.925
    ],
    "SliceTimingCalculationMethod": "slice_number * (RepetitionTime / num_slices)",
    "SoftwareVersion": "14/LX/MR Software release.14.0.M5A.0828.b",
    "TaskDescription": "Finger-to-thumb opposition sequence performed with the trained hand using the novel, untrained sequence.",
    "TaskInstructions": "See published manuscripts.",
    "TaskName": "Trained Hand, Untrained Sequence",
    "dataset": "ds000170",
    "modality": "bold",
    "run_id": 2,
    "subject_id": "1714",
    "task_id": "TrainedHandUntrainedSequence"
  },
  "dummy_trs": 0,
  "dvars_nstd": 11.78128082090909,
  "dvars_std": 1.1618734415909089,
  "dvars_vstd": 1.0196997849999996,
  "efc": 0.4404569655642131,
  "fber": 5917.7744140625,
  "fd_mean": 0.04802216485763366,
  "fd_num": 0,
  "fd_perc": 0.0,
  "fwhm_avg": 2.3774024235321978,
  "fwhm_x": 2.3263638000911087,
  "fwhm_y": 2.618941817488741,
  "fwhm_z": 2.1869016530167436,
  "gcor": 0.0280298,
  "gsr_x": -0.006396782584488392,
  "gsr_y": 0.02013012394309044,
  "provenance": {
    "md5sum": "dc25cad683e7266688c56ee834a0a398",
    "settings": {
      "fd_thres": 0.2,
      "testing": false
    },
    "software": "mriqc",
    "version": "22.0.0rc1",
    "webapi_port": null,
    "webapi_url": "https://mriqc.nimh.nih.gov/api/v1"
  },
  "size_t": 45,
  "size_x": 64,
  "size_y": 64,
  "size_z": 40,
  "snr": 5.913389402523019,
  "spacing_tr": 3.0,
  "spacing_x": 3.437501907348633,
  "spacing_y": 3.4374990463256836,
  "spacing_z": 3.4000020027160645,
  "summary_bg_k": 27.1097370346009,
  "summary_bg_mad": 11.49840468934147,
  "summary_bg_mean": 61.02878189086914,
  "summary_bg_median": 23.33333396911621,
  "summary_bg_n": 111402.0,
  "summary_bg_p05": 7.045555663108829,
  "summary_bg_p95": 246.77667465209956,
  "summary_bg_stdv": 101.63651275634766,
  "summary_fg_k": 0.37875732232412807,
  "summary_fg_mad": 289.23918729793223,
  "summary_fg_mean": 1745.078369140625,
  "summary_fg_median": 1750.9111328125,
  "summary_fg_n": 21473.0,
  "summary_fg_p05": 1254.4133544921874,
  "summary_fg_p95": 2218.21328125,
  "summary_fg_stdv": 296.08575439453125,
  "tsnr": 130.95074653625488
}