{
  "aor": 0.0029779999999999997,
  "aqi": 0.0014189844444444444,
  "bids_meta": {
    "CogAtlasID": "trm_4c898f079d05e",
    "CogPOID": "",
    "EchoTime": 0.035,
    "FlipAngle": 90.0,
    "InPlanePhaseEncodingDirection": "COL",
    "MRAcquisitionType": "2D",
    "MagneticFieldStrength": 3.0,
    "Manufacturer": "GE",
    "ManufacturerModelName": "SIGNA HDx",
    "ReceiveCoilName": "8-channel head",
    "RepetitionTime": 3.0,
    "ScanOptions": "EPI.GEMS",
    "ScanningSequence": "EP/GR",
    "SequenceVariant": "SS",
    "SliceAcquisitionDirection": "sequential/ascending (bottom up)",
    "SliceGap": 0,
    "SliceTiming": [
      0.0,
      0.075,
      0.15,
      0.225,
      0.3,
      0.375,
      0.45,
      0.525,
      0.6,
      0.675,
      0.75,
      0.825,
      0.9,
      0.975,
      1.05,
      1.125,
      1.2,
      1.275,
      1.35,
      1.425,
      1.5,
      1.575,
      1.65,
      1.725,
      1.8,
      1.875,
      1.95,
      2.025,
      2.1,
      2.175,
      2.25,
      2.325,
      2.4,
      2.475,
      2.55,
      2.625,
      2.7,
      2.775,
      2.85,
      2.925
    ],
    "SliceTimingCalculationMethod": "slice_number * (RepetitionTime / num_slices)",
    "SoftwareVersion": "14/LX/MR Software release.14.0.M5A.0828.b",
    "TaskDescription": "Finger-to-thumb opposition sequence performed with the trained hand using the pre-trained sequence.",
    "TaskInstructions": "See published manuscripts.",
    "TaskName": "Trained Hand, Trained Sequence",
    "dataset": "ds000170",
    "modality": "bold",
    "run_id": 2,
    "subject_id": "1714",
    "task_id": "TrainedHandTrainedSequence"
  },
  "dummy_trs": 0,
  "dvars_nstd": 13.202875679545452,
  "dvars_std": 1.2301910743181816,
  "dvars_vstd": 1.0230795336363636,
  "efc": 0.4423887613110543,
  "fber": 5827.8447265625,
  "fd_mean": 0.03996703068451609,
  "fd_num": 0,
  "fd_perc": 0.0,
  "fwhm_avg": 2.398381783409034,
  "fwhm_x": 2.3697063214964036,
  "fwhm_y": 2.616143271257788,
  "fwhm_z": 2.2092957574729106,
  "gcor": 0.0318583,
  "gsr_x": -0.006915186531841755,
  "gsr_y": 0.021209202706813812,
  "provenance": {
    "md5sum": "446caf906901fc56789711411906ae1e",
    "settings": {
      "fd_thres": 0.2,
      "testing": false
    },
    "software": "mriqc",
    "version": "22.0.0rc1",
    "webapi_port": null,
    "webapi_url": "https://mriqc.nimh.nih.gov/api/v1"
  },
  "size_t": 45,
  "size_x": 64,
  "size_y": 64,
  "size_z": 40,
  "snr": 5.8077944622390465,
  "spacing_tr": 3.0,
  "spacing_x": 3.437501907348633,
  "spacing_y": 3.4374990463256836,
  "spacing_z": 3.4000020027160645,
  "summary_bg_k": 27.384834160972094,
  "summary_bg_mad": 11.399563221782751,
  "summary_bg_mean": 60.83136749267578,
  "summary_bg_median": 23.288888931274414,
  "summary_bg_n": 110980.0,
  "summary_bg_p05": 6.9555559158325195,
  "summary_bg_p95": 245.20112304687473,
  "summary_bg_stdv": 101.16865539550781,
  "summary_fg_k": 0.342509832201471,
  "summary_fg_mad": 291.5124986341931,
  "summary_fg_mean": 1736.243896484375,
  "summary_fg_median": 1739.4222412109375,
  "summary_fg_n": 21793.0,
  "summary_fg_p05": 1239.635595703125,
  "summary_fg_p95": 2220.489013671875,
  "summary_fg_stdv": 299.49102783203125,
  "tsnr": 133.99987054616213
}