{
  "aor": 0.0035675555555555565,
  "aqi": 0.0013596576,
  "bids_meta": {
    "CogAtlasID": "trm_4c898f079d05e",
    "CogPOID": "",
    "EchoTime": 0.035,
    "FlipAngle": 90.0,
    "InPlanePhaseEncodingDirection": "COL",
    "MRAcquisitionType": "2D",
    "MagneticFieldStrength": 3.0,
    "Manufacturer": "GE",
    "ManufacturerModelName": "SIGNA HDx",
    "ReceiveCoilName": "8-channel head",
    "RepetitionTime": 3.0,
    "ScanOptions": "EPI.GEMS",
    "ScanningSequence": "EP/GR",
    "SequenceVariant": "SS",
    "SliceAcquisitionDirection": "sequential/ascending (bottom up)",
    "SliceGap": 0,
    "SliceTiming": [
      0.0,
      0.075,
      0.15,
      0.225,
      0.3,
      0.375,
      0.45,
      0.525,
      0.6,
      0.675,
      0.75,
      0.825,
      0.9,
      0.975,
      1.05,
      1.125,
      1.2,
      1.275,
      1.35,
      1.425,
      1.5,
      1.575,
      1.65,
      1.725,
      1.8,
      1.875,
      1.95,
      2.025,
      2.1,
      2.175,
      2.25,
      2.325,
      2.4,
      2.475,
      2.55,
      2.625,
      2.7,
      2.775,
      2.85,
      2.925
    ],
    "SliceTimingCalculationMethod": "slice_number * (RepetitionTime / num_slices)",
    "SoftwareVersion": "14/LX/MR Software release.14.0.M5A.0828.b",
    "TaskDescription": "Finger-to-thumb opposition sequence performed with the untrained hand using the pre-trained sequence.",
    "TaskInstructions": "See published manuscripts.",
    "TaskName": "Untrained Hand, Trained Sequence",
    "dataset": "ds000170",
    "modality": "bold",
    "run_id": 3,
    "subject_id": "1714",
    "task_id": "UntrainedHandTrainedSequence"
  },
  "dummy_trs": 0,
  "dvars_nstd": 12.274203928636364,
  "dvars_std": 1.1787223988636362,
  "dvars_vstd": 1.030765683181818,
  "efc": 0.44013340045160343,
  "fber": 5824.94384765625,
  "fd_mean": 0.04422396389582745,
  "fd_num": 0,
  "fd_perc": 0.0,
  "fwhm_avg": 2.400350411628812,
  "fwhm_x": 2.3752481366032625,
  "fwhm_y": 2.62260145486768,
  "fwhm_z": 2.203201643415493,
  "gcor": 0.0248512,
  "gsr_x": -0.0065329778008162975,
  "gsr_y": 0.020288340747356415,
  "provenance": {
    "md5sum": "8a4ec0db39025a3661ec4ac56fc10380",
    "settings": {
      "fd_thres": 0.2,
      "testing": false
    },
    "software": "mriqc",
    "version": "22.0.0rc1",
    "webapi_port": null,
    "webapi_url": "https://mriqc.nimh.nih.gov/api/v1"
  },
  "size_t": 45,
  "size_x": 64,
  "size_y": 64,
  "size_z": 40,
  "snr": 5.773698735633174,
  "spacing_tr": 3.0,
  "spacing_x": 3.437501907348633,
  "spacing_y": 3.4374990463256836,
  "spacing_z": 3.4000020027160645,
  "summary_bg_k": 27.28012989415881,
  "summary_bg_mad": 11.333671737916251,
  "summary_bg_mean": 60.40021514892578,
  "summary_bg_median": 23.24444580078125,
  "summary_bg_n": 111335.0,
  "summary_bg_p05": 7.022222518920898,
  "summary_bg_p95": 244.91111755371094,
  "summary_bg_stdv": 100.08370971679688,
  "summary_fg_k": 0.3138496568073603,
  "summary_fg_mad": 293.2917298854295,
  "summary_fg_mean": 1730.6070556640625,
  "summary_fg_median": 1735.3778076171875,
  "summary_fg_n": 21482.0,
  "summary_fg_p05": 1234.84892578125,
  "summary_fg_p95": 2212.881140136719,
  "summary_fg_stdv": 300.5590515136719,
  "tsnr": 134.8588268365711
}