{
  "bids_meta": {
    "EchoTime": 0.003,
    "FlipAngle": 20.0,
    "InPlanePhaseEncodingDirection": "ROW",
    "MRAcquisitionType": "3D",
    "MagneticFieldStrength": 3.0,
    "Manufacturer": "GE",
    "ManufacturerModelName": "SIGNA HDx",
    "ReceiveCoilName": "8-channel head",
    "RepetitionTime": 0.0073,
    "ScanOptions": "FAST.GEMS/EDR.GEMS/FILTERED.GEMS",
    "ScanningSequence": "Scanning Sequence",
    "SequenceVariant": "SS/SP/SK",
    "SeriesDescription": "Ax FSPGR 3D Asset",
    "SoftwareVersion": "14/LX/MR Software release.14.0.M5A.0828.b",
    "dataset": "ds000170",
    "modality": "T1w",
    "subject_id": "1719"
  },
  "cjv": 0.68227429947665,
  "cnr": 2.0694547009485795,
  "efc": 0.7503034707953645,
  "fber": 16176.920787422736,
  "fwhm_avg": 5.271518888229422,
  "fwhm_x": 4.85923,
  "fwhm_y": 5.228008130318595,
  "fwhm_z": 5.727318534369669,
  "icvs_csf": 0.20746335254114862,
  "icvs_gm": 0.4309037739170102,
  "icvs_wm": 0.3616328735418412,
  "inu_med": 0.7410513162612915,
  "inu_range": 0.34091887474060056,
  "provenance": {
    "md5sum": "96907e0590a19168e2575057e8234110",
    "settings": {
      "testing": false
    },
    "software": "mriqc",
    "version": "22.0.0rc1",
    "warnings": {
      "large_rot_frame": true,
      "small_air_mask": true
    },
    "webapi_port": null,
    "webapi_url": "https://mriqc.nimh.nih.gov/api/v1"
  },
  "qi_1": 0.0,
  "qi_2": 0.0029381951663471646,
  "rpve_csf": 29.29458952931859,
  "rpve_gm": 14.773132417981472,
  "rpve_wm": 19.65021956199971,
  "size_x": 256,
  "size_y": 256,
  "size_z": 172,
  "snr_csf": 4.304087050508649,
  "snr_gm": 12.262498078253834,
  "snr_total": 12.707733467283523,
  "snr_wm": 21.556615273088088,
  "snrd_csf": 23.454155557264567,
  "snrd_gm": 41.39459608609955,
  "snrd_total": 38.30223498600525,
  "snrd_wm": 50.05795331465164,
  "spacing_x": 1.0,
  "spacing_y": 1.0000003576278687,
  "spacing_z": 0.9999985098838806,
  "summary_bg_k": 3.166424827346863,
  "summary_bg_mad": 13.088199824416224,
  "summary_bg_mean": 15.651467579150339,
  "summary_bg_median": 9.612554997205734,
  "summary_bg_n": 241850.0,
  "summary_bg_p05": 0.0,
  "summary_bg_p95": 50.17165184766054,
  "summary_bg_stdv": 17.159051594584017,
  "summary_csf_k": 0.22182985290027757,
  "summary_csf_mad": 100.1247286567841,
  "summary_csf_mean": 487.89599847113413,
  "summary_csf_median": 468.5630124658346,
  "summary_csf_n": 37246.0,
  "summary_csf_p05": 342.43501086346805,
  "summary_csf_p95": 681.6576627865434,
  "summary_csf_stdv": 108.86320764734153,
  "summary_gm_k": -0.3884981746978653,
  "summary_gm_mad": 73.51205568047112,
  "summary_gm_mean": 827.8046899699896,
  "summary_gm_median": 826.9739916473627,
  "summary_gm_n": 27328.0,
  "summary_gm_p05": 720.6645281795412,
  "summary_gm_p95": 938.089732613787,
  "summary_gm_stdv": 67.43804204545788,
  "summary_wm_k": 0.4931524803495151,
  "summary_wm_mad": 44.57259162426192,
  "summary_wm_mean": 1000.5308849628843,
  "summary_wm_median": 1000.0490252450109,
  "summary_wm_n": 188186.0,
  "summary_wm_p05": 925.2574621289968,
  "summary_wm_p95": 1076.2138105034828,
  "summary_wm_stdv": 46.39162296568531,
  "tpm_overlap_csf": 0.15947093069553375,
  "tpm_overlap_gm": 0.4646685719490051,
  "tpm_overlap_wm": 0.49829620122909546,
  "wm2max": 0.4451415148230568
}