{
  "aor": 0.008295555555555556,
  "aqi": 0.006886213333333334,
  "bids_meta": {
    "CogAtlasID": "trm_4c898f079d05e",
    "CogPOID": "",
    "EchoTime": 0.035,
    "FlipAngle": 90.0,
    "InPlanePhaseEncodingDirection": "COL",
    "MRAcquisitionType": "2D",
    "MagneticFieldStrength": 3.0,
    "Manufacturer": "GE",
    "ManufacturerModelName": "SIGNA HDx",
    "ReceiveCoilName": "8-channel head",
    "RepetitionTime": 3.0,
    "ScanOptions": "EPI.GEMS",
    "ScanningSequence": "EP/GR",
    "SequenceVariant": "SS",
    "SliceAcquisitionDirection": "sequential/ascending (bottom up)",
    "SliceGap": 0,
    "SliceTiming": [
      0.0,
      0.075,
      0.15,
      0.225,
      0.3,
      0.375,
      0.45,
      0.525,
      0.6,
      0.675,
      0.75,
      0.825,
      0.9,
      0.975,
      1.05,
      1.125,
      1.2,
      1.275,
      1.35,
      1.425,
      1.5,
      1.575,
      1.65,
      1.725,
      1.8,
      1.875,
      1.95,
      2.025,
      2.1,
      2.175,
      2.25,
      2.325,
      2.4,
      2.475,
      2.55,
      2.625,
      2.7,
      2.775,
      2.85,
      2.925
    ],
    "SliceTimingCalculationMethod": "slice_number * (RepetitionTime / num_slices)",
    "SoftwareVersion": "14/LX/MR Software release.14.0.M5A.0828.b",
    "TaskDescription": "Finger-to-thumb opposition sequence performed with the untrained hand using the novel, untrained sequence.",
    "TaskInstructions": "See published manuscripts.",
    "TaskName": "Untrained Hand, Untrained Sequence",
    "dataset": "ds000170",
    "modality": "bold",
    "run_id": 2,
    "subject_id": "1701",
    "task_id": "UntrainedHandUntrainedSequence"
  },
  "dummy_trs": 0,
  "dvars_nstd": 19.486016208409094,
  "dvars_std": 1.1257287443181816,
  "dvars_vstd": 0.9734513752272729,
  "efc": 0.43555536352529645,
  "fber": 6827.84326171875,
  "fd_mean": 0.16719714352624512,
  "fd_num": 8,
  "fd_perc": 17.77777777777778,
  "fwhm_avg": 2.33727906410151,
  "fwhm_x": 2.335563636363636,
  "fwhm_y": 2.5388065683797474,
  "fwhm_z": 2.1374669875611456,
  "gcor": 0.0278538,
  "gsr_x": -0.011511117219924927,
  "gsr_y": 0.02242148667573929,
  "provenance": {
    "md5sum": "e96d3d606ee8380abaf5ffcdf59b1936",
    "settings": {
      "fd_thres": 0.2,
      "testing": false
    },
    "software": "mriqc",
    "version": "22.0.0rc1",
    "webapi_port": null,
    "webapi_url": "https://mriqc.nimh.nih.gov/api/v1"
  },
  "size_t": 45,
  "size_x": 64,
  "size_y": 64,
  "size_z": 40,
  "snr": 5.734638118494827,
  "spacing_tr": 3.0,
  "spacing_x": 3.4375,
  "spacing_y": 3.4375009536743164,
  "spacing_z": 3.400001049041748,
  "summary_bg_k": 27.594105686188186,
  "summary_bg_mad": 10.839470055801279,
  "summary_bg_mean": 61.42375564575195,
  "summary_bg_median": 21.088890075683594,
  "summary_bg_n": 111889.0,
  "summary_bg_p05": 5.6666669845581055,
  "summary_bg_p95": 277.0622253417963,
  "summary_bg_stdv": 108.90839385986328,
  "summary_fg_k": 0.5745813891419331,
  "summary_fg_mad": 288.415539507842,
  "summary_fg_mean": 1700.4986572265625,
  "summary_fg_median": 1710.022216796875,
  "summary_fg_n": 20721.0,
  "summary_fg_p05": 1207.1556396484375,
  "summary_fg_p95": 2169.244384765625,
  "summary_fg_stdv": 298.18463134765625,
  "tsnr": 61.878046230296604
}