{
  "aor": 0.0039915555555555555,
  "aqi": 0.0034438897777777787,
  "bids_meta": {
    "CogAtlasID": "trm_4c898f079d05e",
    "CogPOID": "",
    "EchoTime": 0.035,
    "FlipAngle": 90.0,
    "InPlanePhaseEncodingDirection": "COL",
    "MRAcquisitionType": "2D",
    "MagneticFieldStrength": 3.0,
    "Manufacturer": "GE",
    "ManufacturerModelName": "SIGNA HDx",
    "ReceiveCoilName": "8-channel head",
    "RepetitionTime": 3.0,
    "ScanOptions": "EPI.GEMS",
    "ScanningSequence": "EP/GR",
    "SequenceVariant": "SS",
    "SliceAcquisitionDirection": "sequential/ascending (bottom up)",
    "SliceGap": 0,
    "SliceTiming": [
      0.0,
      0.075,
      0.15,
      0.225,
      0.3,
      0.375,
      0.45,
      0.525,
      0.6,
      0.675,
      0.75,
      0.825,
      0.9,
      0.975,
      1.05,
      1.125,
      1.2,
      1.275,
      1.35,
      1.425,
      1.5,
      1.575,
      1.65,
      1.725,
      1.8,
      1.875,
      1.95,
      2.025,
      2.1,
      2.175,
      2.25,
      2.325,
      2.4,
      2.475,
      2.55,
      2.625,
      2.7,
      2.775,
      2.85,
      2.925
    ],
    "SliceTimingCalculationMethod": "slice_number * (RepetitionTime / num_slices)",
    "SoftwareVersion": "14/LX/MR Software release.14.0.M5A.0828.b",
    "TaskDescription": "Finger-to-thumb opposition sequence performed with the untrained hand using the novel, untrained sequence.",
    "TaskInstructions": "See published manuscripts.",
    "TaskName": "Untrained Hand, Untrained Sequence",
    "dataset": "ds000170",
    "modality": "bold",
    "run_id": 1,
    "subject_id": "1701",
    "task_id": "UntrainedHandUntrainedSequence"
  },
  "dummy_trs": 0,
  "dvars_nstd": 16.327973430909093,
  "dvars_std": 1.1500635293181818,
  "dvars_vstd": 0.9864238506818181,
  "efc": 0.4482554323421064,
  "fber": 6678.7822265625,
  "fd_mean": 0.1008806844931413,
  "fd_num": 3,
  "fd_perc": 6.666666666666667,
  "fwhm_avg": 2.3489817431693165,
  "fwhm_x": 2.3163054545454544,
  "fwhm_y": 2.554934563905317,
  "fwhm_z": 2.1757052110571773,
  "gcor": 0.0220469,
  "gsr_x": -0.011701395735144615,
  "gsr_y": 0.02804570272564888,
  "provenance": {
    "md5sum": "1e8145358c0295c9eacfb608eedcfff6",
    "settings": {
      "fd_thres": 0.2,
      "testing": false
    },
    "software": "mriqc",
    "version": "22.0.0rc1",
    "webapi_port": null,
    "webapi_url": "https://mriqc.nimh.nih.gov/api/v1"
  },
  "size_t": 45,
  "size_x": 64,
  "size_y": 64,
  "size_z": 40,
  "snr": 5.709451077426497,
  "spacing_tr": 3.0,
  "spacing_x": 3.4375,
  "spacing_y": 3.4375009536743164,
  "spacing_z": 3.400001049041748,
  "summary_bg_k": 22.33095660140858,
  "summary_bg_mad": 10.04874679884946,
  "summary_bg_mean": 62.64228439331055,
  "summary_bg_median": 20.955556869506836,
  "summary_bg_n": 109656.0,
  "summary_bg_p05": 5.933333396911621,
  "summary_bg_p95": 289.39444732666016,
  "summary_bg_stdv": 110.28528594970703,
  "summary_fg_k": 0.530935787348505,
  "summary_fg_mad": 285.59855909633814,
  "summary_fg_mean": 1674.64404296875,
  "summary_fg_median": 1682.2333984375,
  "summary_fg_n": 22172.0,
  "summary_fg_p05": 1193.1178161621094,
  "summary_fg_p95": 2139.607873535156,
  "summary_fg_stdv": 294.63348388671875,
  "tsnr": 89.31035414990038
}