{
  "aor": 0.003648444444444444,
  "aqi": 0.006221827333333333,
  "bids_meta": {
    "CogAtlasID": "trm_4c898f079d05e",
    "CogPOID": "",
    "EchoTime": 0.035,
    "FlipAngle": 90.0,
    "InPlanePhaseEncodingDirection": "COL",
    "MRAcquisitionType": "2D",
    "MagneticFieldStrength": 3.0,
    "Manufacturer": "GE",
    "ManufacturerModelName": "SIGNA HDx",
    "ReceiveCoilName": "8-channel head",
    "RepetitionTime": 3.0,
    "ScanOptions": "EPI.GEMS",
    "ScanningSequence": "EP/GR",
    "SequenceVariant": "SS",
    "SliceAcquisitionDirection": "sequential/ascending (bottom up)",
    "SliceGap": 0,
    "SliceTiming": [
      0.0,
      0.075,
      0.15,
      0.225,
      0.3,
      0.375,
      0.45,
      0.525,
      0.6,
      0.675,
      0.75,
      0.825,
      0.9,
      0.975,
      1.05,
      1.125,
      1.2,
      1.275,
      1.35,
      1.425,
      1.5,
      1.575,
      1.65,
      1.725,
      1.8,
      1.875,
      1.95,
      2.025,
      2.1,
      2.175,
      2.25,
      2.325,
      2.4,
      2.475,
      2.55,
      2.625,
      2.7,
      2.775,
      2.85,
      2.925
    ],
    "SliceTimingCalculationMethod": "slice_number * (RepetitionTime / num_slices)",
    "SoftwareVersion": "14/LX/MR Software release.14.0.M5A.0828.b",
    "TaskDescription": "Finger-to-thumb opposition sequence performed with the untrained hand using the novel, untrained sequence.",
    "TaskInstructions": "See published manuscripts.",
    "TaskName": "Untrained Hand, Untrained Sequence",
    "dataset": "ds000170",
    "modality": "bold",
    "run_id": 3,
    "subject_id": "1701",
    "task_id": "UntrainedHandUntrainedSequence"
  },
  "dummy_trs": 0,
  "dvars_nstd": 18.001312624772723,
  "dvars_std": 1.0739301522727271,
  "dvars_vstd": 0.9285856811363637,
  "efc": 0.4409995060418073,
  "fber": 6863.76611328125,
  "fd_mean": 0.1388829702953358,
  "fd_num": 9,
  "fd_perc": 20.0,
  "fwhm_avg": 2.343379791129649,
  "fwhm_x": 2.3141469090909093,
  "fwhm_y": 2.565357833740835,
  "fwhm_z": 2.1506346305572026,
  "gcor": 0.0195448,
  "gsr_x": -0.01130822952836752,
  "gsr_y": 0.025662554427981377,
  "provenance": {
    "md5sum": "e09d048013d6e9a97997125d1a2486e8",
    "settings": {
      "fd_thres": 0.2,
      "testing": false
    },
    "software": "mriqc",
    "version": "22.0.0rc1",
    "webapi_port": null,
    "webapi_url": "https://mriqc.nimh.nih.gov/api/v1"
  },
  "size_t": 45,
  "size_x": 64,
  "size_y": 64,
  "size_z": 40,
  "snr": 5.768686110284419,
  "spacing_tr": 3.0,
  "spacing_x": 3.4375,
  "spacing_y": 3.4375009536743164,
  "spacing_z": 3.400001049041748,
  "summary_bg_k": 22.64041896667696,
  "summary_bg_mad": 10.44410842732537,
  "summary_bg_mean": 61.59526824951172,
  "summary_bg_median": 21.0,
  "summary_bg_n": 110852.0,
  "summary_bg_p05": 5.622222423553467,
  "summary_bg_p95": 280.5488906860348,
  "summary_bg_stdv": 107.38381958007812,
  "summary_fg_k": 0.5849683594999182,
  "summary_fg_mad": 286.6035505659868,
  "summary_fg_mean": 1699.01708984375,
  "summary_fg_median": 1709.666748046875,
  "summary_fg_n": 21369.0,
  "summary_fg_p05": 1211.111083984375,
  "summary_fg_p95": 2165.65341796875,
  "summary_fg_stdv": 296.36328125,
  "tsnr": 66.25001648627222
}