{
  "aor": 0.013905681818181819,
  "aqi": 0.004296512045454544,
  "bids_meta": {
    "CogAtlasID": "trm_4c898f079d05e",
    "CogPOID": "",
    "EchoTime": 0.035,
    "FlipAngle": 90.0,
    "InPlanePhaseEncodingDirection": "COL",
    "MRAcquisitionType": "2D",
    "MagneticFieldStrength": 3.0,
    "Manufacturer": "GE",
    "ManufacturerModelName": "SIGNA HDx",
    "ReceiveCoilName": "8-channel head",
    "RepetitionTime": 3.0,
    "ScanOptions": "EPI.GEMS",
    "ScanningSequence": "EP/GR",
    "SequenceVariant": "SS",
    "SliceAcquisitionDirection": "sequential/ascending (bottom up)",
    "SliceGap": 0,
    "SliceTiming": [
      0.0,
      0.075,
      0.15,
      0.225,
      0.3,
      0.375,
      0.45,
      0.525,
      0.6,
      0.675,
      0.75,
      0.825,
      0.9,
      0.975,
      1.05,
      1.125,
      1.2,
      1.275,
      1.35,
      1.425,
      1.5,
      1.575,
      1.65,
      1.725,
      1.8,
      1.875,
      1.95,
      2.025,
      2.1,
      2.175,
      2.25,
      2.325,
      2.4,
      2.475,
      2.55,
      2.625,
      2.7,
      2.775,
      2.85,
      2.925
    ],
    "SliceTimingCalculationMethod": "slice_number * (RepetitionTime / num_slices)",
    "SoftwareVersion": "14/LX/MR Software release.14.0.M5A.0828.b",
    "TaskDescription": "Finger-to-thumb opposition sequence performed with the untrained hand using the novel, untrained sequence.",
    "TaskInstructions": "See published manuscripts.",
    "TaskName": "Untrained Hand, Untrained Sequence",
    "dataset": "ds000170",
    "modality": "bold",
    "run_id": 2,
    "subject_id": "1702",
    "task_id": "UntrainedHandUntrainedSequence"
  },
  "dummy_trs": 1,
  "dvars_nstd": 18.627763216511624,
  "dvars_std": 1.250994986976744,
  "dvars_vstd": 1.016366802325581,
  "efc": 0.47175728112689946,
  "fber": 5323.39111328125,
  "fd_mean": 0.15418502858817293,
  "fd_num": 6,
  "fd_perc": 13.636363636363637,
  "fwhm_avg": 2.1779781115378802,
  "fwhm_x": 2.1839912727272726,
  "fwhm_y": 2.3840407272727275,
  "fwhm_z": 1.9659023346136408,
  "gcor": 0.0138346,
  "gsr_x": -0.0009294117917306721,
  "gsr_y": 0.020280545577406883,
  "provenance": {
    "md5sum": "3beb1f44cc4cb7e2d3a4b96076b0f1de",
    "settings": {
      "fd_thres": 0.2,
      "testing": false
    },
    "software": "mriqc",
    "version": "22.0.0rc1",
    "webapi_port": null,
    "webapi_url": "https://mriqc.nimh.nih.gov/api/v1"
  },
  "size_t": 44,
  "size_x": 64,
  "size_y": 64,
  "size_z": 40,
  "snr": 6.433428013818321,
  "spacing_tr": 3.0,
  "spacing_x": 3.4375,
  "spacing_y": 3.4375,
  "spacing_z": 3.400001049041748,
  "summary_bg_k": 30.137646737287895,
  "summary_bg_mad": 15.331456044928073,
  "summary_bg_mean": 63.73698043823242,
  "summary_bg_median": 24.68181800842285,
  "summary_bg_n": 105266.0,
  "summary_bg_p05": 3.909090995788574,
  "summary_bg_p95": 241.8636474609375,
  "summary_bg_stdv": 107.5929183959961,
  "summary_fg_k": 0.9282263676774978,
  "summary_fg_mad": 255.445738317705,
  "summary_fg_mean": 1759.0372314453125,
  "summary_fg_median": 1761.386474609375,
  "summary_fg_n": 25813.0,
  "summary_fg_p05": 1310.1091064453126,
  "summary_fg_p95": 2199.654638671875,
  "summary_fg_stdv": 273.78131103515625,
  "tsnr": 85.73662339057773
}