{
  "aor": 0.005195333333333333,
  "aqi": 0.0021894613333333333,
  "bids_meta": {
    "CogAtlasID": "trm_4c898f079d05e",
    "CogPOID": "",
    "EchoTime": 0.035,
    "FlipAngle": 90.0,
    "InPlanePhaseEncodingDirection": "COL",
    "MRAcquisitionType": "2D",
    "MagneticFieldStrength": 3.0,
    "Manufacturer": "GE",
    "ManufacturerModelName": "SIGNA HDx",
    "ReceiveCoilName": "8-channel head",
    "RepetitionTime": 3.0,
    "ScanOptions": "EPI.GEMS",
    "ScanningSequence": "EP/GR",
    "SequenceVariant": "SS",
    "SliceAcquisitionDirection": "sequential/ascending (bottom up)",
    "SliceGap": 0,
    "SliceTiming": [
      0.0,
      0.075,
      0.15,
      0.225,
      0.3,
      0.375,
      0.45,
      0.525,
      0.6,
      0.675,
      0.75,
      0.825,
      0.9,
      0.975,
      1.05,
      1.125,
      1.2,
      1.275,
      1.35,
      1.425,
      1.5,
      1.575,
      1.65,
      1.725,
      1.8,
      1.875,
      1.95,
      2.025,
      2.1,
      2.175,
      2.25,
      2.325,
      2.4,
      2.475,
      2.55,
      2.625,
      2.7,
      2.775,
      2.85,
      2.925
    ],
    "SliceTimingCalculationMethod": "slice_number * (RepetitionTime / num_slices)",
    "SoftwareVersion": "14/LX/MR Software release.14.0.M5A.0828.b",
    "TaskDescription": "Finger-to-thumb opposition sequence performed with the trained hand using the pre-trained sequence.",
    "TaskInstructions": "See published manuscripts.",
    "TaskName": "Trained Hand, Trained Sequence",
    "dataset": "ds000170",
    "modality": "bold",
    "run_id": 3,
    "subject_id": "1702",
    "task_id": "TrainedHandTrainedSequence"
  },
  "dummy_trs": 0,
  "dvars_nstd": 17.907203089318184,
  "dvars_std": 1.3839942125,
  "dvars_vstd": 1.0528953156818182,
  "efc": 0.4681078424161785,
  "fber": 5282.431640625,
  "fd_mean": 0.0648913915201222,
  "fd_num": 0,
  "fd_perc": 0.0,
  "fwhm_avg": 2.1857658013755317,
  "fwhm_x": 2.1934545454545455,
  "fwhm_y": 2.3632581818181815,
  "fwhm_z": 2.000584676853869,
  "gcor": 0.0297586,
  "gsr_x": -0.0016212321352213621,
  "gsr_y": 0.01947048120200634,
  "provenance": {
    "md5sum": "20376b31cbcba39b5a5b4c6b8c666537",
    "settings": {
      "fd_thres": 0.2,
      "testing": false
    },
    "software": "mriqc",
    "version": "22.0.0rc1",
    "webapi_port": null,
    "webapi_url": "https://mriqc.nimh.nih.gov/api/v1"
  },
  "size_t": 45,
  "size_x": 64,
  "size_y": 64,
  "size_z": 40,
  "snr": 6.359735006695226,
  "spacing_tr": 3.0,
  "spacing_x": 3.4375,
  "spacing_y": 3.4375,
  "spacing_z": 3.400001049041748,
  "summary_bg_k": 31.75014711004654,
  "summary_bg_mad": 13.83762164866539,
  "summary_bg_mean": 63.353153228759766,
  "summary_bg_median": 24.933334350585938,
  "summary_bg_n": 105893.0,
  "summary_bg_p05": 4.911111354827881,
  "summary_bg_p95": 238.02223205566406,
  "summary_bg_stdv": 107.8389892578125,
  "summary_fg_k": 0.9226685209879206,
  "summary_fg_mad": 260.5427263889664,
  "summary_fg_mean": 1766.7513427734375,
  "summary_fg_median": 1769.4222412109375,
  "summary_fg_n": 25275.0,
  "summary_fg_p05": 1309.88447265625,
  "summary_fg_p95": 2216.5489990234373,
  "summary_fg_stdv": 278.2171325683594,
  "tsnr": 128.14580027991906
}