{
  "aor": 0.006017777777777776,
  "aqi": 0.002073830888888889,
  "bids_meta": {
    "CogAtlasID": "trm_4c898f079d05e",
    "CogPOID": "",
    "EchoTime": 0.035,
    "FlipAngle": 90.0,
    "InPlanePhaseEncodingDirection": "COL",
    "MRAcquisitionType": "2D",
    "MagneticFieldStrength": 3.0,
    "Manufacturer": "GE",
    "ManufacturerModelName": "SIGNA HDx",
    "ReceiveCoilName": "8-channel head",
    "RepetitionTime": 3.0,
    "ScanOptions": "EPI.GEMS",
    "ScanningSequence": "EP/GR",
    "SequenceVariant": "SS",
    "SliceAcquisitionDirection": "sequential/ascending (bottom up)",
    "SliceGap": 0,
    "SliceTiming": [
      0.0,
      0.075,
      0.15,
      0.225,
      0.3,
      0.375,
      0.45,
      0.525,
      0.6,
      0.675,
      0.75,
      0.825,
      0.9,
      0.975,
      1.05,
      1.125,
      1.2,
      1.275,
      1.35,
      1.425,
      1.5,
      1.575,
      1.65,
      1.725,
      1.8,
      1.875,
      1.95,
      2.025,
      2.1,
      2.175,
      2.25,
      2.325,
      2.4,
      2.475,
      2.55,
      2.625,
      2.7,
      2.775,
      2.85,
      2.925
    ],
    "SliceTimingCalculationMethod": "slice_number * (RepetitionTime / num_slices)",
    "SoftwareVersion": "14/LX/MR Software release.14.0.M5A.0828.b",
    "TaskDescription": "Finger-to-thumb opposition sequence performed with the untrained hand using the novel, untrained sequence.",
    "TaskInstructions": "See published manuscripts.",
    "TaskName": "Untrained Hand, Untrained Sequence",
    "dataset": "ds000170",
    "modality": "bold",
    "run_id": 3,
    "subject_id": "1702",
    "task_id": "UntrainedHandUntrainedSequence"
  },
  "dummy_trs": 0,
  "dvars_nstd": 17.163355957045454,
  "dvars_std": 1.3509878390909091,
  "dvars_vstd": 1.0528977040909089,
  "efc": 0.4690592976611446,
  "fber": 5224.81689453125,
  "fd_mean": 0.07026050714535569,
  "fd_num": 0,
  "fd_perc": 0.0,
  "fwhm_avg": 2.164170823035887,
  "fwhm_x": 2.174955636363636,
  "fwhm_y": 2.3715927272727275,
  "fwhm_z": 1.945964105471298,
  "gcor": 0.0295284,
  "gsr_x": -0.0015281608793884516,
  "gsr_y": 0.020485054701566696,
  "provenance": {
    "md5sum": "0748aa8a4dd9a347350ca80a8446974c",
    "settings": {
      "fd_thres": 0.2,
      "testing": false
    },
    "software": "mriqc",
    "version": "22.0.0rc1",
    "webapi_port": null,
    "webapi_url": "https://mriqc.nimh.nih.gov/api/v1"
  },
  "size_t": 45,
  "size_x": 64,
  "size_y": 64,
  "size_z": 40,
  "snr": 6.364710852143208,
  "spacing_tr": 3.0,
  "spacing_x": 3.4375,
  "spacing_y": 3.4375,
  "spacing_z": 3.400001049041748,
  "summary_bg_k": 30.858162626983116,
  "summary_bg_mad": 13.738783008945983,
  "summary_bg_mean": 62.88130569458008,
  "summary_bg_median": 24.755556106567383,
  "summary_bg_n": 105796.0,
  "summary_bg_p05": 4.866666793823242,
  "summary_bg_p95": 237.57222366333008,
  "summary_bg_stdv": 105.9950180053711,
  "summary_fg_k": 1.1869602597074662,
  "summary_fg_mad": 252.37185436016003,
  "summary_fg_mean": 1742.280029296875,
  "summary_fg_median": 1744.45556640625,
  "summary_fg_n": 25394.0,
  "summary_fg_p05": 1299.5867248535158,
  "summary_fg_p95": 2186.8100463867186,
  "summary_fg_stdv": 274.0770568847656,
  "tsnr": 127.4229380376637
}