{
  "bids_meta": {
    "EchoTime": 0.003,
    "FlipAngle": 20.0,
    "InPlanePhaseEncodingDirection": "ROW",
    "MRAcquisitionType": "3D",
    "MagneticFieldStrength": 3.0,
    "Manufacturer": "GE",
    "ManufacturerModelName": "SIGNA HDx",
    "ReceiveCoilName": "8-channel head",
    "RepetitionTime": 0.0073,
    "ScanOptions": "FAST.GEMS/EDR.GEMS/FILTERED.GEMS",
    "ScanningSequence": "Scanning Sequence",
    "SequenceVariant": "SS/SP/SK",
    "SeriesDescription": "Ax FSPGR 3D Asset",
    "SoftwareVersion": "14/LX/MR Software release.14.0.M5A.0828.b",
    "dataset": "ds000170",
    "modality": "T1w",
    "subject_id": "1707"
  },
  "cjv": 0.6194840933034429,
  "cnr": 2.1731362297383536,
  "efc": 0.7389299214356738,
  "fber": 9835.645948457137,
  "fwhm_avg": 4.70888880779014,
  "fwhm_x": 4.3884,
  "fwhm_y": 4.678978884444503,
  "fwhm_z": 5.059287538925915,
  "icvs_csf": 0.22616550001205898,
  "icvs_gm": 0.40356348478648985,
  "icvs_wm": 0.37027101520145117,
  "inu_med": 0.993844747543335,
  "inu_range": 0.399975910782814,
  "provenance": {
    "md5sum": "78b7d1236557512e10fb95d484aac032",
    "settings": {
      "testing": false
    },
    "software": "mriqc",
    "version": "22.0.0rc1",
    "warnings": {
      "large_rot_frame": true,
      "small_air_mask": false
    },
    "webapi_port": null,
    "webapi_url": "https://mriqc.nimh.nih.gov/api/v1"
  },
  "qi_1": 0.00010669877184936044,
  "qi_2": 0.002487068135908628,
  "rpve_csf": 21.54021605462963,
  "rpve_gm": 12.065540451234323,
  "rpve_wm": 15.443270296810162,
  "size_x": 256,
  "size_y": 256,
  "size_z": 150,
  "snr_csf": 4.739521702552536,
  "snr_gm": 13.314334097612807,
  "snr_total": 14.317557008331931,
  "snr_wm": 24.898815224830447,
  "snrd_csf": 19.090833642815554,
  "snrd_gm": 37.58749723110121,
  "snrd_total": 33.91346251016356,
  "snrd_wm": 45.062056656573915,
  "spacing_x": 1.0,
  "spacing_y": 1.000000238418579,
  "spacing_z": 0.9999985098838806,
  "summary_bg_k": 5.578763142116669,
  "summary_bg_mad": 14.538536584129911,
  "summary_bg_mean": 17.172468131109188,
  "summary_bg_median": 12.243766970932484,
  "summary_bg_n": 455476.0,
  "summary_bg_p05": 0.0,
  "summary_bg_p95": 50.19390441477299,
  "summary_bg_stdv": 16.97988372663487,
  "summary_csf_k": 1.2441344281583966,
  "summary_csf_mad": 67.76436543450382,
  "summary_csf_mean": 444.0726272910301,
  "summary_csf_median": 423.6564978584647,
  "summary_csf_n": 55802.0,
  "summary_csf_p05": 335.06924271583557,
  "summary_csf_p95": 625.6509520485997,
  "summary_csf_stdv": 89.38722688919759,
  "summary_gm_k": -0.19635783474797508,
  "summary_gm_mad": 64.97165219235457,
  "summary_gm_mean": 834.1978075500971,
  "summary_gm_median": 834.1274005174637,
  "summary_gm_n": 25963.0,
  "summary_gm_p05": 732.4099518358707,
  "summary_gm_p95": 936.8974807485938,
  "summary_gm_stdv": 62.6476195111254,
  "summary_wm_k": 0.9713946681159058,
  "summary_wm_mad": 37.78376739378395,
  "summary_wm_mean": 1002.536730902273,
  "summary_wm_median": 999.9999720603228,
  "summary_wm_n": 220821.0,
  "summary_wm_p05": 941.6066218912601,
  "summary_wm_p95": 1072.0775323733687,
  "summary_wm_stdv": 40.162461496688785,
  "tpm_overlap_csf": 0.16849422454833984,
  "tpm_overlap_gm": 0.43011218309402466,
  "tpm_overlap_wm": 0.5089743137359619,
  "wm2max": 0.40799442586939727
}