{
  "aor": 0.003756444444444445,
  "aqi": 0.003138132888888889,
  "bids_meta": {
    "CogAtlasID": "trm_4c898f079d05e",
    "CogPOID": "",
    "EchoTime": 0.035,
    "FlipAngle": 90.0,
    "InPlanePhaseEncodingDirection": "COL",
    "MRAcquisitionType": "2D",
    "MagneticFieldStrength": 3.0,
    "Manufacturer": "GE",
    "ManufacturerModelName": "SIGNA HDx",
    "ReceiveCoilName": "8-channel head",
    "RepetitionTime": 3.0,
    "ScanOptions": "EPI.GEMS",
    "ScanningSequence": "EP/GR",
    "SequenceVariant": "SS",
    "SliceAcquisitionDirection": "sequential/ascending (bottom up)",
    "SliceGap": 0,
    "SliceTiming": [
      0.0,
      0.075,
      0.15,
      0.225,
      0.3,
      0.375,
      0.45,
      0.525,
      0.6,
      0.675,
      0.75,
      0.825,
      0.9,
      0.975,
      1.05,
      1.125,
      1.2,
      1.275,
      1.35,
      1.425,
      1.5,
      1.575,
      1.65,
      1.725,
      1.8,
      1.875,
      1.95,
      2.025,
      2.1,
      2.175,
      2.25,
      2.325,
      2.4,
      2.475,
      2.55,
      2.625,
      2.7,
      2.775,
      2.85,
      2.925
    ],
    "SliceTimingCalculationMethod": "slice_number * (RepetitionTime / num_slices)",
    "SoftwareVersion": "14/LX/MR Software release.14.0.M5A.0828.b",
    "TaskDescription": "Finger-to-thumb opposition sequence performed with the trained hand using the novel, untrained sequence.",
    "TaskInstructions": "See published manuscripts.",
    "TaskName": "Trained Hand, Untrained Sequence",
    "dataset": "ds000170",
    "modality": "bold",
    "run_id": 2,
    "subject_id": "1710",
    "task_id": "TrainedHandUntrainedSequence"
  },
  "dummy_trs": 0,
  "dvars_nstd": 16.382407817045458,
  "dvars_std": 1.1454792938636362,
  "dvars_vstd": 1.0022260588636365,
  "efc": 0.48286238141004123,
  "fber": 4558.01318359375,
  "fd_mean": 0.09281840043191775,
  "fd_num": 5,
  "fd_perc": 11.11111111111111,
  "fwhm_avg": 2.2866471388141307,
  "fwhm_x": 2.2585658181818182,
  "fwhm_y": 2.4803403636363637,
  "fwhm_z": 2.121035234624211,
  "gcor": 0.0605252,
  "gsr_x": -0.0014183158054947853,
  "gsr_y": 0.027651432901620865,
  "provenance": {
    "md5sum": "d1896b427d5056cf8131f6f63325c389",
    "settings": {
      "fd_thres": 0.2,
      "testing": false
    },
    "software": "mriqc",
    "version": "22.0.0rc1",
    "webapi_port": null,
    "webapi_url": "https://mriqc.nimh.nih.gov/api/v1"
  },
  "size_t": 45,
  "size_x": 64,
  "size_y": 64,
  "size_z": 40,
  "snr": 5.078430199032308,
  "spacing_tr": 3.0,
  "spacing_x": 3.4375,
  "spacing_y": 3.4375,
  "spacing_z": 3.4000000953674316,
  "summary_bg_k": 25.16731871037702,
  "summary_bg_mad": 12.91511259614126,
  "summary_bg_mean": 62.648277282714844,
  "summary_bg_median": 24.044445037841797,
  "summary_bg_n": 103250.0,
  "summary_bg_p05": 5.8222222328186035,
  "summary_bg_p95": 246.20001220703125,
  "summary_bg_stdv": 105.05586242675781,
  "summary_fg_k": 1.0450111840648795,
  "summary_fg_mad": 279.0917234564539,
  "summary_fg_mean": 1585.1695556640625,
  "summary_fg_median": 1584.3778076171875,
  "summary_fg_n": 27525.0,
  "summary_fg_p05": 1079.84892578125,
  "summary_fg_p95": 2092.20439453125,
  "summary_fg_stdv": 311.97613525390625,
  "tsnr": 91.21325829415582
}