{
  "aor": 0.0034955555555555556,
  "aqi": 0.0029966515555555555,
  "bids_meta": {
    "CogAtlasID": "trm_4c898f079d05e",
    "CogPOID": "",
    "EchoTime": 0.035,
    "FlipAngle": 90.0,
    "InPlanePhaseEncodingDirection": "COL",
    "MRAcquisitionType": "2D",
    "MagneticFieldStrength": 3.0,
    "Manufacturer": "GE",
    "ManufacturerModelName": "SIGNA HDx",
    "ReceiveCoilName": "8-channel head",
    "RepetitionTime": 3.0,
    "ScanOptions": "EPI.GEMS",
    "ScanningSequence": "EP/GR",
    "SequenceVariant": "SS",
    "SliceAcquisitionDirection": "sequential/ascending (bottom up)",
    "SliceGap": 0,
    "SliceTiming": [
      0.0,
      0.075,
      0.15,
      0.225,
      0.3,
      0.375,
      0.45,
      0.525,
      0.6,
      0.675,
      0.75,
      0.825,
      0.9,
      0.975,
      1.05,
      1.125,
      1.2,
      1.275,
      1.35,
      1.425,
      1.5,
      1.575,
      1.65,
      1.725,
      1.8,
      1.875,
      1.95,
      2.025,
      2.1,
      2.175,
      2.25,
      2.325,
      2.4,
      2.475,
      2.55,
      2.625,
      2.7,
      2.775,
      2.85,
      2.925
    ],
    "SliceTimingCalculationMethod": "slice_number * (RepetitionTime / num_slices)",
    "SoftwareVersion": "14/LX/MR Software release.14.0.M5A.0828.b",
    "TaskDescription": "Finger-to-thumb opposition sequence performed with the trained hand using the pre-trained sequence.",
    "TaskInstructions": "See published manuscripts.",
    "TaskName": "Trained Hand, Trained Sequence",
    "dataset": "ds000170",
    "modality": "bold",
    "run_id": 1,
    "subject_id": "1710",
    "task_id": "TrainedHandTrainedSequence"
  },
  "dummy_trs": 0,
  "dvars_nstd": 14.661907564318183,
  "dvars_std": 1.099209093409091,
  "dvars_vstd": 0.9734129156818181,
  "efc": 0.4870015633722498,
  "fber": 4585.5615234375,
  "fd_mean": 0.07571176235944861,
  "fd_num": 1,
  "fd_perc": 2.2222222222222223,
  "fwhm_avg": 2.2652606968879336,
  "fwhm_x": 2.2244509090909093,
  "fwhm_y": 2.465434181818182,
  "fwhm_z": 2.1058969997547092,
  "gcor": 0.0401286,
  "gsr_x": -0.002085610991343856,
  "gsr_y": 0.029459640383720398,
  "provenance": {
    "md5sum": "5301ea5527e09576e47db588acca96e2",
    "settings": {
      "fd_thres": 0.2,
      "testing": false
    },
    "software": "mriqc",
    "version": "22.0.0rc1",
    "webapi_port": null,
    "webapi_url": "https://mriqc.nimh.nih.gov/api/v1"
  },
  "size_t": 45,
  "size_x": 64,
  "size_y": 64,
  "size_z": 40,
  "snr": 5.215450025332453,
  "spacing_tr": 3.0,
  "spacing_x": 3.4375,
  "spacing_y": 3.4375,
  "spacing_z": 3.4000000953674316,
  "summary_bg_k": 25.40756673671804,
  "summary_bg_mad": 12.981005493927414,
  "summary_bg_mean": 63.738059997558594,
  "summary_bg_median": 24.0222225189209,
  "summary_bg_n": 102664.0,
  "summary_bg_p05": 5.5333333015441895,
  "summary_bg_p95": 252.10444717407188,
  "summary_bg_stdv": 107.6980209350586,
  "summary_fg_k": 1.05637347668931,
  "summary_fg_mad": 271.1679819610178,
  "summary_fg_mean": 1583.85498046875,
  "summary_fg_median": 1583.9444580078125,
  "summary_fg_n": 27988.0,
  "summary_fg_p05": 1093.2322875976563,
  "summary_fg_p95": 2079.540112304687,
  "summary_fg_stdv": 303.6969299316406,
  "tsnr": 97.93513303250074
}