{
  "aor": 0.003533111111111111,
  "aqi": 0.0033256902222222225,
  "bids_meta": {
    "CogAtlasID": "trm_4c898f079d05e",
    "CogPOID": "",
    "EchoTime": 0.035,
    "FlipAngle": 90.0,
    "InPlanePhaseEncodingDirection": "COL",
    "MRAcquisitionType": "2D",
    "MagneticFieldStrength": 3.0,
    "Manufacturer": "GE",
    "ManufacturerModelName": "SIGNA HDx",
    "ReceiveCoilName": "8-channel head",
    "RepetitionTime": 3.0,
    "ScanOptions": "EPI.GEMS",
    "ScanningSequence": "EP/GR",
    "SequenceVariant": "SS",
    "SliceAcquisitionDirection": "sequential/ascending (bottom up)",
    "SliceGap": 0,
    "SliceTiming": [
      0.0,
      0.075,
      0.15,
      0.225,
      0.3,
      0.375,
      0.45,
      0.525,
      0.6,
      0.675,
      0.75,
      0.825,
      0.9,
      0.975,
      1.05,
      1.125,
      1.2,
      1.275,
      1.35,
      1.425,
      1.5,
      1.575,
      1.65,
      1.725,
      1.8,
      1.875,
      1.95,
      2.025,
      2.1,
      2.175,
      2.25,
      2.325,
      2.4,
      2.475,
      2.55,
      2.625,
      2.7,
      2.775,
      2.85,
      2.925
    ],
    "SliceTimingCalculationMethod": "slice_number * (RepetitionTime / num_slices)",
    "SoftwareVersion": "14/LX/MR Software release.14.0.M5A.0828.b",
    "TaskDescription": "Finger-to-thumb opposition sequence performed with the untrained hand using the novel, untrained sequence.",
    "TaskInstructions": "See published manuscripts.",
    "TaskName": "Untrained Hand, Untrained Sequence",
    "dataset": "ds000170",
    "modality": "bold",
    "run_id": 2,
    "subject_id": "1710",
    "task_id": "UntrainedHandUntrainedSequence"
  },
  "dummy_trs": 0,
  "dvars_nstd": 15.715280142727268,
  "dvars_std": 1.1539092872727275,
  "dvars_vstd": 0.9845399288636364,
  "efc": 0.4858332426419342,
  "fber": 4556.24951171875,
  "fd_mean": 0.08963439896921992,
  "fd_num": 2,
  "fd_perc": 4.444444444444445,
  "fwhm_avg": 2.268296682692857,
  "fwhm_x": 2.230405818181818,
  "fwhm_y": 2.475557818181818,
  "fwhm_z": 2.098926411714935,
  "gcor": 0.0412389,
  "gsr_x": -0.002287991112098098,
  "gsr_y": 0.029012102633714676,
  "provenance": {
    "md5sum": "535534fde04eec151ca242702e021b9e",
    "settings": {
      "fd_thres": 0.2,
      "testing": false
    },
    "software": "mriqc",
    "version": "22.0.0rc1",
    "webapi_port": null,
    "webapi_url": "https://mriqc.nimh.nih.gov/api/v1"
  },
  "size_t": 45,
  "size_x": 64,
  "size_y": 64,
  "size_z": 40,
  "snr": 5.193080779592561,
  "spacing_tr": 3.0,
  "spacing_x": 3.4375,
  "spacing_y": 3.4375,
  "spacing_z": 3.4000000953674316,
  "summary_bg_k": 24.520194838770852,
  "summary_bg_mad": 12.948059751994165,
  "summary_bg_mean": 62.97462844848633,
  "summary_bg_median": 24.066667556762695,
  "summary_bg_n": 102813.0,
  "summary_bg_p05": 5.724444580078133,
  "summary_bg_p95": 249.60445556640587,
  "summary_bg_stdv": 105.38130950927734,
  "summary_fg_k": 1.0831978065819925,
  "summary_fg_mad": 270.7560675751146,
  "summary_fg_mean": 1582.822265625,
  "summary_fg_median": 1582.3555908203125,
  "summary_fg_n": 27849.0,
  "summary_fg_p05": 1092.6400146484375,
  "summary_fg_p95": 2077.800048828125,
  "summary_fg_stdv": 304.6991271972656,
  "tsnr": 93.24700629059225
}