{
  "aor": 0.002339777777777778,
  "aqi": 0.0029669228888888886,
  "bids_meta": {
    "CogAtlasID": "trm_4c898f079d05e",
    "CogPOID": "",
    "EchoTime": 0.035,
    "FlipAngle": 90.0,
    "InPlanePhaseEncodingDirection": "COL",
    "MRAcquisitionType": "2D",
    "MagneticFieldStrength": 3.0,
    "Manufacturer": "GE",
    "ManufacturerModelName": "SIGNA HDx",
    "ReceiveCoilName": "8-channel head",
    "RepetitionTime": 3.0,
    "ScanOptions": "EPI.GEMS",
    "ScanningSequence": "EP/GR",
    "SequenceVariant": "SS",
    "SliceAcquisitionDirection": "sequential/ascending (bottom up)",
    "SliceGap": 0,
    "SliceTiming": [
      0.0,
      0.075,
      0.15,
      0.225,
      0.3,
      0.375,
      0.45,
      0.525,
      0.6,
      0.675,
      0.75,
      0.825,
      0.9,
      0.975,
      1.05,
      1.125,
      1.2,
      1.275,
      1.35,
      1.425,
      1.5,
      1.575,
      1.65,
      1.725,
      1.8,
      1.875,
      1.95,
      2.025,
      2.1,
      2.175,
      2.25,
      2.325,
      2.4,
      2.475,
      2.55,
      2.625,
      2.7,
      2.775,
      2.85,
      2.925
    ],
    "SliceTimingCalculationMethod": "slice_number * (RepetitionTime / num_slices)",
    "SoftwareVersion": "14/LX/MR Software release.14.0.M5A.0828.b",
    "TaskDescription": "Finger-to-thumb opposition sequence performed with the untrained hand using the novel, untrained sequence.",
    "TaskInstructions": "See published manuscripts.",
    "TaskName": "Untrained Hand, Untrained Sequence",
    "dataset": "ds000170",
    "modality": "bold",
    "run_id": 1,
    "subject_id": "1710",
    "task_id": "UntrainedHandUntrainedSequence"
  },
  "dummy_trs": 0,
  "dvars_nstd": 16.821041822272736,
  "dvars_std": 1.190469770454545,
  "dvars_vstd": 0.9824229824999999,
  "efc": 0.48416583490746135,
  "fber": 4560.267578125,
  "fd_mean": 0.07930985281546374,
  "fd_num": 0,
  "fd_perc": 0.0,
  "fwhm_avg": 2.2587001159139075,
  "fwhm_x": 2.2376872727272725,
  "fwhm_y": 2.4465425454545455,
  "fwhm_z": 2.091870529559906,
  "gcor": 0.0436505,
  "gsr_x": -0.0018103168113157153,
  "gsr_y": 0.02791506238281727,
  "provenance": {
    "md5sum": "0588c7dc6c92f0576d90048b544c5946",
    "settings": {
      "fd_thres": 0.2,
      "testing": false
    },
    "software": "mriqc",
    "version": "22.0.0rc1",
    "webapi_port": null,
    "webapi_url": "https://mriqc.nimh.nih.gov/api/v1"
  },
  "size_t": 45,
  "size_x": 64,
  "size_y": 64,
  "size_z": 40,
  "snr": 5.165460666663292,
  "spacing_tr": 3.0,
  "spacing_x": 3.4375,
  "spacing_y": 3.4375,
  "spacing_z": 3.4000000953674316,
  "summary_bg_k": 25.18404311484099,
  "summary_bg_mad": 13.244581326831012,
  "summary_bg_mean": 63.33973693847656,
  "summary_bg_median": 24.24444580078125,
  "summary_bg_n": 103078.0,
  "summary_bg_p05": 5.688889026641846,
  "summary_bg_p95": 249.85111923217747,
  "summary_bg_stdv": 106.49211883544922,
  "summary_fg_k": 1.1195338419798562,
  "summary_fg_mad": 275.2699325570175,
  "summary_fg_mean": 1596.626220703125,
  "summary_fg_median": 1596.066650390625,
  "summary_fg_n": 27669.0,
  "summary_fg_p05": 1098.924462890625,
  "summary_fg_p95": 2095.2889648437495,
  "summary_fg_stdv": 308.982666015625,
  "tsnr": 95.83567820023745
}