{
  "aor": 0.004302558139534884,
  "aqi": 0.0050815109302325585,
  "bids_meta": {
    "CogAtlasID": "trm_4c898f079d05e",
    "CogPOID": "",
    "EchoTime": 0.035,
    "FlipAngle": 90.0,
    "InPlanePhaseEncodingDirection": "COL",
    "MRAcquisitionType": "2D",
    "MagneticFieldStrength": 3.0,
    "Manufacturer": "GE",
    "ManufacturerModelName": "SIGNA HDx",
    "ReceiveCoilName": "8-channel head",
    "RepetitionTime": 3.0,
    "ScanOptions": "EPI.GEMS",
    "ScanningSequence": "EP/GR",
    "SequenceVariant": "SS",
    "SliceAcquisitionDirection": "sequential/ascending (bottom up)",
    "SliceGap": 0,
    "SliceTiming": [
      0.0,
      0.075,
      0.15,
      0.225,
      0.3,
      0.375,
      0.45,
      0.525,
      0.6,
      0.675,
      0.75,
      0.825,
      0.9,
      0.975,
      1.05,
      1.125,
      1.2,
      1.275,
      1.35,
      1.425,
      1.5,
      1.575,
      1.65,
      1.725,
      1.8,
      1.875,
      1.95,
      2.025,
      2.1,
      2.175,
      2.25,
      2.325,
      2.4,
      2.475,
      2.55,
      2.625,
      2.7,
      2.775,
      2.85,
      2.925
    ],
    "SliceTimingCalculationMethod": "slice_number * (RepetitionTime / num_slices)",
    "SoftwareVersion": "14/LX/MR Software release.14.0.M5A.0828.b",
    "TaskDescription": "Finger-to-thumb opposition sequence performed with the trained hand using the pre-trained sequence.",
    "TaskInstructions": "See published manuscripts.",
    "TaskName": "Trained Hand, Trained Sequence",
    "dataset": "ds000170",
    "modality": "bold",
    "run_id": 3,
    "subject_id": "1710",
    "task_id": "TrainedHandTrainedSequence"
  },
  "dummy_trs": 2,
  "dvars_nstd": 16.712755544047614,
  "dvars_std": 1.1281907633333335,
  "dvars_vstd": 0.9579562302380951,
  "efc": 0.4807064360695865,
  "fber": 4599.9951171875,
  "fd_mean": 0.09653140493498141,
  "fd_num": 0,
  "fd_perc": 0.0,
  "fwhm_avg": 2.2525429324193973,
  "fwhm_x": 2.2423156363636365,
  "fwhm_y": 2.434801454545455,
  "fwhm_z": 2.0805117063491005,
  "gcor": 0.0373683,
  "gsr_x": -0.001352812978439033,
  "gsr_y": 0.027735350653529167,
  "provenance": {
    "md5sum": "a3da93e42d640fb2f38b474a75a7925f",
    "settings": {
      "fd_thres": 0.2,
      "testing": false
    },
    "software": "mriqc",
    "version": "22.0.0rc1",
    "webapi_port": null,
    "webapi_url": "https://mriqc.nimh.nih.gov/api/v1"
  },
  "size_t": 43,
  "size_x": 64,
  "size_y": 64,
  "size_z": 40,
  "snr": 5.236157230745904,
  "spacing_tr": 3.0,
  "spacing_x": 3.4375,
  "spacing_y": 3.4375,
  "spacing_z": 3.4000000953674316,
  "summary_bg_k": 25.956240763791474,
  "summary_bg_mad": 13.550293379439891,
  "summary_bg_mean": 63.07963562011719,
  "summary_bg_median": 24.255813598632812,
  "summary_bg_n": 103937.0,
  "summary_bg_p05": 6.232558250427246,
  "summary_bg_p95": 246.91163330078118,
  "summary_bg_stdv": 105.2948226928711,
  "summary_fg_k": 1.0561751541441735,
  "summary_fg_mad": 271.178297918837,
  "summary_fg_mean": 1598.505126953125,
  "summary_fg_median": 1598.3023681640625,
  "summary_fg_n": 27135.0,
  "summary_fg_p05": 1102.7953002929687,
  "summary_fg_p95": 2096.9279296874997,
  "summary_fg_stdv": 305.2377624511719,
  "tsnr": 82.48475112300366
}