{
  "aor": 0.0038246666666666676,
  "aqi": 0.002665284222222223,
  "bids_meta": {
    "CogAtlasID": "trm_4c898f079d05e",
    "CogPOID": "",
    "EchoTime": 0.035,
    "FlipAngle": 90.0,
    "InPlanePhaseEncodingDirection": "COL",
    "MRAcquisitionType": "2D",
    "MagneticFieldStrength": 3.0,
    "Manufacturer": "GE",
    "ManufacturerModelName": "SIGNA HDx",
    "ReceiveCoilName": "8-channel head",
    "RepetitionTime": 3.0,
    "ScanOptions": "EPI.GEMS",
    "ScanningSequence": "EP/GR",
    "SequenceVariant": "SS",
    "SliceAcquisitionDirection": "sequential/ascending (bottom up)",
    "SliceGap": 0,
    "SliceTiming": [
      0.0,
      0.075,
      0.15,
      0.225,
      0.3,
      0.375,
      0.45,
      0.525,
      0.6,
      0.675,
      0.75,
      0.825,
      0.9,
      0.975,
      1.05,
      1.125,
      1.2,
      1.275,
      1.35,
      1.425,
      1.5,
      1.575,
      1.65,
      1.725,
      1.8,
      1.875,
      1.95,
      2.025,
      2.1,
      2.175,
      2.25,
      2.325,
      2.4,
      2.475,
      2.55,
      2.625,
      2.7,
      2.775,
      2.85,
      2.925
    ],
    "SliceTimingCalculationMethod": "slice_number * (RepetitionTime / num_slices)",
    "SoftwareVersion": "14/LX/MR Software release.14.0.M5A.0828.b",
    "TaskDescription": "Finger-to-thumb opposition sequence performed with the untrained hand using the pre-trained sequence.",
    "TaskInstructions": "See published manuscripts.",
    "TaskName": "Untrained Hand, Trained Sequence",
    "dataset": "ds000170",
    "modality": "bold",
    "run_id": 2,
    "subject_id": "1710",
    "task_id": "UntrainedHandTrainedSequence"
  },
  "dummy_trs": 0,
  "dvars_nstd": 16.1930303575,
  "dvars_std": 1.2375411763636361,
  "dvars_vstd": 1.0030132713636366,
  "efc": 0.4850141572264552,
  "fber": 4709.0029296875,
  "fd_mean": 0.06602591973976098,
  "fd_num": 0,
  "fd_perc": 0.0,
  "fwhm_avg": 2.224318807871915,
  "fwhm_x": 2.1987083636363636,
  "fwhm_y": 2.418304,
  "fwhm_z": 2.0559440599793812,
  "gcor": 0.0317624,
  "gsr_x": -0.0006978152669034898,
  "gsr_y": 0.029834119603037834,
  "provenance": {
    "md5sum": "4ae15d555a18fbd852e144d6ddfd7620",
    "settings": {
      "fd_thres": 0.2,
      "testing": false
    },
    "software": "mriqc",
    "version": "22.0.0rc1",
    "webapi_port": null,
    "webapi_url": "https://mriqc.nimh.nih.gov/api/v1"
  },
  "size_t": 45,
  "size_x": 64,
  "size_y": 64,
  "size_z": 40,
  "snr": 5.306811281914421,
  "spacing_tr": 3.0,
  "spacing_x": 3.4375,
  "spacing_y": 3.4375,
  "spacing_z": 3.4000000953674316,
  "summary_bg_k": 26.156335063256385,
  "summary_bg_mad": 12.783323972729631,
  "summary_bg_mean": 63.021236419677734,
  "summary_bg_median": 23.755556106567383,
  "summary_bg_n": 103039.0,
  "summary_bg_p05": 5.622222423553467,
  "summary_bg_p95": 250.6511215209955,
  "summary_bg_stdv": 106.61219787597656,
  "summary_fg_k": 1.1215631279046017,
  "summary_fg_mad": 266.50607393532374,
  "summary_fg_mean": 1587.3486328125,
  "summary_fg_median": 1585.666748046875,
  "summary_fg_n": 27793.0,
  "summary_fg_p05": 1105.4666748046875,
  "summary_fg_p95": 2074.9422363281246,
  "summary_fg_stdv": 298.79302978515625,
  "tsnr": 104.46204346418381
}