{
  "aor": 0.0038539999999999994,
  "aqi": 0.002195428,
  "bids_meta": {
    "CogAtlasID": "trm_4c898f079d05e",
    "CogPOID": "",
    "EchoTime": 0.035,
    "FlipAngle": 90.0,
    "InPlanePhaseEncodingDirection": "COL",
    "MRAcquisitionType": "2D",
    "MagneticFieldStrength": 3.0,
    "Manufacturer": "GE",
    "ManufacturerModelName": "SIGNA HDx",
    "ReceiveCoilName": "8-channel head",
    "RepetitionTime": 3.0,
    "ScanOptions": "EPI.GEMS",
    "ScanningSequence": "EP/GR",
    "SequenceVariant": "SS",
    "SliceAcquisitionDirection": "sequential/ascending (bottom up)",
    "SliceGap": 0,
    "SliceTiming": [
      0.0,
      0.075,
      0.15,
      0.225,
      0.3,
      0.375,
      0.45,
      0.525,
      0.6,
      0.675,
      0.75,
      0.825,
      0.9,
      0.975,
      1.05,
      1.125,
      1.2,
      1.275,
      1.35,
      1.425,
      1.5,
      1.575,
      1.65,
      1.725,
      1.8,
      1.875,
      1.95,
      2.025,
      2.1,
      2.175,
      2.25,
      2.325,
      2.4,
      2.475,
      2.55,
      2.625,
      2.7,
      2.775,
      2.85,
      2.925
    ],
    "SliceTimingCalculationMethod": "slice_number * (RepetitionTime / num_slices)",
    "SoftwareVersion": "14/LX/MR Software release.14.0.M5A.0828.b",
    "TaskDescription": "Finger-to-thumb opposition sequence performed with the trained hand using the pre-trained sequence.",
    "TaskInstructions": "See published manuscripts.",
    "TaskName": "Trained Hand, Trained Sequence",
    "dataset": "ds000170",
    "modality": "bold",
    "run_id": 2,
    "subject_id": "1716",
    "task_id": "TrainedHandTrainedSequence"
  },
  "dummy_trs": 0,
  "dvars_nstd": 15.461932636818187,
  "dvars_std": 1.276335680909091,
  "dvars_vstd": 1.0110321490909089,
  "efc": 0.4405373419312641,
  "fber": 7024.4375,
  "fd_mean": 0.046506863454118405,
  "fd_num": 0,
  "fd_perc": 0.0,
  "fwhm_avg": 2.3999628218717954,
  "fwhm_x": 2.3444072727272727,
  "fwhm_y": 2.615976001515891,
  "fwhm_z": 2.2395051913722233,
  "gcor": 0.0328169,
  "gsr_x": -0.014677979052066803,
  "gsr_y": 0.023671917617321014,
  "provenance": {
    "md5sum": "782e7b4e66fd56b044e0d9efbdfb97ff",
    "settings": {
      "fd_thres": 0.2,
      "testing": false
    },
    "software": "mriqc",
    "version": "22.0.0rc1",
    "webapi_port": null,
    "webapi_url": "https://mriqc.nimh.nih.gov/api/v1"
  },
  "size_t": 45,
  "size_x": 64,
  "size_y": 64,
  "size_z": 40,
  "snr": 5.323791858571222,
  "spacing_tr": 3.0,
  "spacing_x": 3.4375,
  "spacing_y": 3.4375009536743164,
  "spacing_z": 3.400001049041748,
  "summary_bg_k": 35.49712569196571,
  "summary_bg_mad": 8.862666155180705,
  "summary_bg_mean": 46.99410629272461,
  "summary_bg_median": 19.666667938232422,
  "summary_bg_n": 108268.0,
  "summary_bg_p05": 6.0,
  "summary_bg_p95": 170.1922210693358,
  "summary_bg_stdv": 83.15912628173828,
  "summary_fg_k": 0.2633894560783938,
  "summary_fg_mad": 305.7125050631687,
  "summary_fg_mean": 1646.47314453125,
  "summary_fg_median": 1643.5555419921875,
  "summary_fg_n": 22761.0,
  "summary_fg_p05": 1139.0888671875,
  "summary_fg_p95": 2142.933349609375,
  "summary_fg_stdv": 308.7121887207031,
  "tsnr": 116.86764027550817
}