{
  "aor": 0.01871822222222222,
  "aqi": 0.006919021111111111,
  "bids_meta": {
    "CogAtlasID": "trm_4c898f079d05e",
    "CogPOID": "",
    "EchoTime": 0.035,
    "FlipAngle": 90.0,
    "InPlanePhaseEncodingDirection": "COL",
    "MRAcquisitionType": "2D",
    "MagneticFieldStrength": 3.0,
    "Manufacturer": "GE",
    "ManufacturerModelName": "SIGNA HDx",
    "ReceiveCoilName": "8-channel head",
    "RepetitionTime": 3.0,
    "ScanOptions": "EPI.GEMS",
    "ScanningSequence": "EP/GR",
    "SequenceVariant": "SS",
    "SliceAcquisitionDirection": "sequential/ascending (bottom up)",
    "SliceGap": 0,
    "SliceTiming": [
      0.0,
      0.075,
      0.15,
      0.225,
      0.3,
      0.375,
      0.45,
      0.525,
      0.6,
      0.675,
      0.75,
      0.825,
      0.9,
      0.975,
      1.05,
      1.125,
      1.2,
      1.275,
      1.35,
      1.425,
      1.5,
      1.575,
      1.65,
      1.725,
      1.8,
      1.875,
      1.95,
      2.025,
      2.1,
      2.175,
      2.25,
      2.325,
      2.4,
      2.475,
      2.55,
      2.625,
      2.7,
      2.775,
      2.85,
      2.925
    ],
    "SliceTimingCalculationMethod": "slice_number * (RepetitionTime / num_slices)",
    "SoftwareVersion": "14/LX/MR Software release.14.0.M5A.0828.b",
    "TaskDescription": "Finger-to-thumb opposition sequence performed with the untrained hand using the novel, untrained sequence.",
    "TaskInstructions": "See published manuscripts.",
    "TaskName": "Untrained Hand, Untrained Sequence",
    "dataset": "ds000170",
    "modality": "bold",
    "run_id": 1,
    "subject_id": "1716",
    "task_id": "UntrainedHandUntrainedSequence"
  },
  "dummy_trs": 0,
  "dvars_nstd": 20.62161250590909,
  "dvars_std": 1.1672686877272729,
  "dvars_vstd": 1.0635936454545456,
  "efc": 0.4388413001160293,
  "fber": 6987.685546875,
  "fd_mean": 0.23261626689924383,
  "fd_num": 7,
  "fd_perc": 15.555555555555555,
  "fwhm_avg": 2.400980005125397,
  "fwhm_x": 2.343016727272727,
  "fwhm_y": 2.6265592713070203,
  "fwhm_z": 2.2333640167964437,
  "gcor": 0.0302545,
  "gsr_x": -0.014009607955813408,
  "gsr_y": 0.021892374381422997,
  "provenance": {
    "md5sum": "b98b52253919663a8f60075fd1470fde",
    "settings": {
      "fd_thres": 0.2,
      "testing": false
    },
    "software": "mriqc",
    "version": "22.0.0rc1",
    "webapi_port": null,
    "webapi_url": "https://mriqc.nimh.nih.gov/api/v1"
  },
  "size_t": 45,
  "size_x": 64,
  "size_y": 64,
  "size_z": 40,
  "snr": 5.420822137120919,
  "spacing_tr": 3.0,
  "spacing_x": 3.4375,
  "spacing_y": 3.4375009536743164,
  "spacing_z": 3.400001049041748,
  "summary_bg_k": 35.335254758657435,
  "summary_bg_mad": 8.994453364672674,
  "summary_bg_mean": 46.922943115234375,
  "summary_bg_median": 19.866666793823242,
  "summary_bg_n": 108589.0,
  "summary_bg_p05": 6.622222423553467,
  "summary_bg_p95": 169.72445068359355,
  "summary_bg_stdv": 82.66180419921875,
  "summary_fg_k": 0.27582447689972556,
  "summary_fg_mad": 301.5613274403827,
  "summary_fg_mean": 1663.2545166015625,
  "summary_fg_median": 1658.4000244140625,
  "summary_fg_n": 22473.0,
  "summary_fg_p05": 1161.039990234375,
  "summary_fg_p95": 2156.9777832031245,
  "summary_fg_stdv": 305.9246520996094,
  "tsnr": 66.72024360112846
}