{
  "aor": 0.004048222222222223,
  "aqi": 0.0018356327777777777,
  "bids_meta": {
    "CogAtlasID": "trm_4c898f079d05e",
    "CogPOID": "",
    "EchoTime": 0.035,
    "FlipAngle": 90.0,
    "InPlanePhaseEncodingDirection": "COL",
    "MRAcquisitionType": "2D",
    "MagneticFieldStrength": 3.0,
    "Manufacturer": "GE",
    "ManufacturerModelName": "SIGNA HDx",
    "ReceiveCoilName": "8-channel head",
    "RepetitionTime": 3.0,
    "ScanOptions": "EPI.GEMS",
    "ScanningSequence": "EP/GR",
    "SequenceVariant": "SS",
    "SliceAcquisitionDirection": "sequential/ascending (bottom up)",
    "SliceGap": 0,
    "SliceTiming": [
      0.0,
      0.075,
      0.15,
      0.225,
      0.3,
      0.375,
      0.45,
      0.525,
      0.6,
      0.675,
      0.75,
      0.825,
      0.9,
      0.975,
      1.05,
      1.125,
      1.2,
      1.275,
      1.35,
      1.425,
      1.5,
      1.575,
      1.65,
      1.725,
      1.8,
      1.875,
      1.95,
      2.025,
      2.1,
      2.175,
      2.25,
      2.325,
      2.4,
      2.475,
      2.55,
      2.625,
      2.7,
      2.775,
      2.85,
      2.925
    ],
    "SliceTimingCalculationMethod": "slice_number * (RepetitionTime / num_slices)",
    "SoftwareVersion": "14/LX/MR Software release.14.0.M5A.0828.b",
    "TaskDescription": "Finger-to-thumb opposition sequence performed with the untrained hand using the pre-trained sequence.",
    "TaskInstructions": "See published manuscripts.",
    "TaskName": "Untrained Hand, Trained Sequence",
    "dataset": "ds000170",
    "modality": "bold",
    "run_id": 1,
    "subject_id": "1716",
    "task_id": "UntrainedHandTrainedSequence"
  },
  "dummy_trs": 0,
  "dvars_nstd": 15.272197312272732,
  "dvars_std": 1.287891761818181,
  "dvars_vstd": 1.0222498240909093,
  "efc": 0.4377075412235456,
  "fber": 7070.52001953125,
  "fd_mean": 0.045329936157874694,
  "fd_num": 0,
  "fd_perc": 0.0,
  "fwhm_avg": 2.400383787869238,
  "fwhm_x": 2.342874181818182,
  "fwhm_y": 2.6307396337836155,
  "fwhm_z": 2.2275375480059165,
  "gcor": 0.0366717,
  "gsr_x": -0.014155802316963673,
  "gsr_y": 0.021885724738240242,
  "provenance": {
    "md5sum": "7b9eeb679b648789bd623595f2609c24",
    "settings": {
      "fd_thres": 0.2,
      "testing": false
    },
    "software": "mriqc",
    "version": "22.0.0rc1",
    "webapi_port": null,
    "webapi_url": "https://mriqc.nimh.nih.gov/api/v1"
  },
  "size_t": 45,
  "size_x": 64,
  "size_y": 64,
  "size_z": 40,
  "snr": 5.29795194860394,
  "spacing_tr": 3.0,
  "spacing_x": 3.4375,
  "spacing_y": 3.4375009536743164,
  "spacing_z": 3.400001049041748,
  "summary_bg_k": 36.64822137834459,
  "summary_bg_mad": 8.829721827167113,
  "summary_bg_mean": 46.654808044433594,
  "summary_bg_median": 19.666667938232422,
  "summary_bg_n": 108718.0,
  "summary_bg_p05": 6.088889122009277,
  "summary_bg_p95": 169.3588928222655,
  "summary_bg_stdv": 82.78235626220703,
  "summary_fg_k": 0.28562886684944644,
  "summary_fg_mad": 305.5973102008544,
  "summary_fg_mean": 1653.798095703125,
  "summary_fg_median": 1650.14453125,
  "summary_fg_n": 22382.0,
  "summary_fg_p05": 1142.0988708496093,
  "summary_fg_p95": 2151.7533935546876,
  "summary_fg_stdv": 311.46142578125,
  "tsnr": 123.25666271336377
}