{
  "aor": 0.014318888888888888,
  "aqi": 0.002776887111111111,
  "bids_meta": {
    "CogAtlasID": "trm_4c898f079d05e",
    "CogPOID": "",
    "EchoTime": 0.035,
    "FlipAngle": 90.0,
    "InPlanePhaseEncodingDirection": "COL",
    "MRAcquisitionType": "2D",
    "MagneticFieldStrength": 3.0,
    "Manufacturer": "GE",
    "ManufacturerModelName": "SIGNA HDx",
    "ReceiveCoilName": "8-channel head",
    "RepetitionTime": 3.0,
    "ScanOptions": "EPI.GEMS",
    "ScanningSequence": "EP/GR",
    "SequenceVariant": "SS",
    "SliceAcquisitionDirection": "sequential/ascending (bottom up)",
    "SliceGap": 0,
    "SliceTiming": [
      0.0,
      0.075,
      0.15,
      0.225,
      0.3,
      0.375,
      0.45,
      0.525,
      0.6,
      0.675,
      0.75,
      0.825,
      0.9,
      0.975,
      1.05,
      1.125,
      1.2,
      1.275,
      1.35,
      1.425,
      1.5,
      1.575,
      1.65,
      1.725,
      1.8,
      1.875,
      1.95,
      2.025,
      2.1,
      2.175,
      2.25,
      2.325,
      2.4,
      2.475,
      2.55,
      2.625,
      2.7,
      2.775,
      2.85,
      2.925
    ],
    "SliceTimingCalculationMethod": "slice_number * (RepetitionTime / num_slices)",
    "SoftwareVersion": "14/LX/MR Software release.14.0.M5A.0828.b",
    "TaskDescription": "Finger-to-thumb opposition sequence performed with the trained hand using the novel, untrained sequence.",
    "TaskInstructions": "See published manuscripts.",
    "TaskName": "Trained Hand, Untrained Sequence",
    "dataset": "ds000170",
    "modality": "bold",
    "run_id": 2,
    "subject_id": "1716",
    "task_id": "TrainedHandUntrainedSequence"
  },
  "dummy_trs": 0,
  "dvars_nstd": 16.877139329772728,
  "dvars_std": 1.3467452020454553,
  "dvars_vstd": 1.0924452895454548,
  "efc": 0.4387032034703898,
  "fber": 6901.98095703125,
  "fd_mean": 0.0825738847486809,
  "fd_num": 4,
  "fd_perc": 8.88888888888889,
  "fwhm_avg": 2.3659609603445824,
  "fwhm_x": 2.309108363636364,
  "fwhm_y": 2.5875163730478814,
  "fwhm_z": 2.2012581443495023,
  "gcor": 0.0360718,
  "gsr_x": -0.01373249664902687,
  "gsr_y": 0.022393595427274704,
  "provenance": {
    "md5sum": "fdff3d9cdaffcf9f6bd4f054e0896a58",
    "settings": {
      "fd_thres": 0.2,
      "testing": false
    },
    "software": "mriqc",
    "version": "22.0.0rc1",
    "webapi_port": null,
    "webapi_url": "https://mriqc.nimh.nih.gov/api/v1"
  },
  "size_t": 45,
  "size_x": 64,
  "size_y": 64,
  "size_z": 40,
  "snr": 5.374738162685148,
  "spacing_tr": 3.0,
  "spacing_x": 3.4375,
  "spacing_y": 3.4375009536743164,
  "spacing_z": 3.400001049041748,
  "summary_bg_k": 36.26086316122658,
  "summary_bg_mad": 9.060347676378488,
  "summary_bg_mean": 47.114906311035156,
  "summary_bg_median": 19.955556869506836,
  "summary_bg_n": 108646.0,
  "summary_bg_p05": 6.20555579662323,
  "summary_bg_p95": 169.7777862548828,
  "summary_bg_stdv": 83.25425720214844,
  "summary_fg_k": 0.3421115809254429,
  "summary_fg_mad": 302.66504443617816,
  "summary_fg_mean": 1662.23828125,
  "summary_fg_median": 1656.0555419921875,
  "summary_fg_n": 22474.0,
  "summary_fg_p05": 1155.9822265625,
  "summary_fg_p95": 2154.563439941406,
  "summary_fg_stdv": 308.11151123046875,
  "tsnr": 102.03180650202557
}