{
  "aor": 0.006008888888888888,
  "aqi": 0.003564620666666667,
  "bids_meta": {
    "CogAtlasID": "trm_4c898f079d05e",
    "CogPOID": "",
    "EchoTime": 0.035,
    "FlipAngle": 90.0,
    "InPlanePhaseEncodingDirection": "COL",
    "MRAcquisitionType": "2D",
    "MagneticFieldStrength": 3.0,
    "Manufacturer": "GE",
    "ManufacturerModelName": "SIGNA HDx",
    "ReceiveCoilName": "8-channel head",
    "RepetitionTime": 3.0,
    "ScanOptions": "EPI.GEMS",
    "ScanningSequence": "EP/GR",
    "SequenceVariant": "SS",
    "SliceAcquisitionDirection": "sequential/ascending (bottom up)",
    "SliceGap": 0,
    "SliceTiming": [
      0.0,
      0.075,
      0.15,
      0.225,
      0.3,
      0.375,
      0.45,
      0.525,
      0.6,
      0.675,
      0.75,
      0.825,
      0.9,
      0.975,
      1.05,
      1.125,
      1.2,
      1.275,
      1.35,
      1.425,
      1.5,
      1.575,
      1.65,
      1.725,
      1.8,
      1.875,
      1.95,
      2.025,
      2.1,
      2.175,
      2.25,
      2.325,
      2.4,
      2.475,
      2.55,
      2.625,
      2.7,
      2.775,
      2.85,
      2.925
    ],
    "SliceTimingCalculationMethod": "slice_number * (RepetitionTime / num_slices)",
    "SoftwareVersion": "14/LX/MR Software release.14.0.M5A.0828.b",
    "TaskDescription": "Finger-to-thumb opposition sequence performed with the trained hand using the pre-trained sequence.",
    "TaskInstructions": "See published manuscripts.",
    "TaskName": "Trained Hand, Trained Sequence",
    "dataset": "ds000170",
    "modality": "bold",
    "run_id": 1,
    "subject_id": "1707",
    "task_id": "TrainedHandTrainedSequence"
  },
  "dummy_trs": 0,
  "dvars_nstd": 16.517421136818186,
  "dvars_std": 1.2327133272727273,
  "dvars_vstd": 1.0464043713636366,
  "efc": 0.44216375771854094,
  "fber": 6984.4345703125,
  "fd_mean": 0.10398304039507819,
  "fd_num": 2,
  "fd_perc": 4.444444444444445,
  "fwhm_avg": 2.2871773789003647,
  "fwhm_x": 2.275304727272727,
  "fwhm_y": 2.4909162912133183,
  "fwhm_z": 2.0953111182150477,
  "gcor": 0.0947192,
  "gsr_x": -0.014492345042526722,
  "gsr_y": 0.026311488822102547,
  "provenance": {
    "md5sum": "0275cb5f39e255874c461d49adac4ce0",
    "settings": {
      "fd_thres": 0.2,
      "testing": false
    },
    "software": "mriqc",
    "version": "22.0.0rc1",
    "webapi_port": null,
    "webapi_url": "https://mriqc.nimh.nih.gov/api/v1"
  },
  "size_t": 45,
  "size_x": 64,
  "size_y": 64,
  "size_z": 40,
  "snr": 5.452586787790214,
  "spacing_tr": 3.0,
  "spacing_x": 3.4375,
  "spacing_y": 3.437498092651367,
  "spacing_z": 3.400001049041748,
  "summary_bg_k": 69.06510012976969,
  "summary_bg_mad": 8.63204030596933,
  "summary_bg_mean": 49.97355651855469,
  "summary_bg_median": 20.80000114440918,
  "summary_bg_n": 108668.0,
  "summary_bg_p05": 5.933333396911621,
  "summary_bg_p95": 173.57000808715807,
  "summary_bg_stdv": 90.44844818115234,
  "summary_fg_k": 1.0287475194219695,
  "summary_fg_mad": 279.404640843636,
  "summary_fg_mean": 1725.431396484375,
  "summary_fg_median": 1717.1556396484375,
  "summary_fg_n": 23792.0,
  "summary_fg_p05": 1207.6344787597657,
  "summary_fg_p95": 2238.2199462890626,
  "summary_fg_stdv": 314.9183349609375,
  "tsnr": 100.89903849293478
}