{
  "aor": 0.004959555555555556,
  "aqi": 0.002590562444444444,
  "bids_meta": {
    "CogAtlasID": "trm_4c898f079d05e",
    "CogPOID": "",
    "EchoTime": 0.035,
    "FlipAngle": 90.0,
    "InPlanePhaseEncodingDirection": "COL",
    "MRAcquisitionType": "2D",
    "MagneticFieldStrength": 3.0,
    "Manufacturer": "GE",
    "ManufacturerModelName": "SIGNA HDx",
    "ReceiveCoilName": "8-channel head",
    "RepetitionTime": 3.0,
    "ScanOptions": "EPI.GEMS",
    "ScanningSequence": "EP/GR",
    "SequenceVariant": "SS",
    "SliceAcquisitionDirection": "sequential/ascending (bottom up)",
    "SliceGap": 0,
    "SliceTiming": [
      0.0,
      0.075,
      0.15,
      0.225,
      0.3,
      0.375,
      0.45,
      0.525,
      0.6,
      0.675,
      0.75,
      0.825,
      0.9,
      0.975,
      1.05,
      1.125,
      1.2,
      1.275,
      1.35,
      1.425,
      1.5,
      1.575,
      1.65,
      1.725,
      1.8,
      1.875,
      1.95,
      2.025,
      2.1,
      2.175,
      2.25,
      2.325,
      2.4,
      2.475,
      2.55,
      2.625,
      2.7,
      2.775,
      2.85,
      2.925
    ],
    "SliceTimingCalculationMethod": "slice_number * (RepetitionTime / num_slices)",
    "SoftwareVersion": "14/LX/MR Software release.14.0.M5A.0828.b",
    "TaskDescription": "Finger-to-thumb opposition sequence performed with the untrained hand using the pre-trained sequence.",
    "TaskInstructions": "See published manuscripts.",
    "TaskName": "Untrained Hand, Trained Sequence",
    "dataset": "ds000170",
    "modality": "bold",
    "run_id": 2,
    "subject_id": "1707",
    "task_id": "UntrainedHandTrainedSequence"
  },
  "dummy_trs": 0,
  "dvars_nstd": 13.096438841363641,
  "dvars_std": 1.2144794813636368,
  "dvars_vstd": 1.0415625506818182,
  "efc": 0.4436784001203875,
  "fber": 7090.60400390625,
  "fd_mean": 0.06570549199396941,
  "fd_num": 0,
  "fd_perc": 0.0,
  "fwhm_avg": 2.2908331782121056,
  "fwhm_x": 2.2844334545454545,
  "fwhm_y": 2.4879431986545626,
  "fwhm_z": 2.1001228814363,
  "gcor": 0.0445503,
  "gsr_x": -0.01423123199492693,
  "gsr_y": 0.027252959087491035,
  "provenance": {
    "md5sum": "8b7cdc0df9712f1bb204535c14e78b93",
    "settings": {
      "fd_thres": 0.2,
      "testing": false
    },
    "software": "mriqc",
    "version": "22.0.0rc1",
    "webapi_port": null,
    "webapi_url": "https://mriqc.nimh.nih.gov/api/v1"
  },
  "size_t": 45,
  "size_x": 64,
  "size_y": 64,
  "size_z": 40,
  "snr": 5.503626700896145,
  "spacing_tr": 3.0,
  "spacing_x": 3.4375,
  "spacing_y": 3.437498092651367,
  "spacing_z": 3.400001049041748,
  "summary_bg_k": 76.68651441685621,
  "summary_bg_mad": 8.269625833346327,
  "summary_bg_mean": 49.70980453491211,
  "summary_bg_median": 20.46666717529297,
  "summary_bg_n": 108266.0,
  "summary_bg_p05": 5.577777862548828,
  "summary_bg_p95": 174.15000534057617,
  "summary_bg_stdv": 91.83827209472656,
  "summary_fg_k": 1.024305241003539,
  "summary_fg_mad": 274.64391680093706,
  "summary_fg_mean": 1715.9896240234375,
  "summary_fg_median": 1704.1778564453125,
  "summary_fg_n": 24019.0,
  "summary_fg_p05": 1206.1734130859375,
  "summary_fg_p95": 2222.1910888671873,
  "summary_fg_stdv": 309.639892578125,
  "tsnr": 131.80547876399942
}