{
  "aor": 0.004765777777777778,
  "aqi": 0.003332914888888889,
  "bids_meta": {
    "CogAtlasID": "trm_4c898f079d05e",
    "CogPOID": "",
    "EchoTime": 0.035,
    "FlipAngle": 90.0,
    "InPlanePhaseEncodingDirection": "COL",
    "MRAcquisitionType": "2D",
    "MagneticFieldStrength": 3.0,
    "Manufacturer": "GE",
    "ManufacturerModelName": "SIGNA HDx",
    "ReceiveCoilName": "8-channel head",
    "RepetitionTime": 3.0,
    "ScanOptions": "EPI.GEMS",
    "ScanningSequence": "EP/GR",
    "SequenceVariant": "SS",
    "SliceAcquisitionDirection": "sequential/ascending (bottom up)",
    "SliceGap": 0,
    "SliceTiming": [
      0.0,
      0.075,
      0.15,
      0.225,
      0.3,
      0.375,
      0.45,
      0.525,
      0.6,
      0.675,
      0.75,
      0.825,
      0.9,
      0.975,
      1.05,
      1.125,
      1.2,
      1.275,
      1.35,
      1.425,
      1.5,
      1.575,
      1.65,
      1.725,
      1.8,
      1.875,
      1.95,
      2.025,
      2.1,
      2.175,
      2.25,
      2.325,
      2.4,
      2.475,
      2.55,
      2.625,
      2.7,
      2.775,
      2.85,
      2.925
    ],
    "SliceTimingCalculationMethod": "slice_number * (RepetitionTime / num_slices)",
    "SoftwareVersion": "14/LX/MR Software release.14.0.M5A.0828.b",
    "TaskDescription": "Finger-to-thumb opposition sequence performed with the trained hand using the novel, untrained sequence.",
    "TaskInstructions": "See published manuscripts.",
    "TaskName": "Trained Hand, Untrained Sequence",
    "dataset": "ds000170",
    "modality": "bold",
    "run_id": 2,
    "subject_id": "1707",
    "task_id": "TrainedHandUntrainedSequence"
  },
  "dummy_trs": 0,
  "dvars_nstd": 14.984251498409096,
  "dvars_std": 1.2360000425,
  "dvars_vstd": 1.0299605188636363,
  "efc": 0.44686949259800024,
  "fber": 7046.4619140625,
  "fd_mean": 0.09439649368477578,
  "fd_num": 0,
  "fd_perc": 0.0,
  "fwhm_avg": 2.2521631550235477,
  "fwhm_x": 2.259394909090909,
  "fwhm_y": 2.4120246110754455,
  "fwhm_z": 2.0850699449042884,
  "gcor": 0.050718,
  "gsr_x": -0.01398470252752304,
  "gsr_y": 0.027996903285384178,
  "provenance": {
    "md5sum": "bef395841b9f7dee2db2555aced66a4d",
    "settings": {
      "fd_thres": 0.2,
      "testing": false
    },
    "software": "mriqc",
    "version": "22.0.0rc1",
    "webapi_port": null,
    "webapi_url": "https://mriqc.nimh.nih.gov/api/v1"
  },
  "size_t": 45,
  "size_x": 64,
  "size_y": 64,
  "size_z": 40,
  "snr": 5.596722740778183,
  "spacing_tr": 3.0,
  "spacing_x": 3.4375,
  "spacing_y": 3.437498092651367,
  "spacing_z": 3.400001049041748,
  "summary_bg_k": 85.92830320969844,
  "summary_bg_mad": 8.36846588698539,
  "summary_bg_mean": 50.424381256103516,
  "summary_bg_median": 20.577777862548828,
  "summary_bg_n": 107747.0,
  "summary_bg_p05": 5.562222433090214,
  "summary_bg_p95": 176.4311126708983,
  "summary_bg_stdv": 95.03460693359375,
  "summary_fg_k": 1.1322378068618866,
  "summary_fg_mad": 271.3820833311951,
  "summary_fg_mean": 1721.0816650390625,
  "summary_fg_median": 1709.8778076171875,
  "summary_fg_n": 24466.0,
  "summary_fg_p05": 1220.4667053222656,
  "summary_fg_p95": 2220.327880859375,
  "summary_fg_stdv": 305.50787353515625,
  "tsnr": 116.24466765904799
}