{
  "aor": 0.004985777777777778,
  "aqi": 0.003008149111111112,
  "bids_meta": {
    "CogAtlasID": "trm_4c898f079d05e",
    "CogPOID": "",
    "EchoTime": 0.035,
    "FlipAngle": 90.0,
    "InPlanePhaseEncodingDirection": "COL",
    "MRAcquisitionType": "2D",
    "MagneticFieldStrength": 3.0,
    "Manufacturer": "GE",
    "ManufacturerModelName": "SIGNA HDx",
    "ReceiveCoilName": "8-channel head",
    "RepetitionTime": 3.0,
    "ScanOptions": "EPI.GEMS",
    "ScanningSequence": "EP/GR",
    "SequenceVariant": "SS",
    "SliceAcquisitionDirection": "sequential/ascending (bottom up)",
    "SliceGap": 0,
    "SliceTiming": [
      0.0,
      0.075,
      0.15,
      0.225,
      0.3,
      0.375,
      0.45,
      0.525,
      0.6,
      0.675,
      0.75,
      0.825,
      0.9,
      0.975,
      1.05,
      1.125,
      1.2,
      1.275,
      1.35,
      1.425,
      1.5,
      1.575,
      1.65,
      1.725,
      1.8,
      1.875,
      1.95,
      2.025,
      2.1,
      2.175,
      2.25,
      2.325,
      2.4,
      2.475,
      2.55,
      2.625,
      2.7,
      2.775,
      2.85,
      2.925
    ],
    "SliceTimingCalculationMethod": "slice_number * (RepetitionTime / num_slices)",
    "SoftwareVersion": "14/LX/MR Software release.14.0.M5A.0828.b",
    "TaskDescription": "Finger-to-thumb opposition sequence performed with the untrained hand using the pre-trained sequence.",
    "TaskInstructions": "See published manuscripts.",
    "TaskName": "Untrained Hand, Trained Sequence",
    "dataset": "ds000170",
    "modality": "bold",
    "run_id": 1,
    "subject_id": "1707",
    "task_id": "UntrainedHandTrainedSequence"
  },
  "dummy_trs": 0,
  "dvars_nstd": 13.906944881818184,
  "dvars_std": 1.1988913661363636,
  "dvars_vstd": 1.0435962538636363,
  "efc": 0.4458109358439386,
  "fber": 7068.8134765625,
  "fd_mean": 0.07148420597386355,
  "fd_num": 0,
  "fd_perc": 0.0,
  "fwhm_avg": 2.2801880588071,
  "fwhm_x": 2.2684567272727274,
  "fwhm_y": 2.482325740992177,
  "fwhm_z": 2.089781708156395,
  "gcor": 0.0520026,
  "gsr_x": -0.014144695363938808,
  "gsr_y": 0.028029581531882286,
  "provenance": {
    "md5sum": "3abdb71390fdeebcfa5351cc4202d239",
    "settings": {
      "fd_thres": 0.2,
      "testing": false
    },
    "software": "mriqc",
    "version": "22.0.0rc1",
    "webapi_port": null,
    "webapi_url": "https://mriqc.nimh.nih.gov/api/v1"
  },
  "size_t": 45,
  "size_x": 64,
  "size_y": 64,
  "size_z": 40,
  "snr": 5.565515198658843,
  "spacing_tr": 3.0,
  "spacing_x": 3.4375,
  "spacing_y": 3.437498092651367,
  "spacing_z": 3.400001049041748,
  "summary_bg_k": 74.58046204030549,
  "summary_bg_mad": 8.170785779707264,
  "summary_bg_mean": 49.510169982910156,
  "summary_bg_median": 20.44444465637207,
  "summary_bg_n": 107880.0,
  "summary_bg_p05": 5.577777862548828,
  "summary_bg_p95": 173.137776184081,
  "summary_bg_stdv": 91.40303039550781,
  "summary_fg_k": 1.0631805061905304,
  "summary_fg_mad": 271.08563528018044,
  "summary_fg_mean": 1711.119384765625,
  "summary_fg_median": 1698.800048828125,
  "summary_fg_n": 24341.0,
  "summary_fg_p05": 1205.68896484375,
  "summary_fg_p95": 2209.0888671875,
  "summary_fg_stdv": 305.23052978515625,
  "tsnr": 114.23307026037946
}