{
  "aor": 0.004882682926829268,
  "aqi": 0.0033623587804878048,
  "bids_meta": {
    "CogAtlasID": "trm_4c898f079d05e",
    "CogPOID": "",
    "EchoTime": 0.035,
    "FlipAngle": 90.0,
    "InPlanePhaseEncodingDirection": "COL",
    "MRAcquisitionType": "2D",
    "MagneticFieldStrength": 3.0,
    "Manufacturer": "GE",
    "ManufacturerModelName": "SIGNA HDx",
    "ReceiveCoilName": "8-channel head",
    "RepetitionTime": 3.0,
    "ScanOptions": "EPI.GEMS",
    "ScanningSequence": "EP/GR",
    "SequenceVariant": "SS",
    "SliceAcquisitionDirection": "sequential/ascending (bottom up)",
    "SliceGap": 0,
    "SliceTiming": [
      0.0,
      0.075,
      0.15,
      0.225,
      0.3,
      0.375,
      0.45,
      0.525,
      0.6,
      0.675,
      0.75,
      0.825,
      0.9,
      0.975,
      1.05,
      1.125,
      1.2,
      1.275,
      1.35,
      1.425,
      1.5,
      1.575,
      1.65,
      1.725,
      1.8,
      1.875,
      1.95,
      2.025,
      2.1,
      2.175,
      2.25,
      2.325,
      2.4,
      2.475,
      2.55,
      2.625,
      2.7,
      2.775,
      2.85,
      2.925
    ],
    "SliceTimingCalculationMethod": "slice_number * (RepetitionTime / num_slices)",
    "SoftwareVersion": "14/LX/MR Software release.14.0.M5A.0828.b",
    "TaskDescription": "Finger-to-thumb opposition sequence performed with the untrained hand using the novel, untrained sequence.",
    "TaskInstructions": "See published manuscripts.",
    "TaskName": "Untrained Hand, Untrained Sequence",
    "dataset": "ds000170",
    "modality": "bold",
    "run_id": 2,
    "subject_id": "1707",
    "task_id": "UntrainedHandUntrainedSequence"
  },
  "dummy_trs": 4,
  "dvars_nstd": 13.38429482025,
  "dvars_std": 1.17645813725,
  "dvars_vstd": 1.0171210385,
  "efc": 0.44639612603129925,
  "fber": 7096.3525390625,
  "fd_mean": 0.08291461241216488,
  "fd_num": 2,
  "fd_perc": 4.878048780487805,
  "fwhm_avg": 2.2490507826877724,
  "fwhm_x": 2.2266676363636364,
  "fwhm_y": 2.4273177104701427,
  "fwhm_z": 2.093167001229538,
  "gcor": 0.0506182,
  "gsr_x": -0.014038881286978722,
  "gsr_y": 0.02953648380935192,
  "provenance": {
    "md5sum": "a9e38bd1e95e2e4ca46bf2f81646d33e",
    "settings": {
      "fd_thres": 0.2,
      "testing": false
    },
    "software": "mriqc",
    "version": "22.0.0rc1",
    "webapi_port": null,
    "webapi_url": "https://mriqc.nimh.nih.gov/api/v1"
  },
  "size_t": 41,
  "size_x": 64,
  "size_y": 64,
  "size_z": 40,
  "snr": 5.6355534512926235,
  "spacing_tr": 3.0,
  "spacing_x": 3.4375,
  "spacing_y": 3.437498092651367,
  "spacing_z": 3.400001049041748,
  "summary_bg_k": 85.24444094680193,
  "summary_bg_mad": 8.280874978139295,
  "summary_bg_mean": 50.3926887512207,
  "summary_bg_median": 20.46341323852539,
  "summary_bg_n": 107994.0,
  "summary_bg_p05": 5.625609636306776,
  "summary_bg_p95": 177.3658447265625,
  "summary_bg_stdv": 95.1208724975586,
  "summary_fg_k": 1.1686053101528042,
  "summary_fg_mad": 267.8085993462838,
  "summary_fg_mean": 1714.55859375,
  "summary_fg_median": 1702.8292236328125,
  "summary_fg_n": 24385.0,
  "summary_fg_p05": 1227.87314453125,
  "summary_fg_p95": 2209.297412109375,
  "summary_fg_stdv": 302.152099609375,
  "tsnr": 119.28463705535978
}