{
  "aor": 0.005774222222222221,
  "aqi": 0.0031086664444444434,
  "bids_meta": {
    "CogAtlasID": "trm_4c898f079d05e",
    "CogPOID": "",
    "EchoTime": 0.035,
    "FlipAngle": 90.0,
    "InPlanePhaseEncodingDirection": "COL",
    "MRAcquisitionType": "2D",
    "MagneticFieldStrength": 3.0,
    "Manufacturer": "GE",
    "ManufacturerModelName": "SIGNA HDx",
    "ReceiveCoilName": "8-channel head",
    "RepetitionTime": 3.0,
    "ScanOptions": "EPI.GEMS",
    "ScanningSequence": "EP/GR",
    "SequenceVariant": "SS",
    "SliceAcquisitionDirection": "sequential/ascending (bottom up)",
    "SliceGap": 0,
    "SliceTiming": [
      0.0,
      0.075,
      0.15,
      0.225,
      0.3,
      0.375,
      0.45,
      0.525,
      0.6,
      0.675,
      0.75,
      0.825,
      0.9,
      0.975,
      1.05,
      1.125,
      1.2,
      1.275,
      1.35,
      1.425,
      1.5,
      1.575,
      1.65,
      1.725,
      1.8,
      1.875,
      1.95,
      2.025,
      2.1,
      2.175,
      2.25,
      2.325,
      2.4,
      2.475,
      2.55,
      2.625,
      2.7,
      2.775,
      2.85,
      2.925
    ],
    "SliceTimingCalculationMethod": "slice_number * (RepetitionTime / num_slices)",
    "SoftwareVersion": "14/LX/MR Software release.14.0.M5A.0828.b",
    "TaskDescription": "Finger-to-thumb opposition sequence performed with the untrained hand using the novel, untrained sequence.",
    "TaskInstructions": "See published manuscripts.",
    "TaskName": "Untrained Hand, Untrained Sequence",
    "dataset": "ds000170",
    "modality": "bold",
    "run_id": 3,
    "subject_id": "1707",
    "task_id": "UntrainedHandUntrainedSequence"
  },
  "dummy_trs": 0,
  "dvars_nstd": 15.744659098636362,
  "dvars_std": 1.2588006665909093,
  "dvars_vstd": 1.047021987727273,
  "efc": 0.4439377646098152,
  "fber": 7129.13330078125,
  "fd_mean": 0.10945139171609258,
  "fd_num": 4,
  "fd_perc": 8.88888888888889,
  "fwhm_avg": 2.2434908703592202,
  "fwhm_x": 2.232651636363636,
  "fwhm_y": 2.4141627940800303,
  "fwhm_z": 2.083658180633994,
  "gcor": 0.0453716,
  "gsr_x": -0.013883184641599655,
  "gsr_y": 0.02859690599143505,
  "provenance": {
    "md5sum": "1b2e74185378d347a330c65cb965b4b9",
    "settings": {
      "fd_thres": 0.2,
      "testing": false
    },
    "software": "mriqc",
    "version": "22.0.0rc1",
    "webapi_port": null,
    "webapi_url": "https://mriqc.nimh.nih.gov/api/v1"
  },
  "size_t": 45,
  "size_x": 64,
  "size_y": 64,
  "size_z": 40,
  "snr": 5.636507608196121,
  "spacing_tr": 3.0,
  "spacing_x": 3.4375,
  "spacing_y": 3.437498092651367,
  "spacing_z": 3.400001049041748,
  "summary_bg_k": 90.39151795714193,
  "summary_bg_mad": 8.104892881921108,
  "summary_bg_mean": 49.76375961303711,
  "summary_bg_median": 20.377779006958008,
  "summary_bg_n": 108389.0,
  "summary_bg_p05": 5.6666669845581055,
  "summary_bg_p95": 174.57778930664062,
  "summary_bg_stdv": 92.76297760009766,
  "summary_fg_k": 1.083456469998274,
  "summary_fg_mad": 269.50421704466993,
  "summary_fg_mean": 1712.317138671875,
  "summary_fg_median": 1702.1112060546875,
  "summary_fg_n": 24050.0,
  "summary_fg_p05": 1223.5855346679687,
  "summary_fg_p95": 2208.673413085937,
  "summary_fg_stdv": 301.9734802246094,
  "tsnr": 117.35257795779034
}