{
  "aor": 0.004180444444444445,
  "aqi": 0.002904760222222222,
  "bids_meta": {
    "CogAtlasID": "trm_4c898f079d05e",
    "CogPOID": "",
    "EchoTime": 0.035,
    "FlipAngle": 90.0,
    "InPlanePhaseEncodingDirection": "COL",
    "MRAcquisitionType": "2D",
    "MagneticFieldStrength": 3.0,
    "Manufacturer": "GE",
    "ManufacturerModelName": "SIGNA HDx",
    "ReceiveCoilName": "8-channel head",
    "RepetitionTime": 3.0,
    "ScanOptions": "EPI.GEMS",
    "ScanningSequence": "EP/GR",
    "SequenceVariant": "SS",
    "SliceAcquisitionDirection": "sequential/ascending (bottom up)",
    "SliceGap": 0,
    "SliceTiming": [
      0.0,
      0.075,
      0.15,
      0.225,
      0.3,
      0.375,
      0.45,
      0.525,
      0.6,
      0.675,
      0.75,
      0.825,
      0.9,
      0.975,
      1.05,
      1.125,
      1.2,
      1.275,
      1.35,
      1.425,
      1.5,
      1.575,
      1.65,
      1.725,
      1.8,
      1.875,
      1.95,
      2.025,
      2.1,
      2.175,
      2.25,
      2.325,
      2.4,
      2.475,
      2.55,
      2.625,
      2.7,
      2.775,
      2.85,
      2.925
    ],
    "SliceTimingCalculationMethod": "slice_number * (RepetitionTime / num_slices)",
    "SoftwareVersion": "14/LX/MR Software release.14.0.M5A.0828.b",
    "TaskDescription": "Finger-to-thumb opposition sequence performed with the untrained hand using the novel, untrained sequence.",
    "TaskInstructions": "See published manuscripts.",
    "TaskName": "Untrained Hand, Untrained Sequence",
    "dataset": "ds000170",
    "modality": "bold",
    "run_id": 1,
    "subject_id": "1707",
    "task_id": "UntrainedHandUntrainedSequence"
  },
  "dummy_trs": 0,
  "dvars_nstd": 13.266889355227272,
  "dvars_std": 1.1814591047727274,
  "dvars_vstd": 1.0274524722727274,
  "efc": 0.4469052600813379,
  "fber": 7032.12744140625,
  "fd_mean": 0.0810785624535144,
  "fd_num": 0,
  "fd_perc": 0.0,
  "fwhm_avg": 2.2418444838402425,
  "fwhm_x": 2.2506501818181817,
  "fwhm_y": 2.400780968473105,
  "fwhm_z": 2.07410230122944,
  "gcor": 0.0462966,
  "gsr_x": -0.014201216399669647,
  "gsr_y": 0.02807907573878765,
  "provenance": {
    "md5sum": "1c7534a7ed9c7a6f25db4bdfe655b4cc",
    "settings": {
      "fd_thres": 0.2,
      "testing": false
    },
    "software": "mriqc",
    "version": "22.0.0rc1",
    "webapi_port": null,
    "webapi_url": "https://mriqc.nimh.nih.gov/api/v1"
  },
  "size_t": 45,
  "size_x": 64,
  "size_y": 64,
  "size_z": 40,
  "snr": 5.62764431888076,
  "spacing_tr": 3.0,
  "spacing_x": 3.4375,
  "spacing_y": 3.437498092651367,
  "spacing_z": 3.400001049041748,
  "summary_bg_k": 73.30779006519668,
  "summary_bg_mad": 8.533198838410609,
  "summary_bg_mean": 50.73381423950195,
  "summary_bg_median": 20.688888549804688,
  "summary_bg_n": 107847.0,
  "summary_bg_p05": 5.288888931274414,
  "summary_bg_p95": 179.7577865600584,
  "summary_bg_stdv": 93.92070770263672,
  "summary_fg_k": 1.1379570311448477,
  "summary_fg_mad": 269.8171344318521,
  "summary_fg_mean": 1724.06494140625,
  "summary_fg_median": 1710.933349609375,
  "summary_fg_n": 24310.0,
  "summary_fg_p05": 1229.5356018066407,
  "summary_fg_p95": 2220.1521850585937,
  "summary_fg_stdv": 304.0167541503906,
  "tsnr": 124.0993523709476
}