{
  "aor": 0.009589777777777777,
  "aqi": 0.003978993333333333,
  "bids_meta": {
    "CogAtlasID": "trm_4c898f079d05e",
    "CogPOID": "",
    "EchoTime": 0.035,
    "FlipAngle": 90.0,
    "InPlanePhaseEncodingDirection": "COL",
    "MRAcquisitionType": "2D",
    "MagneticFieldStrength": 3.0,
    "Manufacturer": "GE",
    "ManufacturerModelName": "SIGNA HDx",
    "ReceiveCoilName": "8-channel head",
    "RepetitionTime": 3.0,
    "ScanOptions": "EPI.GEMS",
    "ScanningSequence": "EP/GR",
    "SequenceVariant": "SS",
    "SliceAcquisitionDirection": "sequential/ascending (bottom up)",
    "SliceGap": 0,
    "SliceTiming": [
      0.0,
      0.075,
      0.15,
      0.225,
      0.3,
      0.375,
      0.45,
      0.525,
      0.6,
      0.675,
      0.75,
      0.825,
      0.9,
      0.975,
      1.05,
      1.125,
      1.2,
      1.275,
      1.35,
      1.425,
      1.5,
      1.575,
      1.65,
      1.725,
      1.8,
      1.875,
      1.95,
      2.025,
      2.1,
      2.175,
      2.25,
      2.325,
      2.4,
      2.475,
      2.55,
      2.625,
      2.7,
      2.775,
      2.85,
      2.925
    ],
    "SliceTimingCalculationMethod": "slice_number * (RepetitionTime / num_slices)",
    "SoftwareVersion": "14/LX/MR Software release.14.0.M5A.0828.b",
    "TaskDescription": "Finger-to-thumb opposition sequence performed with the trained hand using the pre-trained sequence.",
    "TaskInstructions": "See published manuscripts.",
    "TaskName": "Trained Hand, Trained Sequence",
    "dataset": "ds000170",
    "modality": "bold",
    "run_id": 3,
    "subject_id": "1707",
    "task_id": "TrainedHandTrainedSequence"
  },
  "dummy_trs": 0,
  "dvars_nstd": 15.198545055454549,
  "dvars_std": 1.1883376534090908,
  "dvars_vstd": 1.0433557140909089,
  "efc": 0.44502244368316834,
  "fber": 6931.4794921875,
  "fd_mean": 0.11613073060417546,
  "fd_num": 4,
  "fd_perc": 8.88888888888889,
  "fwhm_avg": 2.286159092923361,
  "fwhm_x": 2.2659083636363637,
  "fwhm_y": 2.50288720694647,
  "fwhm_z": 2.0896817081872494,
  "gcor": 0.0763035,
  "gsr_x": -0.014964497648179531,
  "gsr_y": 0.028107408434152603,
  "provenance": {
    "md5sum": "6e63be54d25032064bb8479927982299",
    "settings": {
      "fd_thres": 0.2,
      "testing": false
    },
    "software": "mriqc",
    "version": "22.0.0rc1",
    "webapi_port": null,
    "webapi_url": "https://mriqc.nimh.nih.gov/api/v1"
  },
  "size_t": 45,
  "size_x": 64,
  "size_y": 64,
  "size_z": 40,
  "snr": 5.518202322890606,
  "spacing_tr": 3.0,
  "spacing_x": 3.4375,
  "spacing_y": 3.437498092651367,
  "spacing_z": 3.400001049041748,
  "summary_bg_k": 78.2174518039152,
  "summary_bg_mad": 8.862667569100362,
  "summary_bg_mean": 50.160335540771484,
  "summary_bg_median": 20.822223663330078,
  "summary_bg_n": 108208.0,
  "summary_bg_p05": 5.363333415985116,
  "summary_bg_p95": 174.59223022460924,
  "summary_bg_stdv": 92.26889038085938,
  "summary_fg_k": 1.066749927820406,
  "summary_fg_mad": 274.47904245754614,
  "summary_fg_mean": 1721.0067138671875,
  "summary_fg_median": 1713.2667236328125,
  "summary_fg_n": 24135.0,
  "summary_fg_p05": 1209.5999755859375,
  "summary_fg_p95": 2222.7400634765627,
  "summary_fg_stdv": 310.4690856933594,
  "tsnr": 93.01906203199178
}