{
  "aor": 0.01178355555555556,
  "aqi": 0.0036745144444444446,
  "bids_meta": {
    "CogAtlasID": "trm_4c898f079d05e",
    "CogPOID": "",
    "EchoTime": 0.035,
    "FlipAngle": 90.0,
    "InPlanePhaseEncodingDirection": "COL",
    "MRAcquisitionType": "2D",
    "MagneticFieldStrength": 3.0,
    "Manufacturer": "GE",
    "ManufacturerModelName": "SIGNA HDx",
    "ReceiveCoilName": "8-channel head",
    "RepetitionTime": 3.0,
    "ScanOptions": "EPI.GEMS",
    "ScanningSequence": "EP/GR",
    "SequenceVariant": "SS",
    "SliceAcquisitionDirection": "sequential/ascending (bottom up)",
    "SliceGap": 0,
    "SliceTiming": [
      0.0,
      0.075,
      0.15,
      0.225,
      0.3,
      0.375,
      0.45,
      0.525,
      0.6,
      0.675,
      0.75,
      0.825,
      0.9,
      0.975,
      1.05,
      1.125,
      1.2,
      1.275,
      1.35,
      1.425,
      1.5,
      1.575,
      1.65,
      1.725,
      1.8,
      1.875,
      1.95,
      2.025,
      2.1,
      2.175,
      2.25,
      2.325,
      2.4,
      2.475,
      2.55,
      2.625,
      2.7,
      2.775,
      2.85,
      2.925
    ],
    "SliceTimingCalculationMethod": "slice_number * (RepetitionTime / num_slices)",
    "SoftwareVersion": "14/LX/MR Software release.14.0.M5A.0828.b",
    "TaskDescription": "Finger-to-thumb opposition sequence performed with the untrained hand using the pre-trained sequence.",
    "TaskInstructions": "See published manuscripts.",
    "TaskName": "Untrained Hand, Trained Sequence",
    "dataset": "ds000170",
    "modality": "bold",
    "run_id": 2,
    "subject_id": "1700",
    "task_id": "UntrainedHandTrainedSequence"
  },
  "dummy_trs": 0,
  "dvars_nstd": 17.508710536590915,
  "dvars_std": 1.3318327750000003,
  "dvars_vstd": 1.0682782979545455,
  "efc": 0.4655332366738469,
  "fber": 6049.96337890625,
  "fd_mean": 0.09088521565620208,
  "fd_num": 4,
  "fd_perc": 8.88888888888889,
  "fwhm_avg": 2.2367355578729207,
  "fwhm_x": 2.1366894545454547,
  "fwhm_y": 2.4278894545454546,
  "fwhm_z": 2.1456277645278523,
  "gcor": 0.0607195,
  "gsr_x": -0.012565698474645615,
  "gsr_y": 0.026733573526144028,
  "provenance": {
    "md5sum": "6adf92157a072844297424bc051939a9",
    "settings": {
      "fd_thres": 0.2,
      "testing": false
    },
    "software": "mriqc",
    "version": "22.0.0rc1",
    "webapi_port": null,
    "webapi_url": "https://mriqc.nimh.nih.gov/api/v1"
  },
  "size_t": 45,
  "size_x": 64,
  "size_y": 64,
  "size_z": 40,
  "snr": 6.168861772449795,
  "spacing_tr": 3.0,
  "spacing_x": 3.4375,
  "spacing_y": 3.4375,
  "spacing_z": 3.3999979496002197,
  "summary_bg_k": 42.29803086057623,
  "summary_bg_mad": 11.432510377635657,
  "summary_bg_mean": 60.1301383972168,
  "summary_bg_median": 22.44444465637207,
  "summary_bg_n": 106086.0,
  "summary_bg_p05": 5.1777777671813965,
  "summary_bg_p95": 255.20001220703125,
  "summary_bg_stdv": 104.88260650634766,
  "summary_fg_k": 1.3553993501263522,
  "summary_fg_mad": 243.6410249016593,
  "summary_fg_mean": 1701.6324462890625,
  "summary_fg_median": 1702.3111572265625,
  "summary_fg_n": 25741.0,
  "summary_fg_p05": 1254.64453125,
  "summary_fg_p95": 2143.844482421875,
  "summary_fg_stdv": 275.9468688964844,
  "tsnr": 103.5772657673806
}