{
  "aor": 0.007932444444444445,
  "aqi": 0.0034422777777777776,
  "bids_meta": {
    "CogAtlasID": "trm_4c898f079d05e",
    "CogPOID": "",
    "EchoTime": 0.035,
    "FlipAngle": 90.0,
    "InPlanePhaseEncodingDirection": "COL",
    "MRAcquisitionType": "2D",
    "MagneticFieldStrength": 3.0,
    "Manufacturer": "GE",
    "ManufacturerModelName": "SIGNA HDx",
    "ReceiveCoilName": "8-channel head",
    "RepetitionTime": 3.0,
    "ScanOptions": "EPI.GEMS",
    "ScanningSequence": "EP/GR",
    "SequenceVariant": "SS",
    "SliceAcquisitionDirection": "sequential/ascending (bottom up)",
    "SliceGap": 0,
    "SliceTiming": [
      0.0,
      0.075,
      0.15,
      0.225,
      0.3,
      0.375,
      0.45,
      0.525,
      0.6,
      0.675,
      0.75,
      0.825,
      0.9,
      0.975,
      1.05,
      1.125,
      1.2,
      1.275,
      1.35,
      1.425,
      1.5,
      1.575,
      1.65,
      1.725,
      1.8,
      1.875,
      1.95,
      2.025,
      2.1,
      2.175,
      2.25,
      2.325,
      2.4,
      2.475,
      2.55,
      2.625,
      2.7,
      2.775,
      2.85,
      2.925
    ],
    "SliceTimingCalculationMethod": "slice_number * (RepetitionTime / num_slices)",
    "SoftwareVersion": "14/LX/MR Software release.14.0.M5A.0828.b",
    "TaskDescription": "Finger-to-thumb opposition sequence performed with the untrained hand using the pre-trained sequence.",
    "TaskInstructions": "See published manuscripts.",
    "TaskName": "Untrained Hand, Trained Sequence",
    "dataset": "ds000170",
    "modality": "bold",
    "run_id": 1,
    "subject_id": "1700",
    "task_id": "UntrainedHandTrainedSequence"
  },
  "dummy_trs": 0,
  "dvars_nstd": 16.328667402954544,
  "dvars_std": 1.3346270406818184,
  "dvars_vstd": 1.0336407556818183,
  "efc": 0.4619508619943841,
  "fber": 6180.56689453125,
  "fd_mean": 0.058424620316295695,
  "fd_num": 0,
  "fd_perc": 0.0,
  "fwhm_avg": 2.2413411867882664,
  "fwhm_x": 2.1616872727272725,
  "fwhm_y": 2.436026181818182,
  "fwhm_z": 2.126310105819345,
  "gcor": 0.0421648,
  "gsr_x": -0.012129045091569424,
  "gsr_y": 0.024889394640922546,
  "provenance": {
    "md5sum": "0c6257bcf16d389bbcdf9b95a4851265",
    "settings": {
      "fd_thres": 0.2,
      "testing": false
    },
    "software": "mriqc",
    "version": "22.0.0rc1",
    "webapi_port": null,
    "webapi_url": "https://mriqc.nimh.nih.gov/api/v1"
  },
  "size_t": 45,
  "size_x": 64,
  "size_y": 64,
  "size_z": 40,
  "snr": 6.158719495205043,
  "spacing_tr": 3.0,
  "spacing_x": 3.4375,
  "spacing_y": 3.4375,
  "spacing_z": 3.3999979496002197,
  "summary_bg_k": 41.63919601426727,
  "summary_bg_mad": 11.333671737916251,
  "summary_bg_mean": 59.875579833984375,
  "summary_bg_median": 22.377779006958008,
  "summary_bg_n": 106714.0,
  "summary_bg_p05": 4.955555438995361,
  "summary_bg_p95": 252.72000274658126,
  "summary_bg_stdv": 104.5362319946289,
  "summary_fg_k": 1.395683521041053,
  "summary_fg_mad": 245.55182986051943,
  "summary_fg_mean": 1714.5269775390625,
  "summary_fg_median": 1714.822265625,
  "summary_fg_n": 25309.0,
  "summary_fg_p05": 1261.4444580078125,
  "summary_fg_p95": 2157.78671875,
  "summary_fg_stdv": 278.4326171875,
  "tsnr": 108.97293901443481
}