{
  "aor": 0.007840666666666666,
  "aqi": 0.004132850888888889,
  "bids_meta": {
    "CogAtlasID": "trm_4c898f079d05e",
    "CogPOID": "",
    "EchoTime": 0.035,
    "FlipAngle": 90.0,
    "InPlanePhaseEncodingDirection": "COL",
    "MRAcquisitionType": "2D",
    "MagneticFieldStrength": 3.0,
    "Manufacturer": "GE",
    "ManufacturerModelName": "SIGNA HDx",
    "ReceiveCoilName": "8-channel head",
    "RepetitionTime": 3.0,
    "ScanOptions": "EPI.GEMS",
    "ScanningSequence": "EP/GR",
    "SequenceVariant": "SS",
    "SliceAcquisitionDirection": "sequential/ascending (bottom up)",
    "SliceGap": 0,
    "SliceTiming": [
      0.0,
      0.075,
      0.15,
      0.225,
      0.3,
      0.375,
      0.45,
      0.525,
      0.6,
      0.675,
      0.75,
      0.825,
      0.9,
      0.975,
      1.05,
      1.125,
      1.2,
      1.275,
      1.35,
      1.425,
      1.5,
      1.575,
      1.65,
      1.725,
      1.8,
      1.875,
      1.95,
      2.025,
      2.1,
      2.175,
      2.25,
      2.325,
      2.4,
      2.475,
      2.55,
      2.625,
      2.7,
      2.775,
      2.85,
      2.925
    ],
    "SliceTimingCalculationMethod": "slice_number * (RepetitionTime / num_slices)",
    "SoftwareVersion": "14/LX/MR Software release.14.0.M5A.0828.b",
    "TaskDescription": "Finger-to-thumb opposition sequence performed with the trained hand using the novel, untrained sequence.",
    "TaskInstructions": "See published manuscripts.",
    "TaskName": "Trained Hand, Untrained Sequence",
    "dataset": "ds000170",
    "modality": "bold",
    "run_id": 1,
    "subject_id": "1700",
    "task_id": "TrainedHandUntrainedSequence"
  },
  "dummy_trs": 0,
  "dvars_nstd": 17.10413523181818,
  "dvars_std": 1.313746470909091,
  "dvars_vstd": 1.019773881818182,
  "efc": 0.4607476277796307,
  "fber": 6059.888671875,
  "fd_mean": 0.08991278527034391,
  "fd_num": 2,
  "fd_perc": 4.444444444444445,
  "fwhm_avg": 2.2312902860607973,
  "fwhm_x": 2.147010909090909,
  "fwhm_y": 2.4144145454545454,
  "fwhm_z": 2.1324454036369374,
  "gcor": 0.0426671,
  "gsr_x": -0.012051022611558437,
  "gsr_y": 0.023057524114847183,
  "provenance": {
    "md5sum": "a671d9834c70382e3f62891d134603b0",
    "settings": {
      "fd_thres": 0.2,
      "testing": false
    },
    "software": "mriqc",
    "version": "22.0.0rc1",
    "webapi_port": null,
    "webapi_url": "https://mriqc.nimh.nih.gov/api/v1"
  },
  "size_t": 45,
  "size_x": 64,
  "size_y": 64,
  "size_z": 40,
  "snr": 6.162127772683309,
  "spacing_tr": 3.0,
  "spacing_x": 3.4375,
  "spacing_y": 3.4375,
  "spacing_z": 3.3999979496002197,
  "summary_bg_k": 42.03022273323349,
  "summary_bg_mad": 11.794926264178317,
  "summary_bg_mean": 59.86624526977539,
  "summary_bg_median": 22.666667938232422,
  "summary_bg_n": 106917.0,
  "summary_bg_p05": 4.97777795791626,
  "summary_bg_p95": 252.41334228515606,
  "summary_bg_stdv": 104.62630462646484,
  "summary_fg_k": 1.5273253078505968,
  "summary_fg_mad": 242.68562242222924,
  "summary_fg_mean": 1718.556884765625,
  "summary_fg_median": 1718.5111083984375,
  "summary_fg_n": 25135.0,
  "summary_fg_p05": 1265.0333251953125,
  "summary_fg_p95": 2164.066650390625,
  "summary_fg_stdv": 278.877197265625,
  "tsnr": 99.00141215417534
}