{
  "aor": 0.01743666666666667,
  "aqi": 0.004881591777777778,
  "bids_meta": {
    "CogAtlasID": "trm_4c898f079d05e",
    "CogPOID": "",
    "EchoTime": 0.035,
    "FlipAngle": 90.0,
    "InPlanePhaseEncodingDirection": "COL",
    "MRAcquisitionType": "2D",
    "MagneticFieldStrength": 3.0,
    "Manufacturer": "GE",
    "ManufacturerModelName": "SIGNA HDx",
    "ReceiveCoilName": "8-channel head",
    "RepetitionTime": 3.0,
    "ScanOptions": "EPI.GEMS",
    "ScanningSequence": "EP/GR",
    "SequenceVariant": "SS",
    "SliceAcquisitionDirection": "sequential/ascending (bottom up)",
    "SliceGap": 0,
    "SliceTiming": [
      0.0,
      0.075,
      0.15,
      0.225,
      0.3,
      0.375,
      0.45,
      0.525,
      0.6,
      0.675,
      0.75,
      0.825,
      0.9,
      0.975,
      1.05,
      1.125,
      1.2,
      1.275,
      1.35,
      1.425,
      1.5,
      1.575,
      1.65,
      1.725,
      1.8,
      1.875,
      1.95,
      2.025,
      2.1,
      2.175,
      2.25,
      2.325,
      2.4,
      2.475,
      2.55,
      2.625,
      2.7,
      2.775,
      2.85,
      2.925
    ],
    "SliceTimingCalculationMethod": "slice_number * (RepetitionTime / num_slices)",
    "SoftwareVersion": "14/LX/MR Software release.14.0.M5A.0828.b",
    "TaskDescription": "Finger-to-thumb opposition sequence performed with the untrained hand using the pre-trained sequence.",
    "TaskInstructions": "See published manuscripts.",
    "TaskName": "Untrained Hand, Trained Sequence",
    "dataset": "ds000170",
    "modality": "bold",
    "run_id": 3,
    "subject_id": "1700",
    "task_id": "UntrainedHandTrainedSequence"
  },
  "dummy_trs": 0,
  "dvars_nstd": 16.605355132954546,
  "dvars_std": 1.2831145181818178,
  "dvars_vstd": 1.0715718647727275,
  "efc": 0.4631154653177236,
  "fber": 5992.40478515625,
  "fd_mean": 0.11519440456290578,
  "fd_num": 5,
  "fd_perc": 11.11111111111111,
  "fwhm_avg": 2.2290967845510195,
  "fwhm_x": 2.1387432727272726,
  "fwhm_y": 2.4369134545454543,
  "fwhm_z": 2.1116336263803306,
  "gcor": 0.0252922,
  "gsr_x": -0.012421836145222187,
  "gsr_y": 0.025783659890294075,
  "provenance": {
    "md5sum": "49af7ca1c687c5a8594061b5317d888e",
    "settings": {
      "fd_thres": 0.2,
      "testing": false
    },
    "software": "mriqc",
    "version": "22.0.0rc1",
    "webapi_port": null,
    "webapi_url": "https://mriqc.nimh.nih.gov/api/v1"
  },
  "size_t": 45,
  "size_x": 64,
  "size_y": 64,
  "size_z": 40,
  "snr": 6.17705897382824,
  "spacing_tr": 3.0,
  "spacing_x": 3.4375,
  "spacing_y": 3.4375,
  "spacing_z": 3.3999979496002197,
  "summary_bg_k": 45.76355335381265,
  "summary_bg_mad": 12.22323080674816,
  "summary_bg_mean": 60.16847229003906,
  "summary_bg_median": 22.711111068725586,
  "summary_bg_n": 106579.0,
  "summary_bg_p05": 4.622222423553467,
  "summary_bg_p95": 253.7244537353504,
  "summary_bg_stdv": 105.01026153564453,
  "summary_fg_k": 1.4344112276224807,
  "summary_fg_mad": 244.11881663223238,
  "summary_fg_mean": 1712.936767578125,
  "summary_fg_median": 1713.9444580078125,
  "summary_fg_n": 25364.0,
  "summary_fg_p05": 1259.5988830566407,
  "summary_fg_p95": 2156.65341796875,
  "summary_fg_stdv": 277.4638671875,
  "tsnr": 88.58744274987839
}