{
  "aor": 0.005313111111111111,
  "aqi": 0.0022171906666666663,
  "bids_meta": {
    "CogAtlasID": "trm_4c898f079d05e",
    "CogPOID": "",
    "EchoTime": 0.035,
    "FlipAngle": 90.0,
    "InPlanePhaseEncodingDirection": "COL",
    "MRAcquisitionType": "2D",
    "MagneticFieldStrength": 3.0,
    "Manufacturer": "GE",
    "ManufacturerModelName": "SIGNA HDx",
    "ReceiveCoilName": "8-channel head",
    "RepetitionTime": 3.0,
    "ScanOptions": "EPI.GEMS",
    "ScanningSequence": "EP/GR",
    "SequenceVariant": "SS",
    "SliceAcquisitionDirection": "sequential/ascending (bottom up)",
    "SliceGap": 0,
    "SliceTiming": [
      0.0,
      0.075,
      0.15,
      0.225,
      0.3,
      0.375,
      0.45,
      0.525,
      0.6,
      0.675,
      0.75,
      0.825,
      0.9,
      0.975,
      1.05,
      1.125,
      1.2,
      1.275,
      1.35,
      1.425,
      1.5,
      1.575,
      1.65,
      1.725,
      1.8,
      1.875,
      1.95,
      2.025,
      2.1,
      2.175,
      2.25,
      2.325,
      2.4,
      2.475,
      2.55,
      2.625,
      2.7,
      2.775,
      2.85,
      2.925
    ],
    "SliceTimingCalculationMethod": "slice_number * (RepetitionTime / num_slices)",
    "SoftwareVersion": "14/LX/MR Software release.14.0.M5A.0828.b",
    "TaskDescription": "Finger-to-thumb opposition sequence performed with the trained hand using the pre-trained sequence.",
    "TaskInstructions": "See published manuscripts.",
    "TaskName": "Trained Hand, Trained Sequence",
    "dataset": "ds000170",
    "modality": "bold",
    "run_id": 1,
    "subject_id": "1700",
    "task_id": "TrainedHandTrainedSequence"
  },
  "dummy_trs": 0,
  "dvars_nstd": 13.475727276136361,
  "dvars_std": 1.2572613761363634,
  "dvars_vstd": 1.040352480681818,
  "efc": 0.4637715876490067,
  "fber": 6103.7998046875,
  "fd_mean": 0.04143475447530149,
  "fd_num": 0,
  "fd_perc": 0.0,
  "fwhm_avg": 2.2664519742639953,
  "fwhm_x": 2.187380363636364,
  "fwhm_y": 2.4522007272727273,
  "fwhm_z": 2.159774831882894,
  "gcor": 0.0267915,
  "gsr_x": -0.012381542474031448,
  "gsr_y": 0.02665836364030838,
  "provenance": {
    "md5sum": "77ab1496ff5845ab621c8077e7b1f8d1",
    "settings": {
      "fd_thres": 0.2,
      "testing": false
    },
    "software": "mriqc",
    "version": "22.0.0rc1",
    "webapi_port": null,
    "webapi_url": "https://mriqc.nimh.nih.gov/api/v1"
  },
  "size_t": 45,
  "size_x": 64,
  "size_y": 64,
  "size_z": 40,
  "snr": 6.071741476910168,
  "spacing_tr": 3.0,
  "spacing_x": 3.4375,
  "spacing_y": 3.4375,
  "spacing_z": 3.3999979496002197,
  "summary_bg_k": 42.226536258847645,
  "summary_bg_mad": 10.806522899948373,
  "summary_bg_mean": 59.28398513793945,
  "summary_bg_median": 22.311111450195312,
  "summary_bg_n": 106301.0,
  "summary_bg_p05": 5.400000095367432,
  "summary_bg_p95": 250.60000610351562,
  "summary_bg_stdv": 102.92346954345703,
  "summary_fg_k": 1.2632923440882813,
  "summary_fg_mad": 247.66044783510546,
  "summary_fg_mean": 1700.7171630859375,
  "summary_fg_median": 1699.977783203125,
  "summary_fg_n": 25589.0,
  "summary_fg_p05": 1248.031103515625,
  "summary_fg_p95": 2149.2978515625,
  "summary_fg_stdv": 279.9764404296875,
  "tsnr": 138.68137562647462
}