{
  "aor": 0.005411555555555555,
  "aqi": 0.006043591111111112,
  "bids_meta": {
    "CogAtlasID": "trm_4c898f079d05e",
    "CogPOID": "",
    "EchoTime": 0.035,
    "FlipAngle": 90.0,
    "InPlanePhaseEncodingDirection": "COL",
    "MRAcquisitionType": "2D",
    "MagneticFieldStrength": 3.0,
    "Manufacturer": "GE",
    "ManufacturerModelName": "SIGNA HDx",
    "ReceiveCoilName": "8-channel head",
    "RepetitionTime": 3.0,
    "ScanOptions": "EPI.GEMS",
    "ScanningSequence": "EP/GR",
    "SequenceVariant": "SS",
    "SliceAcquisitionDirection": "sequential/ascending (bottom up)",
    "SliceGap": 0,
    "SliceTiming": [
      0.0,
      0.075,
      0.15,
      0.225,
      0.3,
      0.375,
      0.45,
      0.525,
      0.6,
      0.675,
      0.75,
      0.825,
      0.9,
      0.975,
      1.05,
      1.125,
      1.2,
      1.275,
      1.35,
      1.425,
      1.5,
      1.575,
      1.65,
      1.725,
      1.8,
      1.875,
      1.95,
      2.025,
      2.1,
      2.175,
      2.25,
      2.325,
      2.4,
      2.475,
      2.55,
      2.625,
      2.7,
      2.775,
      2.85,
      2.925
    ],
    "SliceTimingCalculationMethod": "slice_number * (RepetitionTime / num_slices)",
    "SoftwareVersion": "14/LX/MR Software release.14.0.M5A.0828.b",
    "TaskDescription": "Finger-to-thumb opposition sequence performed with the trained hand using the novel, untrained sequence.",
    "TaskInstructions": "See published manuscripts.",
    "TaskName": "Trained Hand, Untrained Sequence",
    "dataset": "ds000170",
    "modality": "bold",
    "run_id": 3,
    "subject_id": "1700",
    "task_id": "TrainedHandUntrainedSequence"
  },
  "dummy_trs": 0,
  "dvars_nstd": 18.067554040681816,
  "dvars_std": 1.1371020952272732,
  "dvars_vstd": 0.9398213875000002,
  "efc": 0.461128310348076,
  "fber": 6047.638671875,
  "fd_mean": 0.14409566867076784,
  "fd_num": 8,
  "fd_perc": 17.77777777777778,
  "fwhm_avg": 2.2548631438734703,
  "fwhm_x": 2.1721309090909093,
  "fwhm_y": 2.4313454545454545,
  "fwhm_z": 2.161113067984047,
  "gcor": 0.0240082,
  "gsr_x": -0.011741755530238152,
  "gsr_y": 0.023631924763321877,
  "provenance": {
    "md5sum": "664ec3527cb8213f6c88df74558241ca",
    "settings": {
      "fd_thres": 0.2,
      "testing": false
    },
    "software": "mriqc",
    "version": "22.0.0rc1",
    "webapi_port": null,
    "webapi_url": "https://mriqc.nimh.nih.gov/api/v1"
  },
  "size_t": 45,
  "size_x": 64,
  "size_y": 64,
  "size_z": 40,
  "snr": 6.20393732021439,
  "spacing_tr": 3.0,
  "spacing_x": 3.4375,
  "spacing_y": 3.4375,
  "spacing_z": 3.3999979496002197,
  "summary_bg_k": 46.933269484338716,
  "summary_bg_mad": 11.366616065929843,
  "summary_bg_mean": 59.91818618774414,
  "summary_bg_median": 22.688888549804688,
  "summary_bg_n": 106869.0,
  "summary_bg_p05": 5.511111259460449,
  "summary_bg_p95": 251.35556030273438,
  "summary_bg_stdv": 104.9524917602539,
  "summary_fg_k": 1.3862593613481478,
  "summary_fg_mad": 242.68562242222924,
  "summary_fg_mean": 1722.9840087890625,
  "summary_fg_median": 1724.77783203125,
  "summary_fg_n": 25201.0,
  "summary_fg_p05": 1265.77783203125,
  "summary_fg_p95": 2166.066650390625,
  "summary_fg_stdv": 278.0079040527344,
  "tsnr": 81.01089353766292
}