{
  "aor": 0.0033388888888888886,
  "aqi": 0.003412677111111111,
  "bids_meta": {
    "CogAtlasID": "trm_4c898f079d05e",
    "CogPOID": "",
    "EchoTime": 0.035,
    "FlipAngle": 90.0,
    "InPlanePhaseEncodingDirection": "COL",
    "MRAcquisitionType": "2D",
    "MagneticFieldStrength": 3.0,
    "Manufacturer": "GE",
    "ManufacturerModelName": "SIGNA HDx",
    "ReceiveCoilName": "8-channel head",
    "RepetitionTime": 3.0,
    "ScanOptions": "EPI.GEMS",
    "ScanningSequence": "EP/GR",
    "SequenceVariant": "SS",
    "SliceAcquisitionDirection": "sequential/ascending (bottom up)",
    "SliceGap": 0,
    "SliceTiming": [
      0.0,
      0.075,
      0.15,
      0.225,
      0.3,
      0.375,
      0.45,
      0.525,
      0.6,
      0.675,
      0.75,
      0.825,
      0.9,
      0.975,
      1.05,
      1.125,
      1.2,
      1.275,
      1.35,
      1.425,
      1.5,
      1.575,
      1.65,
      1.725,
      1.8,
      1.875,
      1.95,
      2.025,
      2.1,
      2.175,
      2.25,
      2.325,
      2.4,
      2.475,
      2.55,
      2.625,
      2.7,
      2.775,
      2.85,
      2.925
    ],
    "SliceTimingCalculationMethod": "slice_number * (RepetitionTime / num_slices)",
    "SoftwareVersion": "14/LX/MR Software release.14.0.M5A.0828.b",
    "TaskDescription": "Finger-to-thumb opposition sequence performed with the untrained hand using the novel, untrained sequence.",
    "TaskInstructions": "See published manuscripts.",
    "TaskName": "Untrained Hand, Untrained Sequence",
    "dataset": "ds000170",
    "modality": "bold",
    "run_id": 2,
    "subject_id": "1700",
    "task_id": "UntrainedHandUntrainedSequence"
  },
  "dummy_trs": 0,
  "dvars_nstd": 16.377643520227274,
  "dvars_std": 1.2666049718181815,
  "dvars_vstd": 0.9873465031818182,
  "efc": 0.46399096489582653,
  "fber": 5856.3671875,
  "fd_mean": 0.0694250433706384,
  "fd_num": 1,
  "fd_perc": 2.2222222222222223,
  "fwhm_avg": 2.2421436229325873,
  "fwhm_x": 2.1463301818181817,
  "fwhm_y": 2.4477876363636364,
  "fwhm_z": 2.1323130506159442,
  "gcor": 0.0456228,
  "gsr_x": -0.012512651272118092,
  "gsr_y": 0.025089427828788757,
  "provenance": {
    "md5sum": "c31f6697ca81204d5319a168333d0e6a",
    "settings": {
      "fd_thres": 0.2,
      "testing": false
    },
    "software": "mriqc",
    "version": "22.0.0rc1",
    "webapi_port": null,
    "webapi_url": "https://mriqc.nimh.nih.gov/api/v1"
  },
  "size_t": 45,
  "size_x": 64,
  "size_y": 64,
  "size_z": 40,
  "snr": 6.123483224186536,
  "spacing_tr": 3.0,
  "spacing_x": 3.4375,
  "spacing_y": 3.4375,
  "spacing_z": 3.3999979496002197,
  "summary_bg_k": 40.6107796903032,
  "summary_bg_mad": 11.53135043127472,
  "summary_bg_mean": 60.42011642456055,
  "summary_bg_median": 22.844444274902344,
  "summary_bg_n": 106472.0,
  "summary_bg_p05": 5.555555820465088,
  "summary_bg_p95": 256.9511062622068,
  "summary_bg_stdv": 104.50408172607422,
  "summary_fg_k": 1.3708815682656779,
  "summary_fg_mad": 244.43173401941453,
  "summary_fg_mean": 1705.519287109375,
  "summary_fg_median": 1705.022216796875,
  "summary_fg_n": 25415.0,
  "summary_fg_p05": 1251.5733154296875,
  "summary_fg_p95": 2152.666748046875,
  "summary_fg_stdv": 278.4344482421875,
  "tsnr": 104.98627065308392
}