{
  "aor": 0.0036755555555555547,
  "aqi": 0.0034718473333333333,
  "bids_meta": {
    "CogAtlasID": "trm_4c898f079d05e",
    "CogPOID": "",
    "EchoTime": 0.035,
    "FlipAngle": 90.0,
    "InPlanePhaseEncodingDirection": "COL",
    "MRAcquisitionType": "2D",
    "MagneticFieldStrength": 3.0,
    "Manufacturer": "GE",
    "ManufacturerModelName": "SIGNA HDx",
    "ReceiveCoilName": "8-channel head",
    "RepetitionTime": 3.0,
    "ScanOptions": "EPI.GEMS",
    "ScanningSequence": "EP/GR",
    "SequenceVariant": "SS",
    "SliceAcquisitionDirection": "sequential/ascending (bottom up)",
    "SliceGap": 0,
    "SliceTiming": [
      0.0,
      0.075,
      0.15,
      0.225,
      0.3,
      0.375,
      0.45,
      0.525,
      0.6,
      0.675,
      0.75,
      0.825,
      0.9,
      0.975,
      1.05,
      1.125,
      1.2,
      1.275,
      1.35,
      1.425,
      1.5,
      1.575,
      1.65,
      1.725,
      1.8,
      1.875,
      1.95,
      2.025,
      2.1,
      2.175,
      2.25,
      2.325,
      2.4,
      2.475,
      2.55,
      2.625,
      2.7,
      2.775,
      2.85,
      2.925
    ],
    "SliceTimingCalculationMethod": "slice_number * (RepetitionTime / num_slices)",
    "SoftwareVersion": "14/LX/MR Software release.14.0.M5A.0828.b",
    "TaskDescription": "Finger-to-thumb opposition sequence performed with the trained hand using the pre-trained sequence.",
    "TaskInstructions": "See published manuscripts.",
    "TaskName": "Trained Hand, Trained Sequence",
    "dataset": "ds000170",
    "modality": "bold",
    "run_id": 2,
    "subject_id": "1700",
    "task_id": "TrainedHandTrainedSequence"
  },
  "dummy_trs": 0,
  "dvars_nstd": 15.986861380681818,
  "dvars_std": 1.2716233434090911,
  "dvars_vstd": 0.9886363240909091,
  "efc": 0.46729614157942223,
  "fber": 5985.830078125,
  "fd_mean": 0.058205475458273474,
  "fd_num": 1,
  "fd_perc": 2.2222222222222223,
  "fwhm_avg": 2.2752406175178366,
  "fwhm_x": 2.1774138181818183,
  "fwhm_y": 2.4631243636363633,
  "fwhm_z": 2.185183670735329,
  "gcor": 0.0380115,
  "gsr_x": -0.013066151179373264,
  "gsr_y": 0.027059875428676605,
  "provenance": {
    "md5sum": "60047bd9eae8d7eba55d4feda8c2b3d8",
    "settings": {
      "fd_thres": 0.2,
      "testing": false
    },
    "software": "mriqc",
    "version": "22.0.0rc1",
    "webapi_port": null,
    "webapi_url": "https://mriqc.nimh.nih.gov/api/v1"
  },
  "size_t": 45,
  "size_x": 64,
  "size_y": 64,
  "size_z": 40,
  "snr": 6.057641743776105,
  "spacing_tr": 3.0,
  "spacing_x": 3.4375,
  "spacing_y": 3.4375,
  "spacing_z": 3.3999979496002197,
  "summary_bg_k": 41.98804249785531,
  "summary_bg_mad": 11.070095905012655,
  "summary_bg_mean": 60.46731185913086,
  "summary_bg_median": 22.44444465637207,
  "summary_bg_n": 105836.0,
  "summary_bg_p05": 5.488889217376709,
  "summary_bg_p95": 256.6222229003906,
  "summary_bg_stdv": 105.70187377929688,
  "summary_fg_k": 1.2615121657049828,
  "summary_fg_mad": 249.11011138127608,
  "summary_fg_mean": 1694.1678466796875,
  "summary_fg_median": 1691.666748046875,
  "summary_fg_n": 25963.0,
  "summary_fg_p05": 1241.84892578125,
  "summary_fg_p95": 2143.057763671875,
  "summary_fg_stdv": 279.2562255859375,
  "tsnr": 107.15940966643393
}