{
  "aor": 0.0033755555555555553,
  "aqi": 0.004640405333333333,
  "bids_meta": {
    "CogAtlasID": "trm_4c898f079d05e",
    "CogPOID": "",
    "EchoTime": 0.035,
    "FlipAngle": 90.0,
    "InPlanePhaseEncodingDirection": "COL",
    "MRAcquisitionType": "2D",
    "MagneticFieldStrength": 3.0,
    "Manufacturer": "GE",
    "ManufacturerModelName": "SIGNA HDx",
    "ReceiveCoilName": "8-channel head",
    "RepetitionTime": 3.0,
    "ScanOptions": "EPI.GEMS",
    "ScanningSequence": "EP/GR",
    "SequenceVariant": "SS",
    "SliceAcquisitionDirection": "sequential/ascending (bottom up)",
    "SliceGap": 0,
    "SliceTiming": [
      0.0,
      0.075,
      0.15,
      0.225,
      0.3,
      0.375,
      0.45,
      0.525,
      0.6,
      0.675,
      0.75,
      0.825,
      0.9,
      0.975,
      1.05,
      1.125,
      1.2,
      1.275,
      1.35,
      1.425,
      1.5,
      1.575,
      1.65,
      1.725,
      1.8,
      1.875,
      1.95,
      2.025,
      2.1,
      2.175,
      2.25,
      2.325,
      2.4,
      2.475,
      2.55,
      2.625,
      2.7,
      2.775,
      2.85,
      2.925
    ],
    "SliceTimingCalculationMethod": "slice_number * (RepetitionTime / num_slices)",
    "SoftwareVersion": "14/LX/MR Software release.14.0.M5A.0828.b",
    "TaskDescription": "Finger-to-thumb opposition sequence performed with the untrained hand using the novel, untrained sequence.",
    "TaskInstructions": "See published manuscripts.",
    "TaskName": "Untrained Hand, Untrained Sequence",
    "dataset": "ds000170",
    "modality": "bold",
    "run_id": 3,
    "subject_id": "1700",
    "task_id": "UntrainedHandUntrainedSequence"
  },
  "dummy_trs": 0,
  "dvars_nstd": 16.241288922272727,
  "dvars_std": 1.1671266036363637,
  "dvars_vstd": 0.9474588261363636,
  "efc": 0.46708645973187796,
  "fber": 5714.005859375,
  "fd_mean": 0.10494521619472195,
  "fd_num": 2,
  "fd_perc": 4.444444444444445,
  "fwhm_avg": 2.2281449837890888,
  "fwhm_x": 2.136791272727273,
  "fwhm_y": 2.4025570909090908,
  "fwhm_z": 2.145086587730902,
  "gcor": 0.0199806,
  "gsr_x": -0.012629748322069645,
  "gsr_y": 0.02600918523967266,
  "provenance": {
    "md5sum": "1f3722b8f5633dbf5f0967eab5e31d37",
    "settings": {
      "fd_thres": 0.2,
      "testing": false
    },
    "software": "mriqc",
    "version": "22.0.0rc1",
    "webapi_port": null,
    "webapi_url": "https://mriqc.nimh.nih.gov/api/v1"
  },
  "size_t": 45,
  "size_x": 64,
  "size_y": 64,
  "size_z": 40,
  "snr": 6.157652348723167,
  "spacing_tr": 3.0,
  "spacing_x": 3.4375,
  "spacing_y": 3.4375,
  "spacing_z": 3.3999979496002197,
  "summary_bg_k": 43.35884839421401,
  "summary_bg_mad": 12.355019430159787,
  "summary_bg_mean": 61.407196044921875,
  "summary_bg_median": 23.088890075683594,
  "summary_bg_n": 106001.0,
  "summary_bg_p05": 5.111111164093018,
  "summary_bg_p95": 260.8000183105469,
  "summary_bg_stdv": 107.50990295410156,
  "summary_fg_k": 1.4009585632261725,
  "summary_fg_mad": 242.96560113707642,
  "summary_fg_mean": 1701.428466796875,
  "summary_fg_median": 1700.7333984375,
  "summary_fg_n": 25796.0,
  "summary_fg_p05": 1252.5277709960938,
  "summary_fg_p95": 2145.5445556640625,
  "summary_fg_stdv": 276.1929931640625,
  "tsnr": 89.50107656233013
}