{
  "bids_meta": {
    "EchoTime": 0.003,
    "FlipAngle": 20.0,
    "InPlanePhaseEncodingDirection": "ROW",
    "MRAcquisitionType": "3D",
    "MagneticFieldStrength": 3.0,
    "Manufacturer": "GE",
    "ManufacturerModelName": "SIGNA HDx",
    "ReceiveCoilName": "8-channel head",
    "RepetitionTime": 0.0073,
    "ScanOptions": "FAST.GEMS/EDR.GEMS/FILTERED.GEMS",
    "ScanningSequence": "Scanning Sequence",
    "SequenceVariant": "SS/SP/SK",
    "SeriesDescription": "Ax FSPGR 3D Asset",
    "SoftwareVersion": "14/LX/MR Software release.14.0.M5A.0828.b",
    "dataset": "ds000170",
    "modality": "T1w",
    "subject_id": "1702"
  },
  "cjv": 0.5812358158255304,
  "cnr": 2.0915164370064145,
  "efc": 0.7807070664419461,
  "fber": 18461.709601493385,
  "fwhm_avg": 4.319489720346571,
  "fwhm_x": 4.1222,
  "fwhm_y": 4.326910773711939,
  "fwhm_z": 4.509358387327771,
  "icvs_csf": 0.19637510451419146,
  "icvs_gm": 0.43092855513953976,
  "icvs_wm": 0.37269634034626875,
  "inu_med": 0.8922927975654602,
  "inu_range": 0.29662909507751456,
  "provenance": {
    "md5sum": "95d4c6706315fe9676b89fe2a43d41b5",
    "settings": {
      "testing": false
    },
    "software": "mriqc",
    "version": "22.0.0rc1",
    "warnings": {
      "large_rot_frame": true,
      "small_air_mask": true
    },
    "webapi_port": null,
    "webapi_url": "https://mriqc.nimh.nih.gov/api/v1"
  },
  "qi_1": 0.0,
  "qi_2": 0.0016843852536490994,
  "rpve_csf": 25.46592693752134,
  "rpve_gm": 12.548506188888261,
  "rpve_wm": 16.758782201405154,
  "size_x": 256,
  "size_y": 256,
  "size_z": 172,
  "snr_csf": 3.9362402466669795,
  "snr_gm": 10.838156270846003,
  "snr_total": 12.563858346613777,
  "snr_wm": 22.91717852232835,
  "snrd_csf": 53.25548208930608,
  "snrd_gm": 91.56729226475946,
  "snrd_total": 85.71569313720245,
  "snrd_wm": 112.32430505754179,
  "spacing_x": 1.0,
  "spacing_y": 0.9999998211860657,
  "spacing_z": 1.0000003576278687,
  "summary_bg_k": 6.90553446695206,
  "summary_bg_mad": 5.832543314798982,
  "summary_bg_mean": 10.908485037480313,
  "summary_bg_median": 4.393807776272297,
  "summary_bg_n": 240563.0,
  "summary_bg_p05": 0.0,
  "summary_bg_p95": 44.755530372262,
  "summary_bg_stdv": 15.660120875995862,
  "summary_csf_k": 0.10372298442476424,
  "summary_csf_mad": 118.31730724306506,
  "summary_csf_mean": 492.73446339466085,
  "summary_csf_median": 474.12251353263855,
  "summary_csf_n": 25290.0,
  "summary_csf_p05": 327.849587213248,
  "summary_csf_p95": 708.7416306279598,
  "summary_csf_stdv": 120.44822216485801,
  "summary_gm_k": 0.8740433417163476,
  "summary_gm_mad": 64.00648183123558,
  "summary_gm_mean": 827.17710202959,
  "summary_gm_median": 815.2046148627996,
  "summary_gm_n": 29574.0,
  "summary_gm_p05": 724.6717383563519,
  "summary_gm_p95": 976.3960513062775,
  "summary_gm_stdv": 75.21489927993291,
  "summary_wm_k": 0.07127731422248962,
  "summary_wm_mad": 43.40321193999762,
  "summary_wm_mean": 1001.9524389511777,
  "summary_wm_median": 999.9999954067171,
  "summary_wm_n": 226148.0,
  "summary_wm_p05": 933.122153788805,
  "summary_wm_p95": 1076.5850867629051,
  "summary_wm_stdv": 43.63529234144036,
  "tpm_overlap_csf": 0.17642360925674438,
  "tpm_overlap_gm": 0.47389817237854004,
  "tpm_overlap_wm": 0.5312878489494324,
  "wm2max": 0.4502231218659429
}