{
  "aor": 0.003806,
  "aqi": 0.003294476888888889,
  "bids_meta": {
    "CogAtlasID": "trm_4c898f079d05e",
    "CogPOID": "",
    "EchoTime": 0.035,
    "FlipAngle": 90.0,
    "InPlanePhaseEncodingDirection": "COL",
    "MRAcquisitionType": "2D",
    "MagneticFieldStrength": 3.0,
    "Manufacturer": "GE",
    "ManufacturerModelName": "SIGNA HDx",
    "ReceiveCoilName": "8-channel head",
    "RepetitionTime": 3.0,
    "ScanOptions": "EPI.GEMS",
    "ScanningSequence": "EP/GR",
    "SequenceVariant": "SS",
    "SliceAcquisitionDirection": "sequential/ascending (bottom up)",
    "SliceGap": 0,
    "SliceTiming": [
      0.0,
      0.075,
      0.15,
      0.225,
      0.3,
      0.375,
      0.45,
      0.525,
      0.6,
      0.675,
      0.75,
      0.825,
      0.9,
      0.975,
      1.05,
      1.125,
      1.2,
      1.275,
      1.35,
      1.425,
      1.5,
      1.575,
      1.65,
      1.725,
      1.8,
      1.875,
      1.95,
      2.025,
      2.1,
      2.175,
      2.25,
      2.325,
      2.4,
      2.475,
      2.55,
      2.625,
      2.7,
      2.775,
      2.85,
      2.925
    ],
    "SliceTimingCalculationMethod": "slice_number * (RepetitionTime / num_slices)",
    "SoftwareVersion": "14/LX/MR Software release.14.0.M5A.0828.b",
    "TaskDescription": "Finger-to-thumb opposition sequence performed with the trained hand using the pre-trained sequence.",
    "TaskInstructions": "See published manuscripts.",
    "TaskName": "Trained Hand, Trained Sequence",
    "dataset": "ds000170",
    "modality": "bold",
    "run_id": 3,
    "subject_id": "1700",
    "task_id": "TrainedHandTrainedSequence"
  },
  "dummy_trs": 0,
  "dvars_nstd": 15.758893966136363,
  "dvars_std": 1.266812175909091,
  "dvars_vstd": 1.0007275386363637,
  "efc": 0.4675302879836877,
  "fber": 6097.12890625,
  "fd_mean": 0.05466691861961262,
  "fd_num": 0,
  "fd_perc": 0.0,
  "fwhm_avg": 2.262413842526452,
  "fwhm_x": 2.157658181818182,
  "fwhm_y": 2.451229090909091,
  "fwhm_z": 2.178354254852084,
  "gcor": 0.0424488,
  "gsr_x": -0.013195320963859558,
  "gsr_y": 0.02682451345026493,
  "provenance": {
    "md5sum": "bf15c95557552fa3439d0481124d3957",
    "settings": {
      "fd_thres": 0.2,
      "testing": false
    },
    "software": "mriqc",
    "version": "22.0.0rc1",
    "webapi_port": null,
    "webapi_url": "https://mriqc.nimh.nih.gov/api/v1"
  },
  "size_t": 45,
  "size_x": 64,
  "size_y": 64,
  "size_z": 40,
  "snr": 6.123563427910757,
  "spacing_tr": 3.0,
  "spacing_x": 3.4375,
  "spacing_y": 3.4375,
  "spacing_z": 3.3999979496002197,
  "summary_bg_k": 42.09082944607356,
  "summary_bg_mad": 11.004203007226499,
  "summary_bg_mean": 60.85822677612305,
  "summary_bg_median": 22.33333396911621,
  "summary_bg_n": 105823.0,
  "summary_bg_p05": 5.44444465637207,
  "summary_bg_p95": 258.5555725097656,
  "summary_bg_stdv": 106.5772933959961,
  "summary_fg_k": 1.1953567001524812,
  "summary_fg_mad": 248.69837797708905,
  "summary_fg_mean": 1701.734619140625,
  "summary_fg_median": 1700.7667236328125,
  "summary_fg_n": 25960.0,
  "summary_fg_p05": 1250.566650390625,
  "summary_fg_p95": 2146.586767578125,
  "summary_fg_stdv": 277.7359924316406,
  "tsnr": 110.69323249580339
}