{
  "aor": 0.03557266666666667,
  "aqi": 0.007767165111111111,
  "bids_meta": {
    "CogAtlasID": "trm_4c898f079d05e",
    "CogPOID": "",
    "EchoTime": 0.035,
    "FlipAngle": 90.0,
    "InPlanePhaseEncodingDirection": "COL",
    "MRAcquisitionType": "2D",
    "MagneticFieldStrength": 3.0,
    "Manufacturer": "GE",
    "ManufacturerModelName": "SIGNA HDx",
    "ReceiveCoilName": "8-channel head",
    "RepetitionTime": 3.0,
    "ScanOptions": "EPI.GEMS",
    "ScanningSequence": "EP/GR",
    "SequenceVariant": "SS",
    "SliceAcquisitionDirection": "sequential/ascending (bottom up)",
    "SliceGap": 0,
    "SliceTiming": [
      0.0,
      0.075,
      0.15,
      0.225,
      0.3,
      0.375,
      0.45,
      0.525,
      0.6,
      0.675,
      0.75,
      0.825,
      0.9,
      0.975,
      1.05,
      1.125,
      1.2,
      1.275,
      1.35,
      1.425,
      1.5,
      1.575,
      1.65,
      1.725,
      1.8,
      1.875,
      1.95,
      2.025,
      2.1,
      2.175,
      2.25,
      2.325,
      2.4,
      2.475,
      2.55,
      2.625,
      2.7,
      2.775,
      2.85,
      2.925
    ],
    "SliceTimingCalculationMethod": "slice_number * (RepetitionTime / num_slices)",
    "SoftwareVersion": "14/LX/MR Software release.14.0.M5A.0828.b",
    "TaskDescription": "Finger-to-thumb opposition sequence performed with the trained hand using the novel, untrained sequence.",
    "TaskInstructions": "See published manuscripts.",
    "TaskName": "Trained Hand, Untrained Sequence",
    "dataset": "ds000170",
    "modality": "bold",
    "run_id": 2,
    "subject_id": "1700",
    "task_id": "TrainedHandUntrainedSequence"
  },
  "dummy_trs": 0,
  "dvars_nstd": 18.638135780227273,
  "dvars_std": 1.3735132559090908,
  "dvars_vstd": 1.1603620700000001,
  "efc": 0.46096574914571536,
  "fber": 6029.83984375,
  "fd_mean": 0.18315367786083653,
  "fd_num": 8,
  "fd_perc": 17.77777777777778,
  "fwhm_avg": 2.2470656598343446,
  "fwhm_x": 2.150050909090909,
  "fwhm_y": 2.434874181818182,
  "fwhm_z": 2.156271888593943,
  "gcor": 0.0281147,
  "gsr_x": -0.012063218280673027,
  "gsr_y": 0.023391012102365494,
  "provenance": {
    "md5sum": "a02af7560d6137333cad02a932df0bf9",
    "settings": {
      "fd_thres": 0.2,
      "testing": false
    },
    "software": "mriqc",
    "version": "22.0.0rc1",
    "webapi_port": null,
    "webapi_url": "https://mriqc.nimh.nih.gov/api/v1"
  },
  "size_t": 45,
  "size_x": 64,
  "size_y": 64,
  "size_z": 40,
  "snr": 6.197126212258401,
  "spacing_tr": 3.0,
  "spacing_x": 3.4375,
  "spacing_y": 3.4375,
  "spacing_z": 3.3999979496002197,
  "summary_bg_k": 44.84605590437644,
  "summary_bg_mad": 11.432510377635657,
  "summary_bg_mean": 60.25019073486328,
  "summary_bg_median": 22.733333587646484,
  "summary_bg_n": 106985.0,
  "summary_bg_p05": 6.688889026641846,
  "summary_bg_p95": 253.44001159667943,
  "summary_bg_stdv": 105.82453918457031,
  "summary_fg_k": 1.534132570440895,
  "summary_fg_mad": 241.861974632139,
  "summary_fg_mean": 1721.551513671875,
  "summary_fg_median": 1722.066650390625,
  "summary_fg_n": 25073.0,
  "summary_fg_p05": 1270.022216796875,
  "summary_fg_p95": 2161.302246093749,
  "summary_fg_stdv": 277.8759460449219,
  "tsnr": 72.86495899781585
}