{
  "aor": 0.006980238095238095,
  "aqi": 0.004328912619047619,
  "bids_meta": {
    "CogAtlasID": "trm_4c898f079d05e",
    "CogPOID": "",
    "EchoTime": 0.035,
    "FlipAngle": 90.0,
    "InPlanePhaseEncodingDirection": "COL",
    "MRAcquisitionType": "2D",
    "MagneticFieldStrength": 3.0,
    "Manufacturer": "GE",
    "ManufacturerModelName": "SIGNA HDx",
    "ReceiveCoilName": "8-channel head",
    "RepetitionTime": 3.0,
    "ScanOptions": "EPI.GEMS",
    "ScanningSequence": "EP/GR",
    "SequenceVariant": "SS",
    "SliceAcquisitionDirection": "sequential/ascending (bottom up)",
    "SliceGap": 0,
    "SliceTiming": [
      0.0,
      0.075,
      0.15,
      0.225,
      0.3,
      0.375,
      0.45,
      0.525,
      0.6,
      0.675,
      0.75,
      0.825,
      0.9,
      0.975,
      1.05,
      1.125,
      1.2,
      1.275,
      1.35,
      1.425,
      1.5,
      1.575,
      1.65,
      1.725,
      1.8,
      1.875,
      1.95,
      2.025,
      2.1,
      2.175,
      2.25,
      2.325,
      2.4,
      2.475,
      2.55,
      2.625,
      2.7,
      2.775,
      2.85,
      2.925
    ],
    "SliceTimingCalculationMethod": "slice_number * (RepetitionTime / num_slices)",
    "SoftwareVersion": "14/LX/MR Software release.14.0.M5A.0828.b",
    "TaskDescription": "Finger-to-thumb opposition sequence performed with the untrained hand using the novel, untrained sequence.",
    "TaskInstructions": "See published manuscripts.",
    "TaskName": "Untrained Hand, Untrained Sequence",
    "dataset": "ds000170",
    "modality": "bold",
    "run_id": 1,
    "subject_id": "1700",
    "task_id": "UntrainedHandUntrainedSequence"
  },
  "dummy_trs": 3,
  "dvars_nstd": 16.904469420243895,
  "dvars_std": 1.239108702439024,
  "dvars_vstd": 1.0243777156097562,
  "efc": 0.47519708822530554,
  "fber": 5698.11474609375,
  "fd_mean": 0.14763930852298002,
  "fd_num": 10,
  "fd_perc": 23.80952380952381,
  "fwhm_avg": 2.2322595950867683,
  "fwhm_x": 2.1297425454545453,
  "fwhm_y": 2.413632,
  "fwhm_z": 2.153404239805759,
  "gcor": 0.0401921,
  "gsr_x": -0.013383140787482262,
  "gsr_y": 0.02895941585302353,
  "provenance": {
    "md5sum": "958f166d871b3f27ce0dad8dfb9fb0c5",
    "settings": {
      "fd_thres": 0.2,
      "testing": false
    },
    "software": "mriqc",
    "version": "22.0.0rc1",
    "webapi_port": null,
    "webapi_url": "https://mriqc.nimh.nih.gov/api/v1"
  },
  "size_t": 42,
  "size_x": 64,
  "size_y": 64,
  "size_z": 40,
  "snr": 6.193031498727985,
  "spacing_tr": 3.0,
  "spacing_x": 3.4375,
  "spacing_y": 3.4375,
  "spacing_z": 3.3999979496002197,
  "summary_bg_k": 42.453410469800744,
  "summary_bg_mad": 11.57841840274444,
  "summary_bg_mean": 62.17531967163086,
  "summary_bg_median": 22.785715103149414,
  "summary_bg_n": 104553.0,
  "summary_bg_p05": 4.857142925262451,
  "summary_bg_p95": 266.4809570312496,
  "summary_bg_stdv": 108.98304748535156,
  "summary_fg_k": 1.287791264299746,
  "summary_fg_mad": 241.16990054967255,
  "summary_fg_mean": 1678.7288818359375,
  "summary_fg_median": 1678.5,
  "summary_fg_n": 26883.0,
  "summary_fg_p05": 1237.8024291992188,
  "summary_fg_p95": 2112.7594726562493,
  "summary_fg_stdv": 271.025390625,
  "tsnr": 94.6643133200705
}