{
  "aor": 0.004145333333333333,
  "aqi": 0.0024056526666666666,
  "bids_meta": {
    "CogAtlasID": "trm_4c898f079d05e",
    "CogPOID": "",
    "EchoTime": 0.035,
    "FlipAngle": 90.0,
    "InPlanePhaseEncodingDirection": "COL",
    "MRAcquisitionType": "2D",
    "MagneticFieldStrength": 3.0,
    "Manufacturer": "GE",
    "ManufacturerModelName": "SIGNA HDx",
    "ReceiveCoilName": "8-channel head",
    "RepetitionTime": 3.0,
    "ScanOptions": "EPI.GEMS",
    "ScanningSequence": "EP/GR",
    "SequenceVariant": "SS",
    "SliceAcquisitionDirection": "sequential/ascending (bottom up)",
    "SliceGap": 0,
    "SliceTiming": [
      0.0,
      0.075,
      0.15,
      0.225,
      0.3,
      0.375,
      0.45,
      0.525,
      0.6,
      0.675,
      0.75,
      0.825,
      0.9,
      0.975,
      1.05,
      1.125,
      1.2,
      1.275,
      1.35,
      1.425,
      1.5,
      1.575,
      1.65,
      1.725,
      1.8,
      1.875,
      1.95,
      2.025,
      2.1,
      2.175,
      2.25,
      2.325,
      2.4,
      2.475,
      2.55,
      2.625,
      2.7,
      2.775,
      2.85,
      2.925
    ],
    "SliceTimingCalculationMethod": "slice_number * (RepetitionTime / num_slices)",
    "SoftwareVersion": "14/LX/MR Software release.14.0.M5A.0828.b",
    "TaskDescription": "Finger-to-thumb opposition sequence performed with the untrained hand using the pre-trained sequence.",
    "TaskInstructions": "See published manuscripts.",
    "TaskName": "Untrained Hand, Trained Sequence",
    "dataset": "ds000170",
    "modality": "bold",
    "run_id": 1,
    "subject_id": "1709",
    "task_id": "UntrainedHandTrainedSequence"
  },
  "dummy_trs": 0,
  "dvars_nstd": 15.948550744318181,
  "dvars_std": 1.2928184620454546,
  "dvars_vstd": 1.0214064097727276,
  "efc": 0.4807827433830556,
  "fber": 5307.30224609375,
  "fd_mean": 0.06005922528523475,
  "fd_num": 0,
  "fd_perc": 0.0,
  "fwhm_avg": 2.2356483104382394,
  "fwhm_x": 2.2194420702908797,
  "fwhm_y": 2.392535272727273,
  "fwhm_z": 2.0949675882965653,
  "gcor": 0.0321164,
  "gsr_x": -0.014623436145484447,
  "gsr_y": 0.02655624784529209,
  "provenance": {
    "md5sum": "a0af5b8d18fb73448cbf76c19dadd12e",
    "settings": {
      "fd_thres": 0.2,
      "testing": false
    },
    "software": "mriqc",
    "version": "22.0.0rc1",
    "webapi_port": null,
    "webapi_url": "https://mriqc.nimh.nih.gov/api/v1"
  },
  "size_t": 45,
  "size_x": 64,
  "size_y": 64,
  "size_z": 40,
  "snr": 5.666324063267593,
  "spacing_tr": 3.0,
  "spacing_x": 3.4374990463256836,
  "spacing_y": 3.4375,
  "spacing_z": 3.4000000953674316,
  "summary_bg_k": 18.702810204430595,
  "summary_bg_mad": 10.57589563681734,
  "summary_bg_mean": 63.772884368896484,
  "summary_bg_median": 23.22222328186035,
  "summary_bg_n": 103410.0,
  "summary_bg_p05": 5.1777777671813965,
  "summary_bg_p95": 278.2566650390622,
  "summary_bg_stdv": 109.523193359375,
  "summary_fg_k": 1.1527953981083394,
  "summary_fg_mad": 267.32954074369786,
  "summary_fg_mean": 1685.274169921875,
  "summary_fg_median": 1673.5333251953125,
  "summary_fg_n": 27302.0,
  "summary_fg_p05": 1235.627752685547,
  "summary_fg_p95": 2190.8411499023437,
  "summary_fg_stdv": 295.34185791015625,
  "tsnr": 119.86155559308827
}