{
  "aor": 0.004026888888888889,
  "aqi": 0.002573229111111111,
  "bids_meta": {
    "CogAtlasID": "trm_4c898f079d05e",
    "CogPOID": "",
    "EchoTime": 0.035,
    "FlipAngle": 90.0,
    "InPlanePhaseEncodingDirection": "COL",
    "MRAcquisitionType": "2D",
    "MagneticFieldStrength": 3.0,
    "Manufacturer": "GE",
    "ManufacturerModelName": "SIGNA HDx",
    "ReceiveCoilName": "8-channel head",
    "RepetitionTime": 3.0,
    "ScanOptions": "EPI.GEMS",
    "ScanningSequence": "EP/GR",
    "SequenceVariant": "SS",
    "SliceAcquisitionDirection": "sequential/ascending (bottom up)",
    "SliceGap": 0,
    "SliceTiming": [
      0.0,
      0.075,
      0.15,
      0.225,
      0.3,
      0.375,
      0.45,
      0.525,
      0.6,
      0.675,
      0.75,
      0.825,
      0.9,
      0.975,
      1.05,
      1.125,
      1.2,
      1.275,
      1.35,
      1.425,
      1.5,
      1.575,
      1.65,
      1.725,
      1.8,
      1.875,
      1.95,
      2.025,
      2.1,
      2.175,
      2.25,
      2.325,
      2.4,
      2.475,
      2.55,
      2.625,
      2.7,
      2.775,
      2.85,
      2.925
    ],
    "SliceTimingCalculationMethod": "slice_number * (RepetitionTime / num_slices)",
    "SoftwareVersion": "14/LX/MR Software release.14.0.M5A.0828.b",
    "TaskDescription": "Finger-to-thumb opposition sequence performed with the trained hand using the novel, untrained sequence.",
    "TaskInstructions": "See published manuscripts.",
    "TaskName": "Trained Hand, Untrained Sequence",
    "dataset": "ds000170",
    "modality": "bold",
    "run_id": 3,
    "subject_id": "1709",
    "task_id": "TrainedHandUntrainedSequence"
  },
  "dummy_trs": 0,
  "dvars_nstd": 17.084328629772727,
  "dvars_std": 1.2917181024999995,
  "dvars_vstd": 1.0127120347727276,
  "efc": 0.47224069473948177,
  "fber": 5525.41845703125,
  "fd_mean": 0.061730198414239545,
  "fd_num": 0,
  "fd_perc": 0.0,
  "fwhm_avg": 2.2479139625346494,
  "fwhm_x": 2.234447165362872,
  "fwhm_y": 2.4234065454545455,
  "fwhm_z": 2.08588817678653,
  "gcor": 0.031959,
  "gsr_x": -0.010609281249344349,
  "gsr_y": 0.03351636230945587,
  "provenance": {
    "md5sum": "7e7d64c248a3feaf30dc1ef0815c3490",
    "settings": {
      "fd_thres": 0.2,
      "testing": false
    },
    "software": "mriqc",
    "version": "22.0.0rc1",
    "webapi_port": null,
    "webapi_url": "https://mriqc.nimh.nih.gov/api/v1"
  },
  "size_t": 45,
  "size_x": 64,
  "size_y": 64,
  "size_z": 40,
  "snr": 5.58738843106796,
  "spacing_tr": 3.0,
  "spacing_x": 3.4374990463256836,
  "spacing_y": 3.4375,
  "spacing_z": 3.4000000953674316,
  "summary_bg_k": 20.558918523098576,
  "summary_bg_mad": 9.488655046787647,
  "summary_bg_mean": 59.07907485961914,
  "summary_bg_median": 22.24444580078125,
  "summary_bg_n": 104888.0,
  "summary_bg_p05": 5.488889217376709,
  "summary_bg_p95": 253.4811157226561,
  "summary_bg_stdv": 101.13589477539062,
  "summary_fg_k": 0.9135553341431386,
  "summary_fg_mad": 263.1124857762419,
  "summary_fg_mean": 1640.7376708984375,
  "summary_fg_median": 1626.844482421875,
  "summary_fg_n": 26664.0,
  "summary_fg_p05": 1193.6545288085938,
  "summary_fg_p95": 2145.3968139648437,
  "summary_fg_stdv": 291.158203125,
  "tsnr": 109.71966419206001
}