{
  "aor": 0.0036088888888888885,
  "aqi": 0.0025232766666666664,
  "bids_meta": {
    "CogAtlasID": "trm_4c898f079d05e",
    "CogPOID": "",
    "EchoTime": 0.035,
    "FlipAngle": 90.0,
    "InPlanePhaseEncodingDirection": "COL",
    "MRAcquisitionType": "2D",
    "MagneticFieldStrength": 3.0,
    "Manufacturer": "GE",
    "ManufacturerModelName": "SIGNA HDx",
    "ReceiveCoilName": "8-channel head",
    "RepetitionTime": 3.0,
    "ScanOptions": "EPI.GEMS",
    "ScanningSequence": "EP/GR",
    "SequenceVariant": "SS",
    "SliceAcquisitionDirection": "sequential/ascending (bottom up)",
    "SliceGap": 0,
    "SliceTiming": [
      0.0,
      0.075,
      0.15,
      0.225,
      0.3,
      0.375,
      0.45,
      0.525,
      0.6,
      0.675,
      0.75,
      0.825,
      0.9,
      0.975,
      1.05,
      1.125,
      1.2,
      1.275,
      1.35,
      1.425,
      1.5,
      1.575,
      1.65,
      1.725,
      1.8,
      1.875,
      1.95,
      2.025,
      2.1,
      2.175,
      2.25,
      2.325,
      2.4,
      2.475,
      2.55,
      2.625,
      2.7,
      2.775,
      2.85,
      2.925
    ],
    "SliceTimingCalculationMethod": "slice_number * (RepetitionTime / num_slices)",
    "SoftwareVersion": "14/LX/MR Software release.14.0.M5A.0828.b",
    "TaskDescription": "Finger-to-thumb opposition sequence performed with the untrained hand using the novel, untrained sequence.",
    "TaskInstructions": "See published manuscripts.",
    "TaskName": "Untrained Hand, Untrained Sequence",
    "dataset": "ds000170",
    "modality": "bold",
    "run_id": 2,
    "subject_id": "1709",
    "task_id": "UntrainedHandUntrainedSequence"
  },
  "dummy_trs": 0,
  "dvars_nstd": 17.475628441590914,
  "dvars_std": 1.300486966590909,
  "dvars_vstd": 1.0163275743181819,
  "efc": 0.47158914381407463,
  "fber": 5701.19189453125,
  "fd_mean": 0.07429730809226717,
  "fd_num": 0,
  "fd_perc": 0.0,
  "fwhm_avg": 2.2086847992771985,
  "fwhm_x": 2.182522787320997,
  "fwhm_y": 2.377928727272727,
  "fwhm_z": 2.06560288323787,
  "gcor": 0.058696,
  "gsr_x": -0.01001338567584753,
  "gsr_y": 0.03227894753217697,
  "provenance": {
    "md5sum": "3eb183055c5f399ac87d7cb93b770859",
    "settings": {
      "fd_thres": 0.2,
      "testing": false
    },
    "software": "mriqc",
    "version": "22.0.0rc1",
    "webapi_port": null,
    "webapi_url": "https://mriqc.nimh.nih.gov/api/v1"
  },
  "size_t": 45,
  "size_x": 64,
  "size_y": 64,
  "size_z": 40,
  "snr": 5.741423187737822,
  "spacing_tr": 3.0,
  "spacing_x": 3.4374990463256836,
  "spacing_y": 3.4375,
  "spacing_z": 3.4000000953674316,
  "summary_bg_k": 21.308369020148803,
  "summary_bg_mad": 9.58749510042671,
  "summary_bg_mean": 58.921104431152344,
  "summary_bg_median": 22.133333206176758,
  "summary_bg_n": 104906.0,
  "summary_bg_p05": 5.20555579662323,
  "summary_bg_p95": 252.9277801513672,
  "summary_bg_stdv": 101.48211669921875,
  "summary_fg_k": 1.0292648254909755,
  "summary_fg_mad": 262.0910249704258,
  "summary_fg_mean": 1651.8326416015625,
  "summary_fg_median": 1642.2667236328125,
  "summary_fg_n": 26651.0,
  "summary_fg_p05": 1208.344482421875,
  "summary_fg_p95": 2138.9666748046875,
  "summary_fg_stdv": 286.03289794921875,
  "tsnr": 114.3396227597259
}