{
  "aor": 0.0034348888888888892,
  "aqi": 0.002840704888888889,
  "bids_meta": {
    "CogAtlasID": "trm_4c898f079d05e",
    "CogPOID": "",
    "EchoTime": 0.035,
    "FlipAngle": 90.0,
    "InPlanePhaseEncodingDirection": "COL",
    "MRAcquisitionType": "2D",
    "MagneticFieldStrength": 3.0,
    "Manufacturer": "GE",
    "ManufacturerModelName": "SIGNA HDx",
    "ReceiveCoilName": "8-channel head",
    "RepetitionTime": 3.0,
    "ScanOptions": "EPI.GEMS",
    "ScanningSequence": "EP/GR",
    "SequenceVariant": "SS",
    "SliceAcquisitionDirection": "sequential/ascending (bottom up)",
    "SliceGap": 0,
    "SliceTiming": [
      0.0,
      0.075,
      0.15,
      0.225,
      0.3,
      0.375,
      0.45,
      0.525,
      0.6,
      0.675,
      0.75,
      0.825,
      0.9,
      0.975,
      1.05,
      1.125,
      1.2,
      1.275,
      1.35,
      1.425,
      1.5,
      1.575,
      1.65,
      1.725,
      1.8,
      1.875,
      1.95,
      2.025,
      2.1,
      2.175,
      2.25,
      2.325,
      2.4,
      2.475,
      2.55,
      2.625,
      2.7,
      2.775,
      2.85,
      2.925
    ],
    "SliceTimingCalculationMethod": "slice_number * (RepetitionTime / num_slices)",
    "SoftwareVersion": "14/LX/MR Software release.14.0.M5A.0828.b",
    "TaskDescription": "Finger-to-thumb opposition sequence performed with the untrained hand using the novel, untrained sequence.",
    "TaskInstructions": "See published manuscripts.",
    "TaskName": "Untrained Hand, Untrained Sequence",
    "dataset": "ds000170",
    "modality": "bold",
    "run_id": 3,
    "subject_id": "1709",
    "task_id": "UntrainedHandUntrainedSequence"
  },
  "dummy_trs": 0,
  "dvars_nstd": 18.937100302045458,
  "dvars_std": 1.3052673338636362,
  "dvars_vstd": 1.0189269377272725,
  "efc": 0.4701216722926411,
  "fber": 5689.513671875,
  "fd_mean": 0.09665156346313641,
  "fd_num": 2,
  "fd_perc": 4.444444444444445,
  "fwhm_avg": 2.190050200331194,
  "fwhm_x": 2.177126422187506,
  "fwhm_y": 2.3791360000000004,
  "fwhm_z": 2.0138881788060754,
  "gcor": 0.0776582,
  "gsr_x": -0.009932992048561573,
  "gsr_y": 0.03241066634654999,
  "provenance": {
    "md5sum": "1e29055db10a9e293101a454b386469f",
    "settings": {
      "fd_thres": 0.2,
      "testing": false
    },
    "software": "mriqc",
    "version": "22.0.0rc1",
    "webapi_port": null,
    "webapi_url": "https://mriqc.nimh.nih.gov/api/v1"
  },
  "size_t": 45,
  "size_x": 64,
  "size_y": 64,
  "size_z": 40,
  "snr": 5.781281347628092,
  "spacing_tr": 3.0,
  "spacing_x": 3.4374990463256836,
  "spacing_y": 3.4375,
  "spacing_z": 3.4000000953674316,
  "summary_bg_k": 20.729146145411185,
  "summary_bg_mad": 9.290974939509521,
  "summary_bg_mean": 58.48402786254883,
  "summary_bg_median": 21.955556869506836,
  "summary_bg_n": 105273.0,
  "summary_bg_p05": 5.511111259460449,
  "summary_bg_p95": 250.1333465576172,
  "summary_bg_stdv": 100.2352066040039,
  "summary_fg_k": 1.1579424092599693,
  "summary_fg_mad": 254.3980351630506,
  "summary_fg_mean": 1639.5830078125,
  "summary_fg_median": 1627.9222412109375,
  "summary_fg_n": 26358.0,
  "summary_fg_p05": 1206.1545104980469,
  "summary_fg_p95": 2118.791162109375,
  "summary_fg_stdv": 281.5796813964844,
  "tsnr": 106.76452599233016
}