{
  "aor": 0.004159333333333334,
  "aqi": 0.002533048,
  "bids_meta": {
    "CogAtlasID": "trm_4c898f079d05e",
    "CogPOID": "",
    "EchoTime": 0.035,
    "FlipAngle": 90.0,
    "InPlanePhaseEncodingDirection": "COL",
    "MRAcquisitionType": "2D",
    "MagneticFieldStrength": 3.0,
    "Manufacturer": "GE",
    "ManufacturerModelName": "SIGNA HDx",
    "ReceiveCoilName": "8-channel head",
    "RepetitionTime": 3.0,
    "ScanOptions": "EPI.GEMS",
    "ScanningSequence": "EP/GR",
    "SequenceVariant": "SS",
    "SliceAcquisitionDirection": "sequential/ascending (bottom up)",
    "SliceGap": 0,
    "SliceTiming": [
      0.0,
      0.075,
      0.15,
      0.225,
      0.3,
      0.375,
      0.45,
      0.525,
      0.6,
      0.675,
      0.75,
      0.825,
      0.9,
      0.975,
      1.05,
      1.125,
      1.2,
      1.275,
      1.35,
      1.425,
      1.5,
      1.575,
      1.65,
      1.725,
      1.8,
      1.875,
      1.95,
      2.025,
      2.1,
      2.175,
      2.25,
      2.325,
      2.4,
      2.475,
      2.55,
      2.625,
      2.7,
      2.775,
      2.85,
      2.925
    ],
    "SliceTimingCalculationMethod": "slice_number * (RepetitionTime / num_slices)",
    "SoftwareVersion": "14/LX/MR Software release.14.0.M5A.0828.b",
    "TaskDescription": "Finger-to-thumb opposition sequence performed with the trained hand using the pre-trained sequence.",
    "TaskInstructions": "See published manuscripts.",
    "TaskName": "Trained Hand, Trained Sequence",
    "dataset": "ds000170",
    "modality": "bold",
    "run_id": 1,
    "subject_id": "1709",
    "task_id": "TrainedHandTrainedSequence"
  },
  "dummy_trs": 0,
  "dvars_nstd": 17.707773706818184,
  "dvars_std": 1.3516620565909088,
  "dvars_vstd": 1.0195655606818184,
  "efc": 0.4797687955127073,
  "fber": 5449.017578125,
  "fd_mean": 0.05534591538380569,
  "fd_num": 0,
  "fd_perc": 0.0,
  "fwhm_avg": 2.2463756752265924,
  "fwhm_x": 2.2145809780331636,
  "fwhm_y": 2.4102196363636366,
  "fwhm_z": 2.1143264112829767,
  "gcor": 0.0580941,
  "gsr_x": -0.014344653114676476,
  "gsr_y": 0.026841284707188606,
  "provenance": {
    "md5sum": "e1b1e988a6fdbf770436bdb32d3019cb",
    "settings": {
      "fd_thres": 0.2,
      "testing": false
    },
    "software": "mriqc",
    "version": "22.0.0rc1",
    "webapi_port": null,
    "webapi_url": "https://mriqc.nimh.nih.gov/api/v1"
  },
  "size_t": 45,
  "size_x": 64,
  "size_y": 64,
  "size_z": 40,
  "snr": 5.710359498307567,
  "spacing_tr": 3.0,
  "spacing_x": 3.4374990463256836,
  "spacing_y": 3.4375,
  "spacing_z": 3.4000000953674316,
  "summary_bg_k": 19.549951087350916,
  "summary_bg_mad": 10.345268373686308,
  "summary_bg_mean": 63.22205352783203,
  "summary_bg_median": 23.088890075683594,
  "summary_bg_n": 103487.0,
  "summary_bg_p05": 5.422222137451172,
  "summary_bg_p95": 272.2088989257811,
  "summary_bg_stdv": 109.30532836914062,
  "summary_fg_k": 1.0076068470826005,
  "summary_fg_mad": 266.96721534801327,
  "summary_fg_mean": 1696.763427734375,
  "summary_fg_median": 1683.5,
  "summary_fg_n": 27288.0,
  "summary_fg_p05": 1248.711181640625,
  "summary_fg_p95": 2204.2800903320312,
  "summary_fg_stdv": 294.8096618652344,
  "tsnr": 115.87428747490048
}