{
  "aor": 0.0044377777777777775,
  "aqi": 0.002254214222222222,
  "bids_meta": {
    "CogAtlasID": "trm_4c898f079d05e",
    "CogPOID": "",
    "EchoTime": 0.035,
    "FlipAngle": 90.0,
    "InPlanePhaseEncodingDirection": "COL",
    "MRAcquisitionType": "2D",
    "MagneticFieldStrength": 3.0,
    "Manufacturer": "GE",
    "ManufacturerModelName": "SIGNA HDx",
    "ReceiveCoilName": "8-channel head",
    "RepetitionTime": 3.0,
    "ScanOptions": "EPI.GEMS",
    "ScanningSequence": "EP/GR",
    "SequenceVariant": "SS",
    "SliceAcquisitionDirection": "sequential/ascending (bottom up)",
    "SliceGap": 0,
    "SliceTiming": [
      0.0,
      0.075,
      0.15,
      0.225,
      0.3,
      0.375,
      0.45,
      0.525,
      0.6,
      0.675,
      0.75,
      0.825,
      0.9,
      0.975,
      1.05,
      1.125,
      1.2,
      1.275,
      1.35,
      1.425,
      1.5,
      1.575,
      1.65,
      1.725,
      1.8,
      1.875,
      1.95,
      2.025,
      2.1,
      2.175,
      2.25,
      2.325,
      2.4,
      2.475,
      2.55,
      2.625,
      2.7,
      2.775,
      2.85,
      2.925
    ],
    "SliceTimingCalculationMethod": "slice_number * (RepetitionTime / num_slices)",
    "SoftwareVersion": "14/LX/MR Software release.14.0.M5A.0828.b",
    "TaskDescription": "Finger-to-thumb opposition sequence performed with the untrained hand using the pre-trained sequence.",
    "TaskInstructions": "See published manuscripts.",
    "TaskName": "Untrained Hand, Trained Sequence",
    "dataset": "ds000170",
    "modality": "bold",
    "run_id": 2,
    "subject_id": "1709",
    "task_id": "UntrainedHandTrainedSequence"
  },
  "dummy_trs": 0,
  "dvars_nstd": 16.605758385454546,
  "dvars_std": 1.3207906936363634,
  "dvars_vstd": 1.0338067793181815,
  "efc": 0.47929623270967686,
  "fber": 5221.94580078125,
  "fd_mean": 0.055267644986188295,
  "fd_num": 0,
  "fd_perc": 0.0,
  "fwhm_avg": 2.2112674545316024,
  "fwhm_x": 2.2138682505627028,
  "fwhm_y": 2.3489018181818184,
  "fwhm_z": 2.071032294850285,
  "gcor": 0.0683112,
  "gsr_x": -0.014366294257342815,
  "gsr_y": 0.026043374091386795,
  "provenance": {
    "md5sum": "0e56262f59a503301a59e74d4b2a58fa",
    "settings": {
      "fd_thres": 0.2,
      "testing": false
    },
    "software": "mriqc",
    "version": "22.0.0rc1",
    "webapi_port": null,
    "webapi_url": "https://mriqc.nimh.nih.gov/api/v1"
  },
  "size_t": 45,
  "size_x": 64,
  "size_y": 64,
  "size_z": 40,
  "snr": 5.712102040158729,
  "spacing_tr": 3.0,
  "spacing_x": 3.4374990463256836,
  "spacing_y": 3.4375,
  "spacing_z": 3.4000000953674316,
  "summary_bg_k": 18.41740732072454,
  "summary_bg_mad": 10.57589563681734,
  "summary_bg_mean": 63.268978118896484,
  "summary_bg_median": 23.311111450195312,
  "summary_bg_n": 103728.0,
  "summary_bg_p05": 5.1777777671813965,
  "summary_bg_p95": 274.06444854736253,
  "summary_bg_stdv": 107.4866943359375,
  "summary_fg_k": 1.237225661890471,
  "summary_fg_mad": 261.448720859894,
  "summary_fg_mean": 1676.3577880859375,
  "summary_fg_median": 1663.888916015625,
  "summary_fg_n": 27090.0,
  "summary_fg_p05": 1234.5433227539063,
  "summary_fg_p95": 2179.3033935546873,
  "summary_fg_stdv": 291.2864990234375,
  "tsnr": 126.91061024554074
}