{
  "aor": 0.0037988888888888885,
  "aqi": 0.0026881853333333336,
  "bids_meta": {
    "CogAtlasID": "trm_4c898f079d05e",
    "CogPOID": "",
    "EchoTime": 0.035,
    "FlipAngle": 90.0,
    "InPlanePhaseEncodingDirection": "COL",
    "MRAcquisitionType": "2D",
    "MagneticFieldStrength": 3.0,
    "Manufacturer": "GE",
    "ManufacturerModelName": "SIGNA HDx",
    "ReceiveCoilName": "8-channel head",
    "RepetitionTime": 3.0,
    "ScanOptions": "EPI.GEMS",
    "ScanningSequence": "EP/GR",
    "SequenceVariant": "SS",
    "SliceAcquisitionDirection": "sequential/ascending (bottom up)",
    "SliceGap": 0,
    "SliceTiming": [
      0.0,
      0.075,
      0.15,
      0.225,
      0.3,
      0.375,
      0.45,
      0.525,
      0.6,
      0.675,
      0.75,
      0.825,
      0.9,
      0.975,
      1.05,
      1.125,
      1.2,
      1.275,
      1.35,
      1.425,
      1.5,
      1.575,
      1.65,
      1.725,
      1.8,
      1.875,
      1.95,
      2.025,
      2.1,
      2.175,
      2.25,
      2.325,
      2.4,
      2.475,
      2.55,
      2.625,
      2.7,
      2.775,
      2.85,
      2.925
    ],
    "SliceTimingCalculationMethod": "slice_number * (RepetitionTime / num_slices)",
    "SoftwareVersion": "14/LX/MR Software release.14.0.M5A.0828.b",
    "TaskDescription": "Finger-to-thumb opposition sequence performed with the untrained hand using the pre-trained sequence.",
    "TaskInstructions": "See published manuscripts.",
    "TaskName": "Untrained Hand, Trained Sequence",
    "dataset": "ds000170",
    "modality": "bold",
    "run_id": 3,
    "subject_id": "1709",
    "task_id": "UntrainedHandTrainedSequence"
  },
  "dummy_trs": 0,
  "dvars_nstd": 17.22367030863637,
  "dvars_std": 1.3217709961363633,
  "dvars_vstd": 1.0027518311363635,
  "efc": 0.4823890148433403,
  "fber": 5176.4384765625,
  "fd_mean": 0.06347738570146909,
  "fd_num": 0,
  "fd_perc": 0.0,
  "fwhm_avg": 2.2431914836776237,
  "fwhm_x": 2.223750435122524,
  "fwhm_y": 2.403950545454545,
  "fwhm_z": 2.1018734704558018,
  "gcor": 0.0396687,
  "gsr_x": -0.014263687655329704,
  "gsr_y": 0.02630423940718174,
  "provenance": {
    "md5sum": "8552aa408a8792a5f9f89fafb00e1514",
    "settings": {
      "fd_thres": 0.2,
      "testing": false
    },
    "software": "mriqc",
    "version": "22.0.0rc1",
    "webapi_port": null,
    "webapi_url": "https://mriqc.nimh.nih.gov/api/v1"
  },
  "size_t": 45,
  "size_x": 64,
  "size_y": 64,
  "size_z": 40,
  "snr": 5.713981852865493,
  "spacing_tr": 3.0,
  "spacing_x": 3.4374990463256836,
  "spacing_y": 3.4375,
  "spacing_z": 3.4000000953674316,
  "summary_bg_k": 18.370949660743815,
  "summary_bg_mad": 11.201883114504625,
  "summary_bg_mean": 65.05964660644531,
  "summary_bg_median": 23.600000381469727,
  "summary_bg_n": 103269.0,
  "summary_bg_p05": 5.111111164093018,
  "summary_bg_p95": 283.75555419921875,
  "summary_bg_stdv": 112.11019134521484,
  "summary_fg_k": 1.1009067343044565,
  "summary_fg_mad": 265.97887419624817,
  "summary_fg_mean": 1685.204833984375,
  "summary_fg_median": 1673.8111572265625,
  "summary_fg_n": 27406.0,
  "summary_fg_p05": 1239.2000732421875,
  "summary_fg_p95": 2190.0999755859375,
  "summary_fg_stdv": 292.92718505859375,
  "tsnr": 111.52837829524651
}