{
  "aor": 0.0039737777777777775,
  "aqi": 0.002519786,
  "bids_meta": {
    "CogAtlasID": "trm_4c898f079d05e",
    "CogPOID": "",
    "EchoTime": 0.035,
    "FlipAngle": 90.0,
    "InPlanePhaseEncodingDirection": "COL",
    "MRAcquisitionType": "2D",
    "MagneticFieldStrength": 3.0,
    "Manufacturer": "GE",
    "ManufacturerModelName": "SIGNA HDx",
    "ReceiveCoilName": "8-channel head",
    "RepetitionTime": 3.0,
    "ScanOptions": "EPI.GEMS",
    "ScanningSequence": "EP/GR",
    "SequenceVariant": "SS",
    "SliceAcquisitionDirection": "sequential/ascending (bottom up)",
    "SliceGap": 0,
    "SliceTiming": [
      0.0,
      0.075,
      0.15,
      0.225,
      0.3,
      0.375,
      0.45,
      0.525,
      0.6,
      0.675,
      0.75,
      0.825,
      0.9,
      0.975,
      1.05,
      1.125,
      1.2,
      1.275,
      1.35,
      1.425,
      1.5,
      1.575,
      1.65,
      1.725,
      1.8,
      1.875,
      1.95,
      2.025,
      2.1,
      2.175,
      2.25,
      2.325,
      2.4,
      2.475,
      2.55,
      2.625,
      2.7,
      2.775,
      2.85,
      2.925
    ],
    "SliceTimingCalculationMethod": "slice_number * (RepetitionTime / num_slices)",
    "SoftwareVersion": "14/LX/MR Software release.14.0.M5A.0828.b",
    "TaskDescription": "Finger-to-thumb opposition sequence performed with the trained hand using the novel, untrained sequence.",
    "TaskInstructions": "See published manuscripts.",
    "TaskName": "Trained Hand, Untrained Sequence",
    "dataset": "ds000170",
    "modality": "bold",
    "run_id": 2,
    "subject_id": "1709",
    "task_id": "TrainedHandUntrainedSequence"
  },
  "dummy_trs": 0,
  "dvars_nstd": 17.24492452363636,
  "dvars_std": 1.3322529052272722,
  "dvars_vstd": 1.0311375145454547,
  "efc": 0.47986429268380976,
  "fber": 5301.08740234375,
  "fd_mean": 0.06879907284250619,
  "fd_num": 0,
  "fd_perc": 0.0,
  "fwhm_avg": 2.1940507166032663,
  "fwhm_x": 2.1755904217613695,
  "fwhm_y": 2.337064727272727,
  "fwhm_z": 2.069497000775702,
  "gcor": 0.0741007,
  "gsr_x": -0.013772062957286835,
  "gsr_y": 0.02531370520591736,
  "provenance": {
    "md5sum": "15d844c900f4775f6d672207353d1858",
    "settings": {
      "fd_thres": 0.2,
      "testing": false
    },
    "software": "mriqc",
    "version": "22.0.0rc1",
    "webapi_port": null,
    "webapi_url": "https://mriqc.nimh.nih.gov/api/v1"
  },
  "size_t": 45,
  "size_x": 64,
  "size_y": 64,
  "size_z": 40,
  "snr": 5.847327332513089,
  "spacing_tr": 3.0,
  "spacing_x": 3.4374990463256836,
  "spacing_y": 3.4375,
  "spacing_z": 3.4000000953674316,
  "summary_bg_k": 18.599738244380415,
  "summary_bg_mad": 10.608842792670247,
  "summary_bg_mean": 63.73491287231445,
  "summary_bg_median": 23.266666412353516,
  "summary_bg_n": 103740.0,
  "summary_bg_p05": 5.222222328186035,
  "summary_bg_p95": 277.33667602538986,
  "summary_bg_stdv": 108.42854309082031,
  "summary_fg_k": 1.1734357800712116,
  "summary_fg_mad": 260.5427263889664,
  "summary_fg_mean": 1684.4757080078125,
  "summary_fg_median": 1674.933349609375,
  "summary_fg_n": 27049.0,
  "summary_fg_p05": 1241.92890625,
  "summary_fg_p95": 2174.746728515625,
  "summary_fg_stdv": 286.43896484375,
  "tsnr": 118.35625580465421
}