{
  "aor": 0.003819555555555557,
  "aqi": 0.0029334968888888886,
  "bids_meta": {
    "CogAtlasID": "trm_4c898f079d05e",
    "CogPOID": "",
    "EchoTime": 0.035,
    "FlipAngle": 90.0,
    "InPlanePhaseEncodingDirection": "COL",
    "MRAcquisitionType": "2D",
    "MagneticFieldStrength": 3.0,
    "Manufacturer": "GE",
    "ManufacturerModelName": "SIGNA HDx",
    "ReceiveCoilName": "8-channel head",
    "RepetitionTime": 3.0,
    "ScanOptions": "EPI.GEMS",
    "ScanningSequence": "EP/GR",
    "SequenceVariant": "SS",
    "SliceAcquisitionDirection": "sequential/ascending (bottom up)",
    "SliceGap": 0,
    "SliceTiming": [
      0.0,
      0.075,
      0.15,
      0.225,
      0.3,
      0.375,
      0.45,
      0.525,
      0.6,
      0.675,
      0.75,
      0.825,
      0.9,
      0.975,
      1.05,
      1.125,
      1.2,
      1.275,
      1.35,
      1.425,
      1.5,
      1.575,
      1.65,
      1.725,
      1.8,
      1.875,
      1.95,
      2.025,
      2.1,
      2.175,
      2.25,
      2.325,
      2.4,
      2.475,
      2.55,
      2.625,
      2.7,
      2.775,
      2.85,
      2.925
    ],
    "SliceTimingCalculationMethod": "slice_number * (RepetitionTime / num_slices)",
    "SoftwareVersion": "14/LX/MR Software release.14.0.M5A.0828.b",
    "TaskDescription": "Finger-to-thumb opposition sequence performed with the untrained hand using the pre-trained sequence.",
    "TaskInstructions": "See published manuscripts.",
    "TaskName": "Untrained Hand, Trained Sequence",
    "dataset": "ds000170",
    "modality": "bold",
    "run_id": 2,
    "subject_id": "1713",
    "task_id": "UntrainedHandTrainedSequence"
  },
  "dummy_trs": 0,
  "dvars_nstd": 16.82165423318182,
  "dvars_std": 1.25499268,
  "dvars_vstd": 1.0283944543181816,
  "efc": 0.46090064428840405,
  "fber": 5182.98583984375,
  "fd_mean": 0.0705495279053129,
  "fd_num": 2,
  "fd_perc": 4.444444444444445,
  "fwhm_avg": 2.4539781665719094,
  "fwhm_x": 2.362388363636364,
  "fwhm_y": 2.7368203636363635,
  "fwhm_z": 2.2627257724430003,
  "gcor": 0.0355738,
  "gsr_x": -0.018158940598368645,
  "gsr_y": 0.024121150374412537,
  "provenance": {
    "md5sum": "fb092529b64a54ba75956d87be62a712",
    "settings": {
      "fd_thres": 0.2,
      "testing": false
    },
    "software": "mriqc",
    "version": "22.0.0rc1",
    "webapi_port": null,
    "webapi_url": "https://mriqc.nimh.nih.gov/api/v1"
  },
  "size_t": 45,
  "size_x": 64,
  "size_y": 64,
  "size_z": 40,
  "snr": 5.466244306645181,
  "spacing_tr": 3.0,
  "spacing_x": 3.4375,
  "spacing_y": 3.4375,
  "spacing_z": 3.400001049041748,
  "summary_bg_k": 32.86115390224076,
  "summary_bg_mad": 12.223233634587475,
  "summary_bg_mean": 66.04413604736328,
  "summary_bg_median": 22.955556869506836,
  "summary_bg_n": 108069.0,
  "summary_bg_p05": 4.720000076293958,
  "summary_bg_p95": 277.38222045898397,
  "summary_bg_stdv": 115.87055969238281,
  "summary_fg_k": 0.4550864165624904,
  "summary_fg_mad": 281.00252841531403,
  "summary_fg_mean": 1622.735107421875,
  "summary_fg_median": 1627.77783203125,
  "summary_fg_n": 23075.0,
  "summary_fg_p05": 1115.755615234375,
  "summary_fg_p95": 2100.295556640625,
  "summary_fg_stdv": 297.7807922363281,
  "tsnr": 108.49095149897039
}