{
  "aor": 0.004213333333333333,
  "aqi": 0.0029834693333333335,
  "bids_meta": {
    "CogAtlasID": "trm_4c898f079d05e",
    "CogPOID": "",
    "EchoTime": 0.035,
    "FlipAngle": 90.0,
    "InPlanePhaseEncodingDirection": "COL",
    "MRAcquisitionType": "2D",
    "MagneticFieldStrength": 3.0,
    "Manufacturer": "GE",
    "ManufacturerModelName": "SIGNA HDx",
    "ReceiveCoilName": "8-channel head",
    "RepetitionTime": 3.0,
    "ScanOptions": "EPI.GEMS",
    "ScanningSequence": "EP/GR",
    "SequenceVariant": "SS",
    "SliceAcquisitionDirection": "sequential/ascending (bottom up)",
    "SliceGap": 0,
    "SliceTiming": [
      0.0,
      0.075,
      0.15,
      0.225,
      0.3,
      0.375,
      0.45,
      0.525,
      0.6,
      0.675,
      0.75,
      0.825,
      0.9,
      0.975,
      1.05,
      1.125,
      1.2,
      1.275,
      1.35,
      1.425,
      1.5,
      1.575,
      1.65,
      1.725,
      1.8,
      1.875,
      1.95,
      2.025,
      2.1,
      2.175,
      2.25,
      2.325,
      2.4,
      2.475,
      2.55,
      2.625,
      2.7,
      2.775,
      2.85,
      2.925
    ],
    "SliceTimingCalculationMethod": "slice_number * (RepetitionTime / num_slices)",
    "SoftwareVersion": "14/LX/MR Software release.14.0.M5A.0828.b",
    "TaskDescription": "Finger-to-thumb opposition sequence performed with the untrained hand using the novel, untrained sequence.",
    "TaskInstructions": "See published manuscripts.",
    "TaskName": "Untrained Hand, Untrained Sequence",
    "dataset": "ds000170",
    "modality": "bold",
    "run_id": 3,
    "subject_id": "1713",
    "task_id": "UntrainedHandUntrainedSequence"
  },
  "dummy_trs": 0,
  "dvars_nstd": 16.48179656818182,
  "dvars_std": 1.2801548081818184,
  "dvars_vstd": 1.038379941363636,
  "efc": 0.45868567255339626,
  "fber": 5260.3564453125,
  "fd_mean": 0.051396335816108134,
  "fd_num": 0,
  "fd_perc": 0.0,
  "fwhm_avg": 2.4676922637150915,
  "fwhm_x": 2.370498909090909,
  "fwhm_y": 2.743808,
  "fwhm_z": 2.2887698820543654,
  "gcor": 0.04895,
  "gsr_x": -0.01794200763106346,
  "gsr_y": 0.024550780653953552,
  "provenance": {
    "md5sum": "a148cb7f5c4346d06be17e70ed00eee9",
    "settings": {
      "fd_thres": 0.2,
      "testing": false
    },
    "software": "mriqc",
    "version": "22.0.0rc1",
    "webapi_port": null,
    "webapi_url": "https://mriqc.nimh.nih.gov/api/v1"
  },
  "size_t": 45,
  "size_x": 64,
  "size_y": 64,
  "size_z": 40,
  "snr": 5.394092218144091,
  "spacing_tr": 3.0,
  "spacing_x": 3.4375,
  "spacing_y": 3.4375,
  "spacing_z": 3.400001049041748,
  "summary_bg_k": 37.28990770537195,
  "summary_bg_mad": 11.959657801683878,
  "summary_bg_mean": 65.24838256835938,
  "summary_bg_median": 22.844444274902344,
  "summary_bg_n": 108324.0,
  "summary_bg_p05": 4.5333333015441895,
  "summary_bg_p95": 271.34889526367147,
  "summary_bg_stdv": 115.655517578125,
  "summary_fg_k": 0.4885063393899225,
  "summary_fg_mad": 285.1868256921511,
  "summary_fg_mean": 1625.778564453125,
  "summary_fg_median": 1631.4888916015625,
  "summary_fg_n": 22919.0,
  "summary_fg_p05": 1116.5866455078126,
  "summary_fg_p95": 2110.72451171875,
  "summary_fg_stdv": 302.4518737792969,
  "tsnr": 116.33322516805492
}