{
  "aor": 0.005656,
  "aqi": 0.0031845088888888887,
  "bids_meta": {
    "CogAtlasID": "trm_4c898f079d05e",
    "CogPOID": "",
    "EchoTime": 0.035,
    "FlipAngle": 90.0,
    "InPlanePhaseEncodingDirection": "COL",
    "MRAcquisitionType": "2D",
    "MagneticFieldStrength": 3.0,
    "Manufacturer": "GE",
    "ManufacturerModelName": "SIGNA HDx",
    "ReceiveCoilName": "8-channel head",
    "RepetitionTime": 3.0,
    "ScanOptions": "EPI.GEMS",
    "ScanningSequence": "EP/GR",
    "SequenceVariant": "SS",
    "SliceAcquisitionDirection": "sequential/ascending (bottom up)",
    "SliceGap": 0,
    "SliceTiming": [
      0.0,
      0.075,
      0.15,
      0.225,
      0.3,
      0.375,
      0.45,
      0.525,
      0.6,
      0.675,
      0.75,
      0.825,
      0.9,
      0.975,
      1.05,
      1.125,
      1.2,
      1.275,
      1.35,
      1.425,
      1.5,
      1.575,
      1.65,
      1.725,
      1.8,
      1.875,
      1.95,
      2.025,
      2.1,
      2.175,
      2.25,
      2.325,
      2.4,
      2.475,
      2.55,
      2.625,
      2.7,
      2.775,
      2.85,
      2.925
    ],
    "SliceTimingCalculationMethod": "slice_number * (RepetitionTime / num_slices)",
    "SoftwareVersion": "14/LX/MR Software release.14.0.M5A.0828.b",
    "TaskDescription": "Finger-to-thumb opposition sequence performed with the trained hand using the pre-trained sequence.",
    "TaskInstructions": "See published manuscripts.",
    "TaskName": "Trained Hand, Trained Sequence",
    "dataset": "ds000170",
    "modality": "bold",
    "run_id": 3,
    "subject_id": "1713",
    "task_id": "TrainedHandTrainedSequence"
  },
  "dummy_trs": 0,
  "dvars_nstd": 16.880802090000007,
  "dvars_std": 1.2894711425,
  "dvars_vstd": 1.0537260431818183,
  "efc": 0.46291045534651415,
  "fber": 5107.62451171875,
  "fd_mean": 0.0627701869266537,
  "fd_num": 1,
  "fd_perc": 2.2222222222222223,
  "fwhm_avg": 2.466130956738639,
  "fwhm_x": 2.3708305454545453,
  "fwhm_y": 2.752418909090909,
  "fwhm_z": 2.2751434156704633,
  "gcor": 0.0686892,
  "gsr_x": -0.018850993365049362,
  "gsr_y": 0.02522672526538372,
  "provenance": {
    "md5sum": "9eb868cbc87b975c8e0093849cf5939a",
    "settings": {
      "fd_thres": 0.2,
      "testing": false
    },
    "software": "mriqc",
    "version": "22.0.0rc1",
    "webapi_port": null,
    "webapi_url": "https://mriqc.nimh.nih.gov/api/v1"
  },
  "size_t": 45,
  "size_x": 64,
  "size_y": 64,
  "size_z": 40,
  "snr": 5.385175457173341,
  "spacing_tr": 3.0,
  "spacing_x": 3.4375,
  "spacing_y": 3.4375,
  "spacing_z": 3.400001049041748,
  "summary_bg_k": 33.173313945527596,
  "summary_bg_mad": 12.042025691316145,
  "summary_bg_mean": 65.83470916748047,
  "summary_bg_median": 22.844444274902344,
  "summary_bg_n": 107732.0,
  "summary_bg_p05": 4.577777862548828,
  "summary_bg_p95": 279.3855667114256,
  "summary_bg_stdv": 115.55701446533203,
  "summary_fg_k": 0.43722235851480207,
  "summary_fg_mad": 282.7815786848343,
  "summary_fg_mean": 1603.1038818359375,
  "summary_fg_median": 1608.2222900390625,
  "summary_fg_n": 23309.0,
  "summary_fg_p05": 1098.0177734375,
  "summary_fg_p95": 2080.0222167968745,
  "summary_fg_stdv": 298.63238525390625,
  "tsnr": 105.36690551158972
}