{
  "aor": 0.005307727272727273,
  "aqi": 0.0017614127272727277,
  "bids_meta": {
    "CogAtlasID": "trm_4c898f079d05e",
    "CogPOID": "",
    "EchoTime": 0.035,
    "FlipAngle": 90.0,
    "InPlanePhaseEncodingDirection": "COL",
    "MRAcquisitionType": "2D",
    "MagneticFieldStrength": 3.0,
    "Manufacturer": "GE",
    "ManufacturerModelName": "SIGNA HDx",
    "ReceiveCoilName": "8-channel head",
    "RepetitionTime": 3.0,
    "ScanOptions": "EPI.GEMS",
    "ScanningSequence": "EP/GR",
    "SequenceVariant": "SS",
    "SliceAcquisitionDirection": "sequential/ascending (bottom up)",
    "SliceGap": 0,
    "SliceTiming": [
      0.0,
      0.075,
      0.15,
      0.225,
      0.3,
      0.375,
      0.45,
      0.525,
      0.6,
      0.675,
      0.75,
      0.825,
      0.9,
      0.975,
      1.05,
      1.125,
      1.2,
      1.275,
      1.35,
      1.425,
      1.5,
      1.575,
      1.65,
      1.725,
      1.8,
      1.875,
      1.95,
      2.025,
      2.1,
      2.175,
      2.25,
      2.325,
      2.4,
      2.475,
      2.55,
      2.625,
      2.7,
      2.775,
      2.85,
      2.925
    ],
    "SliceTimingCalculationMethod": "slice_number * (RepetitionTime / num_slices)",
    "SoftwareVersion": "14/LX/MR Software release.14.0.M5A.0828.b",
    "TaskDescription": "Finger-to-thumb opposition sequence performed with the trained hand using the pre-trained sequence.",
    "TaskInstructions": "See published manuscripts.",
    "TaskName": "Trained Hand, Trained Sequence",
    "dataset": "ds000170",
    "modality": "bold",
    "run_id": 3,
    "subject_id": "1719",
    "task_id": "TrainedHandTrainedSequence"
  },
  "dummy_trs": 1,
  "dvars_nstd": 15.882854173255812,
  "dvars_std": 1.2991914804651166,
  "dvars_vstd": 1.009718203488372,
  "efc": 0.4221534583184431,
  "fber": 8720.158203125,
  "fd_mean": 0.0548364316952863,
  "fd_num": 1,
  "fd_perc": 2.272727272727273,
  "fwhm_avg": 2.4199253996968055,
  "fwhm_x": 2.3525207272727275,
  "fwhm_y": 2.6061061818181814,
  "fwhm_z": 2.3011492899995076,
  "gcor": 0.132127,
  "gsr_x": -0.015646619722247124,
  "gsr_y": 0.03005189448595047,
  "provenance": {
    "md5sum": "4bebd2cabc40eba2eac30c083be80da2",
    "settings": {
      "fd_thres": 0.2,
      "testing": false
    },
    "software": "mriqc",
    "version": "22.0.0rc1",
    "webapi_port": null,
    "webapi_url": "https://mriqc.nimh.nih.gov/api/v1"
  },
  "size_t": 44,
  "size_x": 64,
  "size_y": 64,
  "size_z": 40,
  "snr": 5.993164561594582,
  "spacing_tr": 3.0,
  "spacing_x": 3.4375,
  "spacing_y": 3.4375,
  "spacing_z": 3.400001049041748,
  "summary_bg_k": 41.60738277856137,
  "summary_bg_mad": 7.7836616471544104,
  "summary_bg_mean": 49.03007125854492,
  "summary_bg_median": 18.68181800842285,
  "summary_bg_n": 112117.0,
  "summary_bg_p05": 5.704545497894287,
  "summary_bg_p95": 191.41364746093743,
  "summary_bg_stdv": 89.09436798095703,
  "summary_fg_k": 1.1344642487820424,
  "summary_fg_mad": 261.00549663710103,
  "summary_fg_mean": 1730.2896728515625,
  "summary_fg_median": 1723.727294921875,
  "summary_fg_n": 20471.0,
  "summary_fg_p05": 1251.4659423828125,
  "summary_fg_p95": 2195.11376953125,
  "summary_fg_stdv": 287.6085205078125,
  "tsnr": 129.98828149866313
}