{
  "aor": 0.004940666666666666,
  "aqi": 0.0018036415555555555,
  "bids_meta": {
    "CogAtlasID": "trm_4c898f079d05e",
    "CogPOID": "",
    "EchoTime": 0.035,
    "FlipAngle": 90.0,
    "InPlanePhaseEncodingDirection": "COL",
    "MRAcquisitionType": "2D",
    "MagneticFieldStrength": 3.0,
    "Manufacturer": "GE",
    "ManufacturerModelName": "SIGNA HDx",
    "ReceiveCoilName": "8-channel head",
    "RepetitionTime": 3.0,
    "ScanOptions": "EPI.GEMS",
    "ScanningSequence": "EP/GR",
    "SequenceVariant": "SS",
    "SliceAcquisitionDirection": "sequential/ascending (bottom up)",
    "SliceGap": 0,
    "SliceTiming": [
      0.0,
      0.075,
      0.15,
      0.225,
      0.3,
      0.375,
      0.45,
      0.525,
      0.6,
      0.675,
      0.75,
      0.825,
      0.9,
      0.975,
      1.05,
      1.125,
      1.2,
      1.275,
      1.35,
      1.425,
      1.5,
      1.575,
      1.65,
      1.725,
      1.8,
      1.875,
      1.95,
      2.025,
      2.1,
      2.175,
      2.25,
      2.325,
      2.4,
      2.475,
      2.55,
      2.625,
      2.7,
      2.775,
      2.85,
      2.925
    ],
    "SliceTimingCalculationMethod": "slice_number * (RepetitionTime / num_slices)",
    "SoftwareVersion": "14/LX/MR Software release.14.0.M5A.0828.b",
    "TaskDescription": "Finger-to-thumb opposition sequence performed with the untrained hand using the novel, untrained sequence.",
    "TaskInstructions": "See published manuscripts.",
    "TaskName": "Untrained Hand, Untrained Sequence",
    "dataset": "ds000170",
    "modality": "bold",
    "run_id": 1,
    "subject_id": "1719",
    "task_id": "UntrainedHandUntrainedSequence"
  },
  "dummy_trs": 0,
  "dvars_nstd": 15.53413224181818,
  "dvars_std": 1.3508396022727271,
  "dvars_vstd": 1.0480541106818184,
  "efc": 0.4234482211211758,
  "fber": 8686.560546875,
  "fd_mean": 0.049311500788182736,
  "fd_num": 0,
  "fd_perc": 0.0,
  "fwhm_avg": 2.408730680584188,
  "fwhm_x": 2.341108363636364,
  "fwhm_y": 2.593949090909091,
  "fwhm_z": 2.2911345872071083,
  "gcor": 0.0610861,
  "gsr_x": -0.01599789597094059,
  "gsr_y": 0.032879289239645004,
  "provenance": {
    "md5sum": "d591d58a704ef86496528d589b0e789a",
    "settings": {
      "fd_thres": 0.2,
      "testing": false
    },
    "software": "mriqc",
    "version": "22.0.0rc1",
    "webapi_port": null,
    "webapi_url": "https://mriqc.nimh.nih.gov/api/v1"
  },
  "size_t": 45,
  "size_x": 64,
  "size_y": 64,
  "size_z": 40,
  "snr": 6.095231451174889,
  "spacing_tr": 3.0,
  "spacing_x": 3.4375,
  "spacing_y": 3.4375,
  "spacing_z": 3.400001049041748,
  "summary_bg_k": 40.981212240209565,
  "summary_bg_mad": 7.841318462937168,
  "summary_bg_mean": 49.83432388305664,
  "summary_bg_median": 18.733333587646484,
  "summary_bg_n": 112057.0,
  "summary_bg_p05": 5.5333333015441895,
  "summary_bg_p95": 197.37333679199193,
  "summary_bg_stdv": 91.0999755859375,
  "summary_fg_k": 1.1765715613942644,
  "summary_fg_mad": 258.219916553345,
  "summary_fg_mean": 1732.68701171875,
  "summary_fg_median": 1728.5111083984375,
  "summary_fg_n": 20482.0,
  "summary_fg_p05": 1260.9566772460937,
  "summary_fg_p95": 2188.3668090820315,
  "summary_fg_stdv": 283.5772399902344,
  "tsnr": 140.98590994719416
}