{
  "aor": 0.002836666666666666,
  "aqi": 0.0028360288888888887,
  "bids_meta": {
    "CogAtlasID": "trm_4c898f079d05e",
    "CogPOID": "",
    "EchoTime": 0.035,
    "FlipAngle": 90.0,
    "InPlanePhaseEncodingDirection": "COL",
    "MRAcquisitionType": "2D",
    "MagneticFieldStrength": 3.0,
    "Manufacturer": "GE",
    "ManufacturerModelName": "SIGNA HDx",
    "ReceiveCoilName": "8-channel head",
    "RepetitionTime": 3.0,
    "ScanOptions": "EPI.GEMS",
    "ScanningSequence": "EP/GR",
    "SequenceVariant": "SS",
    "SliceAcquisitionDirection": "sequential/ascending (bottom up)",
    "SliceGap": 0,
    "SliceTiming": [
      0.0,
      0.075,
      0.15,
      0.225,
      0.3,
      0.375,
      0.45,
      0.525,
      0.6,
      0.675,
      0.75,
      0.825,
      0.9,
      0.975,
      1.05,
      1.125,
      1.2,
      1.275,
      1.35,
      1.425,
      1.5,
      1.575,
      1.65,
      1.725,
      1.8,
      1.875,
      1.95,
      2.025,
      2.1,
      2.175,
      2.25,
      2.325,
      2.4,
      2.475,
      2.55,
      2.625,
      2.7,
      2.775,
      2.85,
      2.925
    ],
    "SliceTimingCalculationMethod": "slice_number * (RepetitionTime / num_slices)",
    "SoftwareVersion": "14/LX/MR Software release.14.0.M5A.0828.b",
    "TaskDescription": "Finger-to-thumb opposition sequence performed with the untrained hand using the novel, untrained sequence.",
    "TaskInstructions": "See published manuscripts.",
    "TaskName": "Untrained Hand, Untrained Sequence",
    "dataset": "ds000170",
    "modality": "bold",
    "run_id": 3,
    "subject_id": "1719",
    "task_id": "UntrainedHandUntrainedSequence"
  },
  "dummy_trs": 0,
  "dvars_nstd": 15.207912488636367,
  "dvars_std": 1.3194773875,
  "dvars_vstd": 1.0172511611363635,
  "efc": 0.4211997424881536,
  "fber": 8768.8369140625,
  "fd_mean": 0.0392985944408107,
  "fd_num": 0,
  "fd_perc": 0.0,
  "fwhm_avg": 2.3895584901640614,
  "fwhm_x": 2.3301556363636364,
  "fwhm_y": 2.5677381818181817,
  "fwhm_z": 2.2707816523103665,
  "gcor": 0.0279888,
  "gsr_x": -0.015651091933250427,
  "gsr_y": 0.032465238124132156,
  "provenance": {
    "md5sum": "156b01b0e2a88c6dade629786f08b5a8",
    "settings": {
      "fd_thres": 0.2,
      "testing": false
    },
    "software": "mriqc",
    "version": "22.0.0rc1",
    "webapi_port": null,
    "webapi_url": "https://mriqc.nimh.nih.gov/api/v1"
  },
  "size_t": 45,
  "size_x": 64,
  "size_y": 64,
  "size_z": 40,
  "snr": 6.0985857381139095,
  "spacing_tr": 3.0,
  "spacing_x": 3.4375,
  "spacing_y": 3.4375,
  "spacing_z": 3.400001049041748,
  "summary_bg_k": 44.576328339413514,
  "summary_bg_mad": 7.907212774642982,
  "summary_bg_mean": 50.142066955566406,
  "summary_bg_median": 18.77777862548828,
  "summary_bg_n": 112460.0,
  "summary_bg_p05": 5.755555629730225,
  "summary_bg_p95": 198.5566688537595,
  "summary_bg_stdv": 93.00676727294922,
  "summary_fg_k": 1.1529551214018454,
  "summary_fg_mad": 258.1704180539845,
  "summary_fg_mean": 1742.8680419921875,
  "summary_fg_median": 1737.2222900390625,
  "summary_fg_n": 20249.0,
  "summary_fg_p05": 1267.2445068359375,
  "summary_fg_p95": 2199.3957031249997,
  "summary_fg_stdv": 284.84954833984375,
  "tsnr": 146.2263687364757
}