{
  "aor": 0.004291333333333333,
  "aqi": 0.0022285751111111108,
  "bids_meta": {
    "CogAtlasID": "trm_4c898f079d05e",
    "CogPOID": "",
    "EchoTime": 0.035,
    "FlipAngle": 90.0,
    "InPlanePhaseEncodingDirection": "COL",
    "MRAcquisitionType": "2D",
    "MagneticFieldStrength": 3.0,
    "Manufacturer": "GE",
    "ManufacturerModelName": "SIGNA HDx",
    "ReceiveCoilName": "8-channel head",
    "RepetitionTime": 3.0,
    "ScanOptions": "EPI.GEMS",
    "ScanningSequence": "EP/GR",
    "SequenceVariant": "SS",
    "SliceAcquisitionDirection": "sequential/ascending (bottom up)",
    "SliceGap": 0,
    "SliceTiming": [
      0.0,
      0.075,
      0.15,
      0.225,
      0.3,
      0.375,
      0.45,
      0.525,
      0.6,
      0.675,
      0.75,
      0.825,
      0.9,
      0.975,
      1.05,
      1.125,
      1.2,
      1.275,
      1.35,
      1.425,
      1.5,
      1.575,
      1.65,
      1.725,
      1.8,
      1.875,
      1.95,
      2.025,
      2.1,
      2.175,
      2.25,
      2.325,
      2.4,
      2.475,
      2.55,
      2.625,
      2.7,
      2.775,
      2.85,
      2.925
    ],
    "SliceTimingCalculationMethod": "slice_number * (RepetitionTime / num_slices)",
    "SoftwareVersion": "14/LX/MR Software release.14.0.M5A.0828.b",
    "TaskDescription": "Finger-to-thumb opposition sequence performed with the trained hand using the novel, untrained sequence.",
    "TaskInstructions": "See published manuscripts.",
    "TaskName": "Trained Hand, Untrained Sequence",
    "dataset": "ds000170",
    "modality": "bold",
    "run_id": 1,
    "subject_id": "1713",
    "task_id": "TrainedHandUntrainedSequence"
  },
  "dummy_trs": 0,
  "dvars_nstd": 16.706163861590912,
  "dvars_std": 1.243946855909091,
  "dvars_vstd": 1.0346983125,
  "efc": 0.45819356824612656,
  "fber": 5291.12451171875,
  "fd_mean": 0.06841338528053145,
  "fd_num": 1,
  "fd_perc": 2.2222222222222223,
  "fwhm_avg": 2.473703065507473,
  "fwhm_x": 2.362178909090909,
  "fwhm_y": 2.766789818181818,
  "fwhm_z": 2.2921404692496927,
  "gcor": 0.0431738,
  "gsr_x": -0.01734904572367668,
  "gsr_y": 0.021486181765794754,
  "provenance": {
    "md5sum": "49fa1d2f41f2f61423f240a3841777fe",
    "settings": {
      "fd_thres": 0.2,
      "testing": false
    },
    "software": "mriqc",
    "version": "22.0.0rc1",
    "webapi_port": null,
    "webapi_url": "https://mriqc.nimh.nih.gov/api/v1"
  },
  "size_t": 45,
  "size_x": 64,
  "size_y": 64,
  "size_z": 40,
  "snr": 5.388829884168176,
  "spacing_tr": 3.0,
  "spacing_x": 3.4375,
  "spacing_y": 3.4375,
  "spacing_z": 3.400001049041748,
  "summary_bg_k": 27.140613959238152,
  "summary_bg_mad": 11.92671205975063,
  "summary_bg_mean": 64.01647186279297,
  "summary_bg_median": 22.80000114440918,
  "summary_bg_n": 108198.0,
  "summary_bg_p05": 4.888888835906982,
  "summary_bg_p95": 264.4222412109375,
  "summary_bg_stdv": 111.72599029541016,
  "summary_fg_k": 0.45371682394646173,
  "summary_fg_mad": 288.2508461461672,
  "summary_fg_mean": 1627.9749755859375,
  "summary_fg_median": 1633.977783203125,
  "summary_fg_n": 23021.0,
  "summary_fg_p05": 1114.844482421875,
  "summary_fg_p95": 2114.60009765625,
  "summary_fg_stdv": 303.2091064453125,
  "tsnr": 100.01381646841764
}