{
  "aor": 0.004112222222222222,
  "aqi": 0.0031358257777777776,
  "bids_meta": {
    "CogAtlasID": "trm_4c898f079d05e",
    "CogPOID": "",
    "EchoTime": 0.035,
    "FlipAngle": 90.0,
    "InPlanePhaseEncodingDirection": "COL",
    "MRAcquisitionType": "2D",
    "MagneticFieldStrength": 3.0,
    "Manufacturer": "GE",
    "ManufacturerModelName": "SIGNA HDx",
    "ReceiveCoilName": "8-channel head",
    "RepetitionTime": 3.0,
    "ScanOptions": "EPI.GEMS",
    "ScanningSequence": "EP/GR",
    "SequenceVariant": "SS",
    "SliceAcquisitionDirection": "sequential/ascending (bottom up)",
    "SliceGap": 0,
    "SliceTiming": [
      0.0,
      0.075,
      0.15,
      0.225,
      0.3,
      0.375,
      0.45,
      0.525,
      0.6,
      0.675,
      0.75,
      0.825,
      0.9,
      0.975,
      1.05,
      1.125,
      1.2,
      1.275,
      1.35,
      1.425,
      1.5,
      1.575,
      1.65,
      1.725,
      1.8,
      1.875,
      1.95,
      2.025,
      2.1,
      2.175,
      2.25,
      2.325,
      2.4,
      2.475,
      2.55,
      2.625,
      2.7,
      2.775,
      2.85,
      2.925
    ],
    "SliceTimingCalculationMethod": "slice_number * (RepetitionTime / num_slices)",
    "SoftwareVersion": "14/LX/MR Software release.14.0.M5A.0828.b",
    "TaskDescription": "Finger-to-thumb opposition sequence performed with the untrained hand using the pre-trained sequence.",
    "TaskInstructions": "See published manuscripts.",
    "TaskName": "Untrained Hand, Trained Sequence",
    "dataset": "ds000170",
    "modality": "bold",
    "run_id": 3,
    "subject_id": "1713",
    "task_id": "UntrainedHandTrainedSequence"
  },
  "dummy_trs": 0,
  "dvars_nstd": 15.86259995840909,
  "dvars_std": 1.234636054772727,
  "dvars_vstd": 1.0249179715909091,
  "efc": 0.45868265843963185,
  "fber": 5240.19140625,
  "fd_mean": 0.06002048867977432,
  "fd_num": 0,
  "fd_perc": 0.0,
  "fwhm_avg": 2.4361154979001305,
  "fwhm_x": 2.345053090909091,
  "fwhm_y": 2.7157352727272728,
  "fwhm_z": 2.247558130064027,
  "gcor": 0.0537383,
  "gsr_x": -0.017853040248155594,
  "gsr_y": 0.024121277034282684,
  "provenance": {
    "md5sum": "a4f4f5b4a591db8c07a783700ddd99ec",
    "settings": {
      "fd_thres": 0.2,
      "testing": false
    },
    "software": "mriqc",
    "version": "22.0.0rc1",
    "webapi_port": null,
    "webapi_url": "https://mriqc.nimh.nih.gov/api/v1"
  },
  "size_t": 45,
  "size_x": 64,
  "size_y": 64,
  "size_z": 40,
  "snr": 5.4729573952198125,
  "spacing_tr": 3.0,
  "spacing_x": 3.4375,
  "spacing_y": 3.4375,
  "spacing_z": 3.400001049041748,
  "summary_bg_k": 33.28996357670011,
  "summary_bg_mad": 12.322072274306882,
  "summary_bg_mean": 65.95999145507812,
  "summary_bg_median": 23.066667556762695,
  "summary_bg_n": 108426.0,
  "summary_bg_p05": 4.955555438995361,
  "summary_bg_p95": 275.45556640625,
  "summary_bg_stdv": 115.5374526977539,
  "summary_fg_k": 0.503096864061269,
  "summary_fg_mad": 281.3979734650497,
  "summary_fg_mean": 1639.573974609375,
  "summary_fg_median": 1643.800048828125,
  "summary_fg_n": 22824.0,
  "summary_fg_p05": 1131.7189575195312,
  "summary_fg_p95": 2122.8633666992187,
  "summary_fg_stdv": 300.3429260253906,
  "tsnr": 107.20723702199757
}