{
  "aor": 0.007587555555555556,
  "aqi": 0.002525456444444444,
  "bids_meta": {
    "CogAtlasID": "trm_4c898f079d05e",
    "CogPOID": "",
    "EchoTime": 0.035,
    "FlipAngle": 90.0,
    "InPlanePhaseEncodingDirection": "COL",
    "MRAcquisitionType": "2D",
    "MagneticFieldStrength": 3.0,
    "Manufacturer": "GE",
    "ManufacturerModelName": "SIGNA HDx",
    "ReceiveCoilName": "8-channel head",
    "RepetitionTime": 3.0,
    "ScanOptions": "EPI.GEMS",
    "ScanningSequence": "EP/GR",
    "SequenceVariant": "SS",
    "SliceAcquisitionDirection": "sequential/ascending (bottom up)",
    "SliceGap": 0,
    "SliceTiming": [
      0.0,
      0.075,
      0.15,
      0.225,
      0.3,
      0.375,
      0.45,
      0.525,
      0.6,
      0.675,
      0.75,
      0.825,
      0.9,
      0.975,
      1.05,
      1.125,
      1.2,
      1.275,
      1.35,
      1.425,
      1.5,
      1.575,
      1.65,
      1.725,
      1.8,
      1.875,
      1.95,
      2.025,
      2.1,
      2.175,
      2.25,
      2.325,
      2.4,
      2.475,
      2.55,
      2.625,
      2.7,
      2.775,
      2.85,
      2.925
    ],
    "SliceTimingCalculationMethod": "slice_number * (RepetitionTime / num_slices)",
    "SoftwareVersion": "14/LX/MR Software release.14.0.M5A.0828.b",
    "TaskDescription": "Finger-to-thumb opposition sequence performed with the untrained hand using the pre-trained sequence.",
    "TaskInstructions": "See published manuscripts.",
    "TaskName": "Untrained Hand, Trained Sequence",
    "dataset": "ds000170",
    "modality": "bold",
    "run_id": 1,
    "subject_id": "1713",
    "task_id": "UntrainedHandTrainedSequence"
  },
  "dummy_trs": 0,
  "dvars_nstd": 17.49031274954546,
  "dvars_std": 1.3095629370454545,
  "dvars_vstd": 1.0768529463636365,
  "efc": 0.46078379714480366,
  "fber": 5098.16259765625,
  "fd_mean": 0.07096289262263082,
  "fd_num": 2,
  "fd_perc": 4.444444444444445,
  "fwhm_avg": 2.482237634017913,
  "fwhm_x": 2.3888494545454546,
  "fwhm_y": 2.781917090909091,
  "fwhm_z": 2.2759463565991926,
  "gcor": 0.0587677,
  "gsr_x": -0.01944424957036972,
  "gsr_y": 0.02455776557326317,
  "provenance": {
    "md5sum": "fed0a199ed8aafada701df9e3559ea40",
    "settings": {
      "fd_thres": 0.2,
      "testing": false
    },
    "software": "mriqc",
    "version": "22.0.0rc1",
    "webapi_port": null,
    "webapi_url": "https://mriqc.nimh.nih.gov/api/v1"
  },
  "size_t": 45,
  "size_x": 64,
  "size_y": 64,
  "size_z": 40,
  "snr": 5.364759096465908,
  "spacing_tr": 3.0,
  "spacing_x": 3.4375,
  "spacing_y": 3.4375,
  "spacing_z": 3.400001049041748,
  "summary_bg_k": 34.51597551494942,
  "summary_bg_mad": 12.091445011175848,
  "summary_bg_mean": 66.05743408203125,
  "summary_bg_median": 22.866666793823242,
  "summary_bg_n": 108210.0,
  "summary_bg_p05": 4.555555820465088,
  "summary_bg_p95": 278.4788940429685,
  "summary_bg_stdv": 116.22631072998047,
  "summary_fg_k": 0.44010400425730944,
  "summary_fg_mad": 281.82617620540424,
  "summary_fg_mean": 1603.381103515625,
  "summary_fg_median": 1607.800048828125,
  "summary_fg_n": 22933.0,
  "summary_fg_p05": 1092.3955810546875,
  "summary_fg_p95": 2086.560107421875,
  "summary_fg_stdv": 299.6900634765625,
  "tsnr": 108.16646185191348
}