{
  "aor": 0.0031573333333333336,
  "aqi": 0.002915676,
  "bids_meta": {
    "CogAtlasID": "trm_4c898f079d05e",
    "CogPOID": "",
    "EchoTime": 0.035,
    "FlipAngle": 90.0,
    "InPlanePhaseEncodingDirection": "COL",
    "MRAcquisitionType": "2D",
    "MagneticFieldStrength": 3.0,
    "Manufacturer": "GE",
    "ManufacturerModelName": "SIGNA HDx",
    "ReceiveCoilName": "8-channel head",
    "RepetitionTime": 3.0,
    "ScanOptions": "EPI.GEMS",
    "ScanningSequence": "EP/GR",
    "SequenceVariant": "SS",
    "SliceAcquisitionDirection": "sequential/ascending (bottom up)",
    "SliceGap": 0,
    "SliceTiming": [
      0.0,
      0.075,
      0.15,
      0.225,
      0.3,
      0.375,
      0.45,
      0.525,
      0.6,
      0.675,
      0.75,
      0.825,
      0.9,
      0.975,
      1.05,
      1.125,
      1.2,
      1.275,
      1.35,
      1.425,
      1.5,
      1.575,
      1.65,
      1.725,
      1.8,
      1.875,
      1.95,
      2.025,
      2.1,
      2.175,
      2.25,
      2.325,
      2.4,
      2.475,
      2.55,
      2.625,
      2.7,
      2.775,
      2.85,
      2.925
    ],
    "SliceTimingCalculationMethod": "slice_number * (RepetitionTime / num_slices)",
    "SoftwareVersion": "14/LX/MR Software release.14.0.M5A.0828.b",
    "TaskDescription": "Finger-to-thumb opposition sequence performed with the trained hand using the novel, untrained sequence.",
    "TaskInstructions": "See published manuscripts.",
    "TaskName": "Trained Hand, Untrained Sequence",
    "dataset": "ds000170",
    "modality": "bold",
    "run_id": 2,
    "subject_id": "1713",
    "task_id": "TrainedHandUntrainedSequence"
  },
  "dummy_trs": 0,
  "dvars_nstd": 17.458122274999997,
  "dvars_std": 1.2335887311363634,
  "dvars_vstd": 1.0014736154545452,
  "efc": 0.44959500496947,
  "fber": 5373.47216796875,
  "fd_mean": 0.0743181764557458,
  "fd_num": 0,
  "fd_perc": 0.0,
  "fwhm_avg": 2.460473647458818,
  "fwhm_x": 2.3864116363636367,
  "fwhm_y": 2.7457599999999998,
  "fwhm_z": 2.2492493060128167,
  "gcor": 0.0461393,
  "gsr_x": -0.016617823392152786,
  "gsr_y": 0.019015036523342133,
  "provenance": {
    "md5sum": "c3367f24b7141385405c716525320b0e",
    "settings": {
      "fd_thres": 0.2,
      "testing": false
    },
    "software": "mriqc",
    "version": "22.0.0rc1",
    "webapi_port": null,
    "webapi_url": "https://mriqc.nimh.nih.gov/api/v1"
  },
  "size_t": 45,
  "size_x": 64,
  "size_y": 64,
  "size_z": 40,
  "snr": 5.365818872584906,
  "spacing_tr": 3.0,
  "spacing_x": 3.4375,
  "spacing_y": 3.4375,
  "spacing_z": 3.400001049041748,
  "summary_bg_k": 30.814907176835376,
  "summary_bg_mad": 11.827870592191909,
  "summary_bg_mean": 62.47136306762695,
  "summary_bg_median": 22.733333587646484,
  "summary_bg_n": 109707.0,
  "summary_bg_p05": 4.955555438995361,
  "summary_bg_p95": 260.6977905273436,
  "summary_bg_stdv": 109.99828338623047,
  "summary_fg_k": 0.5243424208152812,
  "summary_fg_mad": 285.5656204240032,
  "summary_fg_mean": 1631.6441650390625,
  "summary_fg_median": 1639.7222900390625,
  "summary_fg_n": 21924.0,
  "summary_fg_p05": 1111.0988830566407,
  "summary_fg_p95": 2117.5356689453124,
  "summary_fg_stdv": 305.5796203613281,
  "tsnr": 95.92445810884237
}