{
  "aor": 0.007613333333333335,
  "aqi": 0.0027029051111111114,
  "bids_meta": {
    "CogAtlasID": "trm_4c898f079d05e",
    "CogPOID": "",
    "EchoTime": 0.035,
    "FlipAngle": 90.0,
    "InPlanePhaseEncodingDirection": "COL",
    "MRAcquisitionType": "2D",
    "MagneticFieldStrength": 3.0,
    "Manufacturer": "GE",
    "ManufacturerModelName": "SIGNA HDx",
    "ReceiveCoilName": "8-channel head",
    "RepetitionTime": 3.0,
    "ScanOptions": "EPI.GEMS",
    "ScanningSequence": "EP/GR",
    "SequenceVariant": "SS",
    "SliceAcquisitionDirection": "sequential/ascending (bottom up)",
    "SliceGap": 0,
    "SliceTiming": [
      0.0,
      0.075,
      0.15,
      0.225,
      0.3,
      0.375,
      0.45,
      0.525,
      0.6,
      0.675,
      0.75,
      0.825,
      0.9,
      0.975,
      1.05,
      1.125,
      1.2,
      1.275,
      1.35,
      1.425,
      1.5,
      1.575,
      1.65,
      1.725,
      1.8,
      1.875,
      1.95,
      2.025,
      2.1,
      2.175,
      2.25,
      2.325,
      2.4,
      2.475,
      2.55,
      2.625,
      2.7,
      2.775,
      2.85,
      2.925
    ],
    "SliceTimingCalculationMethod": "slice_number * (RepetitionTime / num_slices)",
    "SoftwareVersion": "14/LX/MR Software release.14.0.M5A.0828.b",
    "TaskDescription": "Finger-to-thumb opposition sequence performed with the untrained hand using the novel, untrained sequence.",
    "TaskInstructions": "See published manuscripts.",
    "TaskName": "Untrained Hand, Untrained Sequence",
    "dataset": "ds000170",
    "modality": "bold",
    "run_id": 1,
    "subject_id": "1713",
    "task_id": "UntrainedHandUntrainedSequence"
  },
  "dummy_trs": 0,
  "dvars_nstd": 17.206748356136362,
  "dvars_std": 1.286200735,
  "dvars_vstd": 1.0686120145454547,
  "efc": 0.4501121766562138,
  "fber": 5424.17236328125,
  "fd_mean": 0.07558922842462718,
  "fd_num": 3,
  "fd_perc": 6.666666666666667,
  "fwhm_avg": 2.4676828181576664,
  "fwhm_x": 2.388241454545455,
  "fwhm_y": 2.7441018181818184,
  "fwhm_z": 2.2707051817457256,
  "gcor": 0.0359187,
  "gsr_x": -0.016939012333750725,
  "gsr_y": 0.020926695317029953,
  "provenance": {
    "md5sum": "ed406c22e77b7b4393015bc3184234dd",
    "settings": {
      "fd_thres": 0.2,
      "testing": false
    },
    "software": "mriqc",
    "version": "22.0.0rc1",
    "webapi_port": null,
    "webapi_url": "https://mriqc.nimh.nih.gov/api/v1"
  },
  "size_t": 45,
  "size_x": 64,
  "size_y": 64,
  "size_z": 40,
  "snr": 5.396693582019939,
  "spacing_tr": 3.0,
  "spacing_x": 3.4375,
  "spacing_y": 3.4375,
  "spacing_z": 3.400001049041748,
  "summary_bg_k": 38.596383605830006,
  "summary_bg_mad": 11.531351845194378,
  "summary_bg_mean": 62.964168548583984,
  "summary_bg_median": 22.666667938232422,
  "summary_bg_n": 109670.0,
  "summary_bg_p05": 4.8222222328186035,
  "summary_bg_p95": 262.1333312988281,
  "summary_bg_stdv": 112.646484375,
  "summary_fg_k": 0.5052260090147151,
  "summary_fg_mad": 285.3844577261609,
  "summary_fg_mean": 1636.5748291015625,
  "summary_fg_median": 1642.977783203125,
  "summary_fg_n": 21891.0,
  "summary_fg_p05": 1121.8333740234375,
  "summary_fg_p95": 2123.3890380859375,
  "summary_fg_stdv": 304.4346008300781,
  "tsnr": 108.16688043996692
}