{
  "aor": 0.00394,
  "aqi": 0.003330877111111111,
  "bids_meta": {
    "CogAtlasID": "trm_4c898f079d05e",
    "CogPOID": "",
    "EchoTime": 0.035,
    "FlipAngle": 90.0,
    "InPlanePhaseEncodingDirection": "COL",
    "MRAcquisitionType": "2D",
    "MagneticFieldStrength": 3.0,
    "Manufacturer": "GE",
    "ManufacturerModelName": "SIGNA HDx",
    "ReceiveCoilName": "8-channel head",
    "RepetitionTime": 3.0,
    "ScanOptions": "EPI.GEMS",
    "ScanningSequence": "EP/GR",
    "SequenceVariant": "SS",
    "SliceAcquisitionDirection": "sequential/ascending (bottom up)",
    "SliceGap": 0,
    "SliceTiming": [
      0.0,
      0.075,
      0.15,
      0.225,
      0.3,
      0.375,
      0.45,
      0.525,
      0.6,
      0.675,
      0.75,
      0.825,
      0.9,
      0.975,
      1.05,
      1.125,
      1.2,
      1.275,
      1.35,
      1.425,
      1.5,
      1.575,
      1.65,
      1.725,
      1.8,
      1.875,
      1.95,
      2.025,
      2.1,
      2.175,
      2.25,
      2.325,
      2.4,
      2.475,
      2.55,
      2.625,
      2.7,
      2.775,
      2.85,
      2.925
    ],
    "SliceTimingCalculationMethod": "slice_number * (RepetitionTime / num_slices)",
    "SoftwareVersion": "14/LX/MR Software release.14.0.M5A.0828.b",
    "TaskDescription": "Finger-to-thumb opposition sequence performed with the untrained hand using the novel, untrained sequence.",
    "TaskInstructions": "See published manuscripts.",
    "TaskName": "Untrained Hand, Untrained Sequence",
    "dataset": "ds000170",
    "modality": "bold",
    "run_id": 2,
    "subject_id": "1713",
    "task_id": "UntrainedHandUntrainedSequence"
  },
  "dummy_trs": 0,
  "dvars_nstd": 16.710070285000004,
  "dvars_std": 1.2405532381818185,
  "dvars_vstd": 1.0216985727272727,
  "efc": 0.4531851661094909,
  "fber": 5335.87353515625,
  "fd_mean": 0.0739571100488007,
  "fd_num": 1,
  "fd_perc": 2.2222222222222223,
  "fwhm_avg": 2.4523668095094404,
  "fwhm_x": 2.3837730909090906,
  "fwhm_y": 2.722525090909091,
  "fwhm_z": 2.25080224671014,
  "gcor": 0.0366495,
  "gsr_x": -0.01728624477982521,
  "gsr_y": 0.021526139229536057,
  "provenance": {
    "md5sum": "c2d693314912e578431b3aa4c40e051f",
    "settings": {
      "fd_thres": 0.2,
      "testing": false
    },
    "software": "mriqc",
    "version": "22.0.0rc1",
    "webapi_port": null,
    "webapi_url": "https://mriqc.nimh.nih.gov/api/v1"
  },
  "size_t": 45,
  "size_x": 64,
  "size_y": 64,
  "size_z": 40,
  "snr": 5.452347892561118,
  "spacing_tr": 3.0,
  "spacing_x": 3.4375,
  "spacing_y": 3.4375,
  "spacing_z": 3.400001049041748,
  "summary_bg_k": 34.56888445120985,
  "summary_bg_mad": 11.992603543617127,
  "summary_bg_mean": 63.96426010131836,
  "summary_bg_median": 22.844444274902344,
  "summary_bg_n": 109203.0,
  "summary_bg_p05": 4.8222222328186035,
  "summary_bg_p95": 266.8222351074219,
  "summary_bg_stdv": 113.39678192138672,
  "summary_fg_k": 0.5388204082494159,
  "summary_fg_mad": 284.82431931475037,
  "summary_fg_mean": 1637.9769287109375,
  "summary_fg_median": 1642.800048828125,
  "summary_fg_n": 22212.0,
  "summary_fg_p05": 1130.2167358398438,
  "summary_fg_p95": 2119.497900390625,
  "summary_fg_stdv": 301.29461669921875,
  "tsnr": 102.83305854536593
}