{
  "aor": 0.004000888888888889,
  "aqi": 0.003206830000000001,
  "bids_meta": {
    "CogAtlasID": "trm_4c898f079d05e",
    "CogPOID": "",
    "EchoTime": 0.035,
    "FlipAngle": 90.0,
    "InPlanePhaseEncodingDirection": "COL",
    "MRAcquisitionType": "2D",
    "MagneticFieldStrength": 3.0,
    "Manufacturer": "GE",
    "ManufacturerModelName": "SIGNA HDx",
    "ReceiveCoilName": "8-channel head",
    "RepetitionTime": 3.0,
    "ScanOptions": "EPI.GEMS",
    "ScanningSequence": "EP/GR",
    "SequenceVariant": "SS",
    "SliceAcquisitionDirection": "sequential/ascending (bottom up)",
    "SliceGap": 0,
    "SliceTiming": [
      0.0,
      0.075,
      0.15,
      0.225,
      0.3,
      0.375,
      0.45,
      0.525,
      0.6,
      0.675,
      0.75,
      0.825,
      0.9,
      0.975,
      1.05,
      1.125,
      1.2,
      1.275,
      1.35,
      1.425,
      1.5,
      1.575,
      1.65,
      1.725,
      1.8,
      1.875,
      1.95,
      2.025,
      2.1,
      2.175,
      2.25,
      2.325,
      2.4,
      2.475,
      2.55,
      2.625,
      2.7,
      2.775,
      2.85,
      2.925
    ],
    "SliceTimingCalculationMethod": "slice_number * (RepetitionTime / num_slices)",
    "SoftwareVersion": "14/LX/MR Software release.14.0.M5A.0828.b",
    "TaskDescription": "Finger-to-thumb opposition sequence performed with the trained hand using the novel, untrained sequence.",
    "TaskInstructions": "See published manuscripts.",
    "TaskName": "Trained Hand, Untrained Sequence",
    "dataset": "ds000170",
    "modality": "bold",
    "run_id": 3,
    "subject_id": "1713",
    "task_id": "TrainedHandUntrainedSequence"
  },
  "dummy_trs": 0,
  "dvars_nstd": 16.40789157590909,
  "dvars_std": 1.2533292127272726,
  "dvars_vstd": 1.0287643104545454,
  "efc": 0.45272335364555355,
  "fber": 5352.51611328125,
  "fd_mean": 0.06079553653883532,
  "fd_num": 0,
  "fd_perc": 0.0,
  "fwhm_avg": 2.464845814556055,
  "fwhm_x": 2.3922036363636363,
  "fwhm_y": 2.748605090909091,
  "fwhm_z": 2.2537287163954374,
  "gcor": 0.0294624,
  "gsr_x": -0.017522824928164482,
  "gsr_y": 0.02164214476943016,
  "provenance": {
    "md5sum": "74aa8d5c94c5067a370573b9bbaede5b",
    "settings": {
      "fd_thres": 0.2,
      "testing": false
    },
    "software": "mriqc",
    "version": "22.0.0rc1",
    "webapi_port": null,
    "webapi_url": "https://mriqc.nimh.nih.gov/api/v1"
  },
  "size_t": 45,
  "size_x": 64,
  "size_y": 64,
  "size_z": 40,
  "snr": 5.391074622405368,
  "spacing_tr": 3.0,
  "spacing_x": 3.4375,
  "spacing_y": 3.4375,
  "spacing_z": 3.400001049041748,
  "summary_bg_k": 35.288239752551064,
  "summary_bg_mad": 11.761977694405752,
  "summary_bg_mean": 63.50809097290039,
  "summary_bg_median": 22.711111068725586,
  "summary_bg_n": 109272.0,
  "summary_bg_p05": 4.866666793823242,
  "summary_bg_p95": 264.5655700683593,
  "summary_bg_stdv": 113.18901062011719,
  "summary_fg_k": 0.520459799892043,
  "summary_fg_mad": 286.9329372893364,
  "summary_fg_mean": 1629.0220947265625,
  "summary_fg_median": 1634.800048828125,
  "summary_fg_n": 22217.0,
  "summary_fg_p05": 1116.5022216796874,
  "summary_fg_p95": 2112.977783203125,
  "summary_fg_stdv": 303.2351379394531,
  "tsnr": 109.71582834608853
}