{
  "aor": 0.023693777777777775,
  "aqi": 0.003907226,
  "bids_meta": {
    "CogAtlasID": "trm_4c898f079d05e",
    "CogPOID": "",
    "EchoTime": 0.035,
    "FlipAngle": 90.0,
    "InPlanePhaseEncodingDirection": "COL",
    "MRAcquisitionType": "2D",
    "MagneticFieldStrength": 3.0,
    "Manufacturer": "GE",
    "ManufacturerModelName": "SIGNA HDx",
    "ReceiveCoilName": "8-channel head",
    "RepetitionTime": 3.0,
    "ScanOptions": "EPI.GEMS",
    "ScanningSequence": "EP/GR",
    "SequenceVariant": "SS",
    "SliceAcquisitionDirection": "sequential/ascending (bottom up)",
    "SliceGap": 0,
    "SliceTiming": [
      0.0,
      0.075,
      0.15,
      0.225,
      0.3,
      0.375,
      0.45,
      0.525,
      0.6,
      0.675,
      0.75,
      0.825,
      0.9,
      0.975,
      1.05,
      1.125,
      1.2,
      1.275,
      1.35,
      1.425,
      1.5,
      1.575,
      1.65,
      1.725,
      1.8,
      1.875,
      1.95,
      2.025,
      2.1,
      2.175,
      2.25,
      2.325,
      2.4,
      2.475,
      2.55,
      2.625,
      2.7,
      2.775,
      2.85,
      2.925
    ],
    "SliceTimingCalculationMethod": "slice_number * (RepetitionTime / num_slices)",
    "SoftwareVersion": "14/LX/MR Software release.14.0.M5A.0828.b",
    "TaskDescription": "Finger-to-thumb opposition sequence performed with the trained hand using the pre-trained sequence.",
    "TaskInstructions": "See published manuscripts.",
    "TaskName": "Trained Hand, Trained Sequence",
    "dataset": "ds000170",
    "modality": "bold",
    "run_id": 1,
    "subject_id": "1713",
    "task_id": "TrainedHandTrainedSequence"
  },
  "dummy_trs": 0,
  "dvars_nstd": 17.06288485090909,
  "dvars_std": 1.3330867263636366,
  "dvars_vstd": 1.1639201536363635,
  "efc": 0.46263597005303503,
  "fber": 5202.6162109375,
  "fd_mean": 0.07395311780830972,
  "fd_num": 2,
  "fd_perc": 4.444444444444445,
  "fwhm_avg": 2.4640814856162563,
  "fwhm_x": 2.362408727272727,
  "fwhm_y": 2.7668305454545457,
  "fwhm_z": 2.2630051841214955,
  "gcor": 0.0193978,
  "gsr_x": -0.018528465181589127,
  "gsr_y": 0.02556510455906391,
  "provenance": {
    "md5sum": "f21bf61c2b34ee5b433b7ee281f09c35",
    "settings": {
      "fd_thres": 0.2,
      "testing": false
    },
    "software": "mriqc",
    "version": "22.0.0rc1",
    "webapi_port": null,
    "webapi_url": "https://mriqc.nimh.nih.gov/api/v1"
  },
  "size_t": 45,
  "size_x": 64,
  "size_y": 64,
  "size_z": 40,
  "snr": 5.452482013886295,
  "spacing_tr": 3.0,
  "spacing_x": 3.4375,
  "spacing_y": 3.4375,
  "spacing_z": 3.400001049041748,
  "summary_bg_k": 37.17909005540011,
  "summary_bg_mad": 12.091445011175848,
  "summary_bg_mean": 66.2494888305664,
  "summary_bg_median": 22.91111183166504,
  "summary_bg_n": 107698.0,
  "summary_bg_p05": 4.622222423553467,
  "summary_bg_p95": 279.13666381835924,
  "summary_bg_stdv": 118.41156005859375,
  "summary_fg_k": 0.44372130063172444,
  "summary_fg_mad": 283.8689168353203,
  "summary_fg_mean": 1621.460693359375,
  "summary_fg_median": 1626.0888671875,
  "summary_fg_n": 23320.0,
  "summary_fg_p05": 1117.168963623047,
  "summary_fg_p95": 2098.2788330078124,
  "summary_fg_stdv": 298.22271728515625,
  "tsnr": 91.0909593035467
}