{
  "aor": 0.004898888888888889,
  "aqi": 0.002878134666666667,
  "bids_meta": {
    "CogAtlasID": "trm_4c898f079d05e",
    "CogPOID": "",
    "EchoTime": 0.035,
    "FlipAngle": 90.0,
    "InPlanePhaseEncodingDirection": "COL",
    "MRAcquisitionType": "2D",
    "MagneticFieldStrength": 3.0,
    "Manufacturer": "GE",
    "ManufacturerModelName": "SIGNA HDx",
    "ReceiveCoilName": "8-channel head",
    "RepetitionTime": 3.0,
    "ScanOptions": "EPI.GEMS",
    "ScanningSequence": "EP/GR",
    "SequenceVariant": "SS",
    "SliceAcquisitionDirection": "sequential/ascending (bottom up)",
    "SliceGap": 0,
    "SliceTiming": [
      0.0,
      0.075,
      0.15,
      0.225,
      0.3,
      0.375,
      0.45,
      0.525,
      0.6,
      0.675,
      0.75,
      0.825,
      0.9,
      0.975,
      1.05,
      1.125,
      1.2,
      1.275,
      1.35,
      1.425,
      1.5,
      1.575,
      1.65,
      1.725,
      1.8,
      1.875,
      1.95,
      2.025,
      2.1,
      2.175,
      2.25,
      2.325,
      2.4,
      2.475,
      2.55,
      2.625,
      2.7,
      2.775,
      2.85,
      2.925
    ],
    "SliceTimingCalculationMethod": "slice_number * (RepetitionTime / num_slices)",
    "SoftwareVersion": "14/LX/MR Software release.14.0.M5A.0828.b",
    "TaskDescription": "Finger-to-thumb opposition sequence performed with the trained hand using the pre-trained sequence.",
    "TaskInstructions": "See published manuscripts.",
    "TaskName": "Trained Hand, Trained Sequence",
    "dataset": "ds000170",
    "modality": "bold",
    "run_id": 2,
    "subject_id": "1713",
    "task_id": "TrainedHandTrainedSequence"
  },
  "dummy_trs": 0,
  "dvars_nstd": 16.731018803181822,
  "dvars_std": 1.2615579586363639,
  "dvars_vstd": 1.0411835631818183,
  "efc": 0.45483695068761826,
  "fber": 5280.3466796875,
  "fd_mean": 0.06735618703718003,
  "fd_num": 0,
  "fd_perc": 0.0,
  "fwhm_avg": 2.458713285971552,
  "fwhm_x": 2.3790458181818184,
  "fwhm_y": 2.7340770909090906,
  "fwhm_z": 2.2630169488237484,
  "gcor": 0.0649417,
  "gsr_x": -0.017545202746987343,
  "gsr_y": 0.022177213802933693,
  "provenance": {
    "md5sum": "5e4963d323f6978cc85220d97114b6b1",
    "settings": {
      "fd_thres": 0.2,
      "testing": false
    },
    "software": "mriqc",
    "version": "22.0.0rc1",
    "webapi_port": null,
    "webapi_url": "https://mriqc.nimh.nih.gov/api/v1"
  },
  "size_t": 45,
  "size_x": 64,
  "size_y": 64,
  "size_z": 40,
  "snr": 5.4468442329628495,
  "spacing_tr": 3.0,
  "spacing_x": 3.4375,
  "spacing_y": 3.4375,
  "spacing_z": 3.400001049041748,
  "summary_bg_k": 32.89712574628631,
  "summary_bg_mad": 12.091446425095505,
  "summary_bg_mean": 64.37260437011719,
  "summary_bg_median": 22.955556869506836,
  "summary_bg_n": 108975.0,
  "summary_bg_p05": 4.682222414016739,
  "summary_bg_p95": 269.1244445800776,
  "summary_bg_stdv": 112.70866394042969,
  "summary_fg_k": 0.4676457623607644,
  "summary_fg_mad": 284.0337911787113,
  "summary_fg_mean": 1634.971435546875,
  "summary_fg_median": 1640.5555419921875,
  "summary_fg_n": 22389.0,
  "summary_fg_p05": 1122.4978271484376,
  "summary_fg_p95": 2117.3779296875,
  "summary_fg_stdv": 301.1870422363281,
  "tsnr": 107.46434174571186
}