{
  "aor": 0.028176888888888894,
  "aqi": 0.003733709777777777,
  "bids_meta": {
    "CogAtlasID": "trm_4c898f079d05e",
    "CogPOID": "",
    "EchoTime": 0.035,
    "FlipAngle": 90.0,
    "InPlanePhaseEncodingDirection": "COL",
    "MRAcquisitionType": "2D",
    "MagneticFieldStrength": 3.0,
    "Manufacturer": "GE",
    "ManufacturerModelName": "SIGNA HDx",
    "ReceiveCoilName": "8-channel head",
    "RepetitionTime": 3.0,
    "ScanOptions": "EPI.GEMS",
    "ScanningSequence": "EP/GR",
    "SequenceVariant": "SS",
    "SliceAcquisitionDirection": "sequential/ascending (bottom up)",
    "SliceGap": 0,
    "SliceTiming": [
      0.0,
      0.075,
      0.15,
      0.225,
      0.3,
      0.375,
      0.45,
      0.525,
      0.6,
      0.675,
      0.75,
      0.825,
      0.9,
      0.975,
      1.05,
      1.125,
      1.2,
      1.275,
      1.35,
      1.425,
      1.5,
      1.575,
      1.65,
      1.725,
      1.8,
      1.875,
      1.95,
      2.025,
      2.1,
      2.175,
      2.25,
      2.325,
      2.4,
      2.475,
      2.55,
      2.625,
      2.7,
      2.775,
      2.85,
      2.925
    ],
    "SliceTimingCalculationMethod": "slice_number * (RepetitionTime / num_slices)",
    "SoftwareVersion": "14/LX/MR Software release.14.0.M5A.0828.b",
    "TaskDescription": "Finger-to-thumb opposition sequence performed with the trained hand using the novel, untrained sequence.",
    "TaskInstructions": "See published manuscripts.",
    "TaskName": "Trained Hand, Untrained Sequence",
    "dataset": "ds000170",
    "modality": "bold",
    "run_id": 1,
    "subject_id": "1716",
    "task_id": "TrainedHandUntrainedSequence"
  },
  "dummy_trs": 0,
  "dvars_nstd": 17.550253477727267,
  "dvars_std": 1.4187034888636363,
  "dvars_vstd": 1.2206014254545454,
  "efc": 0.4380840040327207,
  "fber": 7003.07763671875,
  "fd_mean": 0.12368223993652196,
  "fd_num": 6,
  "fd_perc": 13.333333333333334,
  "fwhm_avg": 2.3907926959985524,
  "fwhm_x": 2.3412421818181817,
  "fwhm_y": 2.6126160024480636,
  "fwhm_z": 2.2185199037294123,
  "gcor": 0.0335871,
  "gsr_x": -0.013765478506684303,
  "gsr_y": 0.021956611424684525,
  "provenance": {
    "md5sum": "b1128aa31b2145abe6368dbab67e45fe",
    "settings": {
      "fd_thres": 0.2,
      "testing": false
    },
    "software": "mriqc",
    "version": "22.0.0rc1",
    "webapi_port": null,
    "webapi_url": "https://mriqc.nimh.nih.gov/api/v1"
  },
  "size_t": 45,
  "size_x": 64,
  "size_y": 64,
  "size_z": 40,
  "snr": 5.329681153358603,
  "spacing_tr": 3.0,
  "spacing_x": 3.4375,
  "spacing_y": 3.4375009536743164,
  "spacing_z": 3.400001049041748,
  "summary_bg_k": 37.08448213177258,
  "summary_bg_mad": 8.961506208819769,
  "summary_bg_mean": 46.973018646240234,
  "summary_bg_median": 19.844444274902344,
  "summary_bg_n": 108728.0,
  "summary_bg_p05": 6.355555534362793,
  "summary_bg_p95": 169.6444549560547,
  "summary_bg_stdv": 83.10126495361328,
  "summary_fg_k": 0.31893033760205247,
  "summary_fg_mad": 304.75710258373863,
  "summary_fg_mean": 1662.872802734375,
  "summary_fg_median": 1657.4222412109375,
  "summary_fg_n": 22414.0,
  "summary_fg_p05": 1153.38447265625,
  "summary_fg_p95": 2160.8156005859373,
  "summary_fg_stdv": 310.9726867675781,
  "tsnr": 92.19751826254651
}