{
  "aor": 0.005520888888888889,
  "aqi": 0.0021042215555555554,
  "bids_meta": {
    "CogAtlasID": "trm_4c898f079d05e",
    "CogPOID": "",
    "EchoTime": 0.035,
    "FlipAngle": 90.0,
    "InPlanePhaseEncodingDirection": "COL",
    "MRAcquisitionType": "2D",
    "MagneticFieldStrength": 3.0,
    "Manufacturer": "GE",
    "ManufacturerModelName": "SIGNA HDx",
    "ReceiveCoilName": "8-channel head",
    "RepetitionTime": 3.0,
    "ScanOptions": "EPI.GEMS",
    "ScanningSequence": "EP/GR",
    "SequenceVariant": "SS",
    "SliceAcquisitionDirection": "sequential/ascending (bottom up)",
    "SliceGap": 0,
    "SliceTiming": [
      0.0,
      0.075,
      0.15,
      0.225,
      0.3,
      0.375,
      0.45,
      0.525,
      0.6,
      0.675,
      0.75,
      0.825,
      0.9,
      0.975,
      1.05,
      1.125,
      1.2,
      1.275,
      1.35,
      1.425,
      1.5,
      1.575,
      1.65,
      1.725,
      1.8,
      1.875,
      1.95,
      2.025,
      2.1,
      2.175,
      2.25,
      2.325,
      2.4,
      2.475,
      2.55,
      2.625,
      2.7,
      2.775,
      2.85,
      2.925
    ],
    "SliceTimingCalculationMethod": "slice_number * (RepetitionTime / num_slices)",
    "SoftwareVersion": "14/LX/MR Software release.14.0.M5A.0828.b",
    "TaskDescription": "Finger-to-thumb opposition sequence performed with the trained hand using the novel, untrained sequence.",
    "TaskInstructions": "See published manuscripts.",
    "TaskName": "Trained Hand, Untrained Sequence",
    "dataset": "ds000170",
    "modality": "bold",
    "run_id": 3,
    "subject_id": "1716",
    "task_id": "TrainedHandUntrainedSequence"
  },
  "dummy_trs": 0,
  "dvars_nstd": 16.8714784925,
  "dvars_std": 1.3252364099999998,
  "dvars_vstd": 1.0479310640909092,
  "efc": 0.4357409826979548,
  "fber": 6993.1162109375,
  "fd_mean": 0.07744979122460562,
  "fd_num": 3,
  "fd_perc": 6.666666666666667,
  "fwhm_avg": 2.354916190396217,
  "fwhm_x": 2.315304727272727,
  "fwhm_y": 2.5513651103501447,
  "fwhm_z": 2.198078733565777,
  "gcor": 0.0813398,
  "gsr_x": -0.013845470733940601,
  "gsr_y": 0.02107071317732334,
  "provenance": {
    "md5sum": "8470bce95e5f800a1e48d18ac558d3ff",
    "settings": {
      "fd_thres": 0.2,
      "testing": false
    },
    "software": "mriqc",
    "version": "22.0.0rc1",
    "webapi_port": null,
    "webapi_url": "https://mriqc.nimh.nih.gov/api/v1"
  },
  "size_t": 45,
  "size_x": 64,
  "size_y": 64,
  "size_z": 40,
  "snr": 5.338413547972669,
  "spacing_tr": 3.0,
  "spacing_x": 3.4375,
  "spacing_y": 3.4375009536743164,
  "spacing_z": 3.400001049041748,
  "summary_bg_k": 36.40180426968057,
  "summary_bg_mad": 8.895614724953269,
  "summary_bg_mean": 46.844505310058594,
  "summary_bg_median": 19.80000114440918,
  "summary_bg_n": 109098.0,
  "summary_bg_p05": 6.133333683013916,
  "summary_bg_p95": 169.42222595214844,
  "summary_bg_stdv": 83.02973937988281,
  "summary_fg_k": 0.2895658528046634,
  "summary_fg_mad": 302.54966859214767,
  "summary_fg_mean": 1656.30712890625,
  "summary_fg_median": 1651.3333740234375,
  "summary_fg_n": 22115.0,
  "summary_fg_p05": 1146.844482421875,
  "summary_fg_p95": 2155.4645751953126,
  "summary_fg_stdv": 309.3233642578125,
  "tsnr": 112.29783971142024
}