{
  "aor": 0.0028326666666666665,
  "aqi": 0.0027829791111111113,
  "bids_meta": {
    "CogAtlasID": "trm_4c898f079d05e",
    "CogPOID": "",
    "EchoTime": 0.035,
    "FlipAngle": 90.0,
    "InPlanePhaseEncodingDirection": "COL",
    "MRAcquisitionType": "2D",
    "MagneticFieldStrength": 3.0,
    "Manufacturer": "GE",
    "ManufacturerModelName": "SIGNA HDx",
    "ReceiveCoilName": "8-channel head",
    "RepetitionTime": 3.0,
    "ScanOptions": "EPI.GEMS",
    "ScanningSequence": "EP/GR",
    "SequenceVariant": "SS",
    "SliceAcquisitionDirection": "sequential/ascending (bottom up)",
    "SliceGap": 0,
    "SliceTiming": [
      0.0,
      0.075,
      0.15,
      0.225,
      0.3,
      0.375,
      0.45,
      0.525,
      0.6,
      0.675,
      0.75,
      0.825,
      0.9,
      0.975,
      1.05,
      1.125,
      1.2,
      1.275,
      1.35,
      1.425,
      1.5,
      1.575,
      1.65,
      1.725,
      1.8,
      1.875,
      1.95,
      2.025,
      2.1,
      2.175,
      2.25,
      2.325,
      2.4,
      2.475,
      2.55,
      2.625,
      2.7,
      2.775,
      2.85,
      2.925
    ],
    "SliceTimingCalculationMethod": "slice_number * (RepetitionTime / num_slices)",
    "SoftwareVersion": "14/LX/MR Software release.14.0.M5A.0828.b",
    "TaskDescription": "Finger-to-thumb opposition sequence performed with the trained hand using the pre-trained sequence.",
    "TaskInstructions": "See published manuscripts.",
    "TaskName": "Trained Hand, Trained Sequence",
    "dataset": "ds000170",
    "modality": "bold",
    "run_id": 3,
    "subject_id": "1716",
    "task_id": "TrainedHandTrainedSequence"
  },
  "dummy_trs": 0,
  "dvars_nstd": 15.257525292272721,
  "dvars_std": 1.216163518636363,
  "dvars_vstd": 0.9805316209090911,
  "efc": 0.4379639920696677,
  "fber": 7066.96923828125,
  "fd_mean": 0.05164871000176783,
  "fd_num": 0,
  "fd_perc": 0.0,
  "fwhm_avg": 2.3914621386974075,
  "fwhm_x": 2.330900363636364,
  "fwhm_y": 2.6240690901796957,
  "fwhm_z": 2.219416962276162,
  "gcor": 0.0355453,
  "gsr_x": -0.014175771735608578,
  "gsr_y": 0.0221632719039917,
  "provenance": {
    "md5sum": "a7241fe979cf2424e8f07bff205ec640",
    "settings": {
      "fd_thres": 0.2,
      "testing": false
    },
    "software": "mriqc",
    "version": "22.0.0rc1",
    "webapi_port": null,
    "webapi_url": "https://mriqc.nimh.nih.gov/api/v1"
  },
  "size_t": 45,
  "size_x": 64,
  "size_y": 64,
  "size_z": 40,
  "snr": 5.3668416232265255,
  "spacing_tr": 3.0,
  "spacing_x": 3.4375,
  "spacing_y": 3.4375009536743164,
  "spacing_z": 3.400001049041748,
  "summary_bg_k": 36.19356966098752,
  "summary_bg_mad": 8.895611897113955,
  "summary_bg_mean": 46.699337005615234,
  "summary_bg_median": 19.688888549804688,
  "summary_bg_n": 108722.0,
  "summary_bg_p05": 6.200000286102295,
  "summary_bg_p95": 169.73333740234375,
  "summary_bg_stdv": 82.68135833740234,
  "summary_fg_k": 0.3136210719563488,
  "summary_fg_mad": 301.70955146589,
  "summary_fg_mean": 1656.20654296875,
  "summary_fg_median": 1652.433349609375,
  "summary_fg_n": 22394.0,
  "summary_fg_p05": 1149.9477905273438,
  "summary_fg_p95": 2151.890026855468,
  "summary_fg_stdv": 307.8899230957031,
  "tsnr": 109.93924043793231
}