{
  "aor": 0.0056446666666666685,
  "aqi": 0.0023923157777777783,
  "bids_meta": {
    "CogAtlasID": "trm_4c898f079d05e",
    "CogPOID": "",
    "EchoTime": 0.035,
    "FlipAngle": 90.0,
    "InPlanePhaseEncodingDirection": "COL",
    "MRAcquisitionType": "2D",
    "MagneticFieldStrength": 3.0,
    "Manufacturer": "GE",
    "ManufacturerModelName": "SIGNA HDx",
    "ReceiveCoilName": "8-channel head",
    "RepetitionTime": 3.0,
    "ScanOptions": "EPI.GEMS",
    "ScanningSequence": "EP/GR",
    "SequenceVariant": "SS",
    "SliceAcquisitionDirection": "sequential/ascending (bottom up)",
    "SliceGap": 0,
    "SliceTiming": [
      0.0,
      0.075,
      0.15,
      0.225,
      0.3,
      0.375,
      0.45,
      0.525,
      0.6,
      0.675,
      0.75,
      0.825,
      0.9,
      0.975,
      1.05,
      1.125,
      1.2,
      1.275,
      1.35,
      1.425,
      1.5,
      1.575,
      1.65,
      1.725,
      1.8,
      1.875,
      1.95,
      2.025,
      2.1,
      2.175,
      2.25,
      2.325,
      2.4,
      2.475,
      2.55,
      2.625,
      2.7,
      2.775,
      2.85,
      2.925
    ],
    "SliceTimingCalculationMethod": "slice_number * (RepetitionTime / num_slices)",
    "SoftwareVersion": "14/LX/MR Software release.14.0.M5A.0828.b",
    "TaskDescription": "Finger-to-thumb opposition sequence performed with the untrained hand using the pre-trained sequence.",
    "TaskInstructions": "See published manuscripts.",
    "TaskName": "Untrained Hand, Trained Sequence",
    "dataset": "ds000170",
    "modality": "bold",
    "run_id": 2,
    "subject_id": "1716",
    "task_id": "UntrainedHandTrainedSequence"
  },
  "dummy_trs": 0,
  "dvars_nstd": 16.516280694545458,
  "dvars_std": 1.3090294054545455,
  "dvars_vstd": 1.026947996363636,
  "efc": 0.437703020052899,
  "fber": 7057.75830078125,
  "fd_mean": 0.07281052455506504,
  "fd_num": 2,
  "fd_perc": 4.444444444444445,
  "fwhm_avg": 2.389375209307724,
  "fwhm_x": 2.336229818181818,
  "fwhm_y": 2.614384729230089,
  "fwhm_z": 2.2175110805112643,
  "gcor": 0.0418801,
  "gsr_x": -0.014122196473181248,
  "gsr_y": 0.022070052102208138,
  "provenance": {
    "md5sum": "9e59fb16ffa2164dce6b036ac3036a66",
    "settings": {
      "fd_thres": 0.2,
      "testing": false
    },
    "software": "mriqc",
    "version": "22.0.0rc1",
    "webapi_port": null,
    "webapi_url": "https://mriqc.nimh.nih.gov/api/v1"
  },
  "size_t": 45,
  "size_x": 64,
  "size_y": 64,
  "size_z": 40,
  "snr": 5.3340027775463605,
  "spacing_tr": 3.0,
  "spacing_x": 3.4375,
  "spacing_y": 3.4375009536743164,
  "spacing_z": 3.400001049041748,
  "summary_bg_k": 36.62381775222336,
  "summary_bg_mad": 8.862666155180705,
  "summary_bg_mean": 46.785884857177734,
  "summary_bg_median": 19.733333587646484,
  "summary_bg_n": 108762.0,
  "summary_bg_p05": 6.1788888931274455,
  "summary_bg_p95": 169.4422210693358,
  "summary_bg_stdv": 82.64447021484375,
  "summary_fg_k": 0.2863519452532213,
  "summary_fg_mad": 303.34037770990295,
  "summary_fg_mean": 1661.8634033203125,
  "summary_fg_median": 1655.7333984375,
  "summary_fg_n": 22379.0,
  "summary_fg_p05": 1152.9444580078125,
  "summary_fg_p95": 2158.389038085937,
  "summary_fg_stdv": 310.40411376953125,
  "tsnr": 108.31523790070787
}