{
  "aor": 0.006121333333333333,
  "aqi": 0.002119965777777778,
  "bids_meta": {
    "CogAtlasID": "trm_4c898f079d05e",
    "CogPOID": "",
    "EchoTime": 0.035,
    "FlipAngle": 90.0,
    "InPlanePhaseEncodingDirection": "COL",
    "MRAcquisitionType": "2D",
    "MagneticFieldStrength": 3.0,
    "Manufacturer": "GE",
    "ManufacturerModelName": "SIGNA HDx",
    "ReceiveCoilName": "8-channel head",
    "RepetitionTime": 3.0,
    "ScanOptions": "EPI.GEMS",
    "ScanningSequence": "EP/GR",
    "SequenceVariant": "SS",
    "SliceAcquisitionDirection": "sequential/ascending (bottom up)",
    "SliceGap": 0,
    "SliceTiming": [
      0.0,
      0.075,
      0.15,
      0.225,
      0.3,
      0.375,
      0.45,
      0.525,
      0.6,
      0.675,
      0.75,
      0.825,
      0.9,
      0.975,
      1.05,
      1.125,
      1.2,
      1.275,
      1.35,
      1.425,
      1.5,
      1.575,
      1.65,
      1.725,
      1.8,
      1.875,
      1.95,
      2.025,
      2.1,
      2.175,
      2.25,
      2.325,
      2.4,
      2.475,
      2.55,
      2.625,
      2.7,
      2.775,
      2.85,
      2.925
    ],
    "SliceTimingCalculationMethod": "slice_number * (RepetitionTime / num_slices)",
    "SoftwareVersion": "14/LX/MR Software release.14.0.M5A.0828.b",
    "TaskDescription": "Finger-to-thumb opposition sequence performed with the untrained hand using the novel, untrained sequence.",
    "TaskInstructions": "See published manuscripts.",
    "TaskName": "Untrained Hand, Untrained Sequence",
    "dataset": "ds000170",
    "modality": "bold",
    "run_id": 3,
    "subject_id": "1716",
    "task_id": "UntrainedHandUntrainedSequence"
  },
  "dummy_trs": 0,
  "dvars_nstd": 16.690037879318183,
  "dvars_std": 1.339582394318182,
  "dvars_vstd": 1.0547059218181816,
  "efc": 0.43547137022172816,
  "fber": 7071.61865234375,
  "fd_mean": 0.06450420492504746,
  "fd_num": 2,
  "fd_perc": 4.444444444444445,
  "fwhm_avg": 2.3493574998209787,
  "fwhm_x": 2.3090996363636362,
  "fwhm_y": 2.5484676566085382,
  "fwhm_z": 2.1905052064907617,
  "gcor": 0.100655,
  "gsr_x": -0.01344701275229454,
  "gsr_y": 0.02109507843852043,
  "provenance": {
    "md5sum": "6e158b1e879b3ef23a53bfa68d68ff4a",
    "settings": {
      "fd_thres": 0.2,
      "testing": false
    },
    "software": "mriqc",
    "version": "22.0.0rc1",
    "webapi_port": null,
    "webapi_url": "https://mriqc.nimh.nih.gov/api/v1"
  },
  "size_t": 45,
  "size_x": 64,
  "size_y": 64,
  "size_z": 40,
  "snr": 5.365345734892877,
  "spacing_tr": 3.0,
  "spacing_x": 3.4375,
  "spacing_y": 3.4375009536743164,
  "spacing_z": 3.400001049041748,
  "summary_bg_k": 37.05480692695278,
  "summary_bg_mad": 8.829720413247456,
  "summary_bg_mean": 46.64348220825195,
  "summary_bg_median": 19.77777862548828,
  "summary_bg_n": 109163.0,
  "summary_bg_p05": 6.111111164093018,
  "summary_bg_p95": 167.6400100708005,
  "summary_bg_stdv": 82.501953125,
  "summary_fg_k": 0.34580480340785513,
  "summary_fg_mad": 300.3092959282218,
  "summary_fg_mean": 1661.9923095703125,
  "summary_fg_median": 1657.3333740234375,
  "summary_fg_n": 22071.0,
  "summary_fg_p05": 1151.344482421875,
  "summary_fg_p95": 2153.711181640625,
  "summary_fg_stdv": 308.888916015625,
  "tsnr": 110.77139671705663
}