{
  "aor": 0.012651111111111115,
  "aqi": 0.003896044000000001,
  "bids_meta": {
    "CogAtlasID": "trm_4c898f079d05e",
    "CogPOID": "",
    "EchoTime": 0.035,
    "FlipAngle": 90.0,
    "InPlanePhaseEncodingDirection": "COL",
    "MRAcquisitionType": "2D",
    "MagneticFieldStrength": 3.0,
    "Manufacturer": "GE",
    "ManufacturerModelName": "SIGNA HDx",
    "ReceiveCoilName": "8-channel head",
    "RepetitionTime": 3.0,
    "ScanOptions": "EPI.GEMS",
    "ScanningSequence": "EP/GR",
    "SequenceVariant": "SS",
    "SliceAcquisitionDirection": "sequential/ascending (bottom up)",
    "SliceGap": 0,
    "SliceTiming": [
      0.0,
      0.075,
      0.15,
      0.225,
      0.3,
      0.375,
      0.45,
      0.525,
      0.6,
      0.675,
      0.75,
      0.825,
      0.9,
      0.975,
      1.05,
      1.125,
      1.2,
      1.275,
      1.35,
      1.425,
      1.5,
      1.575,
      1.65,
      1.725,
      1.8,
      1.875,
      1.95,
      2.025,
      2.1,
      2.175,
      2.25,
      2.325,
      2.4,
      2.475,
      2.55,
      2.625,
      2.7,
      2.775,
      2.85,
      2.925
    ],
    "SliceTimingCalculationMethod": "slice_number * (RepetitionTime / num_slices)",
    "SoftwareVersion": "14/LX/MR Software release.14.0.M5A.0828.b",
    "TaskDescription": "Finger-to-thumb opposition sequence performed with the untrained hand using the pre-trained sequence.",
    "TaskInstructions": "See published manuscripts.",
    "TaskName": "Untrained Hand, Trained Sequence",
    "dataset": "ds000170",
    "modality": "bold",
    "run_id": 3,
    "subject_id": "1716",
    "task_id": "UntrainedHandTrainedSequence"
  },
  "dummy_trs": 0,
  "dvars_nstd": 16.441023847272728,
  "dvars_std": 1.271134629090909,
  "dvars_vstd": 1.0263623243181816,
  "efc": 0.441102689203009,
  "fber": 6881.34423828125,
  "fd_mean": 0.07975619714751209,
  "fd_num": 2,
  "fd_perc": 4.444444444444445,
  "fwhm_avg": 2.4114239177313137,
  "fwhm_x": 2.355796363636364,
  "fwhm_y": 2.6338349056521593,
  "fwhm_z": 2.2446404839054184,
  "gcor": 0.0631374,
  "gsr_x": -0.01442973967641592,
  "gsr_y": 0.024362536147236824,
  "provenance": {
    "md5sum": "5e9633f50ac5897c00fa533a9bf62cad",
    "settings": {
      "fd_thres": 0.2,
      "testing": false
    },
    "software": "mriqc",
    "version": "22.0.0rc1",
    "webapi_port": null,
    "webapi_url": "https://mriqc.nimh.nih.gov/api/v1"
  },
  "size_t": 45,
  "size_x": 64,
  "size_y": 64,
  "size_z": 40,
  "snr": 5.295245427477783,
  "spacing_tr": 3.0,
  "spacing_x": 3.4375,
  "spacing_y": 3.4375009536743164,
  "spacing_z": 3.400001049041748,
  "summary_bg_k": 35.85867164690096,
  "summary_bg_mad": 9.42276214900149,
  "summary_bg_mean": 47.298213958740234,
  "summary_bg_median": 19.933334350585938,
  "summary_bg_n": 108222.0,
  "summary_bg_p05": 5.95666701793671,
  "summary_bg_p95": 169.48778076171868,
  "summary_bg_stdv": 82.78740692138672,
  "summary_fg_k": 0.289267541467626,
  "summary_fg_mad": 306.1738274575743,
  "summary_fg_mean": 1651.6075439453125,
  "summary_fg_median": 1646.95556640625,
  "summary_fg_n": 22883.0,
  "summary_fg_p05": 1137.4955688476564,
  "summary_fg_p95": 2148.311279296875,
  "summary_fg_stdv": 311.0185546875,
  "tsnr": 87.92389010172337
}