{
  "aor": 0.004855111111111112,
  "aqi": 0.0013374367777777777,
  "bids_meta": {
    "CogAtlasID": "trm_4c898f079d05e",
    "CogPOID": "",
    "EchoTime": 0.035,
    "FlipAngle": 90.0,
    "InPlanePhaseEncodingDirection": "COL",
    "MRAcquisitionType": "2D",
    "MagneticFieldStrength": 3.0,
    "Manufacturer": "GE",
    "ManufacturerModelName": "SIGNA HDx",
    "ReceiveCoilName": "8-channel head",
    "RepetitionTime": 3.0,
    "ScanOptions": "EPI.GEMS",
    "ScanningSequence": "EP/GR",
    "SequenceVariant": "SS",
    "SliceAcquisitionDirection": "sequential/ascending (bottom up)",
    "SliceGap": 0,
    "SliceTiming": [
      0.0,
      0.075,
      0.15,
      0.225,
      0.3,
      0.375,
      0.45,
      0.525,
      0.6,
      0.675,
      0.75,
      0.825,
      0.9,
      0.975,
      1.05,
      1.125,
      1.2,
      1.275,
      1.35,
      1.425,
      1.5,
      1.575,
      1.65,
      1.725,
      1.8,
      1.875,
      1.95,
      2.025,
      2.1,
      2.175,
      2.25,
      2.325,
      2.4,
      2.475,
      2.55,
      2.625,
      2.7,
      2.775,
      2.85,
      2.925
    ],
    "SliceTimingCalculationMethod": "slice_number * (RepetitionTime / num_slices)",
    "SoftwareVersion": "14/LX/MR Software release.14.0.M5A.0828.b",
    "TaskDescription": "Finger-to-thumb opposition sequence performed with the trained hand using the pre-trained sequence.",
    "TaskInstructions": "See published manuscripts.",
    "TaskName": "Trained Hand, Trained Sequence",
    "dataset": "ds000170",
    "modality": "bold",
    "run_id": 1,
    "subject_id": "1716",
    "task_id": "TrainedHandTrainedSequence"
  },
  "dummy_trs": 0,
  "dvars_nstd": 15.025237278181816,
  "dvars_std": 1.3366001356818182,
  "dvars_vstd": 1.0432365600000002,
  "efc": 0.4375786376248876,
  "fber": 7099.841796875,
  "fd_mean": 0.031370604394366446,
  "fd_num": 0,
  "fd_perc": 0.0,
  "fwhm_avg": 2.420662490600137,
  "fwhm_x": 2.3723956363636365,
  "fwhm_y": 2.6374101773875354,
  "fwhm_z": 2.25218165804924,
  "gcor": 0.0413363,
  "gsr_x": -0.014103706926107407,
  "gsr_y": 0.022088946774601936,
  "provenance": {
    "md5sum": "6c1a5267af57a1082f1f7c8bfd338163",
    "settings": {
      "fd_thres": 0.2,
      "testing": false
    },
    "software": "mriqc",
    "version": "22.0.0rc1",
    "webapi_port": null,
    "webapi_url": "https://mriqc.nimh.nih.gov/api/v1"
  },
  "size_t": 45,
  "size_x": 64,
  "size_y": 64,
  "size_z": 40,
  "snr": 5.259056158933349,
  "spacing_tr": 3.0,
  "spacing_x": 3.4375,
  "spacing_y": 3.4375009536743164,
  "spacing_z": 3.400001049041748,
  "summary_bg_k": 37.75704699873044,
  "summary_bg_mad": 8.730878945688735,
  "summary_bg_mean": 46.57160568237305,
  "summary_bg_median": 19.55555534362793,
  "summary_bg_n": 108691.0,
  "summary_bg_p05": 5.97777795791626,
  "summary_bg_p95": 168.34445190429688,
  "summary_bg_stdv": 83.27259063720703,
  "summary_fg_k": 0.25504787312896315,
  "summary_fg_mad": 308.8094641895197,
  "summary_fg_mean": 1649.9842529296875,
  "summary_fg_median": 1646.755615234375,
  "summary_fg_n": 22395.0,
  "summary_fg_p05": 1132.922204589844,
  "summary_fg_p95": 2157.035546875,
  "summary_fg_stdv": 313.12060546875,
  "tsnr": 139.46399566088803
}