{
  "aor": 0.0035804444444444447,
  "aqi": 0.0017206826666666662,
  "bids_meta": {
    "CogAtlasID": "trm_4c898f079d05e",
    "CogPOID": "",
    "EchoTime": 0.035,
    "FlipAngle": 90.0,
    "InPlanePhaseEncodingDirection": "COL",
    "MRAcquisitionType": "2D",
    "MagneticFieldStrength": 3.0,
    "Manufacturer": "GE",
    "ManufacturerModelName": "SIGNA HDx",
    "ReceiveCoilName": "8-channel head",
    "RepetitionTime": 3.0,
    "ScanOptions": "EPI.GEMS",
    "ScanningSequence": "EP/GR",
    "SequenceVariant": "SS",
    "SliceAcquisitionDirection": "sequential/ascending (bottom up)",
    "SliceGap": 0,
    "SliceTiming": [
      0.0,
      0.075,
      0.15,
      0.225,
      0.3,
      0.375,
      0.45,
      0.525,
      0.6,
      0.675,
      0.75,
      0.825,
      0.9,
      0.975,
      1.05,
      1.125,
      1.2,
      1.275,
      1.35,
      1.425,
      1.5,
      1.575,
      1.65,
      1.725,
      1.8,
      1.875,
      1.95,
      2.025,
      2.1,
      2.175,
      2.25,
      2.325,
      2.4,
      2.475,
      2.55,
      2.625,
      2.7,
      2.775,
      2.85,
      2.925
    ],
    "SliceTimingCalculationMethod": "slice_number * (RepetitionTime / num_slices)",
    "SoftwareVersion": "14/LX/MR Software release.14.0.M5A.0828.b",
    "TaskDescription": "Finger-to-thumb opposition sequence performed with the untrained hand using the novel, untrained sequence.",
    "TaskInstructions": "See published manuscripts.",
    "TaskName": "Untrained Hand, Untrained Sequence",
    "dataset": "ds000170",
    "modality": "bold",
    "run_id": 2,
    "subject_id": "1716",
    "task_id": "UntrainedHandUntrainedSequence"
  },
  "dummy_trs": 0,
  "dvars_nstd": 15.64423647772727,
  "dvars_std": 1.3046585268181818,
  "dvars_vstd": 1.022021454772727,
  "efc": 0.44083433260751753,
  "fber": 6946.990234375,
  "fd_mean": 0.05006541262968478,
  "fd_num": 0,
  "fd_perc": 0.0,
  "fwhm_avg": 2.398938826160597,
  "fwhm_x": 2.3478458181818183,
  "fwhm_y": 2.621197818249007,
  "fwhm_z": 2.2277728420509657,
  "gcor": 0.0671012,
  "gsr_x": -0.014244213700294495,
  "gsr_y": 0.02369951829314232,
  "provenance": {
    "md5sum": "ffe8dc5707116bde2f018328ae022860",
    "settings": {
      "fd_thres": 0.2,
      "testing": false
    },
    "software": "mriqc",
    "version": "22.0.0rc1",
    "webapi_port": null,
    "webapi_url": "https://mriqc.nimh.nih.gov/api/v1"
  },
  "size_t": 45,
  "size_x": 64,
  "size_y": 64,
  "size_z": 40,
  "snr": 5.291429444500998,
  "spacing_tr": 3.0,
  "spacing_x": 3.4375,
  "spacing_y": 3.4375009536743164,
  "spacing_z": 3.400001049041748,
  "summary_bg_k": 35.666623717127614,
  "summary_bg_mad": 9.093293418311738,
  "summary_bg_mean": 47.3510856628418,
  "summary_bg_median": 19.844444274902344,
  "summary_bg_n": 108259.0,
  "summary_bg_p05": 6.044444561004639,
  "summary_bg_p95": 171.80889129638595,
  "summary_bg_stdv": 83.76211547851562,
  "summary_fg_k": 0.32470110859248447,
  "summary_fg_mad": 302.9121749695484,
  "summary_fg_mean": 1650.8834228515625,
  "summary_fg_median": 1645.800048828125,
  "summary_fg_n": 22767.0,
  "summary_fg_p05": 1140.7400634765625,
  "summary_fg_p95": 2150.155517578125,
  "summary_fg_stdv": 311.0244445800781,
  "tsnr": 125.34394073300064
}