{
  "bids_meta": {
    "EchoTime": 0.003,
    "FlipAngle": 20.0,
    "InPlanePhaseEncodingDirection": "ROW",
    "MRAcquisitionType": "3D",
    "MagneticFieldStrength": 3.0,
    "Manufacturer": "GE",
    "ManufacturerModelName": "SIGNA HDx",
    "ReceiveCoilName": "8-channel head",
    "RepetitionTime": 0.0073,
    "ScanOptions": "FAST.GEMS/EDR.GEMS/FILTERED.GEMS",
    "ScanningSequence": "Scanning Sequence",
    "SequenceVariant": "SS/SP/SK",
    "SeriesDescription": "Ax FSPGR 3D Asset",
    "SoftwareVersion": "14/LX/MR Software release.14.0.M5A.0828.b",
    "dataset": "ds000170",
    "modality": "T1w",
    "subject_id": "1714"
  },
  "cjv": 0.5240608683938749,
  "cnr": 2.411011221965239,
  "efc": 0.7874443209772426,
  "fber": 44920.18293144805,
  "fwhm_avg": 5.0912438439507435,
  "fwhm_x": 4.691447762943381,
  "fwhm_y": 4.955859409215521,
  "fwhm_z": 5.626424359693329,
  "icvs_csf": 0.20222786045669408,
  "icvs_gm": 0.44247903066814054,
  "icvs_wm": 0.3552931088751654,
  "inu_med": 1.4989371299743652,
  "inu_range": 0.5798345327377319,
  "provenance": {
    "md5sum": "c7143c4a1027129722641abb5418c0a4",
    "settings": {
      "testing": false
    },
    "software": "mriqc",
    "version": "22.0.0rc1",
    "warnings": {
      "large_rot_frame": true,
      "small_air_mask": true
    },
    "webapi_port": null,
    "webapi_url": "https://mriqc.nimh.nih.gov/api/v1"
  },
  "qi_1": 0.0,
  "qi_2": 0.0010640596496779748,
  "rpve_csf": 26.116639834945843,
  "rpve_gm": 12.822233022099212,
  "rpve_wm": 17.71227785924143,
  "size_x": 256,
  "size_y": 256,
  "size_z": 154,
  "snr_csf": 4.156911716206007,
  "snr_gm": 13.016346152403242,
  "snr_total": 12.818206356211121,
  "snr_wm": 21.281361200024115,
  "snrd_csf": 43.8485101595289,
  "snrd_gm": 74.67818840820475,
  "snrd_total": 70.28102161192164,
  "snrd_wm": 92.31636626803133,
  "spacing_x": 1.0000004768371582,
  "spacing_y": 1.0000001192092896,
  "spacing_z": 0.9999992251396179,
  "summary_bg_k": 6.512270254492686,
  "summary_bg_mad": 7.096643851844676,
  "summary_bg_mean": 11.165174598193452,
  "summary_bg_median": 4.9475081115961075,
  "summary_bg_n": 180202.0,
  "summary_bg_p05": 0.0,
  "summary_bg_p95": 40.90744511783123,
  "summary_bg_stdv": 14.479287031458595,
  "summary_csf_k": 0.23465431896668365,
  "summary_csf_mad": 106.68820042815231,
  "summary_csf_mean": 494.7691910560825,
  "summary_csf_median": 474.9808905348182,
  "summary_csf_n": 34814.0,
  "summary_csf_p05": 343.6708073616028,
  "summary_csf_p95": 700.3479297466575,
  "summary_csf_stdv": 114.26128366892871,
  "summary_gm_k": 0.4667115003546831,
  "summary_gm_mad": 57.19060045310121,
  "summary_gm_mean": 816.3515066568242,
  "summary_gm_median": 808.9376880675554,
  "summary_gm_n": 32666.0,
  "summary_gm_p05": 726.569722738117,
  "summary_gm_p95": 931.2980106323957,
  "summary_gm_stdv": 62.14688028033414,
  "summary_wm_k": 0.606983962808743,
  "summary_wm_mad": 42.93767708679132,
  "summary_wm_mean": 1005.1127289818713,
  "summary_wm_median": 999.9999931901693,
  "summary_wm_n": 182334.0,
  "summary_wm_p05": 936.7282024621964,
  "summary_wm_p95": 1091.4685577899218,
  "summary_wm_stdv": 46.989346290733224,
  "tpm_overlap_csf": 0.17031291127204895,
  "tpm_overlap_gm": 0.46511566638946533,
  "tpm_overlap_wm": 0.4926413893699646,
  "wm2max": 0.5452277744348498
}