{
  "bids_meta": {
    "EchoTime": 0.003,
    "FlipAngle": 20.0,
    "InPlanePhaseEncodingDirection": "ROW",
    "MRAcquisitionType": "3D",
    "MagneticFieldStrength": 3.0,
    "Manufacturer": "GE",
    "ManufacturerModelName": "SIGNA HDx",
    "ReceiveCoilName": "8-channel head",
    "RepetitionTime": 0.0073,
    "ScanOptions": "FAST.GEMS/EDR.GEMS/FILTERED.GEMS",
    "ScanningSequence": "Scanning Sequence",
    "SequenceVariant": "SS/SP/SK",
    "SeriesDescription": "Ax FSPGR 3D Asset",
    "SoftwareVersion": "14/LX/MR Software release.14.0.M5A.0828.b",
    "dataset": "ds000170",
    "modality": "T1w",
    "subject_id": "1700"
  },
  "cjv": 0.5970535298974963,
  "cnr": 2.1731491013773243,
  "efc": 0.7719524417630533,
  "fber": 25115.237215130393,
  "fwhm_avg": 4.910045313130678,
  "fwhm_x": 4.574450545316999,
  "fwhm_y": 4.799560286076085,
  "fwhm_z": 5.356125107998951,
  "icvs_csf": 0.2215926035140575,
  "icvs_gm": 0.41531241152954446,
  "icvs_wm": 0.3630949849563981,
  "inu_med": 0.9842126369476318,
  "inu_range": 0.3724640667438508,
  "provenance": {
    "md5sum": "e3d5e71fa937d8acf85045583ae11ee5",
    "settings": {
      "testing": false
    },
    "software": "mriqc",
    "version": "22.0.0rc1",
    "warnings": {
      "large_rot_frame": true,
      "small_air_mask": true
    },
    "webapi_port": null,
    "webapi_url": "https://mriqc.nimh.nih.gov/api/v1"
  },
  "qi_1": 0.0006845022278408446,
  "qi_2": 0.0030093075002455808,
  "rpve_csf": 24.925566818471182,
  "rpve_gm": 13.530714298759886,
  "rpve_wm": 17.69812129697746,
  "size_x": 256,
  "size_y": 256,
  "size_z": 172,
  "snr_csf": 4.328451316215667,
  "snr_gm": 11.998173923222112,
  "snr_total": 12.984626752962127,
  "snr_wm": 22.6272550194486,
  "snrd_csf": 49.96882525901008,
  "snrd_gm": 88.20972103790058,
  "snrd_total": 81.90462502750692,
  "snrd_wm": 107.53532878561012,
  "spacing_x": 0.9999998807907104,
  "spacing_y": 0.9999999403953552,
  "spacing_z": 0.9999990463256836,
  "summary_bg_k": 9.129617255300014,
  "summary_bg_mad": 6.0922895407878315,
  "summary_bg_mean": 10.798316427487466,
  "summary_bg_median": 4.738144021481276,
  "summary_bg_n": 243445.0,
  "summary_bg_p05": 0.0,
  "summary_bg_p95": 40.924146592617035,
  "summary_bg_stdv": 14.55236432821805,
  "summary_csf_k": 0.5531480802429538,
  "summary_csf_mad": 94.74131898123117,
  "summary_csf_mean": 483.29859032617117,
  "summary_csf_median": 464.67355792969465,
  "summary_csf_n": 47991.0,
  "summary_csf_p05": 344.2072944454849,
  "summary_csf_p95": 687.0099178757519,
  "summary_csf_stdv": 107.35218735310478,
  "summary_gm_k": 0.21396051194145738,
  "summary_gm_mad": 64.21770505748806,
  "summary_gm_mean": 828.7071690801894,
  "summary_gm_median": 820.2859424091876,
  "summary_gm_n": 29138.0,
  "summary_gm_p05": 730.5484297757969,
  "summary_gm_p95": 956.5306447897104,
  "summary_gm_stdv": 68.36639239088699,
  "summary_wm_k": 0.3404367298503286,
  "summary_wm_mad": 43.081190324142526,
  "summary_wm_mean": 1002.1608375776266,
  "summary_wm_median": 999.9999714009464,
  "summary_wm_n": 219746.0,
  "summary_wm_p05": 934.0013989247382,
  "summary_wm_p95": 1078.3680349066854,
  "summary_wm_stdv": 44.1943883685684,
  "tpm_overlap_csf": 0.17790527641773224,
  "tpm_overlap_gm": 0.4711986184120178,
  "tpm_overlap_wm": 0.5301627516746521,
  "wm2max": 0.5636728905696053
}