{
  "bids_meta": {
    "EchoTime": 0.003,
    "FlipAngle": 20.0,
    "InPlanePhaseEncodingDirection": "ROW",
    "MRAcquisitionType": "3D",
    "MagneticFieldStrength": 3.0,
    "Manufacturer": "GE",
    "ManufacturerModelName": "SIGNA HDx",
    "ReceiveCoilName": "8-channel head",
    "RepetitionTime": 0.0073,
    "ScanOptions": "FAST.GEMS/EDR.GEMS/FILTERED.GEMS",
    "ScanningSequence": "Scanning Sequence",
    "SequenceVariant": "SS/SP/SK",
    "SeriesDescription": "Ax FSPGR 3D Asset",
    "SoftwareVersion": "14/LX/MR Software release.14.0.M5A.0828.b",
    "dataset": "ds000170",
    "modality": "T1w",
    "subject_id": "1717"
  },
  "cjv": 0.5568093789140229,
  "cnr": 2.3154759260876174,
  "efc": 0.759514621004539,
  "fber": 29251.059688581317,
  "fwhm_avg": 4.755321952705578,
  "fwhm_x": 4.39817,
  "fwhm_y": 4.726548309654602,
  "fwhm_z": 5.14124754846213,
  "icvs_csf": 0.22068219484196464,
  "icvs_gm": 0.4060239089712845,
  "icvs_wm": 0.3732938961867509,
  "inu_med": 0.7744868993759155,
  "inu_range": 0.26682750582695003,
  "provenance": {
    "md5sum": "52294a720bd1b9a91444552f383b4392",
    "settings": {
      "testing": false
    },
    "software": "mriqc",
    "version": "22.0.0rc1",
    "warnings": {
      "large_rot_frame": true,
      "small_air_mask": false
    },
    "webapi_port": null,
    "webapi_url": "https://mriqc.nimh.nih.gov/api/v1"
  },
  "qi_1": 0.0005251644444780281,
  "qi_2": 0.002233668915126427,
  "rpve_csf": 21.426991281826314,
  "rpve_gm": 11.7878633588833,
  "rpve_wm": 15.002770272718854,
  "size_x": 256,
  "size_y": 256,
  "size_z": 172,
  "snr_csf": 4.492197421369871,
  "snr_gm": 12.971557917846436,
  "snr_total": 13.750199240511463,
  "snr_wm": 23.78684238231808,
  "snrd_csf": 60.945165014887124,
  "snrd_gm": 106.09518703544113,
  "snrd_total": 98.7506910335049,
  "snrd_wm": 129.2117210501865,
  "spacing_x": 1.0,
  "spacing_y": 1.0000003576278687,
  "spacing_z": 1.0000004768371582,
  "summary_bg_k": 11.299687866235354,
  "summary_bg_mad": 5.070255125440771,
  "summary_bg_mean": 9.654245036933963,
  "summary_bg_median": 3.8892242461442947,
  "summary_bg_n": 276149.0,
  "summary_bg_p05": 0.0,
  "summary_bg_p95": 39.026353642344475,
  "summary_bg_stdv": 13.990061452719932,
  "summary_csf_k": 0.18004054765306288,
  "summary_csf_mad": 99.41676716550532,
  "summary_csf_mean": 490.5477216680201,
  "summary_csf_median": 471.6690232306719,
  "summary_csf_n": 58200.0,
  "summary_csf_p05": 350.2984045147896,
  "summary_csf_p95": 682.5588551983237,
  "summary_csf_stdv": 104.99649210209002,
  "summary_gm_k": 0.06018043494342695,
  "summary_gm_mad": 59.55064353213769,
  "summary_gm_mean": 828.9804308176286,
  "summary_gm_median": 821.0957050696015,
  "summary_gm_n": 34930.0,
  "summary_gm_p05": 736.2703831493855,
  "summary_gm_p95": 945.5207059305159,
  "summary_gm_stdv": 63.29879238408874,
  "summary_wm_k": 0.48480072016262277,
  "summary_wm_mad": 40.064957167698644,
  "summary_wm_mean": 1003.3276556119199,
  "summary_wm_median": 1000.0000203922391,
  "summary_wm_n": 266083.0,
  "summary_wm_p05": 940.3876004815102,
  "summary_wm_p95": 1078.320950038731,
  "summary_wm_stdv": 42.039970047511396,
  "tpm_overlap_csf": 0.17934785783290863,
  "tpm_overlap_gm": 0.4638764262199402,
  "tpm_overlap_wm": 0.5194384455680847,
  "wm2max": 0.4202987469288726
}