{
  "bids_meta": {
    "EchoTime": 0.003,
    "FlipAngle": 20.0,
    "InPlanePhaseEncodingDirection": "ROW",
    "MRAcquisitionType": "3D",
    "MagneticFieldStrength": 3.0,
    "Manufacturer": "GE",
    "ManufacturerModelName": "SIGNA HDx",
    "ReceiveCoilName": "8-channel head",
    "RepetitionTime": 0.0073,
    "ScanOptions": "FAST.GEMS/EDR.GEMS/FILTERED.GEMS",
    "ScanningSequence": "Scanning Sequence",
    "SequenceVariant": "SS/SP/SK",
    "SeriesDescription": "Ax FSPGR 3D Asset",
    "SoftwareVersion": "14/LX/MR Software release.14.0.M5A.0828.b",
    "dataset": "ds000170",
    "modality": "T1w",
    "subject_id": "1710"
  },
  "cjv": 0.7066608705026701,
  "cnr": 1.9860309613692775,
  "efc": 0.7622464688675732,
  "fber": 7455.301190889119,
  "fwhm_avg": 5.17354217215134,
  "fwhm_x": 4.7964,
  "fwhm_y": 5.101401824403461,
  "fwhm_z": 5.622824692050558,
  "icvs_csf": 0.21918947154180013,
  "icvs_gm": 0.41608380347533214,
  "icvs_wm": 0.36472672498286773,
  "inu_med": 1.0836585760116577,
  "inu_range": 0.48775407373905155,
  "provenance": {
    "md5sum": "3c94c0f6374531ecd0627e68e6227a7b",
    "settings": {
      "testing": false
    },
    "software": "mriqc",
    "version": "22.0.0rc1",
    "warnings": {
      "large_rot_frame": true,
      "small_air_mask": false
    },
    "webapi_port": null,
    "webapi_url": "https://mriqc.nimh.nih.gov/api/v1"
  },
  "qi_1": 0.0,
  "qi_2": 0.002104949284280576,
  "rpve_csf": 22.100703779683407,
  "rpve_gm": 11.721995132159593,
  "rpve_wm": 15.099786275079966,
  "size_x": 256,
  "size_y": 256,
  "size_z": 160,
  "snr_csf": 4.879861501843063,
  "snr_gm": 11.639358907444276,
  "snr_total": 11.204132369228072,
  "snr_wm": 17.093176698396878,
  "snrd_csf": 28.322016571953267,
  "snrd_gm": 49.91199360271973,
  "snrd_total": 46.52323713470383,
  "snrd_wm": 61.33570122943848,
  "spacing_x": 1.0,
  "spacing_y": 0.9999996423721313,
  "spacing_z": 0.9999991655349731,
  "summary_bg_k": 58.95686986610439,
  "summary_bg_mad": 10.681159276583564,
  "summary_bg_mean": 16.939414625270505,
  "summary_bg_median": 7.929600819945335,
  "summary_bg_n": 302448.0,
  "summary_bg_p05": 0.0,
  "summary_bg_p95": 62.56648451834917,
  "summary_bg_stdv": 22.006357728482982,
  "summary_csf_k": 1.114341822114949,
  "summary_csf_mad": 79.4276810634536,
  "summary_csf_mean": 475.69232338185174,
  "summary_csf_median": 461.7541940882802,
  "summary_csf_n": 47395.0,
  "summary_csf_p05": 348.7912282612175,
  "summary_csf_p95": 654.9801926050333,
  "summary_csf_stdv": 94.62344833956887,
  "summary_gm_k": -0.25588107851376884,
  "summary_gm_mad": 72.97597411786623,
  "summary_gm_mean": 819.500378653832,
  "summary_gm_median": 813.7511085346341,
  "summary_gm_n": 25150.0,
  "summary_gm_p05": 712.9388054274023,
  "summary_gm_p95": 940.2645050311461,
  "summary_gm_stdv": 69.91234971703858,
  "summary_wm_k": 0.4240440414321687,
  "summary_wm_mad": 58.638847572116475,
  "summary_wm_mean": 1002.5732711013535,
  "summary_wm_median": 1000.0000253543258,
  "summary_wm_n": 221370.0,
  "summary_wm_p05": 912.1458504162729,
  "summary_wm_p95": 1099.7969527468085,
  "summary_wm_stdv": 58.502745530240496,
  "tpm_overlap_csf": 0.15221865475177765,
  "tpm_overlap_gm": 0.4410437047481537,
  "tpm_overlap_wm": 0.4822254478931427,
  "wm2max": 0.43950019125334694
}