{
  "aor": 0.0039,
  "aqi": 0.001933428,
  "bids_meta": {
    "CogAtlasID": "trm_4c898f079d05e",
    "CogPOID": "",
    "EchoTime": 0.035,
    "FlipAngle": 90.0,
    "InPlanePhaseEncodingDirection": "COL",
    "MRAcquisitionType": "2D",
    "MagneticFieldStrength": 3.0,
    "Manufacturer": "GE",
    "ManufacturerModelName": "SIGNA HDx",
    "ReceiveCoilName": "8-channel head",
    "RepetitionTime": 3.0,
    "ScanOptions": "EPI.GEMS",
    "ScanningSequence": "EP/GR",
    "SequenceVariant": "SS",
    "SliceAcquisitionDirection": "sequential/ascending (bottom up)",
    "SliceGap": 0,
    "SliceTiming": [
      0.0,
      0.075,
      0.15,
      0.225,
      0.3,
      0.375,
      0.45,
      0.525,
      0.6,
      0.675,
      0.75,
      0.825,
      0.9,
      0.975,
      1.05,
      1.125,
      1.2,
      1.275,
      1.35,
      1.425,
      1.5,
      1.575,
      1.65,
      1.725,
      1.8,
      1.875,
      1.95,
      2.025,
      2.1,
      2.175,
      2.25,
      2.325,
      2.4,
      2.475,
      2.55,
      2.625,
      2.7,
      2.775,
      2.85,
      2.925
    ],
    "SliceTimingCalculationMethod": "slice_number * (RepetitionTime / num_slices)",
    "SoftwareVersion": "14/LX/MR Software release.14.0.M5A.0828.b",
    "TaskDescription": "Finger-to-thumb opposition sequence performed with the trained hand using the novel, untrained sequence.",
    "TaskInstructions": "See published manuscripts.",
    "TaskName": "Trained Hand, Untrained Sequence",
    "dataset": "ds000170",
    "modality": "bold",
    "run_id": 2,
    "subject_id": "1715",
    "task_id": "TrainedHandUntrainedSequence"
  },
  "dummy_trs": 0,
  "dvars_nstd": 16.226500662727275,
  "dvars_std": 1.2209380475000005,
  "dvars_vstd": 1.0222820336363636,
  "efc": 0.4545408642454941,
  "fber": 3776.30419921875,
  "fd_mean": 0.05539050416665417,
  "fd_num": 0,
  "fd_perc": 0.0,
  "fwhm_avg": 2.4858897005074616,
  "fwhm_x": 2.4670319571621864,
  "fwhm_y": 2.6981577968978057,
  "fwhm_z": 2.292479347462392,
  "gcor": 0.107056,
  "gsr_x": -0.008847282268106937,
  "gsr_y": 0.02979094721376896,
  "provenance": {
    "md5sum": "d894d93e4f81d24bfdc5d5a8b161afae",
    "settings": {
      "fd_thres": 0.2,
      "testing": false
    },
    "software": "mriqc",
    "version": "22.0.0rc1",
    "webapi_port": null,
    "webapi_url": "https://mriqc.nimh.nih.gov/api/v1"
  },
  "size_t": 45,
  "size_x": 64,
  "size_y": 64,
  "size_z": 40,
  "snr": 4.910975190348548,
  "spacing_tr": 3.0,
  "spacing_x": 3.4374990463256836,
  "spacing_y": 3.4375009536743164,
  "spacing_z": 3.4000000953674316,
  "summary_bg_k": 30.84704103935119,
  "summary_bg_mad": 13.145739859272291,
  "summary_bg_mean": 67.02888488769531,
  "summary_bg_median": 27.44444465637207,
  "summary_bg_n": 109419.0,
  "summary_bg_p05": 9.044445037841797,
  "summary_bg_p95": 275.32668151855336,
  "summary_bg_stdv": 115.90790557861328,
  "summary_fg_k": 0.7253793909799362,
  "summary_fg_mad": 316.14012860121034,
  "summary_fg_mean": 1663.9383544921875,
  "summary_fg_median": 1666.211181640625,
  "summary_fg_n": 22452.0,
  "summary_fg_p05": 1111.5599853515625,
  "summary_fg_p95": 2217.556774902344,
  "summary_fg_stdv": 339.2756042480469,
  "tsnr": 99.24030575668439
}