{
  "aor": 0.00440288888888889,
  "aqi": 0.0018823444444444446,
  "bids_meta": {
    "CogAtlasID": "trm_4c898f079d05e",
    "CogPOID": "",
    "EchoTime": 0.035,
    "FlipAngle": 90.0,
    "InPlanePhaseEncodingDirection": "COL",
    "MRAcquisitionType": "2D",
    "MagneticFieldStrength": 3.0,
    "Manufacturer": "GE",
    "ManufacturerModelName": "SIGNA HDx",
    "ReceiveCoilName": "8-channel head",
    "RepetitionTime": 3.0,
    "ScanOptions": "EPI.GEMS",
    "ScanningSequence": "EP/GR",
    "SequenceVariant": "SS",
    "SliceAcquisitionDirection": "sequential/ascending (bottom up)",
    "SliceGap": 0,
    "SliceTiming": [
      0.0,
      0.075,
      0.15,
      0.225,
      0.3,
      0.375,
      0.45,
      0.525,
      0.6,
      0.675,
      0.75,
      0.825,
      0.9,
      0.975,
      1.05,
      1.125,
      1.2,
      1.275,
      1.35,
      1.425,
      1.5,
      1.575,
      1.65,
      1.725,
      1.8,
      1.875,
      1.95,
      2.025,
      2.1,
      2.175,
      2.25,
      2.325,
      2.4,
      2.475,
      2.55,
      2.625,
      2.7,
      2.775,
      2.85,
      2.925
    ],
    "SliceTimingCalculationMethod": "slice_number * (RepetitionTime / num_slices)",
    "SoftwareVersion": "14/LX/MR Software release.14.0.M5A.0828.b",
    "TaskDescription": "Finger-to-thumb opposition sequence performed with the untrained hand using the novel, untrained sequence.",
    "TaskInstructions": "See published manuscripts.",
    "TaskName": "Untrained Hand, Untrained Sequence",
    "dataset": "ds000170",
    "modality": "bold",
    "run_id": 3,
    "subject_id": "1715",
    "task_id": "UntrainedHandUntrainedSequence"
  },
  "dummy_trs": 0,
  "dvars_nstd": 17.04970962363636,
  "dvars_std": 1.2979701488636364,
  "dvars_vstd": 1.043377943409091,
  "efc": 0.45375945525207023,
  "fber": 3750.640869140625,
  "fd_mean": 0.06674635984009589,
  "fd_num": 1,
  "fd_perc": 2.2222222222222223,
  "fwhm_avg": 2.495346278147784,
  "fwhm_x": 2.47431632281947,
  "fwhm_y": 2.702684341096541,
  "fwhm_z": 2.3090381705273413,
  "gcor": 0.0529563,
  "gsr_x": -0.00906209647655487,
  "gsr_y": 0.03028474934399128,
  "provenance": {
    "md5sum": "22e085c766bbff623592fe22c9eeb539",
    "settings": {
      "fd_thres": 0.2,
      "testing": false
    },
    "software": "mriqc",
    "version": "22.0.0rc1",
    "webapi_port": null,
    "webapi_url": "https://mriqc.nimh.nih.gov/api/v1"
  },
  "size_t": 45,
  "size_x": 64,
  "size_y": 64,
  "size_z": 40,
  "snr": 4.889406678565602,
  "spacing_tr": 3.0,
  "spacing_x": 3.4374990463256836,
  "spacing_y": 3.4375009536743164,
  "spacing_z": 3.4000000953674316,
  "summary_bg_k": 34.46104354395042,
  "summary_bg_mad": 13.343419966550417,
  "summary_bg_mean": 67.4032974243164,
  "summary_bg_median": 27.644445419311523,
  "summary_bg_n": 109623.0,
  "summary_bg_p05": 9.222222328186035,
  "summary_bg_p95": 279.95556640625,
  "summary_bg_stdv": 116.47635650634766,
  "summary_fg_k": 0.7518993527804629,
  "summary_fg_mad": 318.5947836170296,
  "summary_fg_mean": 1668.1529541015625,
  "summary_fg_median": 1670.68896484375,
  "summary_fg_n": 22316.0,
  "summary_fg_p05": 1110.3389282226562,
  "summary_fg_p95": 2225.1555786132812,
  "summary_fg_stdv": 341.68798828125,
  "tsnr": 106.89322376996279
}