{
  "aor": 0.004679555555555556,
  "aqi": 0.0017797153333333328,
  "bids_meta": {
    "CogAtlasID": "trm_4c898f079d05e",
    "CogPOID": "",
    "EchoTime": 0.035,
    "FlipAngle": 90.0,
    "InPlanePhaseEncodingDirection": "COL",
    "MRAcquisitionType": "2D",
    "MagneticFieldStrength": 3.0,
    "Manufacturer": "GE",
    "ManufacturerModelName": "SIGNA HDx",
    "ReceiveCoilName": "8-channel head",
    "RepetitionTime": 3.0,
    "ScanOptions": "EPI.GEMS",
    "ScanningSequence": "EP/GR",
    "SequenceVariant": "SS",
    "SliceAcquisitionDirection": "sequential/ascending (bottom up)",
    "SliceGap": 0,
    "SliceTiming": [
      0.0,
      0.075,
      0.15,
      0.225,
      0.3,
      0.375,
      0.45,
      0.525,
      0.6,
      0.675,
      0.75,
      0.825,
      0.9,
      0.975,
      1.05,
      1.125,
      1.2,
      1.275,
      1.35,
      1.425,
      1.5,
      1.575,
      1.65,
      1.725,
      1.8,
      1.875,
      1.95,
      2.025,
      2.1,
      2.175,
      2.25,
      2.325,
      2.4,
      2.475,
      2.55,
      2.625,
      2.7,
      2.775,
      2.85,
      2.925
    ],
    "SliceTimingCalculationMethod": "slice_number * (RepetitionTime / num_slices)",
    "SoftwareVersion": "14/LX/MR Software release.14.0.M5A.0828.b",
    "TaskDescription": "Finger-to-thumb opposition sequence performed with the trained hand using the novel, untrained sequence.",
    "TaskInstructions": "See published manuscripts.",
    "TaskName": "Trained Hand, Untrained Sequence",
    "dataset": "ds000170",
    "modality": "bold",
    "run_id": 3,
    "subject_id": "1715",
    "task_id": "TrainedHandUntrainedSequence"
  },
  "dummy_trs": 0,
  "dvars_nstd": 17.897602254772725,
  "dvars_std": 1.2777144727272725,
  "dvars_vstd": 1.0399907159090906,
  "efc": 0.45418138094385857,
  "fber": 3782.198486328125,
  "fd_mean": 0.07512242468087273,
  "fd_num": 0,
  "fd_perc": 0.0,
  "fwhm_avg": 2.499010007429136,
  "fwhm_x": 2.4874799628351285,
  "fwhm_y": 2.714853064993268,
  "fwhm_z": 2.294696994459012,
  "gcor": 0.0773525,
  "gsr_x": -0.008735103532671928,
  "gsr_y": 0.030779901891946793,
  "provenance": {
    "md5sum": "452efdf5c08e53384021bdc7e6da258a",
    "settings": {
      "fd_thres": 0.2,
      "testing": false
    },
    "software": "mriqc",
    "version": "22.0.0rc1",
    "webapi_port": null,
    "webapi_url": "https://mriqc.nimh.nih.gov/api/v1"
  },
  "size_t": 45,
  "size_x": 64,
  "size_y": 64,
  "size_z": 40,
  "snr": 4.889574012967875,
  "spacing_tr": 3.0,
  "spacing_x": 3.4374990463256836,
  "spacing_y": 3.4375009536743164,
  "spacing_z": 3.4000000953674316,
  "summary_bg_k": 32.781913919104284,
  "summary_bg_mad": 13.112792703419386,
  "summary_bg_mean": 66.84330749511719,
  "summary_bg_median": 27.35555648803711,
  "summary_bg_n": 109479.0,
  "summary_bg_p05": 8.977778434753418,
  "summary_bg_p95": 276.8444519042969,
  "summary_bg_stdv": 115.63961029052734,
  "summary_fg_k": 0.6868091362788542,
  "summary_fg_mad": 317.67222931907645,
  "summary_fg_mean": 1657.1865234375,
  "summary_fg_median": 1660.2222900390625,
  "summary_fg_n": 22418.0,
  "summary_fg_p05": 1102.318914794922,
  "summary_fg_p95": 2208.8100463867186,
  "summary_fg_stdv": 339.5357666015625,
  "tsnr": 104.9775037842337
}