{
  "aor": 0.003562888888888889,
  "aqi": 0.0019479566666666668,
  "bids_meta": {
    "CogAtlasID": "trm_4c898f079d05e",
    "CogPOID": "",
    "EchoTime": 0.035,
    "FlipAngle": 90.0,
    "InPlanePhaseEncodingDirection": "COL",
    "MRAcquisitionType": "2D",
    "MagneticFieldStrength": 3.0,
    "Manufacturer": "GE",
    "ManufacturerModelName": "SIGNA HDx",
    "ReceiveCoilName": "8-channel head",
    "RepetitionTime": 3.0,
    "ScanOptions": "EPI.GEMS",
    "ScanningSequence": "EP/GR",
    "SequenceVariant": "SS",
    "SliceAcquisitionDirection": "sequential/ascending (bottom up)",
    "SliceGap": 0,
    "SliceTiming": [
      0.0,
      0.075,
      0.15,
      0.225,
      0.3,
      0.375,
      0.45,
      0.525,
      0.6,
      0.675,
      0.75,
      0.825,
      0.9,
      0.975,
      1.05,
      1.125,
      1.2,
      1.275,
      1.35,
      1.425,
      1.5,
      1.575,
      1.65,
      1.725,
      1.8,
      1.875,
      1.95,
      2.025,
      2.1,
      2.175,
      2.25,
      2.325,
      2.4,
      2.475,
      2.55,
      2.625,
      2.7,
      2.775,
      2.85,
      2.925
    ],
    "SliceTimingCalculationMethod": "slice_number * (RepetitionTime / num_slices)",
    "SoftwareVersion": "14/LX/MR Software release.14.0.M5A.0828.b",
    "TaskDescription": "Finger-to-thumb opposition sequence performed with the trained hand using the novel, untrained sequence.",
    "TaskInstructions": "See published manuscripts.",
    "TaskName": "Trained Hand, Untrained Sequence",
    "dataset": "ds000170",
    "modality": "bold",
    "run_id": 1,
    "subject_id": "1715",
    "task_id": "TrainedHandUntrainedSequence"
  },
  "dummy_trs": 0,
  "dvars_nstd": 17.110147476136365,
  "dvars_std": 1.2360606977272726,
  "dvars_vstd": 1.0258794420454544,
  "efc": 0.45398325319907784,
  "fber": 3773.15185546875,
  "fd_mean": 0.0747814616480882,
  "fd_num": 0,
  "fd_perc": 0.0,
  "fwhm_avg": 2.519118317579995,
  "fwhm_x": 2.5031250580846773,
  "fwhm_y": 2.7273476069814215,
  "fwhm_z": 2.326882287673886,
  "gcor": 0.101807,
  "gsr_x": -0.008784118108451366,
  "gsr_y": 0.030359258875250816,
  "provenance": {
    "md5sum": "6a8e865a1f462155cdd8aec6f34ef88a",
    "settings": {
      "fd_thres": 0.2,
      "testing": false
    },
    "software": "mriqc",
    "version": "22.0.0rc1",
    "webapi_port": null,
    "webapi_url": "https://mriqc.nimh.nih.gov/api/v1"
  },
  "size_t": 45,
  "size_x": 64,
  "size_y": 64,
  "size_z": 40,
  "snr": 4.86236126658592,
  "spacing_tr": 3.0,
  "spacing_x": 3.4374990463256836,
  "spacing_y": 3.4375009536743164,
  "spacing_z": 3.4000000953674316,
  "summary_bg_k": 33.513018645975386,
  "summary_bg_mad": 13.145742687111605,
  "summary_bg_mean": 66.68395233154297,
  "summary_bg_median": 27.46666717529297,
  "summary_bg_n": 109408.0,
  "summary_bg_p05": 9.177778244018555,
  "summary_bg_p95": 274.762219238281,
  "summary_bg_stdv": 115.29170227050781,
  "summary_fg_k": 0.6686919915442542,
  "summary_fg_mad": 321.0163189787978,
  "summary_fg_mean": 1664.235595703125,
  "summary_fg_median": 1665.4444580078125,
  "summary_fg_n": 22474.0,
  "summary_fg_p05": 1106.6711486816407,
  "summary_fg_p95": 2225.9955566406247,
  "summary_fg_stdv": 342.510009765625,
  "tsnr": 99.51283536478877
}