{
  "aor": 0.006373333333333332,
  "aqi": 0.0029866748888888886,
  "bids_meta": {
    "CogAtlasID": "trm_4c898f079d05e",
    "CogPOID": "",
    "EchoTime": 0.035,
    "FlipAngle": 90.0,
    "InPlanePhaseEncodingDirection": "COL",
    "MRAcquisitionType": "2D",
    "MagneticFieldStrength": 3.0,
    "Manufacturer": "GE",
    "ManufacturerModelName": "SIGNA HDx",
    "ReceiveCoilName": "8-channel head",
    "RepetitionTime": 3.0,
    "ScanOptions": "EPI.GEMS",
    "ScanningSequence": "EP/GR",
    "SequenceVariant": "SS",
    "SliceAcquisitionDirection": "sequential/ascending (bottom up)",
    "SliceGap": 0,
    "SliceTiming": [
      0.0,
      0.075,
      0.15,
      0.225,
      0.3,
      0.375,
      0.45,
      0.525,
      0.6,
      0.675,
      0.75,
      0.825,
      0.9,
      0.975,
      1.05,
      1.125,
      1.2,
      1.275,
      1.35,
      1.425,
      1.5,
      1.575,
      1.65,
      1.725,
      1.8,
      1.875,
      1.95,
      2.025,
      2.1,
      2.175,
      2.25,
      2.325,
      2.4,
      2.475,
      2.55,
      2.625,
      2.7,
      2.775,
      2.85,
      2.925
    ],
    "SliceTimingCalculationMethod": "slice_number * (RepetitionTime / num_slices)",
    "SoftwareVersion": "14/LX/MR Software release.14.0.M5A.0828.b",
    "TaskDescription": "Finger-to-thumb opposition sequence performed with the trained hand using the pre-trained sequence.",
    "TaskInstructions": "See published manuscripts.",
    "TaskName": "Trained Hand, Trained Sequence",
    "dataset": "ds000170",
    "modality": "bold",
    "run_id": 1,
    "subject_id": "1702",
    "task_id": "TrainedHandTrainedSequence"
  },
  "dummy_trs": 0,
  "dvars_nstd": 17.552369464772724,
  "dvars_std": 1.277627328636364,
  "dvars_vstd": 1.0211515097727273,
  "efc": 0.47019039408646973,
  "fber": 5332.6953125,
  "fd_mean": 0.13050642758432743,
  "fd_num": 5,
  "fd_perc": 11.11111111111111,
  "fwhm_avg": 2.1877345366489553,
  "fwhm_x": 2.1963665454545453,
  "fwhm_y": 2.374717090909091,
  "fwhm_z": 1.9921199735832296,
  "gcor": 0.027593,
  "gsr_x": -0.0009592222049832344,
  "gsr_y": 0.020152999088168144,
  "provenance": {
    "md5sum": "51d53a3752890339b392e64edcff3968",
    "settings": {
      "fd_thres": 0.2,
      "testing": false
    },
    "software": "mriqc",
    "version": "22.0.0rc1",
    "webapi_port": null,
    "webapi_url": "https://mriqc.nimh.nih.gov/api/v1"
  },
  "size_t": 45,
  "size_x": 64,
  "size_y": 64,
  "size_z": 40,
  "snr": 6.331130492769442,
  "spacing_tr": 3.0,
  "spacing_x": 3.4375,
  "spacing_y": 3.4375,
  "spacing_z": 3.400001049041748,
  "summary_bg_k": 31.054664740144013,
  "summary_bg_mad": 14.82602218505602,
  "summary_bg_mean": 63.491207122802734,
  "summary_bg_median": 24.733333587646484,
  "summary_bg_n": 105486.0,
  "summary_bg_p05": 4.844444751739502,
  "summary_bg_p95": 237.99444580078125,
  "summary_bg_stdv": 107.8685531616211,
  "summary_fg_k": 0.9777793314152952,
  "summary_fg_mad": 258.84584181856735,
  "summary_fg_mean": 1763.8524169921875,
  "summary_fg_median": 1766.711181640625,
  "summary_fg_n": 25670.0,
  "summary_fg_p05": 1304.2545043945313,
  "summary_fg_p95": 2213.093310546875,
  "summary_fg_stdv": 279.0460205078125,
  "tsnr": 106.41357803251594
}