{
  "aor": 0.005290444444444444,
  "aqi": 0.002348963333333333,
  "bids_meta": {
    "CogAtlasID": "trm_4c898f079d05e",
    "CogPOID": "",
    "EchoTime": 0.035,
    "FlipAngle": 90.0,
    "InPlanePhaseEncodingDirection": "COL",
    "MRAcquisitionType": "2D",
    "MagneticFieldStrength": 3.0,
    "Manufacturer": "GE",
    "ManufacturerModelName": "SIGNA HDx",
    "ReceiveCoilName": "8-channel head",
    "RepetitionTime": 3.0,
    "ScanOptions": "EPI.GEMS",
    "ScanningSequence": "EP/GR",
    "SequenceVariant": "SS",
    "SliceAcquisitionDirection": "sequential/ascending (bottom up)",
    "SliceGap": 0,
    "SliceTiming": [
      0.0,
      0.075,
      0.15,
      0.225,
      0.3,
      0.375,
      0.45,
      0.525,
      0.6,
      0.675,
      0.75,
      0.825,
      0.9,
      0.975,
      1.05,
      1.125,
      1.2,
      1.275,
      1.35,
      1.425,
      1.5,
      1.575,
      1.65,
      1.725,
      1.8,
      1.875,
      1.95,
      2.025,
      2.1,
      2.175,
      2.25,
      2.325,
      2.4,
      2.475,
      2.55,
      2.625,
      2.7,
      2.775,
      2.85,
      2.925
    ],
    "SliceTimingCalculationMethod": "slice_number * (RepetitionTime / num_slices)",
    "SoftwareVersion": "14/LX/MR Software release.14.0.M5A.0828.b",
    "TaskDescription": "Finger-to-thumb opposition sequence performed with the untrained hand using the pre-trained sequence.",
    "TaskInstructions": "See published manuscripts.",
    "TaskName": "Untrained Hand, Trained Sequence",
    "dataset": "ds000170",
    "modality": "bold",
    "run_id": 3,
    "subject_id": "1702",
    "task_id": "UntrainedHandTrainedSequence"
  },
  "dummy_trs": 0,
  "dvars_nstd": 16.826648148181818,
  "dvars_std": 1.3335177036363635,
  "dvars_vstd": 1.0424385527272728,
  "efc": 0.46588598845474194,
  "fber": 5294.12060546875,
  "fd_mean": 0.0791936590385939,
  "fd_num": 2,
  "fd_perc": 4.444444444444445,
  "fwhm_avg": 2.1734569969455273,
  "fwhm_x": 2.1852945454545454,
  "fwhm_y": 2.3468799999999996,
  "fwhm_z": 1.9881964453820369,
  "gcor": 0.0289303,
  "gsr_x": -0.0011875905329361558,
  "gsr_y": 0.0184199009090662,
  "provenance": {
    "md5sum": "d6df644ba4b769558e24f9426371a889",
    "settings": {
      "fd_thres": 0.2,
      "testing": false
    },
    "software": "mriqc",
    "version": "22.0.0rc1",
    "webapi_port": null,
    "webapi_url": "https://mriqc.nimh.nih.gov/api/v1"
  },
  "size_t": 45,
  "size_x": 64,
  "size_y": 64,
  "size_z": 40,
  "snr": 6.360105130506588,
  "spacing_tr": 3.0,
  "spacing_x": 3.4375,
  "spacing_y": 3.4375,
  "spacing_z": 3.400001049041748,
  "summary_bg_k": 31.529279159536813,
  "summary_bg_mad": 14.068247497876765,
  "summary_bg_mean": 62.817142486572266,
  "summary_bg_median": 25.0,
  "summary_bg_n": 106255.0,
  "summary_bg_p05": 4.888888835906982,
  "summary_bg_p95": 235.53334045410156,
  "summary_bg_stdv": 106.09898376464844,
  "summary_fg_k": 0.9699451046949603,
  "summary_fg_mad": 258.53283394052715,
  "summary_fg_mean": 1771.3321533203125,
  "summary_fg_median": 1772.5,
  "summary_fg_n": 24982.0,
  "summary_fg_p05": 1316.3589233398438,
  "summary_fg_p95": 2221.5756591796876,
  "summary_fg_stdv": 278.6847839355469,
  "tsnr": 122.98018821561709
}