{
  "aor": 0.006428222222222223,
  "aqi": 0.002342573777777778,
  "bids_meta": {
    "CogAtlasID": "trm_4c898f079d05e",
    "CogPOID": "",
    "EchoTime": 0.035,
    "FlipAngle": 90.0,
    "InPlanePhaseEncodingDirection": "COL",
    "MRAcquisitionType": "2D",
    "MagneticFieldStrength": 3.0,
    "Manufacturer": "GE",
    "ManufacturerModelName": "SIGNA HDx",
    "ReceiveCoilName": "8-channel head",
    "RepetitionTime": 3.0,
    "ScanOptions": "EPI.GEMS",
    "ScanningSequence": "EP/GR",
    "SequenceVariant": "SS",
    "SliceAcquisitionDirection": "sequential/ascending (bottom up)",
    "SliceGap": 0,
    "SliceTiming": [
      0.0,
      0.075,
      0.15,
      0.225,
      0.3,
      0.375,
      0.45,
      0.525,
      0.6,
      0.675,
      0.75,
      0.825,
      0.9,
      0.975,
      1.05,
      1.125,
      1.2,
      1.275,
      1.35,
      1.425,
      1.5,
      1.575,
      1.65,
      1.725,
      1.8,
      1.875,
      1.95,
      2.025,
      2.1,
      2.175,
      2.25,
      2.325,
      2.4,
      2.475,
      2.55,
      2.625,
      2.7,
      2.775,
      2.85,
      2.925
    ],
    "SliceTimingCalculationMethod": "slice_number * (RepetitionTime / num_slices)",
    "SoftwareVersion": "14/LX/MR Software release.14.0.M5A.0828.b",
    "TaskDescription": "Finger-to-thumb opposition sequence performed with the trained hand using the novel, untrained sequence.",
    "TaskInstructions": "See published manuscripts.",
    "TaskName": "Trained Hand, Untrained Sequence",
    "dataset": "ds000170",
    "modality": "bold",
    "run_id": 2,
    "subject_id": "1702",
    "task_id": "TrainedHandUntrainedSequence"
  },
  "dummy_trs": 0,
  "dvars_nstd": 16.64867652477273,
  "dvars_std": 1.2910557377272724,
  "dvars_vstd": 1.0613345361363637,
  "efc": 0.47167198170736657,
  "fber": 5227.39794921875,
  "fd_mean": 0.09390163238159546,
  "fd_num": 3,
  "fd_perc": 6.666666666666667,
  "fwhm_avg": 2.161764790462709,
  "fwhm_x": 2.1740625454545457,
  "fwhm_y": 2.360526545454545,
  "fwhm_z": 1.950705280479036,
  "gcor": 0.0214616,
  "gsr_x": -0.0010210290784016252,
  "gsr_y": 0.021342653781175613,
  "provenance": {
    "md5sum": "d6240e5dbe7a900b0d33f316cdc7acde",
    "settings": {
      "fd_thres": 0.2,
      "testing": false
    },
    "software": "mriqc",
    "version": "22.0.0rc1",
    "webapi_port": null,
    "webapi_url": "https://mriqc.nimh.nih.gov/api/v1"
  },
  "size_t": 45,
  "size_x": 64,
  "size_y": 64,
  "size_z": 40,
  "snr": 6.387882561986218,
  "spacing_tr": 3.0,
  "spacing_x": 3.4375,
  "spacing_y": 3.4375,
  "spacing_z": 3.400001049041748,
  "summary_bg_k": 30.38385939675871,
  "summary_bg_mad": 13.804674492812483,
  "summary_bg_mean": 63.30644989013672,
  "summary_bg_median": 24.77777862548828,
  "summary_bg_n": 105286.0,
  "summary_bg_p05": 4.711111068725586,
  "summary_bg_p95": 237.86111450195312,
  "summary_bg_stdv": 106.81966400146484,
  "summary_fg_k": 1.1646187093869047,
  "summary_fg_mad": 252.14119316295722,
  "summary_fg_mean": 1741.7652587890625,
  "summary_fg_median": 1743.9111328125,
  "summary_fg_n": 25787.0,
  "summary_fg_p05": 1297.968896484375,
  "summary_fg_p95": 2183.5267089843737,
  "summary_fg_stdv": 272.9977111816406,
  "tsnr": 119.33826790330932
}