{
  "aor": 0.005882444444444442,
  "aqi": 0.0023009331111111114,
  "bids_meta": {
    "CogAtlasID": "trm_4c898f079d05e",
    "CogPOID": "",
    "EchoTime": 0.035,
    "FlipAngle": 90.0,
    "InPlanePhaseEncodingDirection": "COL",
    "MRAcquisitionType": "2D",
    "MagneticFieldStrength": 3.0,
    "Manufacturer": "GE",
    "ManufacturerModelName": "SIGNA HDx",
    "ReceiveCoilName": "8-channel head",
    "RepetitionTime": 3.0,
    "ScanOptions": "EPI.GEMS",
    "ScanningSequence": "EP/GR",
    "SequenceVariant": "SS",
    "SliceAcquisitionDirection": "sequential/ascending (bottom up)",
    "SliceGap": 0,
    "SliceTiming": [
      0.0,
      0.075,
      0.15,
      0.225,
      0.3,
      0.375,
      0.45,
      0.525,
      0.6,
      0.675,
      0.75,
      0.825,
      0.9,
      0.975,
      1.05,
      1.125,
      1.2,
      1.275,
      1.35,
      1.425,
      1.5,
      1.575,
      1.65,
      1.725,
      1.8,
      1.875,
      1.95,
      2.025,
      2.1,
      2.175,
      2.25,
      2.325,
      2.4,
      2.475,
      2.55,
      2.625,
      2.7,
      2.775,
      2.85,
      2.925
    ],
    "SliceTimingCalculationMethod": "slice_number * (RepetitionTime / num_slices)",
    "SoftwareVersion": "14/LX/MR Software release.14.0.M5A.0828.b",
    "TaskDescription": "Finger-to-thumb opposition sequence performed with the untrained hand using the pre-trained sequence.",
    "TaskInstructions": "See published manuscripts.",
    "TaskName": "Untrained Hand, Trained Sequence",
    "dataset": "ds000170",
    "modality": "bold",
    "run_id": 2,
    "subject_id": "1702",
    "task_id": "UntrainedHandTrainedSequence"
  },
  "dummy_trs": 0,
  "dvars_nstd": 16.912988922727273,
  "dvars_std": 1.3081190243181822,
  "dvars_vstd": 1.0586939368181816,
  "efc": 0.46854935984743545,
  "fber": 5274.05078125,
  "fd_mean": 0.09755699783026225,
  "fd_num": 2,
  "fd_perc": 4.444444444444445,
  "fwhm_avg": 2.177878442205104,
  "fwhm_x": 2.1942225454545454,
  "fwhm_y": 2.3649192727272728,
  "fwhm_z": 1.9744935084334936,
  "gcor": 0.0242907,
  "gsr_x": -0.0016794444527477026,
  "gsr_y": 0.019296277314424515,
  "provenance": {
    "md5sum": "00a9a83663008a54b11540b0745e04c0",
    "settings": {
      "fd_thres": 0.2,
      "testing": false
    },
    "software": "mriqc",
    "version": "22.0.0rc1",
    "webapi_port": null,
    "webapi_url": "https://mriqc.nimh.nih.gov/api/v1"
  },
  "size_t": 45,
  "size_x": 64,
  "size_y": 64,
  "size_z": 40,
  "snr": 6.338613147631273,
  "spacing_tr": 3.0,
  "spacing_x": 3.4375,
  "spacing_y": 3.4375,
  "spacing_z": 3.400001049041748,
  "summary_bg_k": 31.024360413649333,
  "summary_bg_mad": 13.870567390598639,
  "summary_bg_mean": 63.30072784423828,
  "summary_bg_median": 24.91111183166504,
  "summary_bg_n": 105892.0,
  "summary_bg_p05": 4.6666669845581055,
  "summary_bg_p95": 238.76555862426753,
  "summary_bg_stdv": 107.32221221923828,
  "summary_fg_k": 1.0122960957275922,
  "summary_fg_mad": 255.63359733904397,
  "summary_fg_mean": 1756.3076171875,
  "summary_fg_median": 1759.1112060546875,
  "summary_fg_n": 25253.0,
  "summary_fg_p05": 1300.68896484375,
  "summary_fg_p95": 2204.5067871093747,
  "summary_fg_stdv": 277.5175476074219,
  "tsnr": 123.87916315789334
}