{
  "aor": 0.00682511111111111,
  "aqi": 0.001933220888888889,
  "bids_meta": {
    "CogAtlasID": "trm_4c898f079d05e",
    "CogPOID": "",
    "EchoTime": 0.035,
    "FlipAngle": 90.0,
    "InPlanePhaseEncodingDirection": "COL",
    "MRAcquisitionType": "2D",
    "MagneticFieldStrength": 3.0,
    "Manufacturer": "GE",
    "ManufacturerModelName": "SIGNA HDx",
    "ReceiveCoilName": "8-channel head",
    "RepetitionTime": 3.0,
    "ScanOptions": "EPI.GEMS",
    "ScanningSequence": "EP/GR",
    "SequenceVariant": "SS",
    "SliceAcquisitionDirection": "sequential/ascending (bottom up)",
    "SliceGap": 0,
    "SliceTiming": [
      0.0,
      0.075,
      0.15,
      0.225,
      0.3,
      0.375,
      0.45,
      0.525,
      0.6,
      0.675,
      0.75,
      0.825,
      0.9,
      0.975,
      1.05,
      1.125,
      1.2,
      1.275,
      1.35,
      1.425,
      1.5,
      1.575,
      1.65,
      1.725,
      1.8,
      1.875,
      1.95,
      2.025,
      2.1,
      2.175,
      2.25,
      2.325,
      2.4,
      2.475,
      2.55,
      2.625,
      2.7,
      2.775,
      2.85,
      2.925
    ],
    "SliceTimingCalculationMethod": "slice_number * (RepetitionTime / num_slices)",
    "SoftwareVersion": "14/LX/MR Software release.14.0.M5A.0828.b",
    "TaskDescription": "Finger-to-thumb opposition sequence performed with the untrained hand using the novel, untrained sequence.",
    "TaskInstructions": "See published manuscripts.",
    "TaskName": "Untrained Hand, Untrained Sequence",
    "dataset": "ds000170",
    "modality": "bold",
    "run_id": 1,
    "subject_id": "1702",
    "task_id": "UntrainedHandUntrainedSequence"
  },
  "dummy_trs": 0,
  "dvars_nstd": 16.326807217727268,
  "dvars_std": 1.3693851365909089,
  "dvars_vstd": 1.0773769234090909,
  "efc": 0.47177807851187387,
  "fber": 5154.501953125,
  "fd_mean": 0.06439448789120496,
  "fd_num": 0,
  "fd_perc": 0.0,
  "fwhm_avg": 2.156344543174202,
  "fwhm_x": 2.174304,
  "fwhm_y": 2.331392,
  "fwhm_z": 1.9633376295226062,
  "gcor": 0.0186147,
  "gsr_x": -0.0020155978854745626,
  "gsr_y": 0.020432276651263237,
  "provenance": {
    "md5sum": "abe97b215517363f9d66ef9748786459",
    "settings": {
      "fd_thres": 0.2,
      "testing": false
    },
    "software": "mriqc",
    "version": "22.0.0rc1",
    "webapi_port": null,
    "webapi_url": "https://mriqc.nimh.nih.gov/api/v1"
  },
  "size_t": 45,
  "size_x": 64,
  "size_y": 64,
  "size_z": 40,
  "snr": 6.3710725658753855,
  "spacing_tr": 3.0,
  "spacing_x": 3.4375,
  "spacing_y": 3.4375,
  "spacing_z": 3.400001049041748,
  "summary_bg_k": 30.687736101719494,
  "summary_bg_mad": 13.870567390598639,
  "summary_bg_mean": 63.6593132019043,
  "summary_bg_median": 24.91111183166504,
  "summary_bg_n": 105320.0,
  "summary_bg_p05": 4.688889026641846,
  "summary_bg_p95": 238.2677886962888,
  "summary_bg_stdv": 107.51224517822266,
  "summary_fg_k": 0.9914775663152136,
  "summary_fg_mad": 255.10639759996843,
  "summary_fg_mean": 1740.90673828125,
  "summary_fg_median": 1742.666748046875,
  "summary_fg_n": 25673.0,
  "summary_fg_p05": 1296.4177978515625,
  "summary_fg_p95": 2183.177734375,
  "summary_fg_stdv": 273.5226745605469,
  "tsnr": 136.45609862334095
}