{
  "aor": 0.010111333333333333,
  "aqi": 0.002548445111111111,
  "bids_meta": {
    "CogAtlasID": "trm_4c898f079d05e",
    "CogPOID": "",
    "EchoTime": 0.035,
    "FlipAngle": 90.0,
    "InPlanePhaseEncodingDirection": "COL",
    "MRAcquisitionType": "2D",
    "MagneticFieldStrength": 3.0,
    "Manufacturer": "GE",
    "ManufacturerModelName": "SIGNA HDx",
    "ReceiveCoilName": "8-channel head",
    "RepetitionTime": 3.0,
    "ScanOptions": "EPI.GEMS",
    "ScanningSequence": "EP/GR",
    "SequenceVariant": "SS",
    "SliceAcquisitionDirection": "sequential/ascending (bottom up)",
    "SliceGap": 0,
    "SliceTiming": [
      0.0,
      0.075,
      0.15,
      0.225,
      0.3,
      0.375,
      0.45,
      0.525,
      0.6,
      0.675,
      0.75,
      0.825,
      0.9,
      0.975,
      1.05,
      1.125,
      1.2,
      1.275,
      1.35,
      1.425,
      1.5,
      1.575,
      1.65,
      1.725,
      1.8,
      1.875,
      1.95,
      2.025,
      2.1,
      2.175,
      2.25,
      2.325,
      2.4,
      2.475,
      2.55,
      2.625,
      2.7,
      2.775,
      2.85,
      2.925
    ],
    "SliceTimingCalculationMethod": "slice_number * (RepetitionTime / num_slices)",
    "SoftwareVersion": "14/LX/MR Software release.14.0.M5A.0828.b",
    "TaskDescription": "Finger-to-thumb opposition sequence performed with the trained hand using the novel, untrained sequence.",
    "TaskInstructions": "See published manuscripts.",
    "TaskName": "Trained Hand, Untrained Sequence",
    "dataset": "ds000170",
    "modality": "bold",
    "run_id": 3,
    "subject_id": "1702",
    "task_id": "TrainedHandUntrainedSequence"
  },
  "dummy_trs": 0,
  "dvars_nstd": 17.321225036363636,
  "dvars_std": 1.3076806315909089,
  "dvars_vstd": 1.1032791540909093,
  "efc": 0.46597143857996304,
  "fber": 5254.89892578125,
  "fd_mean": 0.10214296661742353,
  "fd_num": 5,
  "fd_perc": 11.11111111111111,
  "fwhm_avg": 2.1662415703973665,
  "fwhm_x": 2.1730356363636365,
  "fwhm_y": 2.367069090909091,
  "fwhm_z": 1.958619983919373,
  "gcor": 0.0308888,
  "gsr_x": -0.0006322356057353318,
  "gsr_y": 0.019014649093151093,
  "provenance": {
    "md5sum": "04ab10009df812872e7375c494a44256",
    "settings": {
      "fd_thres": 0.2,
      "testing": false
    },
    "software": "mriqc",
    "version": "22.0.0rc1",
    "webapi_port": null,
    "webapi_url": "https://mriqc.nimh.nih.gov/api/v1"
  },
  "size_t": 45,
  "size_x": 64,
  "size_y": 64,
  "size_z": 40,
  "snr": 6.3879613709914365,
  "spacing_tr": 3.0,
  "spacing_x": 3.4375,
  "spacing_y": 3.4375,
  "spacing_z": 3.400001049041748,
  "summary_bg_k": 32.20967471913246,
  "summary_bg_mad": 13.837624476504704,
  "summary_bg_mean": 62.65776824951172,
  "summary_bg_median": 25.0,
  "summary_bg_n": 106247.0,
  "summary_bg_p05": 4.806666803359989,
  "summary_bg_p95": 234.3866744995116,
  "summary_bg_stdv": 105.9886474609375,
  "summary_fg_k": 1.107573309419136,
  "summary_fg_mad": 256.95141570501664,
  "summary_fg_mean": 1761.18115234375,
  "summary_fg_median": 1763.1556396484375,
  "summary_fg_n": 25032.0,
  "summary_fg_p05": 1313.9055786132812,
  "summary_fg_p95": 2204.5612182617183,
  "summary_fg_stdv": 276.0067443847656,
  "tsnr": 110.00588743016124
}