{
  "aor": 0.005699333333333334,
  "aqi": 0.0024181295555555558,
  "bids_meta": {
    "CogAtlasID": "trm_4c898f079d05e",
    "CogPOID": "",
    "EchoTime": 0.035,
    "FlipAngle": 90.0,
    "InPlanePhaseEncodingDirection": "COL",
    "MRAcquisitionType": "2D",
    "MagneticFieldStrength": 3.0,
    "Manufacturer": "GE",
    "ManufacturerModelName": "SIGNA HDx",
    "ReceiveCoilName": "8-channel head",
    "RepetitionTime": 3.0,
    "ScanOptions": "EPI.GEMS",
    "ScanningSequence": "EP/GR",
    "SequenceVariant": "SS",
    "SliceAcquisitionDirection": "sequential/ascending (bottom up)",
    "SliceGap": 0,
    "SliceTiming": [
      0.0,
      0.075,
      0.15,
      0.225,
      0.3,
      0.375,
      0.45,
      0.525,
      0.6,
      0.675,
      0.75,
      0.825,
      0.9,
      0.975,
      1.05,
      1.125,
      1.2,
      1.275,
      1.35,
      1.425,
      1.5,
      1.575,
      1.65,
      1.725,
      1.8,
      1.875,
      1.95,
      2.025,
      2.1,
      2.175,
      2.25,
      2.325,
      2.4,
      2.475,
      2.55,
      2.625,
      2.7,
      2.775,
      2.85,
      2.925
    ],
    "SliceTimingCalculationMethod": "slice_number * (RepetitionTime / num_slices)",
    "SoftwareVersion": "14/LX/MR Software release.14.0.M5A.0828.b",
    "TaskDescription": "Finger-to-thumb opposition sequence performed with the trained hand using the pre-trained sequence.",
    "TaskInstructions": "See published manuscripts.",
    "TaskName": "Trained Hand, Trained Sequence",
    "dataset": "ds000170",
    "modality": "bold",
    "run_id": 2,
    "subject_id": "1702",
    "task_id": "TrainedHandTrainedSequence"
  },
  "dummy_trs": 0,
  "dvars_nstd": 17.697934410681825,
  "dvars_std": 1.363072578181818,
  "dvars_vstd": 1.0396170088636363,
  "efc": 0.4705733372402383,
  "fber": 5202.404296875,
  "fd_mean": 0.08318986135257163,
  "fd_num": 1,
  "fd_perc": 2.2222222222222223,
  "fwhm_avg": 2.2033277541585448,
  "fwhm_x": 2.211424,
  "fwhm_y": 2.389504,
  "fwhm_z": 2.009055262475634,
  "gcor": 0.0356005,
  "gsr_x": -0.001830333610996604,
  "gsr_y": 0.020033206790685654,
  "provenance": {
    "md5sum": "0a920a27f5b2b921c8315b86baf1accf",
    "settings": {
      "fd_thres": 0.2,
      "testing": false
    },
    "software": "mriqc",
    "version": "22.0.0rc1",
    "webapi_port": null,
    "webapi_url": "https://mriqc.nimh.nih.gov/api/v1"
  },
  "size_t": 45,
  "size_x": 64,
  "size_y": 64,
  "size_z": 40,
  "snr": 6.267202475097812,
  "spacing_tr": 3.0,
  "spacing_x": 3.4375,
  "spacing_y": 3.4375,
  "spacing_z": 3.400001049041748,
  "summary_bg_k": 31.715243458376513,
  "summary_bg_mad": 14.002354600090609,
  "summary_bg_mean": 63.441688537597656,
  "summary_bg_median": 24.77777862548828,
  "summary_bg_n": 105519.0,
  "summary_bg_p05": 4.733333587646484,
  "summary_bg_p95": 237.7800079345701,
  "summary_bg_stdv": 107.89234161376953,
  "summary_fg_k": 0.9087539243270006,
  "summary_fg_mad": 259.52144656486644,
  "summary_fg_mean": 1739.115966796875,
  "summary_fg_median": 1742.0333251953125,
  "summary_fg_n": 25542.0,
  "summary_fg_p05": 1283.627752685547,
  "summary_fg_p95": 2188.2177246093747,
  "summary_fg_stdv": 277.954833984375,
  "tsnr": 119.36884610494599
}