{
  "aor": 0.005032888888888889,
  "aqi": 0.0020077108888888885,
  "bids_meta": {
    "CogAtlasID": "trm_4c898f079d05e",
    "CogPOID": "",
    "EchoTime": 0.035,
    "FlipAngle": 90.0,
    "InPlanePhaseEncodingDirection": "COL",
    "MRAcquisitionType": "2D",
    "MagneticFieldStrength": 3.0,
    "Manufacturer": "GE",
    "ManufacturerModelName": "SIGNA HDx",
    "ReceiveCoilName": "8-channel head",
    "RepetitionTime": 3.0,
    "ScanOptions": "EPI.GEMS",
    "ScanningSequence": "EP/GR",
    "SequenceVariant": "SS",
    "SliceAcquisitionDirection": "sequential/ascending (bottom up)",
    "SliceGap": 0,
    "SliceTiming": [
      0.0,
      0.075,
      0.15,
      0.225,
      0.3,
      0.375,
      0.45,
      0.525,
      0.6,
      0.675,
      0.75,
      0.825,
      0.9,
      0.975,
      1.05,
      1.125,
      1.2,
      1.275,
      1.35,
      1.425,
      1.5,
      1.575,
      1.65,
      1.725,
      1.8,
      1.875,
      1.95,
      2.025,
      2.1,
      2.175,
      2.25,
      2.325,
      2.4,
      2.475,
      2.55,
      2.625,
      2.7,
      2.775,
      2.85,
      2.925
    ],
    "SliceTimingCalculationMethod": "slice_number * (RepetitionTime / num_slices)",
    "SoftwareVersion": "14/LX/MR Software release.14.0.M5A.0828.b",
    "TaskDescription": "Finger-to-thumb opposition sequence performed with the untrained hand using the pre-trained sequence.",
    "TaskInstructions": "See published manuscripts.",
    "TaskName": "Untrained Hand, Trained Sequence",
    "dataset": "ds000170",
    "modality": "bold",
    "run_id": 1,
    "subject_id": "1702",
    "task_id": "UntrainedHandTrainedSequence"
  },
  "dummy_trs": 0,
  "dvars_nstd": 17.2440724159091,
  "dvars_std": 1.4022023600000002,
  "dvars_vstd": 1.0514315872727271,
  "efc": 0.4683326450677742,
  "fber": 5255.572265625,
  "fd_mean": 0.06615749273237423,
  "fd_num": 0,
  "fd_perc": 0.0,
  "fwhm_avg": 2.1837111819824186,
  "fwhm_x": 2.1907112727272726,
  "fwhm_y": 2.368858181818182,
  "fwhm_z": 1.9915640914018014,
  "gcor": 0.0299643,
  "gsr_x": -0.0016874155262485147,
  "gsr_y": 0.01925971545279026,
  "provenance": {
    "md5sum": "a18e5a7117316c4c1fc094e2fb27210b",
    "settings": {
      "fd_thres": 0.2,
      "testing": false
    },
    "software": "mriqc",
    "version": "22.0.0rc1",
    "webapi_port": null,
    "webapi_url": "https://mriqc.nimh.nih.gov/api/v1"
  },
  "size_t": 45,
  "size_x": 64,
  "size_y": 64,
  "size_z": 40,
  "snr": 6.341098490761165,
  "spacing_tr": 3.0,
  "spacing_x": 3.4375,
  "spacing_y": 3.4375,
  "spacing_z": 3.400001049041748,
  "summary_bg_k": 31.90750565277242,
  "summary_bg_mad": 13.903515960371204,
  "summary_bg_mean": 63.22731018066406,
  "summary_bg_median": 24.955556869506836,
  "summary_bg_n": 105887.0,
  "summary_bg_p05": 4.755555629730225,
  "summary_bg_p95": 237.45334014892566,
  "summary_bg_stdv": 107.21405029296875,
  "summary_fg_k": 0.9434028041982212,
  "summary_fg_mad": 257.61046062429017,
  "summary_fg_mean": 1757.8751220703125,
  "summary_fg_median": 1758.9111328125,
  "summary_fg_n": 25263.0,
  "summary_fg_p05": 1306.362255859375,
  "summary_fg_p95": 2206.7422851562496,
  "summary_fg_stdv": 277.3772277832031,
  "tsnr": 134.49523989995942
}