{
  "aor": 0.006487111111111113,
  "aqi": 0.0024092086666666667,
  "bids_meta": {
    "CogAtlasID": "trm_4c898f079d05e",
    "CogPOID": "",
    "EchoTime": 0.035,
    "FlipAngle": 90.0,
    "InPlanePhaseEncodingDirection": "COL",
    "MRAcquisitionType": "2D",
    "MagneticFieldStrength": 3.0,
    "Manufacturer": "GE",
    "ManufacturerModelName": "SIGNA HDx",
    "ReceiveCoilName": "8-channel head",
    "RepetitionTime": 3.0,
    "ScanOptions": "EPI.GEMS",
    "ScanningSequence": "EP/GR",
    "SequenceVariant": "SS",
    "SliceAcquisitionDirection": "sequential/ascending (bottom up)",
    "SliceGap": 0,
    "SliceTiming": [
      0.0,
      0.075,
      0.15,
      0.225,
      0.3,
      0.375,
      0.45,
      0.525,
      0.6,
      0.675,
      0.75,
      0.825,
      0.9,
      0.975,
      1.05,
      1.125,
      1.2,
      1.275,
      1.35,
      1.425,
      1.5,
      1.575,
      1.65,
      1.725,
      1.8,
      1.875,
      1.95,
      2.025,
      2.1,
      2.175,
      2.25,
      2.325,
      2.4,
      2.475,
      2.55,
      2.625,
      2.7,
      2.775,
      2.85,
      2.925
    ],
    "SliceTimingCalculationMethod": "slice_number * (RepetitionTime / num_slices)",
    "SoftwareVersion": "14/LX/MR Software release.14.0.M5A.0828.b",
    "TaskDescription": "Finger-to-thumb opposition sequence performed with the trained hand using the novel, untrained sequence.",
    "TaskInstructions": "See published manuscripts.",
    "TaskName": "Trained Hand, Untrained Sequence",
    "dataset": "ds000170",
    "modality": "bold",
    "run_id": 1,
    "subject_id": "1702",
    "task_id": "TrainedHandUntrainedSequence"
  },
  "dummy_trs": 0,
  "dvars_nstd": 17.001091566363634,
  "dvars_std": 1.3285579959090912,
  "dvars_vstd": 1.0671124834090913,
  "efc": 0.47143472071887793,
  "fber": 5230.5244140625,
  "fd_mean": 0.09392997359933365,
  "fd_num": 2,
  "fd_perc": 4.444444444444445,
  "fwhm_avg": 2.1597996283503775,
  "fwhm_x": 2.1687505454545453,
  "fwhm_y": 2.360896,
  "fwhm_z": 1.9497523395965874,
  "gcor": 0.0253636,
  "gsr_x": -0.0012749623274430633,
  "gsr_y": 0.02109161578118801,
  "provenance": {
    "md5sum": "7ab5d07e0dd36e4c516a692f5fd4a9ab",
    "settings": {
      "fd_thres": 0.2,
      "testing": false
    },
    "software": "mriqc",
    "version": "22.0.0rc1",
    "webapi_port": null,
    "webapi_url": "https://mriqc.nimh.nih.gov/api/v1"
  },
  "size_t": 45,
  "size_x": 64,
  "size_y": 64,
  "size_z": 40,
  "snr": 6.384966148366228,
  "spacing_tr": 3.0,
  "spacing_x": 3.4375,
  "spacing_y": 3.4375,
  "spacing_z": 3.400001049041748,
  "summary_bg_k": 30.32219825261403,
  "summary_bg_mad": 13.804674492812483,
  "summary_bg_mean": 63.175514221191406,
  "summary_bg_median": 24.80000114440918,
  "summary_bg_n": 105284.0,
  "summary_bg_p05": 4.781111049652112,
  "summary_bg_p95": 236.86666870117188,
  "summary_bg_stdv": 106.5981674194336,
  "summary_fg_k": 1.1289789412638225,
  "summary_fg_mad": 252.9977796253824,
  "summary_fg_mean": 1743.6873779296875,
  "summary_fg_median": 1746.4000244140625,
  "summary_fg_n": 25803.0,
  "summary_fg_p05": 1298.960009765625,
  "summary_fg_p95": 2186.477880859374,
  "summary_fg_stdv": 273.51220703125,
  "tsnr": 118.09616935718805
}