{
  "aor": 0.005045555555555555,
  "aqi": 0.0011608095111111112,
  "bids_meta": {
    "CogAtlasID": "trm_4c898f079d05e",
    "CogPOID": "",
    "EchoTime": 0.035,
    "FlipAngle": 90.0,
    "InPlanePhaseEncodingDirection": "COL",
    "MRAcquisitionType": "2D",
    "MagneticFieldStrength": 3.0,
    "Manufacturer": "GE",
    "ManufacturerModelName": "SIGNA HDx",
    "ReceiveCoilName": "8-channel head",
    "RepetitionTime": 3.0,
    "ScanOptions": "EPI.GEMS",
    "ScanningSequence": "EP/GR",
    "SequenceVariant": "SS",
    "SliceAcquisitionDirection": "sequential/ascending (bottom up)",
    "SliceGap": 0,
    "SliceTiming": [
      0.0,
      0.075,
      0.15,
      0.225,
      0.3,
      0.375,
      0.45,
      0.525,
      0.6,
      0.675,
      0.75,
      0.825,
      0.9,
      0.975,
      1.05,
      1.125,
      1.2,
      1.275,
      1.35,
      1.425,
      1.5,
      1.575,
      1.65,
      1.725,
      1.8,
      1.875,
      1.95,
      2.025,
      2.1,
      2.175,
      2.25,
      2.325,
      2.4,
      2.475,
      2.55,
      2.625,
      2.7,
      2.775,
      2.85,
      2.925
    ],
    "SliceTimingCalculationMethod": "slice_number * (RepetitionTime / num_slices)",
    "SoftwareVersion": "14/LX/MR Software release.14.0.M5A.0828.b",
    "TaskDescription": "Finger-to-thumb opposition sequence performed with the trained hand using the novel, untrained sequence.",
    "TaskInstructions": "See published manuscripts.",
    "TaskName": "Trained Hand, Untrained Sequence",
    "dataset": "ds000170",
    "modality": "bold",
    "run_id": 2,
    "subject_id": "1717",
    "task_id": "TrainedHandUntrainedSequence"
  },
  "dummy_trs": 0,
  "dvars_nstd": 14.48312843909091,
  "dvars_std": 1.3167024961363636,
  "dvars_vstd": 1.0469652540909093,
  "efc": 0.4967463438782829,
  "fber": 4063.306640625,
  "fd_mean": 0.038880942344159564,
  "fd_num": 0,
  "fd_perc": 0.0,
  "fwhm_avg": 2.518176685618617,
  "fwhm_x": 2.43104,
  "fwhm_y": 2.7922319526167567,
  "fwhm_z": 2.331258104239095,
  "gcor": 0.0565967,
  "gsr_x": -0.016254909336566925,
  "gsr_y": 0.03628650680184364,
  "provenance": {
    "md5sum": "52243732de372161a99966c525608353",
    "settings": {
      "fd_thres": 0.2,
      "testing": false
    },
    "software": "mriqc",
    "version": "22.0.0rc1",
    "webapi_port": null,
    "webapi_url": "https://mriqc.nimh.nih.gov/api/v1"
  },
  "size_t": 45,
  "size_x": 64,
  "size_y": 64,
  "size_z": 40,
  "snr": 4.645623782624459,
  "spacing_tr": 3.0,
  "spacing_x": 3.4375,
  "spacing_y": 3.4375009536743164,
  "spacing_z": 3.400001049041748,
  "summary_bg_k": 30.98987943456479,
  "summary_bg_mad": 14.694236389483708,
  "summary_bg_mean": 76.43174743652344,
  "summary_bg_median": 26.400001525878906,
  "summary_bg_n": 101569.0,
  "summary_bg_p05": 4.577777862548828,
  "summary_bg_p95": 320.60889282226486,
  "summary_bg_stdv": 128.34896850585938,
  "summary_fg_k": 0.7011412322962602,
  "summary_fg_mad": 327.210327722358,
  "summary_fg_mean": 1663.2310791015625,
  "summary_fg_median": 1650.4000244140625,
  "summary_fg_n": 28326.0,
  "summary_fg_p05": 1095.0555725097656,
  "summary_fg_p95": 2263.95556640625,
  "summary_fg_stdv": 355.2528076171875,
  "tsnr": 136.0889291195199
}