{
  "aor": 0.005547111111111113,
  "aqi": 0.0013315109333333333,
  "bids_meta": {
    "CogAtlasID": "trm_4c898f079d05e",
    "CogPOID": "",
    "EchoTime": 0.035,
    "FlipAngle": 90.0,
    "InPlanePhaseEncodingDirection": "COL",
    "MRAcquisitionType": "2D",
    "MagneticFieldStrength": 3.0,
    "Manufacturer": "GE",
    "ManufacturerModelName": "SIGNA HDx",
    "ReceiveCoilName": "8-channel head",
    "RepetitionTime": 3.0,
    "ScanOptions": "EPI.GEMS",
    "ScanningSequence": "EP/GR",
    "SequenceVariant": "SS",
    "SliceAcquisitionDirection": "sequential/ascending (bottom up)",
    "SliceGap": 0,
    "SliceTiming": [
      0.0,
      0.075,
      0.15,
      0.225,
      0.3,
      0.375,
      0.45,
      0.525,
      0.6,
      0.675,
      0.75,
      0.825,
      0.9,
      0.975,
      1.05,
      1.125,
      1.2,
      1.275,
      1.35,
      1.425,
      1.5,
      1.575,
      1.65,
      1.725,
      1.8,
      1.875,
      1.95,
      2.025,
      2.1,
      2.175,
      2.25,
      2.325,
      2.4,
      2.475,
      2.55,
      2.625,
      2.7,
      2.775,
      2.85,
      2.925
    ],
    "SliceTimingCalculationMethod": "slice_number * (RepetitionTime / num_slices)",
    "SoftwareVersion": "14/LX/MR Software release.14.0.M5A.0828.b",
    "TaskDescription": "Finger-to-thumb opposition sequence performed with the trained hand using the novel, untrained sequence.",
    "TaskInstructions": "See published manuscripts.",
    "TaskName": "Trained Hand, Untrained Sequence",
    "dataset": "ds000170",
    "modality": "bold",
    "run_id": 3,
    "subject_id": "1717",
    "task_id": "TrainedHandUntrainedSequence"
  },
  "dummy_trs": 0,
  "dvars_nstd": 14.340332204772729,
  "dvars_std": 1.2877756009090908,
  "dvars_vstd": 1.044541881363636,
  "efc": 0.5000857809883341,
  "fber": 4002.194580078125,
  "fd_mean": 0.04429749949323169,
  "fd_num": 1,
  "fd_perc": 2.2222222222222223,
  "fwhm_avg": 2.5186983238842315,
  "fwhm_x": 2.4545454545454546,
  "fwhm_y": 2.758041416647778,
  "fwhm_z": 2.3435081004594607,
  "gcor": 0.0837496,
  "gsr_x": -0.016577105969190598,
  "gsr_y": 0.0383077897131443,
  "provenance": {
    "md5sum": "3cb4c4483e170b164fde22470b021ceb",
    "settings": {
      "fd_thres": 0.2,
      "testing": false
    },
    "software": "mriqc",
    "version": "22.0.0rc1",
    "webapi_port": null,
    "webapi_url": "https://mriqc.nimh.nih.gov/api/v1"
  },
  "size_t": 45,
  "size_x": 64,
  "size_y": 64,
  "size_z": 40,
  "snr": 4.673417346934127,
  "spacing_tr": 3.0,
  "spacing_x": 3.4375,
  "spacing_y": 3.4375009536743164,
  "spacing_z": 3.400001049041748,
  "summary_bg_k": 33.72490884901833,
  "summary_bg_mad": 14.82602218505602,
  "summary_bg_mean": 77.34747314453125,
  "summary_bg_median": 26.46666717529297,
  "summary_bg_n": 101037.0,
  "summary_bg_p05": 4.506666851043705,
  "summary_bg_p95": 324.1644653320311,
  "summary_bg_stdv": 130.37692260742188,
  "summary_fg_k": 0.7033499938262362,
  "summary_fg_mad": 324.8216405420667,
  "summary_fg_mean": 1654.7801513671875,
  "summary_fg_median": 1642.800048828125,
  "summary_fg_n": 28647.0,
  "summary_fg_p05": 1091.906689453125,
  "summary_fg_p95": 2250.5201171875,
  "summary_fg_stdv": 351.5139465332031,
  "tsnr": 130.37419893662445
}