{
  "aor": 0.007402222222222222,
  "aqi": 0.0014244728444444445,
  "bids_meta": {
    "CogAtlasID": "trm_4c898f079d05e",
    "CogPOID": "",
    "EchoTime": 0.035,
    "FlipAngle": 90.0,
    "InPlanePhaseEncodingDirection": "COL",
    "MRAcquisitionType": "2D",
    "MagneticFieldStrength": 3.0,
    "Manufacturer": "GE",
    "ManufacturerModelName": "SIGNA HDx",
    "ReceiveCoilName": "8-channel head",
    "RepetitionTime": 3.0,
    "ScanOptions": "EPI.GEMS",
    "ScanningSequence": "EP/GR",
    "SequenceVariant": "SS",
    "SliceAcquisitionDirection": "sequential/ascending (bottom up)",
    "SliceGap": 0,
    "SliceTiming": [
      0.0,
      0.075,
      0.15,
      0.225,
      0.3,
      0.375,
      0.45,
      0.525,
      0.6,
      0.675,
      0.75,
      0.825,
      0.9,
      0.975,
      1.05,
      1.125,
      1.2,
      1.275,
      1.35,
      1.425,
      1.5,
      1.575,
      1.65,
      1.725,
      1.8,
      1.875,
      1.95,
      2.025,
      2.1,
      2.175,
      2.25,
      2.325,
      2.4,
      2.475,
      2.55,
      2.625,
      2.7,
      2.775,
      2.85,
      2.925
    ],
    "SliceTimingCalculationMethod": "slice_number * (RepetitionTime / num_slices)",
    "SoftwareVersion": "14/LX/MR Software release.14.0.M5A.0828.b",
    "TaskDescription": "Finger-to-thumb opposition sequence performed with the trained hand using the pre-trained sequence.",
    "TaskInstructions": "See published manuscripts.",
    "TaskName": "Trained Hand, Trained Sequence",
    "dataset": "ds000170",
    "modality": "bold",
    "run_id": 2,
    "subject_id": "1717",
    "task_id": "TrainedHandTrainedSequence"
  },
  "dummy_trs": 0,
  "dvars_nstd": 15.664959041136369,
  "dvars_std": 1.355169083181818,
  "dvars_vstd": 1.0776666799999999,
  "efc": 0.49519392458392236,
  "fber": 4203.2841796875,
  "fd_mean": 0.04547536215563943,
  "fd_num": 1,
  "fd_perc": 2.2222222222222223,
  "fwhm_avg": 2.531087784845744,
  "fwhm_x": 2.444802909090909,
  "fwhm_y": 2.810649402052612,
  "fwhm_z": 2.3378110433937107,
  "gcor": 0.0766396,
  "gsr_x": -0.01536591723561287,
  "gsr_y": 0.03672294318675995,
  "provenance": {
    "md5sum": "241f53c6c6a016095273435967c1ced8",
    "settings": {
      "fd_thres": 0.2,
      "testing": false
    },
    "software": "mriqc",
    "version": "22.0.0rc1",
    "webapi_port": null,
    "webapi_url": "https://mriqc.nimh.nih.gov/api/v1"
  },
  "size_t": 45,
  "size_x": 64,
  "size_y": 64,
  "size_z": 40,
  "snr": 4.652060509413453,
  "spacing_tr": 3.0,
  "spacing_x": 3.4375,
  "spacing_y": 3.4375009536743164,
  "spacing_z": 3.400001049041748,
  "summary_bg_k": 35.68473448210443,
  "summary_bg_mad": 13.969407444237703,
  "summary_bg_mean": 73.84228515625,
  "summary_bg_median": 25.80000114440918,
  "summary_bg_n": 101383.0,
  "summary_bg_p05": 4.402222299575814,
  "summary_bg_p95": 307.2422241210936,
  "summary_bg_stdv": 124.19302368164062,
  "summary_fg_k": 0.6607209557705187,
  "summary_fg_mad": 329.00593781890376,
  "summary_fg_mean": 1661.038330078125,
  "summary_fg_median": 1649.2667236328125,
  "summary_fg_n": 28227.0,
  "summary_fg_p05": 1097.0888671875,
  "summary_fg_p95": 2259.337866210937,
  "summary_fg_stdv": 354.51763916015625,
  "tsnr": 123.75884120631963
}