{
  "aor": 0.005774444444444445,
  "aqi": 0.0013425971333333334,
  "bids_meta": {
    "CogAtlasID": "trm_4c898f079d05e",
    "CogPOID": "",
    "EchoTime": 0.035,
    "FlipAngle": 90.0,
    "InPlanePhaseEncodingDirection": "COL",
    "MRAcquisitionType": "2D",
    "MagneticFieldStrength": 3.0,
    "Manufacturer": "GE",
    "ManufacturerModelName": "SIGNA HDx",
    "ReceiveCoilName": "8-channel head",
    "RepetitionTime": 3.0,
    "ScanOptions": "EPI.GEMS",
    "ScanningSequence": "EP/GR",
    "SequenceVariant": "SS",
    "SliceAcquisitionDirection": "sequential/ascending (bottom up)",
    "SliceGap": 0,
    "SliceTiming": [
      0.0,
      0.075,
      0.15,
      0.225,
      0.3,
      0.375,
      0.45,
      0.525,
      0.6,
      0.675,
      0.75,
      0.825,
      0.9,
      0.975,
      1.05,
      1.125,
      1.2,
      1.275,
      1.35,
      1.425,
      1.5,
      1.575,
      1.65,
      1.725,
      1.8,
      1.875,
      1.95,
      2.025,
      2.1,
      2.175,
      2.25,
      2.325,
      2.4,
      2.475,
      2.55,
      2.625,
      2.7,
      2.775,
      2.85,
      2.925
    ],
    "SliceTimingCalculationMethod": "slice_number * (RepetitionTime / num_slices)",
    "SoftwareVersion": "14/LX/MR Software release.14.0.M5A.0828.b",
    "TaskDescription": "Finger-to-thumb opposition sequence performed with the untrained hand using the pre-trained sequence.",
    "TaskInstructions": "See published manuscripts.",
    "TaskName": "Untrained Hand, Trained Sequence",
    "dataset": "ds000170",
    "modality": "bold",
    "run_id": 1,
    "subject_id": "1717",
    "task_id": "UntrainedHandTrainedSequence"
  },
  "dummy_trs": 0,
  "dvars_nstd": 15.462606517499996,
  "dvars_std": 1.3560126154545458,
  "dvars_vstd": 1.0463575581818183,
  "efc": 0.4956268015557214,
  "fber": 4146.4443359375,
  "fd_mean": 0.04023953903623745,
  "fd_num": 0,
  "fd_perc": 0.0,
  "fwhm_avg": 2.523913886291339,
  "fwhm_x": 2.439970909090909,
  "fwhm_y": 2.801715586349325,
  "fwhm_z": 2.330055163433782,
  "gcor": 0.0755548,
  "gsr_x": -0.01604251191020012,
  "gsr_y": 0.03629279136657715,
  "provenance": {
    "md5sum": "4f07500298ce9c4007ed6f8c67e2f1c2",
    "settings": {
      "fd_thres": 0.2,
      "testing": false
    },
    "software": "mriqc",
    "version": "22.0.0rc1",
    "webapi_port": null,
    "webapi_url": "https://mriqc.nimh.nih.gov/api/v1"
  },
  "size_t": 45,
  "size_x": 64,
  "size_y": 64,
  "size_z": 40,
  "snr": 4.643190368980724,
  "spacing_tr": 3.0,
  "spacing_x": 3.4375,
  "spacing_y": 3.4375009536743164,
  "spacing_z": 3.400001049041748,
  "summary_bg_k": 32.053171143932076,
  "summary_bg_mad": 14.29887334708814,
  "summary_bg_mean": 75.55410766601562,
  "summary_bg_median": 26.0222225189209,
  "summary_bg_n": 101573.0,
  "summary_bg_p05": 4.511111259460449,
  "summary_bg_p95": 314.9289062499997,
  "summary_bg_stdv": 128.1981201171875,
  "summary_fg_k": 0.6565706793204185,
  "summary_fg_mad": 328.64361242321917,
  "summary_fg_mean": 1660.9161376953125,
  "summary_fg_median": 1649.0889892578125,
  "summary_fg_n": 28229.0,
  "summary_fg_p05": 1096.853369140625,
  "summary_fg_p95": 2263.364599609375,
  "summary_fg_stdv": 355.1566162109375,
  "tsnr": 127.34313420951366
}