{
  "aor": 0.008190666666666669,
  "aqi": 0.0012697983333333333,
  "bids_meta": {
    "CogAtlasID": "trm_4c898f079d05e",
    "CogPOID": "",
    "EchoTime": 0.035,
    "FlipAngle": 90.0,
    "InPlanePhaseEncodingDirection": "COL",
    "MRAcquisitionType": "2D",
    "MagneticFieldStrength": 3.0,
    "Manufacturer": "GE",
    "ManufacturerModelName": "SIGNA HDx",
    "ReceiveCoilName": "8-channel head",
    "RepetitionTime": 3.0,
    "ScanOptions": "EPI.GEMS",
    "ScanningSequence": "EP/GR",
    "SequenceVariant": "SS",
    "SliceAcquisitionDirection": "sequential/ascending (bottom up)",
    "SliceGap": 0,
    "SliceTiming": [
      0.0,
      0.075,
      0.15,
      0.225,
      0.3,
      0.375,
      0.45,
      0.525,
      0.6,
      0.675,
      0.75,
      0.825,
      0.9,
      0.975,
      1.05,
      1.125,
      1.2,
      1.275,
      1.35,
      1.425,
      1.5,
      1.575,
      1.65,
      1.725,
      1.8,
      1.875,
      1.95,
      2.025,
      2.1,
      2.175,
      2.25,
      2.325,
      2.4,
      2.475,
      2.55,
      2.625,
      2.7,
      2.775,
      2.85,
      2.925
    ],
    "SliceTimingCalculationMethod": "slice_number * (RepetitionTime / num_slices)",
    "SoftwareVersion": "14/LX/MR Software release.14.0.M5A.0828.b",
    "TaskDescription": "Finger-to-thumb opposition sequence performed with the trained hand using the pre-trained sequence.",
    "TaskInstructions": "See published manuscripts.",
    "TaskName": "Trained Hand, Trained Sequence",
    "dataset": "ds000170",
    "modality": "bold",
    "run_id": 1,
    "subject_id": "1717",
    "task_id": "TrainedHandTrainedSequence"
  },
  "dummy_trs": 0,
  "dvars_nstd": 15.471919580454545,
  "dvars_std": 1.324681878181818,
  "dvars_vstd": 1.081258417954545,
  "efc": 0.4975793946875371,
  "fber": 4166.55615234375,
  "fd_mean": 0.04758470783280338,
  "fd_num": 1,
  "fd_perc": 2.2222222222222223,
  "fwhm_avg": 2.535126373805618,
  "fwhm_x": 2.4654952727272725,
  "fwhm_y": 2.7954610426299933,
  "fwhm_z": 2.3444228060595886,
  "gcor": 0.0817107,
  "gsr_x": -0.017404621466994286,
  "gsr_y": 0.03861440718173981,
  "provenance": {
    "md5sum": "360a49c65c6004259d40ca68066b8ab2",
    "settings": {
      "fd_thres": 0.2,
      "testing": false
    },
    "software": "mriqc",
    "version": "22.0.0rc1",
    "webapi_port": null,
    "webapi_url": "https://mriqc.nimh.nih.gov/api/v1"
  },
  "size_t": 45,
  "size_x": 64,
  "size_y": 64,
  "size_z": 40,
  "snr": 4.578836490176012,
  "spacing_tr": 3.0,
  "spacing_x": 3.4375,
  "spacing_y": 3.4375009536743164,
  "spacing_z": 3.400001049041748,
  "summary_bg_k": 32.35349747741886,
  "summary_bg_mad": 14.002354600090609,
  "summary_bg_mean": 75.3647689819336,
  "summary_bg_median": 25.577777862548828,
  "summary_bg_n": 101279.0,
  "summary_bg_p05": 4.5333333015441895,
  "summary_bg_p95": 314.0,
  "summary_bg_stdv": 127.82029724121094,
  "summary_fg_k": 0.6969546283955452,
  "summary_fg_mad": 328.62705259619366,
  "summary_fg_mean": 1635.592529296875,
  "summary_fg_median": 1621.1556396484375,
  "summary_fg_n": 28524.0,
  "summary_fg_p05": 1076.111083984375,
  "summary_fg_p95": 2236.8966918945307,
  "summary_fg_stdv": 354.0478515625,
  "tsnr": 128.31334833055735
}