{
  "bids_meta": {
    "EchoTime": 0.003,
    "FlipAngle": 20.0,
    "InPlanePhaseEncodingDirection": "ROW",
    "MRAcquisitionType": "3D",
    "MagneticFieldStrength": 3.0,
    "Manufacturer": "GE",
    "ManufacturerModelName": "SIGNA HDx",
    "ReceiveCoilName": "8-channel head",
    "RepetitionTime": 0.0073,
    "ScanOptions": "FAST.GEMS/EDR.GEMS/FILTERED.GEMS",
    "ScanningSequence": "Scanning Sequence",
    "SequenceVariant": "SS/SP/SK",
    "SeriesDescription": "Ax FSPGR 3D Asset",
    "SoftwareVersion": "14/LX/MR Software release.14.0.M5A.0828.b",
    "dataset": "ds000170",
    "modality": "T1w",
    "subject_id": "1708"
  },
  "cjv": 0.4530403648871226,
  "cnr": 2.949909256246239,
  "efc": 0.7709370971893315,
  "fber": 17813.217310192773,
  "fwhm_avg": 4.98642681711262,
  "fwhm_x": 4.62155,
  "fwhm_y": 4.901828831312935,
  "fwhm_z": 5.435901620024926,
  "icvs_csf": 0.210172507625236,
  "icvs_gm": 0.4286632585179386,
  "icvs_wm": 0.3611642338568254,
  "inu_med": 1.530787706375122,
  "inu_range": 0.5372726321220398,
  "provenance": {
    "md5sum": "7f199cb0f198f097399e348f2281c152",
    "settings": {
      "testing": false
    },
    "software": "mriqc",
    "version": "22.0.0rc1",
    "warnings": {
      "large_rot_frame": true,
      "small_air_mask": true
    },
    "webapi_port": null,
    "webapi_url": "https://mriqc.nimh.nih.gov/api/v1"
  },
  "qi_1": 2.135259540797184e-05,
  "qi_2": 0.0023270757047518793,
  "rpve_csf": 23.32964673191752,
  "rpve_gm": 11.833884318762921,
  "rpve_wm": 15.924854206438454,
  "size_x": 256,
  "size_y": 256,
  "size_z": 150,
  "snr_csf": 4.589304180266677,
  "snr_gm": 12.824682958573765,
  "snr_total": 14.457691923474533,
  "snr_wm": 25.959088631583157,
  "snrd_csf": 27.30419094747769,
  "snrd_gm": 44.817555247800186,
  "snrd_total": 43.1186586580331,
  "snrd_wm": 57.23422977882144,
  "spacing_x": 1.0,
  "spacing_y": 1.000000238418579,
  "spacing_z": 0.9999997019767761,
  "summary_bg_k": 11.656634324506454,
  "summary_bg_mad": 11.446583760666469,
  "summary_bg_mean": 13.120406161748598,
  "summary_bg_median": 8.933263644576073,
  "summary_bg_n": 165929.0,
  "summary_bg_p05": 0.0,
  "summary_bg_p95": 39.451879262924194,
  "summary_bg_stdv": 14.02314528612888,
  "summary_csf_k": -0.2745090101513843,
  "summary_csf_mad": 115.54457324903116,
  "summary_csf_mean": 484.48318510037114,
  "summary_csf_median": 477.0605318248272,
  "summary_csf_n": 38357.0,
  "summary_csf_p05": 330.8864685148001,
  "summary_csf_p95": 656.8171989172697,
  "summary_csf_stdv": 103.94915968879248,
  "summary_gm_k": -0.05683665356103207,
  "summary_gm_mad": 61.1283530674335,
  "summary_gm_mean": 788.6631869112573,
  "summary_gm_median": 783.0551281571388,
  "summary_gm_n": 21854.0,
  "summary_gm_p05": 697.1583623439074,
  "summary_gm_p95": 898.1103090383111,
  "summary_gm_stdv": 61.05704249217263,
  "summary_wm_k": 0.32217788504010336,
  "summary_wm_mad": 37.156449903734085,
  "summary_wm_mean": 999.5142438375478,
  "summary_wm_median": 1000.0000420957804,
  "summary_wm_n": 192098.0,
  "summary_wm_p05": 935.3248301893473,
  "summary_wm_p95": 1061.8052914738655,
  "summary_wm_stdv": 38.522054970662595,
  "tpm_overlap_csf": 0.15999428927898407,
  "tpm_overlap_gm": 0.45680636167526245,
  "tpm_overlap_wm": 0.4937427043914795,
  "wm2max": 0.5625849873949389
}