{
  "aor": 0.003678888888888889,
  "aqi": 0.0034569035555555554,
  "bids_meta": {
    "CogAtlasID": "trm_4c898f079d05e",
    "CogPOID": "",
    "EchoTime": 0.035,
    "FlipAngle": 90.0,
    "InPlanePhaseEncodingDirection": "COL",
    "MRAcquisitionType": "2D",
    "MagneticFieldStrength": 3.0,
    "Manufacturer": "GE",
    "ManufacturerModelName": "SIGNA HDx",
    "ReceiveCoilName": "8-channel head",
    "RepetitionTime": 3.0,
    "ScanOptions": "EPI.GEMS",
    "ScanningSequence": "EP/GR",
    "SequenceVariant": "SS",
    "SliceAcquisitionDirection": "sequential/ascending (bottom up)",
    "SliceGap": 0,
    "SliceTiming": [
      0.0,
      0.075,
      0.15,
      0.225,
      0.3,
      0.375,
      0.45,
      0.525,
      0.6,
      0.675,
      0.75,
      0.825,
      0.9,
      0.975,
      1.05,
      1.125,
      1.2,
      1.275,
      1.35,
      1.425,
      1.5,
      1.575,
      1.65,
      1.725,
      1.8,
      1.875,
      1.95,
      2.025,
      2.1,
      2.175,
      2.25,
      2.325,
      2.4,
      2.475,
      2.55,
      2.625,
      2.7,
      2.775,
      2.85,
      2.925
    ],
    "SliceTimingCalculationMethod": "slice_number * (RepetitionTime / num_slices)",
    "SoftwareVersion": "14/LX/MR Software release.14.0.M5A.0828.b",
    "TaskDescription": "Finger-to-thumb opposition sequence performed with the trained hand using the novel, untrained sequence.",
    "TaskInstructions": "See published manuscripts.",
    "TaskName": "Trained Hand, Untrained Sequence",
    "dataset": "ds000170",
    "modality": "bold",
    "run_id": 1,
    "subject_id": "1707",
    "task_id": "TrainedHandUntrainedSequence"
  },
  "dummy_trs": 0,
  "dvars_nstd": 14.438852982500004,
  "dvars_std": 1.2019468572727274,
  "dvars_vstd": 1.0216047824999999,
  "efc": 0.44449909306320756,
  "fber": 7048.1708984375,
  "fd_mean": 0.08951000057379932,
  "fd_num": 0,
  "fd_perc": 0.0,
  "fwhm_avg": 2.2678567724717387,
  "fwhm_x": 2.2507956363636366,
  "fwhm_y": 2.465295913361102,
  "fwhm_z": 2.087478767690478,
  "gcor": 0.0925046,
  "gsr_x": -0.01425258070230484,
  "gsr_y": 0.027842359617352486,
  "provenance": {
    "md5sum": "c22246bf2e99d74c430ccd2df2ab0f00",
    "settings": {
      "fd_thres": 0.2,
      "testing": false
    },
    "software": "mriqc",
    "version": "22.0.0rc1",
    "webapi_port": null,
    "webapi_url": "https://mriqc.nimh.nih.gov/api/v1"
  },
  "size_t": 45,
  "size_x": 64,
  "size_y": 64,
  "size_z": 40,
  "snr": 5.599922131115384,
  "spacing_tr": 3.0,
  "spacing_x": 3.4375,
  "spacing_y": 3.437498092651367,
  "spacing_z": 3.400001049041748,
  "summary_bg_k": 78.95095601768934,
  "summary_bg_mad": 8.467305940624453,
  "summary_bg_mean": 50.58229064941406,
  "summary_bg_median": 20.711111068725586,
  "summary_bg_n": 108319.0,
  "summary_bg_p05": 5.488889217376709,
  "summary_bg_p95": 177.14222106933516,
  "summary_bg_stdv": 94.12104797363281,
  "summary_fg_k": 1.121784247936696,
  "summary_fg_mad": 271.5140190022511,
  "summary_fg_mean": 1725.494873046875,
  "summary_fg_median": 1715.4888916015625,
  "summary_fg_n": 23981.0,
  "summary_fg_p05": 1224.5333251953125,
  "summary_fg_p95": 2227.022216796875,
  "summary_fg_stdv": 306.3351745605469,
  "tsnr": 110.69090628344566
}