{
  "aor": 0.013964666666666665,
  "aqi": 0.004684125555555556,
  "bids_meta": {
    "CogAtlasID": "trm_4c898f079d05e",
    "CogPOID": "",
    "EchoTime": 0.035,
    "FlipAngle": 90.0,
    "InPlanePhaseEncodingDirection": "COL",
    "MRAcquisitionType": "2D",
    "MagneticFieldStrength": 3.0,
    "Manufacturer": "GE",
    "ManufacturerModelName": "SIGNA HDx",
    "ReceiveCoilName": "8-channel head",
    "RepetitionTime": 3.0,
    "ScanOptions": "EPI.GEMS",
    "ScanningSequence": "EP/GR",
    "SequenceVariant": "SS",
    "SliceAcquisitionDirection": "sequential/ascending (bottom up)",
    "SliceGap": 0,
    "SliceTiming": [
      0.0,
      0.075,
      0.15,
      0.225,
      0.3,
      0.375,
      0.45,
      0.525,
      0.6,
      0.675,
      0.75,
      0.825,
      0.9,
      0.975,
      1.05,
      1.125,
      1.2,
      1.275,
      1.35,
      1.425,
      1.5,
      1.575,
      1.65,
      1.725,
      1.8,
      1.875,
      1.95,
      2.025,
      2.1,
      2.175,
      2.25,
      2.325,
      2.4,
      2.475,
      2.55,
      2.625,
      2.7,
      2.775,
      2.85,
      2.925
    ],
    "SliceTimingCalculationMethod": "slice_number * (RepetitionTime / num_slices)",
    "SoftwareVersion": "14/LX/MR Software release.14.0.M5A.0828.b",
    "TaskDescription": "Finger-to-thumb opposition sequence performed with the untrained hand using the pre-trained sequence.",
    "TaskInstructions": "See published manuscripts.",
    "TaskName": "Untrained Hand, Trained Sequence",
    "dataset": "ds000170",
    "modality": "bold",
    "run_id": 3,
    "subject_id": "1707",
    "task_id": "UntrainedHandTrainedSequence"
  },
  "dummy_trs": 0,
  "dvars_nstd": 17.591302590227276,
  "dvars_std": 1.2787671886363638,
  "dvars_vstd": 1.111448106590909,
  "efc": 0.4466914087097529,
  "fber": 7026.74755859375,
  "fd_mean": 0.15523734571558476,
  "fd_num": 8,
  "fd_perc": 17.77777777777778,
  "fwhm_avg": 2.268897864232359,
  "fwhm_x": 2.271005090909091,
  "fwhm_y": 2.437374443323,
  "fwhm_z": 2.098314058464986,
  "gcor": 0.131109,
  "gsr_x": -0.013937171548604965,
  "gsr_y": 0.028355566784739494,
  "provenance": {
    "md5sum": "8abf8437ffb21102522d45d581395077",
    "settings": {
      "fd_thres": 0.2,
      "testing": false
    },
    "software": "mriqc",
    "version": "22.0.0rc1",
    "webapi_port": null,
    "webapi_url": "https://mriqc.nimh.nih.gov/api/v1"
  },
  "size_t": 45,
  "size_x": 64,
  "size_y": 64,
  "size_z": 40,
  "snr": 5.54047591343349,
  "spacing_tr": 3.0,
  "spacing_x": 3.4375,
  "spacing_y": 3.437498092651367,
  "spacing_z": 3.400001049041748,
  "summary_bg_k": 80.79357490278971,
  "summary_bg_mad": 8.368464473065734,
  "summary_bg_mean": 50.102962493896484,
  "summary_bg_median": 20.511112213134766,
  "summary_bg_n": 107723.0,
  "summary_bg_p05": 5.4666666984558105,
  "summary_bg_p95": 175.12888793945285,
  "summary_bg_stdv": 94.0149154663086,
  "summary_fg_k": 1.089464799966188,
  "summary_fg_mad": 272.97997090287305,
  "summary_fg_mean": 1711.5789794921875,
  "summary_fg_median": 1700.433349609375,
  "summary_fg_n": 24446.0,
  "summary_fg_p05": 1209.8722534179688,
  "summary_fg_p95": 2211.9166870117188,
  "summary_fg_stdv": 306.90478515625,
  "tsnr": 86.00509802391753
}