{
  "aor": 0.015172222222222224,
  "aqi": 0.004007720222222223,
  "bids_meta": {
    "CogAtlasID": "trm_4c898f079d05e",
    "CogPOID": "",
    "EchoTime": 0.035,
    "FlipAngle": 90.0,
    "InPlanePhaseEncodingDirection": "COL",
    "MRAcquisitionType": "2D",
    "MagneticFieldStrength": 3.0,
    "Manufacturer": "GE",
    "ManufacturerModelName": "SIGNA HDx",
    "ReceiveCoilName": "8-channel head",
    "RepetitionTime": 3.0,
    "ScanOptions": "EPI.GEMS",
    "ScanningSequence": "EP/GR",
    "SequenceVariant": "SS",
    "SliceAcquisitionDirection": "sequential/ascending (bottom up)",
    "SliceGap": 0,
    "SliceTiming": [
      0.0,
      0.075,
      0.15,
      0.225,
      0.3,
      0.375,
      0.45,
      0.525,
      0.6,
      0.675,
      0.75,
      0.825,
      0.9,
      0.975,
      1.05,
      1.125,
      1.2,
      1.275,
      1.35,
      1.425,
      1.5,
      1.575,
      1.65,
      1.725,
      1.8,
      1.875,
      1.95,
      2.025,
      2.1,
      2.175,
      2.25,
      2.325,
      2.4,
      2.475,
      2.55,
      2.625,
      2.7,
      2.775,
      2.85,
      2.925
    ],
    "SliceTimingCalculationMethod": "slice_number * (RepetitionTime / num_slices)",
    "SoftwareVersion": "14/LX/MR Software release.14.0.M5A.0828.b",
    "TaskDescription": "Finger-to-thumb opposition sequence performed with the trained hand using the pre-trained sequence.",
    "TaskInstructions": "See published manuscripts.",
    "TaskName": "Trained Hand, Trained Sequence",
    "dataset": "ds000170",
    "modality": "bold",
    "run_id": 2,
    "subject_id": "1707",
    "task_id": "TrainedHandTrainedSequence"
  },
  "dummy_trs": 0,
  "dvars_nstd": 16.040291547500004,
  "dvars_std": 1.2558357427272726,
  "dvars_vstd": 1.1114638161363635,
  "efc": 0.44219801814499643,
  "fber": 6946.744140625,
  "fd_mean": 0.14276745517961562,
  "fd_num": 5,
  "fd_perc": 11.11111111111111,
  "fwhm_avg": 2.2898116777998996,
  "fwhm_x": 2.281858909090909,
  "fwhm_y": 2.489432654026464,
  "fwhm_z": 2.0981434702823254,
  "gcor": 0.0691594,
  "gsr_x": -0.014946076087653637,
  "gsr_y": 0.027049437165260315,
  "provenance": {
    "md5sum": "feb801c3e4c527bbce08d3f74edfd220",
    "settings": {
      "fd_thres": 0.2,
      "testing": false
    },
    "software": "mriqc",
    "version": "22.0.0rc1",
    "webapi_port": null,
    "webapi_url": "https://mriqc.nimh.nih.gov/api/v1"
  },
  "size_t": 45,
  "size_x": 64,
  "size_y": 64,
  "size_z": 40,
  "snr": 5.435811491533274,
  "spacing_tr": 3.0,
  "spacing_x": 3.4375,
  "spacing_y": 3.437498092651367,
  "spacing_z": 3.400001049041748,
  "summary_bg_k": 78.88746594797499,
  "summary_bg_mad": 8.730878945688735,
  "summary_bg_mean": 49.87732696533203,
  "summary_bg_median": 20.844444274902344,
  "summary_bg_n": 108658.0,
  "summary_bg_p05": 5.529999995231637,
  "summary_bg_p95": 173.1366661071776,
  "summary_bg_stdv": 90.58118438720703,
  "summary_fg_k": 1.0514289860798707,
  "summary_fg_mad": 279.4540488521385,
  "summary_fg_mean": 1721.889404296875,
  "summary_fg_median": 1713.1556396484375,
  "summary_fg_n": 23821.0,
  "summary_fg_p05": 1204.822265625,
  "summary_fg_p95": 2237.066650390625,
  "summary_fg_stdv": 315.15435791015625,
  "tsnr": 93.59847916429862
}