{
  "aor": 0.01702511111111111,
  "aqi": 0.004040299333333333,
  "bids_meta": {
    "CogAtlasID": "trm_4c898f079d05e",
    "CogPOID": "",
    "EchoTime": 0.035,
    "FlipAngle": 90.0,
    "InPlanePhaseEncodingDirection": "COL",
    "MRAcquisitionType": "2D",
    "MagneticFieldStrength": 3.0,
    "Manufacturer": "GE",
    "ManufacturerModelName": "SIGNA HDx",
    "ReceiveCoilName": "8-channel head",
    "RepetitionTime": 3.0,
    "ScanOptions": "EPI.GEMS",
    "ScanningSequence": "EP/GR",
    "SequenceVariant": "SS",
    "SliceAcquisitionDirection": "sequential/ascending (bottom up)",
    "SliceGap": 0,
    "SliceTiming": [
      0.0,
      0.075,
      0.15,
      0.225,
      0.3,
      0.375,
      0.45,
      0.525,
      0.6,
      0.675,
      0.75,
      0.825,
      0.9,
      0.975,
      1.05,
      1.125,
      1.2,
      1.275,
      1.35,
      1.425,
      1.5,
      1.575,
      1.65,
      1.725,
      1.8,
      1.875,
      1.95,
      2.025,
      2.1,
      2.175,
      2.25,
      2.325,
      2.4,
      2.475,
      2.55,
      2.625,
      2.7,
      2.775,
      2.85,
      2.925
    ],
    "SliceTimingCalculationMethod": "slice_number * (RepetitionTime / num_slices)",
    "SoftwareVersion": "14/LX/MR Software release.14.0.M5A.0828.b",
    "TaskDescription": "Finger-to-thumb opposition sequence performed with the trained hand using the novel, untrained sequence.",
    "TaskInstructions": "See published manuscripts.",
    "TaskName": "Trained Hand, Untrained Sequence",
    "dataset": "ds000170",
    "modality": "bold",
    "run_id": 3,
    "subject_id": "1707",
    "task_id": "TrainedHandUntrainedSequence"
  },
  "dummy_trs": 0,
  "dvars_nstd": 16.74885513522727,
  "dvars_std": 1.3056230597727272,
  "dvars_vstd": 1.1023669075000002,
  "efc": 0.4442512324413141,
  "fber": 6983.78857421875,
  "fd_mean": 0.14544179564092263,
  "fd_num": 6,
  "fd_perc": 13.333333333333334,
  "fwhm_avg": 2.271839230135125,
  "fwhm_x": 2.2671796363636365,
  "fwhm_y": 2.4683504605105093,
  "fwhm_z": 2.079987593531229,
  "gcor": 0.123035,
  "gsr_x": -0.013581828214228153,
  "gsr_y": 0.027408327907323837,
  "provenance": {
    "md5sum": "038d3f3a2135f66e15bc6170a29e9460",
    "settings": {
      "fd_thres": 0.2,
      "testing": false
    },
    "software": "mriqc",
    "version": "22.0.0rc1",
    "webapi_port": null,
    "webapi_url": "https://mriqc.nimh.nih.gov/api/v1"
  },
  "size_t": 45,
  "size_x": 64,
  "size_y": 64,
  "size_z": 40,
  "snr": 5.589067646189869,
  "spacing_tr": 3.0,
  "spacing_x": 3.4375,
  "spacing_y": 3.437498092651367,
  "spacing_z": 3.400001049041748,
  "summary_bg_k": 72.45514911584628,
  "summary_bg_mad": 8.63204030596933,
  "summary_bg_mean": 50.15887451171875,
  "summary_bg_median": 20.755556106567383,
  "summary_bg_n": 108230.0,
  "summary_bg_p05": 5.844444751739502,
  "summary_bg_p95": 175.01222763061497,
  "summary_bg_stdv": 92.25875854492188,
  "summary_fg_k": 1.080169027918676,
  "summary_fg_mad": 272.89771471289373,
  "summary_fg_mean": 1726.413330078125,
  "summary_fg_median": 1716.54443359375,
  "summary_fg_n": 24086.0,
  "summary_fg_p05": 1219.9222717285156,
  "summary_fg_p95": 2229.4779052734375,
  "summary_fg_stdv": 307.1189880371094,
  "tsnr": 95.56796594709158
}