{
  "aor": 0.004822,
  "aqi": 0.0020821904444444446,
  "bids_meta": {
    "CogAtlasID": "trm_4c898f079d05e",
    "CogPOID": "",
    "EchoTime": 0.035,
    "FlipAngle": 90.0,
    "InPlanePhaseEncodingDirection": "COL",
    "MRAcquisitionType": "2D",
    "MagneticFieldStrength": 3.0,
    "Manufacturer": "GE",
    "ManufacturerModelName": "SIGNA HDx",
    "ReceiveCoilName": "8-channel head",
    "RepetitionTime": 3.0,
    "ScanOptions": "EPI.GEMS",
    "ScanningSequence": "EP/GR",
    "SequenceVariant": "SS",
    "SliceAcquisitionDirection": "sequential/ascending (bottom up)",
    "SliceGap": 0,
    "SliceTiming": [
      0.0,
      0.075,
      0.15,
      0.225,
      0.3,
      0.375,
      0.45,
      0.525,
      0.6,
      0.675,
      0.75,
      0.825,
      0.9,
      0.975,
      1.05,
      1.125,
      1.2,
      1.275,
      1.35,
      1.425,
      1.5,
      1.575,
      1.65,
      1.725,
      1.8,
      1.875,
      1.95,
      2.025,
      2.1,
      2.175,
      2.25,
      2.325,
      2.4,
      2.475,
      2.55,
      2.625,
      2.7,
      2.775,
      2.85,
      2.925
    ],
    "SliceTimingCalculationMethod": "slice_number * (RepetitionTime / num_slices)",
    "SoftwareVersion": "14/LX/MR Software release.14.0.M5A.0828.b",
    "TaskDescription": "Finger-to-thumb opposition sequence performed with the untrained hand using the pre-trained sequence.",
    "TaskInstructions": "See published manuscripts.",
    "TaskName": "Untrained Hand, Trained Sequence",
    "dataset": "ds000170",
    "modality": "bold",
    "run_id": 2,
    "subject_id": "1708",
    "task_id": "UntrainedHandTrainedSequence"
  },
  "dummy_trs": 0,
  "dvars_nstd": 14.081173030000002,
  "dvars_std": 1.2326561061363634,
  "dvars_vstd": 1.0326493445454548,
  "efc": 0.4333831419705139,
  "fber": 8651.9208984375,
  "fd_mean": 0.04888095523016684,
  "fd_num": 0,
  "fd_perc": 0.0,
  "fwhm_avg": 2.449234458413009,
  "fwhm_x": 2.3217629090909093,
  "fwhm_y": 2.658000020285878,
  "fwhm_z": 2.36794044586224,
  "gcor": 0.0249223,
  "gsr_x": -0.01583317294716835,
  "gsr_y": 0.02217520959675312,
  "provenance": {
    "md5sum": "3148cba3c334cdd6623486e546982c3b",
    "settings": {
      "fd_thres": 0.2,
      "testing": false
    },
    "software": "mriqc",
    "version": "22.0.0rc1",
    "webapi_port": null,
    "webapi_url": "https://mriqc.nimh.nih.gov/api/v1"
  },
  "size_t": 45,
  "size_x": 64,
  "size_y": 64,
  "size_z": 40,
  "snr": 5.803330346288263,
  "spacing_tr": 3.0,
  "spacing_x": 3.4375,
  "spacing_y": 3.437498092651367,
  "spacing_z": 3.400001049041748,
  "summary_bg_k": 52.46130904877262,
  "summary_bg_mad": 7.28122388303604,
  "summary_bg_mean": 44.95576858520508,
  "summary_bg_median": 18.9777774810791,
  "summary_bg_n": 109017.0,
  "summary_bg_p05": 5.599999904632568,
  "summary_bg_p95": 164.54223022460926,
  "summary_bg_stdv": 82.8365707397461,
  "summary_fg_k": 0.29185575077483916,
  "summary_fg_mad": 296.981766095526,
  "summary_fg_mean": 1765.1322021484375,
  "summary_fg_median": 1759.5555419921875,
  "summary_fg_n": 22965.0,
  "summary_fg_p05": 1259.5999755859375,
  "summary_fg_p95": 2258.9289062499997,
  "summary_fg_stdv": 303.1909484863281,
  "tsnr": 118.33008966734633
}