{
  "aor": 0.005553111111111112,
  "aqi": 0.001950524711111111,
  "bids_meta": {
    "CogAtlasID": "trm_4c898f079d05e",
    "CogPOID": "",
    "EchoTime": 0.035,
    "FlipAngle": 90.0,
    "InPlanePhaseEncodingDirection": "COL",
    "MRAcquisitionType": "2D",
    "MagneticFieldStrength": 3.0,
    "Manufacturer": "GE",
    "ManufacturerModelName": "SIGNA HDx",
    "ReceiveCoilName": "8-channel head",
    "RepetitionTime": 3.0,
    "ScanOptions": "EPI.GEMS",
    "ScanningSequence": "EP/GR",
    "SequenceVariant": "SS",
    "SliceAcquisitionDirection": "sequential/ascending (bottom up)",
    "SliceGap": 0,
    "SliceTiming": [
      0.0,
      0.075,
      0.15,
      0.225,
      0.3,
      0.375,
      0.45,
      0.525,
      0.6,
      0.675,
      0.75,
      0.825,
      0.9,
      0.975,
      1.05,
      1.125,
      1.2,
      1.275,
      1.35,
      1.425,
      1.5,
      1.575,
      1.65,
      1.725,
      1.8,
      1.875,
      1.95,
      2.025,
      2.1,
      2.175,
      2.25,
      2.325,
      2.4,
      2.475,
      2.55,
      2.625,
      2.7,
      2.775,
      2.85,
      2.925
    ],
    "SliceTimingCalculationMethod": "slice_number * (RepetitionTime / num_slices)",
    "SoftwareVersion": "14/LX/MR Software release.14.0.M5A.0828.b",
    "TaskDescription": "Finger-to-thumb opposition sequence performed with the untrained hand using the novel, untrained sequence.",
    "TaskInstructions": "See published manuscripts.",
    "TaskName": "Untrained Hand, Untrained Sequence",
    "dataset": "ds000170",
    "modality": "bold",
    "run_id": 3,
    "subject_id": "1708",
    "task_id": "UntrainedHandUntrainedSequence"
  },
  "dummy_trs": 0,
  "dvars_nstd": 12.573601549318182,
  "dvars_std": 1.1992610113636364,
  "dvars_vstd": 1.0336379768181816,
  "efc": 0.4335012449948495,
  "fber": 8534.603515625,
  "fd_mean": 0.044602400831687664,
  "fd_num": 0,
  "fd_perc": 0.0,
  "fwhm_avg": 2.475955176041843,
  "fwhm_x": 2.3272814545454548,
  "fwhm_y": 2.7007142258046795,
  "fwhm_z": 2.399869847775394,
  "gcor": 0.0204757,
  "gsr_x": -0.015685217455029488,
  "gsr_y": 0.02301097847521305,
  "provenance": {
    "md5sum": "575333d38553f9616691fe7b462f8aa0",
    "settings": {
      "fd_thres": 0.2,
      "testing": false
    },
    "software": "mriqc",
    "version": "22.0.0rc1",
    "webapi_port": null,
    "webapi_url": "https://mriqc.nimh.nih.gov/api/v1"
  },
  "size_t": 45,
  "size_x": 64,
  "size_y": 64,
  "size_z": 40,
  "snr": 5.776065517733336,
  "spacing_tr": 3.0,
  "spacing_x": 3.4375,
  "spacing_y": 3.437498092651367,
  "spacing_z": 3.400001049041748,
  "summary_bg_k": 48.11896435000636,
  "summary_bg_mad": 7.41301109252801,
  "summary_bg_mean": 45.5483512878418,
  "summary_bg_median": 19.200000762939453,
  "summary_bg_n": 109157.0,
  "summary_bg_p05": 5.6666669845581055,
  "summary_bg_p95": 166.8800018310545,
  "summary_bg_stdv": 82.740966796875,
  "summary_fg_k": 0.3223048973946967,
  "summary_fg_mad": 295.33428953362943,
  "summary_fg_mean": 1769.948974609375,
  "summary_fg_median": 1763.2222900390625,
  "summary_fg_n": 22927.0,
  "summary_fg_p05": 1260.6111206054688,
  "summary_fg_p95": 2268.15107421875,
  "summary_fg_stdv": 305.25689697265625,
  "tsnr": 124.69105735770427
}