{
  "bids_meta": {
    "EchoTime": 0.003,
    "FlipAngle": 20.0,
    "InPlanePhaseEncodingDirection": "ROW",
    "MRAcquisitionType": "3D",
    "MagneticFieldStrength": 3.0,
    "Manufacturer": "GE",
    "ManufacturerModelName": "SIGNA HDx",
    "ReceiveCoilName": "8-channel head",
    "RepetitionTime": 0.0073,
    "ScanOptions": "FAST.GEMS/EDR.GEMS/FILTERED.GEMS",
    "ScanningSequence": "Scanning Sequence",
    "SequenceVariant": "SS/SP/SK",
    "SeriesDescription": "Ax FSPGR 3D Asset",
    "SoftwareVersion": "14/LX/MR Software release.14.0.M5A.0828.b",
    "dataset": "ds000170",
    "modality": "T1w",
    "subject_id": "1715"
  },
  "cjv": 0.7063537263314232,
  "cnr": 1.8408134960979068,
  "efc": 0.8084300777490333,
  "fber": 32613.252977222797,
  "fwhm_avg": 4.864430672689289,
  "fwhm_x": 4.56444,
  "fwhm_y": 4.765741704362048,
  "fwhm_z": 5.263110313705821,
  "icvs_csf": 0.21857354270262094,
  "icvs_gm": 0.4125669281982407,
  "icvs_wm": 0.36885952909913833,
  "inu_med": 1.087747573852539,
  "inu_range": 0.3945308983325959,
  "provenance": {
    "md5sum": "d6041e5bf6b28c9d85ba4312ed32ca18",
    "settings": {
      "testing": false
    },
    "software": "mriqc",
    "version": "22.0.0rc1",
    "warnings": {
      "large_rot_frame": true,
      "small_air_mask": true
    },
    "webapi_port": null,
    "webapi_url": "https://mriqc.nimh.nih.gov/api/v1"
  },
  "qi_1": 0.0005941426232121379,
  "qi_2": 0.000652558472200645,
  "rpve_csf": 25.757018266121428,
  "rpve_gm": 13.784618342626418,
  "rpve_wm": 17.8187575862805,
  "size_x": 256,
  "size_y": 256,
  "size_z": 172,
  "snr_csf": 4.384423336918676,
  "snr_gm": 12.515552846330706,
  "snr_total": 13.140203768475118,
  "snr_wm": 22.520635122175975,
  "snrd_csf": 84.45689048444895,
  "snrd_gm": 147.98163041573247,
  "snrd_total": 135.54344869532142,
  "snrd_wm": 174.19182518578285,
  "spacing_x": 1.0,
  "spacing_y": 0.9999996423721313,
  "spacing_z": 0.9999999403953552,
  "summary_bg_k": 9.148316928298978,
  "summary_bg_mad": 3.7610053003771022,
  "summary_bg_mean": 6.684249634945977,
  "summary_bg_median": 2.583736553788185,
  "summary_bg_n": 72790.0,
  "summary_bg_p05": 0.0,
  "summary_bg_p95": 28.79691831767559,
  "summary_bg_stdv": 10.120308176227095,
  "summary_csf_k": 0.2674822458698318,
  "summary_csf_mad": 100.15417818411616,
  "summary_csf_mean": 502.4881167886782,
  "summary_csf_median": 484.8499085754156,
  "summary_csf_n": 46698.0,
  "summary_csf_p05": 350.2137456089258,
  "summary_csf_p95": 713.5411286540331,
  "summary_csf_stdv": 110.58346330980169,
  "summary_gm_k": 0.5236121793885422,
  "summary_gm_mad": 63.10131115077138,
  "summary_gm_mean": 854.4036091274287,
  "summary_gm_median": 849.5325788855553,
  "summary_gm_n": 26023.0,
  "summary_gm_p05": 752.008268237114,
  "summary_gm_p95": 977.3053980246185,
  "summary_gm_stdv": 67.87684622754459,
  "summary_wm_k": 0.29747233117791216,
  "summary_wm_mad": 43.181912708033394,
  "summary_wm_mean": 1003.9572766976129,
  "summary_wm_median": 1000.000000372529,
  "summary_wm_n": 206128.0,
  "summary_wm_p05": 937.8963690251112,
  "summary_wm_p95": 1083.7130647152662,
  "summary_wm_stdv": 44.40361336468897,
  "tpm_overlap_csf": 0.17503690719604492,
  "tpm_overlap_gm": 0.4692270755767822,
  "tpm_overlap_wm": 0.513733446598053,
  "wm2max": 0.5114116855660196
}