{
  "aor": 0.0069804444444444445,
  "aqi": 0.0013036793555555556,
  "bids_meta": {
    "CogAtlasID": "trm_4c898f079d05e",
    "CogPOID": "",
    "EchoTime": 0.035,
    "FlipAngle": 90.0,
    "InPlanePhaseEncodingDirection": "COL",
    "MRAcquisitionType": "2D",
    "MagneticFieldStrength": 3.0,
    "Manufacturer": "GE",
    "ManufacturerModelName": "SIGNA HDx",
    "ReceiveCoilName": "8-channel head",
    "RepetitionTime": 3.0,
    "ScanOptions": "EPI.GEMS",
    "ScanningSequence": "EP/GR",
    "SequenceVariant": "SS",
    "SliceAcquisitionDirection": "sequential/ascending (bottom up)",
    "SliceGap": 0,
    "SliceTiming": [
      0.0,
      0.075,
      0.15,
      0.225,
      0.3,
      0.375,
      0.45,
      0.525,
      0.6,
      0.675,
      0.75,
      0.825,
      0.9,
      0.975,
      1.05,
      1.125,
      1.2,
      1.275,
      1.35,
      1.425,
      1.5,
      1.575,
      1.65,
      1.725,
      1.8,
      1.875,
      1.95,
      2.025,
      2.1,
      2.175,
      2.25,
      2.325,
      2.4,
      2.475,
      2.55,
      2.625,
      2.7,
      2.775,
      2.85,
      2.925
    ],
    "SliceTimingCalculationMethod": "slice_number * (RepetitionTime / num_slices)",
    "SoftwareVersion": "14/LX/MR Software release.14.0.M5A.0828.b",
    "TaskDescription": "Finger-to-thumb opposition sequence performed with the trained hand using the pre-trained sequence.",
    "TaskInstructions": "See published manuscripts.",
    "TaskName": "Trained Hand, Trained Sequence",
    "dataset": "ds000170",
    "modality": "bold",
    "run_id": 3,
    "subject_id": "1717",
    "task_id": "TrainedHandTrainedSequence"
  },
  "dummy_trs": 0,
  "dvars_nstd": 15.41694155636364,
  "dvars_std": 1.3150226261363638,
  "dvars_vstd": 1.0675786577272721,
  "efc": 0.4985686770602466,
  "fber": 4138.03271484375,
  "fd_mean": 0.046578190187542924,
  "fd_num": 2,
  "fd_perc": 4.444444444444445,
  "fwhm_avg": 2.5353657026476926,
  "fwhm_x": 2.4576872727272727,
  "fwhm_y": 2.790704680313199,
  "fwhm_z": 2.3577051549026065,
  "gcor": 0.0828706,
  "gsr_x": -0.015519398264586926,
  "gsr_y": 0.038342155516147614,
  "provenance": {
    "md5sum": "25adf9f64e1de1d93589e625b315d32c",
    "settings": {
      "fd_thres": 0.2,
      "testing": false
    },
    "software": "mriqc",
    "version": "22.0.0rc1",
    "webapi_port": null,
    "webapi_url": "https://mriqc.nimh.nih.gov/api/v1"
  },
  "size_t": 45,
  "size_x": 64,
  "size_y": 64,
  "size_z": 40,
  "snr": 4.647418487411383,
  "spacing_tr": 3.0,
  "spacing_x": 3.4375,
  "spacing_y": 3.4375009536743164,
  "spacing_z": 3.400001049041748,
  "summary_bg_k": 35.522844542519806,
  "summary_bg_mad": 14.167090379355143,
  "summary_bg_mean": 75.0202865600586,
  "summary_bg_median": 25.933334350585938,
  "summary_bg_n": 100902.0,
  "summary_bg_p05": 4.3111114501953125,
  "summary_bg_p95": 312.0800094604487,
  "summary_bg_stdv": 125.8887710571289,
  "summary_fg_k": 0.6544294223771914,
  "summary_fg_mad": 328.97299914656884,
  "summary_fg_mean": 1653.5750732421875,
  "summary_fg_median": 1641.3778076171875,
  "summary_fg_n": 28619.0,
  "summary_fg_p05": 1088.6267456054688,
  "summary_fg_p95": 2248.5112304687495,
  "summary_fg_stdv": 353.17437744140625,
  "tsnr": 126.96023691259325
}