{
  "aor": 0.0071326666666666665,
  "aqi": 0.001322907977777778,
  "bids_meta": {
    "CogAtlasID": "trm_4c898f079d05e",
    "CogPOID": "",
    "EchoTime": 0.035,
    "FlipAngle": 90.0,
    "InPlanePhaseEncodingDirection": "COL",
    "MRAcquisitionType": "2D",
    "MagneticFieldStrength": 3.0,
    "Manufacturer": "GE",
    "ManufacturerModelName": "SIGNA HDx",
    "ReceiveCoilName": "8-channel head",
    "RepetitionTime": 3.0,
    "ScanOptions": "EPI.GEMS",
    "ScanningSequence": "EP/GR",
    "SequenceVariant": "SS",
    "SliceAcquisitionDirection": "sequential/ascending (bottom up)",
    "SliceGap": 0,
    "SliceTiming": [
      0.0,
      0.075,
      0.15,
      0.225,
      0.3,
      0.375,
      0.45,
      0.525,
      0.6,
      0.675,
      0.75,
      0.825,
      0.9,
      0.975,
      1.05,
      1.125,
      1.2,
      1.275,
      1.35,
      1.425,
      1.5,
      1.575,
      1.65,
      1.725,
      1.8,
      1.875,
      1.95,
      2.025,
      2.1,
      2.175,
      2.25,
      2.325,
      2.4,
      2.475,
      2.55,
      2.625,
      2.7,
      2.775,
      2.85,
      2.925
    ],
    "SliceTimingCalculationMethod": "slice_number * (RepetitionTime / num_slices)",
    "SoftwareVersion": "14/LX/MR Software release.14.0.M5A.0828.b",
    "TaskDescription": "Finger-to-thumb opposition sequence performed with the untrained hand using the novel, untrained sequence.",
    "TaskInstructions": "See published manuscripts.",
    "TaskName": "Untrained Hand, Untrained Sequence",
    "dataset": "ds000170",
    "modality": "bold",
    "run_id": 3,
    "subject_id": "1717",
    "task_id": "UntrainedHandUntrainedSequence"
  },
  "dummy_trs": 0,
  "dvars_nstd": 14.75076915954545,
  "dvars_std": 1.3530983599999997,
  "dvars_vstd": 1.0704362070454545,
  "efc": 0.4964246374691613,
  "fber": 4058.738037109375,
  "fd_mean": 0.03577510077328802,
  "fd_num": 0,
  "fd_perc": 0.0,
  "fwhm_avg": 2.530682202530265,
  "fwhm_x": 2.4496465454545455,
  "fwhm_y": 2.8057243125099007,
  "fwhm_z": 2.336675749626349,
  "gcor": 0.074187,
  "gsr_x": -0.01674545370042324,
  "gsr_y": 0.0357595719397068,
  "provenance": {
    "md5sum": "78f435abc9343afe65db8536237774db",
    "settings": {
      "fd_thres": 0.2,
      "testing": false
    },
    "software": "mriqc",
    "version": "22.0.0rc1",
    "webapi_port": null,
    "webapi_url": "https://mriqc.nimh.nih.gov/api/v1"
  },
  "size_t": 45,
  "size_x": 64,
  "size_y": 64,
  "size_z": 40,
  "snr": 4.598575206783539,
  "spacing_tr": 3.0,
  "spacing_x": 3.4375,
  "spacing_y": 3.4375009536743164,
  "spacing_z": 3.400001049041748,
  "summary_bg_k": 32.024346104723655,
  "summary_bg_mad": 14.51302703229272,
  "summary_bg_mean": 76.232666015625,
  "summary_bg_median": 26.14444351196289,
  "summary_bg_n": 101660.0,
  "summary_bg_p05": 4.511111259460449,
  "summary_bg_p95": 318.95778808593695,
  "summary_bg_stdv": 128.37017822265625,
  "summary_fg_k": 0.724656572809006,
  "summary_fg_mad": 327.7539063067429,
  "summary_fg_mean": 1650.781494140625,
  "summary_fg_median": 1637.2667236328125,
  "summary_fg_n": 28247.0,
  "summary_fg_p05": 1081.273388671875,
  "summary_fg_p95": 2253.6178710937497,
  "summary_fg_stdv": 356.0315246582031,
  "tsnr": 134.34776911558583
}