{
  "aor": 0.004784444444444443,
  "aqi": 0.0012318280222222222,
  "bids_meta": {
    "CogAtlasID": "trm_4c898f079d05e",
    "CogPOID": "",
    "EchoTime": 0.035,
    "FlipAngle": 90.0,
    "InPlanePhaseEncodingDirection": "COL",
    "MRAcquisitionType": "2D",
    "MagneticFieldStrength": 3.0,
    "Manufacturer": "GE",
    "ManufacturerModelName": "SIGNA HDx",
    "ReceiveCoilName": "8-channel head",
    "RepetitionTime": 3.0,
    "ScanOptions": "EPI.GEMS",
    "ScanningSequence": "EP/GR",
    "SequenceVariant": "SS",
    "SliceAcquisitionDirection": "sequential/ascending (bottom up)",
    "SliceGap": 0,
    "SliceTiming": [
      0.0,
      0.075,
      0.15,
      0.225,
      0.3,
      0.375,
      0.45,
      0.525,
      0.6,
      0.675,
      0.75,
      0.825,
      0.9,
      0.975,
      1.05,
      1.125,
      1.2,
      1.275,
      1.35,
      1.425,
      1.5,
      1.575,
      1.65,
      1.725,
      1.8,
      1.875,
      1.95,
      2.025,
      2.1,
      2.175,
      2.25,
      2.325,
      2.4,
      2.475,
      2.55,
      2.625,
      2.7,
      2.775,
      2.85,
      2.925
    ],
    "SliceTimingCalculationMethod": "slice_number * (RepetitionTime / num_slices)",
    "SoftwareVersion": "14/LX/MR Software release.14.0.M5A.0828.b",
    "TaskDescription": "Finger-to-thumb opposition sequence performed with the trained hand using the novel, untrained sequence.",
    "TaskInstructions": "See published manuscripts.",
    "TaskName": "Trained Hand, Untrained Sequence",
    "dataset": "ds000170",
    "modality": "bold",
    "run_id": 1,
    "subject_id": "1717",
    "task_id": "TrainedHandUntrainedSequence"
  },
  "dummy_trs": 0,
  "dvars_nstd": 14.707292860454546,
  "dvars_std": 1.291421969545455,
  "dvars_vstd": 1.0473821209090912,
  "efc": 0.49663220943707054,
  "fber": 4040.4638671875,
  "fd_mean": 0.039392646545300655,
  "fd_num": 0,
  "fd_perc": 0.0,
  "fwhm_avg": 2.5491563163509197,
  "fwhm_x": 2.464811636363636,
  "fwhm_y": 2.8359992132015677,
  "fwhm_z": 2.3466580994875548,
  "gcor": 0.0833191,
  "gsr_x": -0.01576397381722927,
  "gsr_y": 0.03648491948843002,
  "provenance": {
    "md5sum": "cc2f0feff77d0f4a79e9ee96515ab103",
    "settings": {
      "fd_thres": 0.2,
      "testing": false
    },
    "software": "mriqc",
    "version": "22.0.0rc1",
    "webapi_port": null,
    "webapi_url": "https://mriqc.nimh.nih.gov/api/v1"
  },
  "size_t": 45,
  "size_x": 64,
  "size_y": 64,
  "size_z": 40,
  "snr": 4.610500167099653,
  "spacing_tr": 3.0,
  "spacing_x": 3.4375,
  "spacing_y": 3.4375009536743164,
  "spacing_z": 3.400001049041748,
  "summary_bg_k": 32.97445917695448,
  "summary_bg_mad": 14.46360629851336,
  "summary_bg_mean": 74.77249908447266,
  "summary_bg_median": 26.266666412353516,
  "summary_bg_n": 101325.0,
  "summary_bg_p05": 4.488889217376709,
  "summary_bg_p95": 312.4666748046875,
  "summary_bg_stdv": 123.95161437988281,
  "summary_fg_k": 0.7063029749487693,
  "summary_fg_mad": 328.198759364981,
  "summary_fg_mean": 1654.7236328125,
  "summary_fg_median": 1641.68896484375,
  "summary_fg_n": 28324.0,
  "summary_fg_p05": 1083.7322875976563,
  "summary_fg_p95": 2259.95556640625,
  "summary_fg_stdv": 356.06982421875,
  "tsnr": 131.3157533586491
}