{
  "aor": 0.006567777777777777,
  "aqi": 0.0015651465333333333,
  "bids_meta": {
    "CogAtlasID": "trm_4c898f079d05e",
    "CogPOID": "",
    "EchoTime": 0.035,
    "FlipAngle": 90.0,
    "InPlanePhaseEncodingDirection": "COL",
    "MRAcquisitionType": "2D",
    "MagneticFieldStrength": 3.0,
    "Manufacturer": "GE",
    "ManufacturerModelName": "SIGNA HDx",
    "ReceiveCoilName": "8-channel head",
    "RepetitionTime": 3.0,
    "ScanOptions": "EPI.GEMS",
    "ScanningSequence": "EP/GR",
    "SequenceVariant": "SS",
    "SliceAcquisitionDirection": "sequential/ascending (bottom up)",
    "SliceGap": 0,
    "SliceTiming": [
      0.0,
      0.075,
      0.15,
      0.225,
      0.3,
      0.375,
      0.45,
      0.525,
      0.6,
      0.675,
      0.75,
      0.825,
      0.9,
      0.975,
      1.05,
      1.125,
      1.2,
      1.275,
      1.35,
      1.425,
      1.5,
      1.575,
      1.65,
      1.725,
      1.8,
      1.875,
      1.95,
      2.025,
      2.1,
      2.175,
      2.25,
      2.325,
      2.4,
      2.475,
      2.55,
      2.625,
      2.7,
      2.775,
      2.85,
      2.925
    ],
    "SliceTimingCalculationMethod": "slice_number * (RepetitionTime / num_slices)",
    "SoftwareVersion": "14/LX/MR Software release.14.0.M5A.0828.b",
    "TaskDescription": "Finger-to-thumb opposition sequence performed with the untrained hand using the pre-trained sequence.",
    "TaskInstructions": "See published manuscripts.",
    "TaskName": "Untrained Hand, Trained Sequence",
    "dataset": "ds000170",
    "modality": "bold",
    "run_id": 2,
    "subject_id": "1717",
    "task_id": "UntrainedHandTrainedSequence"
  },
  "dummy_trs": 0,
  "dvars_nstd": 15.623211557045455,
  "dvars_std": 1.363378770909091,
  "dvars_vstd": 1.0568012609090907,
  "efc": 0.4989303204767467,
  "fber": 4108.10107421875,
  "fd_mean": 0.0436744045135145,
  "fd_num": 1,
  "fd_perc": 2.2222222222222223,
  "fwhm_avg": 2.523294009169577,
  "fwhm_x": 2.4575854545454545,
  "fwhm_y": 2.7692414135405348,
  "fwhm_z": 2.343055159422741,
  "gcor": 0.0816761,
  "gsr_x": -0.015825793147087097,
  "gsr_y": 0.037936870008707047,
  "provenance": {
    "md5sum": "7caa0913b5b4fe9ad0485f8046b4b76c",
    "settings": {
      "fd_thres": 0.2,
      "testing": false
    },
    "software": "mriqc",
    "version": "22.0.0rc1",
    "webapi_port": null,
    "webapi_url": "https://mriqc.nimh.nih.gov/api/v1"
  },
  "size_t": 45,
  "size_x": 64,
  "size_y": 64,
  "size_z": 40,
  "snr": 4.635190289069261,
  "spacing_tr": 3.0,
  "spacing_x": 3.4375,
  "spacing_y": 3.4375009536743164,
  "spacing_z": 3.400001049041748,
  "summary_bg_k": 34.390738975825684,
  "summary_bg_mad": 14.200034707368735,
  "summary_bg_mean": 75.49494934082031,
  "summary_bg_median": 25.91111183166504,
  "summary_bg_n": 100925.0,
  "summary_bg_p05": 4.511111259460449,
  "summary_bg_p95": 314.83556518554633,
  "summary_bg_stdv": 126.63224029541016,
  "summary_fg_k": 0.6836093319085434,
  "summary_fg_mad": 327.06201320599257,
  "summary_fg_mean": 1647.9085693359375,
  "summary_fg_median": 1634.3333740234375,
  "summary_fg_n": 28551.0,
  "summary_fg_p05": 1087.0555419921875,
  "summary_fg_p95": 2245.3890380859375,
  "summary_fg_stdv": 352.5863342285156,
  "tsnr": 126.08809421211481
}