{
  "aor": 0.007425555555555556,
  "aqi": 0.0015308051777777778,
  "bids_meta": {
    "CogAtlasID": "trm_4c898f079d05e",
    "CogPOID": "",
    "EchoTime": 0.035,
    "FlipAngle": 90.0,
    "InPlanePhaseEncodingDirection": "COL",
    "MRAcquisitionType": "2D",
    "MagneticFieldStrength": 3.0,
    "Manufacturer": "GE",
    "ManufacturerModelName": "SIGNA HDx",
    "ReceiveCoilName": "8-channel head",
    "RepetitionTime": 3.0,
    "ScanOptions": "EPI.GEMS",
    "ScanningSequence": "EP/GR",
    "SequenceVariant": "SS",
    "SliceAcquisitionDirection": "sequential/ascending (bottom up)",
    "SliceGap": 0,
    "SliceTiming": [
      0.0,
      0.075,
      0.15,
      0.225,
      0.3,
      0.375,
      0.45,
      0.525,
      0.6,
      0.675,
      0.75,
      0.825,
      0.9,
      0.975,
      1.05,
      1.125,
      1.2,
      1.275,
      1.35,
      1.425,
      1.5,
      1.575,
      1.65,
      1.725,
      1.8,
      1.875,
      1.95,
      2.025,
      2.1,
      2.175,
      2.25,
      2.325,
      2.4,
      2.475,
      2.55,
      2.625,
      2.7,
      2.775,
      2.85,
      2.925
    ],
    "SliceTimingCalculationMethod": "slice_number * (RepetitionTime / num_slices)",
    "SoftwareVersion": "14/LX/MR Software release.14.0.M5A.0828.b",
    "TaskDescription": "Finger-to-thumb opposition sequence performed with the untrained hand using the novel, untrained sequence.",
    "TaskInstructions": "See published manuscripts.",
    "TaskName": "Untrained Hand, Untrained Sequence",
    "dataset": "ds000170",
    "modality": "bold",
    "run_id": 2,
    "subject_id": "1717",
    "task_id": "UntrainedHandUntrainedSequence"
  },
  "dummy_trs": 0,
  "dvars_nstd": 15.175645308636366,
  "dvars_std": 1.2852433340909089,
  "dvars_vstd": 1.05653104,
  "efc": 0.49635908049478533,
  "fber": 4078.856689453125,
  "fd_mean": 0.05886576467499216,
  "fd_num": 2,
  "fd_perc": 4.444444444444445,
  "fwhm_avg": 2.541265789888199,
  "fwhm_x": 2.4544087272727273,
  "fwhm_y": 2.8168923094115357,
  "fwhm_z": 2.352496332980334,
  "gcor": 0.115825,
  "gsr_x": -0.015880603343248367,
  "gsr_y": 0.03623155504465103,
  "provenance": {
    "md5sum": "7d092e4203048d0964c03d8053e5c682",
    "settings": {
      "fd_thres": 0.2,
      "testing": false
    },
    "software": "mriqc",
    "version": "22.0.0rc1",
    "webapi_port": null,
    "webapi_url": "https://mriqc.nimh.nih.gov/api/v1"
  },
  "size_t": 45,
  "size_x": 64,
  "size_y": 64,
  "size_z": 40,
  "snr": 4.599162457308006,
  "spacing_tr": 3.0,
  "spacing_x": 3.4375,
  "spacing_y": 3.4375009536743164,
  "spacing_z": 3.400001049041748,
  "summary_bg_k": 32.59509798916313,
  "summary_bg_mad": 14.364767658793953,
  "summary_bg_mean": 74.76055145263672,
  "summary_bg_median": 26.133333206176758,
  "summary_bg_n": 101382.0,
  "summary_bg_p05": 4.556666922569279,
  "summary_bg_p95": 311.52779998779266,
  "summary_bg_stdv": 124.1373062133789,
  "summary_fg_k": 0.7089744611085464,
  "summary_fg_mad": 329.9942789706688,
  "summary_fg_mean": 1653.529296875,
  "summary_fg_median": 1640.3778076171875,
  "summary_fg_n": 28283.0,
  "summary_fg_p05": 1084.47333984375,
  "summary_fg_p95": 2259.997778320312,
  "summary_fg_stdv": 356.6625061035156,
  "tsnr": 116.69891282077879
}