{
  "aor": 0.004827727272727274,
  "aqi": 0.0012141084545454544,
  "bids_meta": {
    "CogAtlasID": "trm_4c898f079d05e",
    "CogPOID": "",
    "EchoTime": 0.035,
    "FlipAngle": 90.0,
    "InPlanePhaseEncodingDirection": "COL",
    "MRAcquisitionType": "2D",
    "MagneticFieldStrength": 3.0,
    "Manufacturer": "GE",
    "ManufacturerModelName": "SIGNA HDx",
    "ReceiveCoilName": "8-channel head",
    "RepetitionTime": 3.0,
    "ScanOptions": "EPI.GEMS",
    "ScanningSequence": "EP/GR",
    "SequenceVariant": "SS",
    "SliceAcquisitionDirection": "sequential/ascending (bottom up)",
    "SliceGap": 0,
    "SliceTiming": [
      0.0,
      0.075,
      0.15,
      0.225,
      0.3,
      0.375,
      0.45,
      0.525,
      0.6,
      0.675,
      0.75,
      0.825,
      0.9,
      0.975,
      1.05,
      1.125,
      1.2,
      1.275,
      1.35,
      1.425,
      1.5,
      1.575,
      1.65,
      1.725,
      1.8,
      1.875,
      1.95,
      2.025,
      2.1,
      2.175,
      2.25,
      2.325,
      2.4,
      2.475,
      2.55,
      2.625,
      2.7,
      2.775,
      2.85,
      2.925
    ],
    "SliceTimingCalculationMethod": "slice_number * (RepetitionTime / num_slices)",
    "SoftwareVersion": "14/LX/MR Software release.14.0.M5A.0828.b",
    "TaskDescription": "Finger-to-thumb opposition sequence performed with the untrained hand using the novel, untrained sequence.",
    "TaskInstructions": "See published manuscripts.",
    "TaskName": "Untrained Hand, Untrained Sequence",
    "dataset": "ds000170",
    "modality": "bold",
    "run_id": 1,
    "subject_id": "1717",
    "task_id": "UntrainedHandUntrainedSequence"
  },
  "dummy_trs": 1,
  "dvars_nstd": 14.594594268139538,
  "dvars_std": 1.2738576683720932,
  "dvars_vstd": 1.0168864204651165,
  "efc": 0.4993256214969493,
  "fber": 4082.932861328125,
  "fd_mean": 0.03321962945101635,
  "fd_num": 0,
  "fd_perc": 0.0,
  "fwhm_avg": 2.5344317638988465,
  "fwhm_x": 2.460840727272727,
  "fwhm_y": 2.7938494067134765,
  "fwhm_z": 2.3486051577103355,
  "gcor": 0.0566091,
  "gsr_x": -0.015777913853526115,
  "gsr_y": 0.038209155201911926,
  "provenance": {
    "md5sum": "9ea7991de1eafb0b5d6d0909bfefe6fe",
    "settings": {
      "fd_thres": 0.2,
      "testing": false
    },
    "software": "mriqc",
    "version": "22.0.0rc1",
    "webapi_port": null,
    "webapi_url": "https://mriqc.nimh.nih.gov/api/v1"
  },
  "size_t": 44,
  "size_x": 64,
  "size_y": 64,
  "size_z": 40,
  "snr": 4.639150939345115,
  "spacing_tr": 3.0,
  "spacing_x": 3.4375,
  "spacing_y": 3.4375009536743164,
  "spacing_z": 3.400001049041748,
  "summary_bg_k": 33.65790229766816,
  "summary_bg_mad": 14.455374458268933,
  "summary_bg_mean": 75.70453643798828,
  "summary_bg_median": 26.181819915771484,
  "summary_bg_n": 100821.0,
  "summary_bg_p05": 4.295454502105713,
  "summary_bg_p95": 316.79547119140625,
  "summary_bg_stdv": 126.23501586914062,
  "summary_fg_k": 0.6700911464907016,
  "summary_fg_mad": 328.5985479759038,
  "summary_fg_mean": 1654.6822509765625,
  "summary_fg_median": 1642.70458984375,
  "summary_fg_n": 28677.0,
  "summary_fg_p05": 1085.6364501953126,
  "summary_fg_p95": 2250.940966796875,
  "summary_fg_stdv": 354.08978271484375,
  "tsnr": 134.2694037077017
}