{
  "aor": 0.005299069767441861,
  "aqi": 0.0013397071162790698,
  "bids_meta": {
    "CogAtlasID": "trm_4c898f079d05e",
    "CogPOID": "",
    "EchoTime": 0.035,
    "FlipAngle": 90.0,
    "InPlanePhaseEncodingDirection": "COL",
    "MRAcquisitionType": "2D",
    "MagneticFieldStrength": 3.0,
    "Manufacturer": "GE",
    "ManufacturerModelName": "SIGNA HDx",
    "ReceiveCoilName": "8-channel head",
    "RepetitionTime": 3.0,
    "ScanOptions": "EPI.GEMS",
    "ScanningSequence": "EP/GR",
    "SequenceVariant": "SS",
    "SliceAcquisitionDirection": "sequential/ascending (bottom up)",
    "SliceGap": 0,
    "SliceTiming": [
      0.0,
      0.075,
      0.15,
      0.225,
      0.3,
      0.375,
      0.45,
      0.525,
      0.6,
      0.675,
      0.75,
      0.825,
      0.9,
      0.975,
      1.05,
      1.125,
      1.2,
      1.275,
      1.35,
      1.425,
      1.5,
      1.575,
      1.65,
      1.725,
      1.8,
      1.875,
      1.95,
      2.025,
      2.1,
      2.175,
      2.25,
      2.325,
      2.4,
      2.475,
      2.55,
      2.625,
      2.7,
      2.775,
      2.85,
      2.925
    ],
    "SliceTimingCalculationMethod": "slice_number * (RepetitionTime / num_slices)",
    "SoftwareVersion": "14/LX/MR Software release.14.0.M5A.0828.b",
    "TaskDescription": "Finger-to-thumb opposition sequence performed with the untrained hand using the pre-trained sequence.",
    "TaskInstructions": "See published manuscripts.",
    "TaskName": "Untrained Hand, Trained Sequence",
    "dataset": "ds000170",
    "modality": "bold",
    "run_id": 3,
    "subject_id": "1717",
    "task_id": "UntrainedHandTrainedSequence"
  },
  "dummy_trs": 2,
  "dvars_nstd": 14.56453800261905,
  "dvars_std": 1.2728734666666663,
  "dvars_vstd": 1.045280216428571,
  "efc": 0.49633687652338754,
  "fber": 4111.8828125,
  "fd_mean": 0.03715991961814681,
  "fd_num": 0,
  "fd_perc": 0.0,
  "fwhm_avg": 2.532051553313537,
  "fwhm_x": 2.450417454545455,
  "fwhm_y": 2.802623222461153,
  "fwhm_z": 2.3431139829340033,
  "gcor": 0.0599324,
  "gsr_x": -0.015394505113363266,
  "gsr_y": 0.03648538514971733,
  "provenance": {
    "md5sum": "32ccd325534f8c6c0050ce501477f98f",
    "settings": {
      "fd_thres": 0.2,
      "testing": false
    },
    "software": "mriqc",
    "version": "22.0.0rc1",
    "webapi_port": null,
    "webapi_url": "https://mriqc.nimh.nih.gov/api/v1"
  },
  "size_t": 43,
  "size_x": 64,
  "size_y": 64,
  "size_z": 40,
  "snr": 4.645219514320528,
  "spacing_tr": 3.0,
  "spacing_x": 3.4375,
  "spacing_y": 3.4375009536743164,
  "spacing_z": 3.400001049041748,
  "summary_bg_k": 33.88320439675634,
  "summary_bg_mad": 14.37779268667641,
  "summary_bg_mean": 74.9439468383789,
  "summary_bg_median": 26.162790298461914,
  "summary_bg_n": 101368.0,
  "summary_bg_p05": 4.380232739448556,
  "summary_bg_p95": 314.21626586914033,
  "summary_bg_stdv": 125.35281372070312,
  "summary_fg_k": 0.6956708244792709,
  "summary_fg_mad": 328.4825386958669,
  "summary_fg_mean": 1662.1962890625,
  "summary_fg_median": 1649.0465087890625,
  "summary_fg_n": 28273.0,
  "summary_fg_p05": 1095.1070068359375,
  "summary_fg_p95": 2264.2698730468746,
  "summary_fg_stdv": 354.9923400878906,
  "tsnr": 130.69942279532552
}