{
  "aor": 0.004606,
  "aqi": 0.006917007777777777,
  "bids_meta": {
    "CogAtlasID": "trm_4c898f079d05e",
    "CogPOID": "",
    "EchoTime": 0.035,
    "FlipAngle": 90.0,
    "InPlanePhaseEncodingDirection": "COL",
    "MRAcquisitionType": "2D",
    "MagneticFieldStrength": 3.0,
    "Manufacturer": "GE",
    "ManufacturerModelName": "SIGNA HDx",
    "ReceiveCoilName": "8-channel head",
    "RepetitionTime": 3.0,
    "ScanOptions": "EPI.GEMS",
    "ScanningSequence": "EP/GR",
    "SequenceVariant": "SS",
    "SliceAcquisitionDirection": "sequential/ascending (bottom up)",
    "SliceGap": 0,
    "SliceTiming": [
      0.0,
      0.075,
      0.15,
      0.225,
      0.3,
      0.375,
      0.45,
      0.525,
      0.6,
      0.675,
      0.75,
      0.825,
      0.9,
      0.975,
      1.05,
      1.125,
      1.2,
      1.275,
      1.35,
      1.425,
      1.5,
      1.575,
      1.65,
      1.725,
      1.8,
      1.875,
      1.95,
      2.025,
      2.1,
      2.175,
      2.25,
      2.325,
      2.4,
      2.475,
      2.55,
      2.625,
      2.7,
      2.775,
      2.85,
      2.925
    ],
    "SliceTimingCalculationMethod": "slice_number * (RepetitionTime / num_slices)",
    "SoftwareVersion": "14/LX/MR Software release.14.0.M5A.0828.b",
    "TaskDescription": "Finger-to-thumb opposition sequence performed with the untrained hand using the pre-trained sequence.",
    "TaskInstructions": "See published manuscripts.",
    "TaskName": "Untrained Hand, Trained Sequence",
    "dataset": "ds000170",
    "modality": "bold",
    "run_id": 3,
    "subject_id": "1701",
    "task_id": "UntrainedHandTrainedSequence"
  },
  "dummy_trs": 0,
  "dvars_nstd": 20.30538203568182,
  "dvars_std": 1.0621208845454548,
  "dvars_vstd": 0.9488803756818183,
  "efc": 0.4483408824673275,
  "fber": 6478.67333984375,
  "fd_mean": 0.1840444562958494,
  "fd_num": 11,
  "fd_perc": 24.444444444444443,
  "fwhm_avg": 2.380359373187884,
  "fwhm_x": 2.3449716363636366,
  "fwhm_y": 2.5923512807974296,
  "fwhm_z": 2.2037552024025855,
  "gcor": 0.0150377,
  "gsr_x": -0.012052853591740131,
  "gsr_y": 0.028569141402840614,
  "provenance": {
    "md5sum": "5bb158cced3475f88c852886c0500caa",
    "settings": {
      "fd_thres": 0.2,
      "testing": false
    },
    "software": "mriqc",
    "version": "22.0.0rc1",
    "webapi_port": null,
    "webapi_url": "https://mriqc.nimh.nih.gov/api/v1"
  },
  "size_t": 45,
  "size_x": 64,
  "size_y": 64,
  "size_z": 40,
  "snr": 5.717334076613285,
  "spacing_tr": 3.0,
  "spacing_x": 3.4375,
  "spacing_y": 3.4375009536743164,
  "spacing_z": 3.400001049041748,
  "summary_bg_k": 22.46828157975478,
  "summary_bg_mad": 10.87241579773453,
  "summary_bg_mean": 62.378299713134766,
  "summary_bg_median": 21.266666412353516,
  "summary_bg_n": 109641.0,
  "summary_bg_p05": 5.777778148651123,
  "summary_bg_p95": 285.2889099121094,
  "summary_bg_stdv": 108.14666748046875,
  "summary_fg_k": 0.5395260829079409,
  "summary_fg_mad": 284.7255032977455,
  "summary_fg_mean": 1673.7694091796875,
  "summary_fg_median": 1682.9222412109375,
  "summary_fg_n": 22140.0,
  "summary_fg_p05": 1192.3478149414063,
  "summary_fg_p95": 2140.22216796875,
  "summary_fg_stdv": 294.34771728515625,
  "tsnr": 60.92722956009675
}