{
  "aor": 0.005812222222222222,
  "aqi": 0.006578056666666666,
  "bids_meta": {
    "CogAtlasID": "trm_4c898f079d05e",
    "CogPOID": "",
    "EchoTime": 0.035,
    "FlipAngle": 90.0,
    "InPlanePhaseEncodingDirection": "COL",
    "MRAcquisitionType": "2D",
    "MagneticFieldStrength": 3.0,
    "Manufacturer": "GE",
    "ManufacturerModelName": "SIGNA HDx",
    "ReceiveCoilName": "8-channel head",
    "RepetitionTime": 3.0,
    "ScanOptions": "EPI.GEMS",
    "ScanningSequence": "EP/GR",
    "SequenceVariant": "SS",
    "SliceAcquisitionDirection": "sequential/ascending (bottom up)",
    "SliceGap": 0,
    "SliceTiming": [
      0.0,
      0.075,
      0.15,
      0.225,
      0.3,
      0.375,
      0.45,
      0.525,
      0.6,
      0.675,
      0.75,
      0.825,
      0.9,
      0.975,
      1.05,
      1.125,
      1.2,
      1.275,
      1.35,
      1.425,
      1.5,
      1.575,
      1.65,
      1.725,
      1.8,
      1.875,
      1.95,
      2.025,
      2.1,
      2.175,
      2.25,
      2.325,
      2.4,
      2.475,
      2.55,
      2.625,
      2.7,
      2.775,
      2.85,
      2.925
    ],
    "SliceTimingCalculationMethod": "slice_number * (RepetitionTime / num_slices)",
    "SoftwareVersion": "14/LX/MR Software release.14.0.M5A.0828.b",
    "TaskDescription": "Finger-to-thumb opposition sequence performed with the trained hand using the novel, untrained sequence.",
    "TaskInstructions": "See published manuscripts.",
    "TaskName": "Trained Hand, Untrained Sequence",
    "dataset": "ds000170",
    "modality": "bold",
    "run_id": 2,
    "subject_id": "1701",
    "task_id": "TrainedHandUntrainedSequence"
  },
  "dummy_trs": 0,
  "dvars_nstd": 17.585474231363637,
  "dvars_std": 1.1120509436363635,
  "dvars_vstd": 0.9600134993181818,
  "efc": 0.4405461833316397,
  "fber": 6965.09423828125,
  "fd_mean": 0.12923129966882693,
  "fd_num": 5,
  "fd_perc": 11.11111111111111,
  "fwhm_avg": 2.330412791896397,
  "fwhm_x": 2.3030749090909093,
  "fwhm_y": 2.535187660292841,
  "fwhm_z": 2.1529758063054403,
  "gcor": 0.0258353,
  "gsr_x": -0.011379718780517578,
  "gsr_y": 0.025900166481733322,
  "provenance": {
    "md5sum": "cec8edd9b13f5dff114c0fe9f9792a1b",
    "settings": {
      "fd_thres": 0.2,
      "testing": false
    },
    "software": "mriqc",
    "version": "22.0.0rc1",
    "webapi_port": null,
    "webapi_url": "https://mriqc.nimh.nih.gov/api/v1"
  },
  "size_t": 45,
  "size_x": 64,
  "size_y": 64,
  "size_z": 40,
  "snr": 5.84896995822291,
  "spacing_tr": 3.0,
  "spacing_x": 3.4375,
  "spacing_y": 3.4375009536743164,
  "spacing_z": 3.400001049041748,
  "summary_bg_k": 23.340343422221192,
  "summary_bg_mad": 10.213482578113995,
  "summary_bg_mean": 61.27375030517578,
  "summary_bg_median": 21.044445037841797,
  "summary_bg_n": 110869.0,
  "summary_bg_p05": 6.044444561004639,
  "summary_bg_p95": 279.74666748046855,
  "summary_bg_stdv": 105.87003326416016,
  "summary_fg_k": 0.6999751097634652,
  "summary_fg_mad": 281.39779248333355,
  "summary_fg_mean": 1715.014892578125,
  "summary_fg_median": 1723.6334228515625,
  "summary_fg_n": 21314.0,
  "summary_fg_p05": 1233.3033813476563,
  "summary_fg_p95": 2180.5878784179686,
  "summary_fg_stdv": 294.68316650390625,
  "tsnr": 67.19654290005565
}