{
  "aor": 0.005176222222222223,
  "aqi": 0.0060426775555555545,
  "bids_meta": {
    "CogAtlasID": "trm_4c898f079d05e",
    "CogPOID": "",
    "EchoTime": 0.035,
    "FlipAngle": 90.0,
    "InPlanePhaseEncodingDirection": "COL",
    "MRAcquisitionType": "2D",
    "MagneticFieldStrength": 3.0,
    "Manufacturer": "GE",
    "ManufacturerModelName": "SIGNA HDx",
    "ReceiveCoilName": "8-channel head",
    "RepetitionTime": 3.0,
    "ScanOptions": "EPI.GEMS",
    "ScanningSequence": "EP/GR",
    "SequenceVariant": "SS",
    "SliceAcquisitionDirection": "sequential/ascending (bottom up)",
    "SliceGap": 0,
    "SliceTiming": [
      0.0,
      0.075,
      0.15,
      0.225,
      0.3,
      0.375,
      0.45,
      0.525,
      0.6,
      0.675,
      0.75,
      0.825,
      0.9,
      0.975,
      1.05,
      1.125,
      1.2,
      1.275,
      1.35,
      1.425,
      1.5,
      1.575,
      1.65,
      1.725,
      1.8,
      1.875,
      1.95,
      2.025,
      2.1,
      2.175,
      2.25,
      2.325,
      2.4,
      2.475,
      2.55,
      2.625,
      2.7,
      2.775,
      2.85,
      2.925
    ],
    "SliceTimingCalculationMethod": "slice_number * (RepetitionTime / num_slices)",
    "SoftwareVersion": "14/LX/MR Software release.14.0.M5A.0828.b",
    "TaskDescription": "Finger-to-thumb opposition sequence performed with the trained hand using the pre-trained sequence.",
    "TaskInstructions": "See published manuscripts.",
    "TaskName": "Trained Hand, Trained Sequence",
    "dataset": "ds000170",
    "modality": "bold",
    "run_id": 2,
    "subject_id": "1701",
    "task_id": "TrainedHandTrainedSequence"
  },
  "dummy_trs": 0,
  "dvars_nstd": 19.113784920227275,
  "dvars_std": 1.0979662461363633,
  "dvars_vstd": 0.9583415877272728,
  "efc": 0.44498742972827177,
  "fber": 6727.4140625,
  "fd_mean": 0.15304301485431349,
  "fd_num": 12,
  "fd_perc": 26.666666666666668,
  "fwhm_avg": 2.376722192054368,
  "fwhm_x": 2.322312727272727,
  "fwhm_y": 2.602989823300497,
  "fwhm_z": 2.2048640255898793,
  "gcor": 0.0140562,
  "gsr_x": -0.01181869674474001,
  "gsr_y": 0.02641635201871395,
  "provenance": {
    "md5sum": "85bbb62ba11ef3036642a51db4aab1cc",
    "settings": {
      "fd_thres": 0.2,
      "testing": false
    },
    "software": "mriqc",
    "version": "22.0.0rc1",
    "webapi_port": null,
    "webapi_url": "https://mriqc.nimh.nih.gov/api/v1"
  },
  "size_t": 45,
  "size_x": 64,
  "size_y": 64,
  "size_z": 40,
  "snr": 5.739815330194416,
  "spacing_tr": 3.0,
  "spacing_x": 3.4375,
  "spacing_y": 3.4375009536743164,
  "spacing_z": 3.400001049041748,
  "summary_bg_k": 23.011295455971684,
  "summary_bg_mad": 10.147589680327838,
  "summary_bg_mean": 61.58622360229492,
  "summary_bg_median": 21.066667556762695,
  "summary_bg_n": 110049.0,
  "summary_bg_p05": 6.022222518920898,
  "summary_bg_p95": 280.9244628906248,
  "summary_bg_stdv": 107.50424194335938,
  "summary_fg_k": 0.5468971993886727,
  "summary_fg_mad": 284.34661807503534,
  "summary_fg_mean": 1693.902587890625,
  "summary_fg_median": 1703.022216796875,
  "summary_fg_n": 21886.0,
  "summary_fg_p05": 1207.255615234375,
  "summary_fg_p95": 2162.6611938476562,
  "summary_fg_stdv": 296.696533203125,
  "tsnr": 69.1255099978298
}