{
  "aor": 0.006715111111111113,
  "aqi": 0.003994232888888888,
  "bids_meta": {
    "CogAtlasID": "trm_4c898f079d05e",
    "CogPOID": "",
    "EchoTime": 0.035,
    "FlipAngle": 90.0,
    "InPlanePhaseEncodingDirection": "COL",
    "MRAcquisitionType": "2D",
    "MagneticFieldStrength": 3.0,
    "Manufacturer": "GE",
    "ManufacturerModelName": "SIGNA HDx",
    "ReceiveCoilName": "8-channel head",
    "RepetitionTime": 3.0,
    "ScanOptions": "EPI.GEMS",
    "ScanningSequence": "EP/GR",
    "SequenceVariant": "SS",
    "SliceAcquisitionDirection": "sequential/ascending (bottom up)",
    "SliceGap": 0,
    "SliceTiming": [
      0.0,
      0.075,
      0.15,
      0.225,
      0.3,
      0.375,
      0.45,
      0.525,
      0.6,
      0.675,
      0.75,
      0.825,
      0.9,
      0.975,
      1.05,
      1.125,
      1.2,
      1.275,
      1.35,
      1.425,
      1.5,
      1.575,
      1.65,
      1.725,
      1.8,
      1.875,
      1.95,
      2.025,
      2.1,
      2.175,
      2.25,
      2.325,
      2.4,
      2.475,
      2.55,
      2.625,
      2.7,
      2.775,
      2.85,
      2.925
    ],
    "SliceTimingCalculationMethod": "slice_number * (RepetitionTime / num_slices)",
    "SoftwareVersion": "14/LX/MR Software release.14.0.M5A.0828.b",
    "TaskDescription": "Finger-to-thumb opposition sequence performed with the trained hand using the novel, untrained sequence.",
    "TaskInstructions": "See published manuscripts.",
    "TaskName": "Trained Hand, Untrained Sequence",
    "dataset": "ds000170",
    "modality": "bold",
    "run_id": 3,
    "subject_id": "1701",
    "task_id": "TrainedHandUntrainedSequence"
  },
  "dummy_trs": 0,
  "dvars_nstd": 18.746348944999998,
  "dvars_std": 1.209234653409091,
  "dvars_vstd": 1.0261749804545455,
  "efc": 0.44089295712023535,
  "fber": 6962.67919921875,
  "fd_mean": 0.1572612936071802,
  "fd_num": 9,
  "fd_perc": 20.0,
  "fwhm_avg": 2.3170644123483553,
  "fwhm_x": 2.282810181818182,
  "fwhm_y": 2.5235454817045784,
  "fwhm_z": 2.1448375735223064,
  "gcor": 0.0442037,
  "gsr_x": -0.011510726064443588,
  "gsr_y": 0.02596098929643631,
  "provenance": {
    "md5sum": "f57569234f8a7b0777bc5f39cb5ff7bf",
    "settings": {
      "fd_thres": 0.2,
      "testing": false
    },
    "software": "mriqc",
    "version": "22.0.0rc1",
    "webapi_port": null,
    "webapi_url": "https://mriqc.nimh.nih.gov/api/v1"
  },
  "size_t": 45,
  "size_x": 64,
  "size_y": 64,
  "size_z": 40,
  "snr": 5.825173930001011,
  "spacing_tr": 3.0,
  "spacing_x": 3.4375,
  "spacing_y": 3.4375009536743164,
  "spacing_z": 3.400001049041748,
  "summary_bg_k": 23.522276581842696,
  "summary_bg_mad": 9.94991098696937,
  "summary_bg_mean": 61.14018249511719,
  "summary_bg_median": 20.9777774810791,
  "summary_bg_n": 110791.0,
  "summary_bg_p05": 5.855555772781372,
  "summary_bg_p95": 278.0555725097656,
  "summary_bg_stdv": 105.93470764160156,
  "summary_fg_k": 0.687507026223475,
  "summary_fg_mad": 281.39779248333355,
  "summary_fg_mean": 1709.6961669921875,
  "summary_fg_median": 1717.5333251953125,
  "summary_fg_n": 21399.0,
  "summary_fg_p05": 1232.9222412109375,
  "summary_fg_p95": 2177.042211914062,
  "summary_fg_stdv": 294.8398132324219,
  "tsnr": 81.91629014909267
}