{
  "aor": 0.0052297777777777785,
  "aqi": 0.005980957111111111,
  "bids_meta": {
    "CogAtlasID": "trm_4c898f079d05e",
    "CogPOID": "",
    "EchoTime": 0.035,
    "FlipAngle": 90.0,
    "InPlanePhaseEncodingDirection": "COL",
    "MRAcquisitionType": "2D",
    "MagneticFieldStrength": 3.0,
    "Manufacturer": "GE",
    "ManufacturerModelName": "SIGNA HDx",
    "ReceiveCoilName": "8-channel head",
    "RepetitionTime": 3.0,
    "ScanOptions": "EPI.GEMS",
    "ScanningSequence": "EP/GR",
    "SequenceVariant": "SS",
    "SliceAcquisitionDirection": "sequential/ascending (bottom up)",
    "SliceGap": 0,
    "SliceTiming": [
      0.0,
      0.075,
      0.15,
      0.225,
      0.3,
      0.375,
      0.45,
      0.525,
      0.6,
      0.675,
      0.75,
      0.825,
      0.9,
      0.975,
      1.05,
      1.125,
      1.2,
      1.275,
      1.35,
      1.425,
      1.5,
      1.575,
      1.65,
      1.725,
      1.8,
      1.875,
      1.95,
      2.025,
      2.1,
      2.175,
      2.25,
      2.325,
      2.4,
      2.475,
      2.55,
      2.625,
      2.7,
      2.775,
      2.85,
      2.925
    ],
    "SliceTimingCalculationMethod": "slice_number * (RepetitionTime / num_slices)",
    "SoftwareVersion": "14/LX/MR Software release.14.0.M5A.0828.b",
    "TaskDescription": "Finger-to-thumb opposition sequence performed with the untrained hand using the pre-trained sequence.",
    "TaskInstructions": "See published manuscripts.",
    "TaskName": "Untrained Hand, Trained Sequence",
    "dataset": "ds000170",
    "modality": "bold",
    "run_id": 1,
    "subject_id": "1701",
    "task_id": "UntrainedHandTrainedSequence"
  },
  "dummy_trs": 0,
  "dvars_nstd": 17.84037568318182,
  "dvars_std": 1.0968559293181814,
  "dvars_vstd": 0.9745937893181819,
  "efc": 0.44468215023916624,
  "fber": 6662.083984375,
  "fd_mean": 0.152744715552345,
  "fd_num": 7,
  "fd_perc": 15.555555555555555,
  "fwhm_avg": 2.3730260185446252,
  "fwhm_x": 2.3226298181818184,
  "fwhm_y": 2.6034989140683495,
  "fwhm_z": 2.1929493233837083,
  "gcor": 0.0365646,
  "gsr_x": -0.011710071004927158,
  "gsr_y": 0.026409709826111794,
  "provenance": {
    "md5sum": "44a68698195452f91b78b689680928b2",
    "settings": {
      "fd_thres": 0.2,
      "testing": false
    },
    "software": "mriqc",
    "version": "22.0.0rc1",
    "webapi_port": null,
    "webapi_url": "https://mriqc.nimh.nih.gov/api/v1"
  },
  "size_t": 45,
  "size_x": 64,
  "size_y": 64,
  "size_z": 40,
  "snr": 5.720965315928419,
  "spacing_tr": 3.0,
  "spacing_x": 3.4375,
  "spacing_y": 3.4375009536743164,
  "spacing_z": 3.400001049041748,
  "summary_bg_k": 22.51387455520208,
  "summary_bg_mad": 10.279375475900151,
  "summary_bg_mean": 61.66862869262695,
  "summary_bg_median": 21.177778244018555,
  "summary_bg_n": 110086.0,
  "summary_bg_p05": 6.20555579662323,
  "summary_bg_p95": 281.8666687011719,
  "summary_bg_stdv": 107.4425277709961,
  "summary_fg_k": 0.5471841351523539,
  "summary_fg_mad": 284.8244098056084,
  "summary_fg_mean": 1693.747802734375,
  "summary_fg_median": 1703.04443359375,
  "summary_fg_n": 21810.0,
  "summary_fg_p05": 1204.6322448730468,
  "summary_fg_p95": 2164.075537109375,
  "summary_fg_stdv": 297.677978515625,
  "tsnr": 65.77947307750583
}