{
  "aor": 0.00616,
  "aqi": 0.0035321022222222225,
  "bids_meta": {
    "CogAtlasID": "trm_4c898f079d05e",
    "CogPOID": "",
    "EchoTime": 0.035,
    "FlipAngle": 90.0,
    "InPlanePhaseEncodingDirection": "COL",
    "MRAcquisitionType": "2D",
    "MagneticFieldStrength": 3.0,
    "Manufacturer": "GE",
    "ManufacturerModelName": "SIGNA HDx",
    "ReceiveCoilName": "8-channel head",
    "RepetitionTime": 3.0,
    "ScanOptions": "EPI.GEMS",
    "ScanningSequence": "EP/GR",
    "SequenceVariant": "SS",
    "SliceAcquisitionDirection": "sequential/ascending (bottom up)",
    "SliceGap": 0,
    "SliceTiming": [
      0.0,
      0.075,
      0.15,
      0.225,
      0.3,
      0.375,
      0.45,
      0.525,
      0.6,
      0.675,
      0.75,
      0.825,
      0.9,
      0.975,
      1.05,
      1.125,
      1.2,
      1.275,
      1.35,
      1.425,
      1.5,
      1.575,
      1.65,
      1.725,
      1.8,
      1.875,
      1.95,
      2.025,
      2.1,
      2.175,
      2.25,
      2.325,
      2.4,
      2.475,
      2.55,
      2.625,
      2.7,
      2.775,
      2.85,
      2.925
    ],
    "SliceTimingCalculationMethod": "slice_number * (RepetitionTime / num_slices)",
    "SoftwareVersion": "14/LX/MR Software release.14.0.M5A.0828.b",
    "TaskDescription": "Finger-to-thumb opposition sequence performed with the trained hand using the novel, untrained sequence.",
    "TaskInstructions": "See published manuscripts.",
    "TaskName": "Trained Hand, Untrained Sequence",
    "dataset": "ds000170",
    "modality": "bold",
    "run_id": 1,
    "subject_id": "1701",
    "task_id": "TrainedHandUntrainedSequence"
  },
  "dummy_trs": 0,
  "dvars_nstd": 19.0407617525,
  "dvars_std": 1.226727738409091,
  "dvars_vstd": 1.0359726525,
  "efc": 0.4376393720172405,
  "fber": 7044.8662109375,
  "fd_mean": 0.16252064031199256,
  "fd_num": 11,
  "fd_perc": 24.444444444444443,
  "fwhm_avg": 2.3127518510854466,
  "fwhm_x": 2.2914036363636363,
  "fwhm_y": 2.50450257789679,
  "fwhm_z": 2.142349338995913,
  "gcor": 0.035982,
  "gsr_x": -0.01032366044819355,
  "gsr_y": 0.02434517629444599,
  "provenance": {
    "md5sum": "a68348e08c0c8389856966b941c22e73",
    "settings": {
      "fd_thres": 0.2,
      "testing": false
    },
    "software": "mriqc",
    "version": "22.0.0rc1",
    "webapi_port": null,
    "webapi_url": "https://mriqc.nimh.nih.gov/api/v1"
  },
  "size_t": 45,
  "size_x": 64,
  "size_y": 64,
  "size_z": 40,
  "snr": 5.814323049793226,
  "spacing_tr": 3.0,
  "spacing_x": 3.4375,
  "spacing_y": 3.4375009536743164,
  "spacing_z": 3.400001049041748,
  "summary_bg_k": 23.75789296902921,
  "summary_bg_mad": 9.916961003277148,
  "summary_bg_mean": 61.2237548828125,
  "summary_bg_median": 21.0,
  "summary_bg_n": 111413.0,
  "summary_bg_p05": 6.10222234725953,
  "summary_bg_p95": 278.17779541015625,
  "summary_bg_stdv": 107.21389770507812,
  "summary_fg_k": 0.721953116944102,
  "summary_fg_mad": 284.52787126373573,
  "summary_fg_mean": 1715.9127197265625,
  "summary_fg_median": 1725.933349609375,
  "summary_fg_n": 20985.0,
  "summary_fg_p05": 1231.3156005859375,
  "summary_fg_p95": 2179.968896484375,
  "summary_fg_stdv": 296.8345947265625,
  "tsnr": 86.37050511874259
}