{
  "aor": 0.0071466666666666675,
  "aqi": 0.0026474400000000005,
  "bids_meta": {
    "CogAtlasID": "trm_4c898f079d05e",
    "CogPOID": "",
    "EchoTime": 0.035,
    "FlipAngle": 90.0,
    "InPlanePhaseEncodingDirection": "COL",
    "MRAcquisitionType": "2D",
    "MagneticFieldStrength": 3.0,
    "Manufacturer": "GE",
    "ManufacturerModelName": "SIGNA HDx",
    "ReceiveCoilName": "8-channel head",
    "RepetitionTime": 3.0,
    "ScanOptions": "EPI.GEMS",
    "ScanningSequence": "EP/GR",
    "SequenceVariant": "SS",
    "SliceAcquisitionDirection": "sequential/ascending (bottom up)",
    "SliceGap": 0,
    "SliceTiming": [
      0.0,
      0.075,
      0.15,
      0.225,
      0.3,
      0.375,
      0.45,
      0.525,
      0.6,
      0.675,
      0.75,
      0.825,
      0.9,
      0.975,
      1.05,
      1.125,
      1.2,
      1.275,
      1.35,
      1.425,
      1.5,
      1.575,
      1.65,
      1.725,
      1.8,
      1.875,
      1.95,
      2.025,
      2.1,
      2.175,
      2.25,
      2.325,
      2.4,
      2.475,
      2.55,
      2.625,
      2.7,
      2.775,
      2.85,
      2.925
    ],
    "SliceTimingCalculationMethod": "slice_number * (RepetitionTime / num_slices)",
    "SoftwareVersion": "14/LX/MR Software release.14.0.M5A.0828.b",
    "TaskDescription": "Finger-to-thumb opposition sequence performed with the trained hand using the pre-trained sequence.",
    "TaskInstructions": "See published manuscripts.",
    "TaskName": "Trained Hand, Trained Sequence",
    "dataset": "ds000170",
    "modality": "bold",
    "run_id": 1,
    "subject_id": "1701",
    "task_id": "TrainedHandTrainedSequence"
  },
  "dummy_trs": 0,
  "dvars_nstd": 17.93271727931818,
  "dvars_std": 1.2597747175,
  "dvars_vstd": 1.0476924047727272,
  "efc": 0.4477329357210455,
  "fber": 6679.77294921875,
  "fd_mean": 0.09585091141273526,
  "fd_num": 3,
  "fd_perc": 6.666666666666667,
  "fwhm_avg": 2.350587407487747,
  "fwhm_x": 2.315598545454545,
  "fwhm_y": 2.555167291113478,
  "fwhm_z": 2.1809963858952175,
  "gcor": 0.0331144,
  "gsr_x": -0.012006616219878197,
  "gsr_y": 0.028168419376015663,
  "provenance": {
    "md5sum": "acb26fd96fefd52926653eb5264d6d47",
    "settings": {
      "fd_thres": 0.2,
      "testing": false
    },
    "software": "mriqc",
    "version": "22.0.0rc1",
    "webapi_port": null,
    "webapi_url": "https://mriqc.nimh.nih.gov/api/v1"
  },
  "size_t": 45,
  "size_x": 64,
  "size_y": 64,
  "size_z": 40,
  "snr": 5.693105051587824,
  "spacing_tr": 3.0,
  "spacing_x": 3.4375,
  "spacing_y": 3.4375009536743164,
  "spacing_z": 3.400001049041748,
  "summary_bg_k": 22.365828913529086,
  "summary_bg_mad": 9.851069519410649,
  "summary_bg_mean": 62.05014419555664,
  "summary_bg_median": 20.955556869506836,
  "summary_bg_n": 109667.0,
  "summary_bg_p05": 5.6666669845581055,
  "summary_bg_p95": 285.41556701660147,
  "summary_bg_stdv": 109.06021118164062,
  "summary_fg_k": 0.5318386160352624,
  "summary_fg_mad": 284.93969515878086,
  "summary_fg_mean": 1675.8778076171875,
  "summary_fg_median": 1683.2222900390625,
  "summary_fg_n": 22194.0,
  "summary_fg_p05": 1187.8633666992187,
  "summary_fg_p95": 2142.552331542968,
  "summary_fg_stdv": 295.65313720703125,
  "tsnr": 95.90271578729153
}