{
  "aor": 0.008249333333333332,
  "aqi": 0.005451366444444445,
  "bids_meta": {
    "CogAtlasID": "trm_4c898f079d05e",
    "CogPOID": "",
    "EchoTime": 0.035,
    "FlipAngle": 90.0,
    "InPlanePhaseEncodingDirection": "COL",
    "MRAcquisitionType": "2D",
    "MagneticFieldStrength": 3.0,
    "Manufacturer": "GE",
    "ManufacturerModelName": "SIGNA HDx",
    "ReceiveCoilName": "8-channel head",
    "RepetitionTime": 3.0,
    "ScanOptions": "EPI.GEMS",
    "ScanningSequence": "EP/GR",
    "SequenceVariant": "SS",
    "SliceAcquisitionDirection": "sequential/ascending (bottom up)",
    "SliceGap": 0,
    "SliceTiming": [
      0.0,
      0.075,
      0.15,
      0.225,
      0.3,
      0.375,
      0.45,
      0.525,
      0.6,
      0.675,
      0.75,
      0.825,
      0.9,
      0.975,
      1.05,
      1.125,
      1.2,
      1.275,
      1.35,
      1.425,
      1.5,
      1.575,
      1.65,
      1.725,
      1.8,
      1.875,
      1.95,
      2.025,
      2.1,
      2.175,
      2.25,
      2.325,
      2.4,
      2.475,
      2.55,
      2.625,
      2.7,
      2.775,
      2.85,
      2.925
    ],
    "SliceTimingCalculationMethod": "slice_number * (RepetitionTime / num_slices)",
    "SoftwareVersion": "14/LX/MR Software release.14.0.M5A.0828.b",
    "TaskDescription": "Finger-to-thumb opposition sequence performed with the untrained hand using the pre-trained sequence.",
    "TaskInstructions": "See published manuscripts.",
    "TaskName": "Untrained Hand, Trained Sequence",
    "dataset": "ds000170",
    "modality": "bold",
    "run_id": 2,
    "subject_id": "1701",
    "task_id": "UntrainedHandTrainedSequence"
  },
  "dummy_trs": 0,
  "dvars_nstd": 21.077054305227275,
  "dvars_std": 1.1671998011363631,
  "dvars_vstd": 1.0403305538636365,
  "efc": 0.449415112612964,
  "fber": 6537.49853515625,
  "fd_mean": 0.217704071871305,
  "fd_num": 14,
  "fd_perc": 31.11111111111111,
  "fwhm_avg": 2.371778403964012,
  "fwhm_x": 2.323144727272727,
  "fwhm_y": 2.599135278915328,
  "fwhm_z": 2.1930552057039803,
  "gcor": 0.0257721,
  "gsr_x": -0.011930953711271286,
  "gsr_y": 0.029139550402760506,
  "provenance": {
    "md5sum": "529a465d1836fc2a3e8b24f0156a1057",
    "settings": {
      "fd_thres": 0.2,
      "testing": false
    },
    "software": "mriqc",
    "version": "22.0.0rc1",
    "webapi_port": null,
    "webapi_url": "https://mriqc.nimh.nih.gov/api/v1"
  },
  "size_t": 45,
  "size_x": 64,
  "size_y": 64,
  "size_z": 40,
  "snr": 5.726504380669382,
  "spacing_tr": 3.0,
  "spacing_x": 3.4375,
  "spacing_y": 3.4375009536743164,
  "spacing_z": 3.400001049041748,
  "summary_bg_k": 22.550196841180547,
  "summary_bg_mad": 10.213481164194338,
  "summary_bg_mean": 62.5848503112793,
  "summary_bg_median": 21.133333206176758,
  "summary_bg_n": 109465.0,
  "summary_bg_p05": 6.271111297607438,
  "summary_bg_p95": 290.71112060546875,
  "summary_bg_stdv": 109.3368148803711,
  "summary_fg_k": 0.5159477034595219,
  "summary_fg_mad": 283.4735622764427,
  "summary_fg_mean": 1673.3533935546875,
  "summary_fg_median": 1680.36669921875,
  "summary_fg_n": 22294.0,
  "summary_fg_p05": 1190.7833862304688,
  "summary_fg_p95": 2136.718957519531,
  "summary_fg_stdv": 293.4301452636719,
  "tsnr": 66.83369564521126
}