{
  "aor": 0.007409772727272728,
  "aqi": 0.003352903636363636,
  "bids_meta": {
    "CogAtlasID": "trm_4c898f079d05e",
    "CogPOID": "",
    "EchoTime": 0.035,
    "FlipAngle": 90.0,
    "InPlanePhaseEncodingDirection": "COL",
    "MRAcquisitionType": "2D",
    "MagneticFieldStrength": 3.0,
    "Manufacturer": "GE",
    "ManufacturerModelName": "SIGNA HDx",
    "ReceiveCoilName": "8-channel head",
    "RepetitionTime": 3.0,
    "ScanOptions": "EPI.GEMS",
    "ScanningSequence": "EP/GR",
    "SequenceVariant": "SS",
    "SliceAcquisitionDirection": "sequential/ascending (bottom up)",
    "SliceGap": 0,
    "SliceTiming": [
      0.0,
      0.075,
      0.15,
      0.225,
      0.3,
      0.375,
      0.45,
      0.525,
      0.6,
      0.675,
      0.75,
      0.825,
      0.9,
      0.975,
      1.05,
      1.125,
      1.2,
      1.275,
      1.35,
      1.425,
      1.5,
      1.575,
      1.65,
      1.725,
      1.8,
      1.875,
      1.95,
      2.025,
      2.1,
      2.175,
      2.25,
      2.325,
      2.4,
      2.475,
      2.55,
      2.625,
      2.7,
      2.775,
      2.85,
      2.925
    ],
    "SliceTimingCalculationMethod": "slice_number * (RepetitionTime / num_slices)",
    "SoftwareVersion": "14/LX/MR Software release.14.0.M5A.0828.b",
    "TaskDescription": "Finger-to-thumb opposition sequence performed with the trained hand using the pre-trained sequence.",
    "TaskInstructions": "See published manuscripts.",
    "TaskName": "Trained Hand, Trained Sequence",
    "dataset": "ds000170",
    "modality": "bold",
    "run_id": 3,
    "subject_id": "1701",
    "task_id": "TrainedHandTrainedSequence"
  },
  "dummy_trs": 1,
  "dvars_nstd": 18.257285517906976,
  "dvars_std": 1.1716853300000003,
  "dvars_vstd": 1.0140383709302327,
  "efc": 0.4422955749605046,
  "fber": 6786.796875,
  "fd_mean": 0.17437740991333953,
  "fd_num": 8,
  "fd_perc": 18.181818181818183,
  "fwhm_avg": 2.3320949630746273,
  "fwhm_x": 2.3090996363636362,
  "fwhm_y": 2.530812388779411,
  "fwhm_z": 2.1563728640808355,
  "gcor": 0.0358485,
  "gsr_x": -0.011640185490250587,
  "gsr_y": 0.025120943784713745,
  "provenance": {
    "md5sum": "011dadc451351aaa96c7e9534b934934",
    "settings": {
      "fd_thres": 0.2,
      "testing": false
    },
    "software": "mriqc",
    "version": "22.0.0rc1",
    "webapi_port": null,
    "webapi_url": "https://mriqc.nimh.nih.gov/api/v1"
  },
  "size_t": 44,
  "size_x": 64,
  "size_y": 64,
  "size_z": 40,
  "snr": 5.736410892029364,
  "spacing_tr": 3.0,
  "spacing_x": 3.4375,
  "spacing_y": 3.4375009536743164,
  "spacing_z": 3.400001049041748,
  "summary_bg_k": 23.51302606434547,
  "summary_bg_mad": 9.940174736209645,
  "summary_bg_mean": 61.36085510253906,
  "summary_bg_median": 21.022727966308594,
  "summary_bg_n": 110538.0,
  "summary_bg_p05": 5.977272987365723,
  "summary_bg_p95": 280.43182373046875,
  "summary_bg_stdv": 108.06816864013672,
  "summary_fg_k": 0.5508201914239175,
  "summary_fg_mad": 285.4346801523859,
  "summary_fg_mean": 1696.55078125,
  "summary_fg_median": 1705.1478271484375,
  "summary_fg_n": 21528.0,
  "summary_fg_p05": 1211.7761962890625,
  "summary_fg_p95": 2170.04541015625,
  "summary_fg_stdv": 297.2430419921875,
  "tsnr": 84.31006753514521
}