{
  "aor": 0.010400444444444445,
  "aqi": 0.003973118222222222,
  "bids_meta": {
    "CogAtlasID": "trm_4c898f079d05e",
    "CogPOID": "",
    "EchoTime": 0.035,
    "FlipAngle": 90.0,
    "InPlanePhaseEncodingDirection": "COL",
    "MRAcquisitionType": "2D",
    "MagneticFieldStrength": 3.0,
    "Manufacturer": "GE",
    "ManufacturerModelName": "SIGNA HDx",
    "ReceiveCoilName": "8-channel head",
    "RepetitionTime": 3.0,
    "ScanOptions": "EPI.GEMS",
    "ScanningSequence": "EP/GR",
    "SequenceVariant": "SS",
    "SliceAcquisitionDirection": "sequential/ascending (bottom up)",
    "SliceGap": 0,
    "SliceTiming": [
      0.0,
      0.075,
      0.15,
      0.225,
      0.3,
      0.375,
      0.45,
      0.525,
      0.6,
      0.675,
      0.75,
      0.825,
      0.9,
      0.975,
      1.05,
      1.125,
      1.2,
      1.275,
      1.35,
      1.425,
      1.5,
      1.575,
      1.65,
      1.725,
      1.8,
      1.875,
      1.95,
      2.025,
      2.1,
      2.175,
      2.25,
      2.325,
      2.4,
      2.475,
      2.55,
      2.625,
      2.7,
      2.775,
      2.85,
      2.925
    ],
    "SliceTimingCalculationMethod": "slice_number * (RepetitionTime / num_slices)",
    "SoftwareVersion": "14/LX/MR Software release.14.0.M5A.0828.b",
    "TaskDescription": "Finger-to-thumb opposition sequence performed with the trained hand using the novel, untrained sequence.",
    "TaskInstructions": "See published manuscripts.",
    "TaskName": "Trained Hand, Untrained Sequence",
    "dataset": "ds000170",
    "modality": "bold",
    "run_id": 3,
    "subject_id": "1712",
    "task_id": "TrainedHandUntrainedSequence"
  },
  "dummy_trs": 0,
  "dvars_nstd": 20.6395277975,
  "dvars_std": 1.375423106363636,
  "dvars_vstd": 1.0855983495454546,
  "efc": 0.5165918717259262,
  "fber": 4004.90283203125,
  "fd_mean": 0.12759328403222667,
  "fd_num": 8,
  "fd_perc": 17.77777777777778,
  "fwhm_avg": 2.4109365871838278,
  "fwhm_x": 2.2759127272727273,
  "fwhm_y": 2.6588712727272727,
  "fwhm_z": 2.298025761551482,
  "gcor": 0.0436373,
  "gsr_x": -0.004661340266466141,
  "gsr_y": 0.042864762246608734,
  "provenance": {
    "md5sum": "2d6220d3b9c63b46468458fbfc33d691",
    "settings": {
      "fd_thres": 0.2,
      "testing": false
    },
    "software": "mriqc",
    "version": "22.0.0rc1",
    "webapi_port": null,
    "webapi_url": "https://mriqc.nimh.nih.gov/api/v1"
  },
  "size_t": 45,
  "size_x": 64,
  "size_y": 64,
  "size_z": 40,
  "snr": 5.21021706297523,
  "spacing_tr": 3.0,
  "spacing_x": 3.4375,
  "spacing_y": 3.4375,
  "spacing_z": 3.400001049041748,
  "summary_bg_k": 26.31985307595717,
  "summary_bg_mad": 16.440410199133932,
  "summary_bg_mean": 85.0707778930664,
  "summary_bg_median": 26.266666412353516,
  "summary_bg_n": 99080.0,
  "summary_bg_p05": 3.777777910232544,
  "summary_bg_p95": 363.89221954345624,
  "summary_bg_stdv": 153.2935791015625,
  "summary_fg_k": 0.7078073756965186,
  "summary_fg_mad": 284.85725798708535,
  "summary_fg_mean": 1594.9927978515625,
  "summary_fg_median": 1596.04443359375,
  "summary_fg_n": 31002.0,
  "summary_fg_p05": 1093.0688720703124,
  "summary_fg_p95": 2091.638977050781,
  "summary_fg_stdv": 306.3247985839844,
  "tsnr": 98.4091491419822
}