{
  "aor": 0.0068015555555555555,
  "aqi": 0.002472621111111111,
  "bids_meta": {
    "CogAtlasID": "trm_4c898f079d05e",
    "CogPOID": "",
    "EchoTime": 0.035,
    "FlipAngle": 90.0,
    "InPlanePhaseEncodingDirection": "COL",
    "MRAcquisitionType": "2D",
    "MagneticFieldStrength": 3.0,
    "Manufacturer": "GE",
    "ManufacturerModelName": "SIGNA HDx",
    "ReceiveCoilName": "8-channel head",
    "RepetitionTime": 3.0,
    "ScanOptions": "EPI.GEMS",
    "ScanningSequence": "EP/GR",
    "SequenceVariant": "SS",
    "SliceAcquisitionDirection": "sequential/ascending (bottom up)",
    "SliceGap": 0,
    "SliceTiming": [
      0.0,
      0.075,
      0.15,
      0.225,
      0.3,
      0.375,
      0.45,
      0.525,
      0.6,
      0.675,
      0.75,
      0.825,
      0.9,
      0.975,
      1.05,
      1.125,
      1.2,
      1.275,
      1.35,
      1.425,
      1.5,
      1.575,
      1.65,
      1.725,
      1.8,
      1.875,
      1.95,
      2.025,
      2.1,
      2.175,
      2.25,
      2.325,
      2.4,
      2.475,
      2.55,
      2.625,
      2.7,
      2.775,
      2.85,
      2.925
    ],
    "SliceTimingCalculationMethod": "slice_number * (RepetitionTime / num_slices)",
    "SoftwareVersion": "14/LX/MR Software release.14.0.M5A.0828.b",
    "TaskDescription": "Finger-to-thumb opposition sequence performed with the trained hand using the novel, untrained sequence.",
    "TaskInstructions": "See published manuscripts.",
    "TaskName": "Trained Hand, Untrained Sequence",
    "dataset": "ds000170",
    "modality": "bold",
    "run_id": 1,
    "subject_id": "1712",
    "task_id": "TrainedHandUntrainedSequence"
  },
  "dummy_trs": 0,
  "dvars_nstd": 18.638474377500003,
  "dvars_std": 1.4062382474999995,
  "dvars_vstd": 1.0580222281818183,
  "efc": 0.5132042590308739,
  "fber": 4064.43310546875,
  "fd_mean": 0.049109103109999254,
  "fd_num": 0,
  "fd_perc": 0.0,
  "fwhm_avg": 2.3850353749704607,
  "fwhm_x": 2.267642181818182,
  "fwhm_y": 2.6232058181818183,
  "fwhm_z": 2.264258124911382,
  "gcor": 0.0248876,
  "gsr_x": -0.004630113020539284,
  "gsr_y": 0.038959890604019165,
  "provenance": {
    "md5sum": "eefb4eb1fa2d0e070e0767fdbabbbda2",
    "settings": {
      "fd_thres": 0.2,
      "testing": false
    },
    "software": "mriqc",
    "version": "22.0.0rc1",
    "webapi_port": null,
    "webapi_url": "https://mriqc.nimh.nih.gov/api/v1"
  },
  "size_t": 45,
  "size_x": 64,
  "size_y": 64,
  "size_z": 40,
  "snr": 5.226954021828763,
  "spacing_tr": 3.0,
  "spacing_x": 3.4375,
  "spacing_y": 3.4375,
  "spacing_z": 3.400001049041748,
  "summary_bg_k": 27.29368346593923,
  "summary_bg_mad": 16.012104242644433,
  "summary_bg_mean": 84.0101547241211,
  "summary_bg_median": 26.35555648803711,
  "summary_bg_n": 99561.0,
  "summary_bg_p05": 3.622222423553467,
  "summary_bg_p95": 358.8222351074219,
  "summary_bg_stdv": 151.70567321777344,
  "summary_fg_k": 0.6688310018207906,
  "summary_fg_mad": 285.1703563559836,
  "summary_fg_mean": 1611.771728515625,
  "summary_fg_median": 1612.7333984375,
  "summary_fg_n": 30606.0,
  "summary_fg_p05": 1103.4222717285156,
  "summary_fg_p95": 2112.6834106445312,
  "summary_fg_stdv": 308.53668212890625,
  "tsnr": 124.66184572409838
}