{
  "aor": 0.004792666666666666,
  "aqi": 0.0020661466666666664,
  "bids_meta": {
    "CogAtlasID": "trm_4c898f079d05e",
    "CogPOID": "",
    "EchoTime": 0.035,
    "FlipAngle": 90.0,
    "InPlanePhaseEncodingDirection": "COL",
    "MRAcquisitionType": "2D",
    "MagneticFieldStrength": 3.0,
    "Manufacturer": "GE",
    "ManufacturerModelName": "SIGNA HDx",
    "ReceiveCoilName": "8-channel head",
    "RepetitionTime": 3.0,
    "ScanOptions": "EPI.GEMS",
    "ScanningSequence": "EP/GR",
    "SequenceVariant": "SS",
    "SliceAcquisitionDirection": "sequential/ascending (bottom up)",
    "SliceGap": 0,
    "SliceTiming": [
      0.0,
      0.075,
      0.15,
      0.225,
      0.3,
      0.375,
      0.45,
      0.525,
      0.6,
      0.675,
      0.75,
      0.825,
      0.9,
      0.975,
      1.05,
      1.125,
      1.2,
      1.275,
      1.35,
      1.425,
      1.5,
      1.575,
      1.65,
      1.725,
      1.8,
      1.875,
      1.95,
      2.025,
      2.1,
      2.175,
      2.25,
      2.325,
      2.4,
      2.475,
      2.55,
      2.625,
      2.7,
      2.775,
      2.85,
      2.925
    ],
    "SliceTimingCalculationMethod": "slice_number * (RepetitionTime / num_slices)",
    "SoftwareVersion": "14/LX/MR Software release.14.0.M5A.0828.b",
    "TaskDescription": "Finger-to-thumb opposition sequence performed with the untrained hand using the pre-trained sequence.",
    "TaskInstructions": "See published manuscripts.",
    "TaskName": "Untrained Hand, Trained Sequence",
    "dataset": "ds000170",
    "modality": "bold",
    "run_id": 1,
    "subject_id": "1712",
    "task_id": "UntrainedHandTrainedSequence"
  },
  "dummy_trs": 0,
  "dvars_nstd": 18.642112038409095,
  "dvars_std": 1.4076895495454547,
  "dvars_vstd": 1.0374955938636368,
  "efc": 0.518780419730266,
  "fber": 3936.781982421875,
  "fd_mean": 0.03826289904799471,
  "fd_num": 0,
  "fd_perc": 0.0,
  "fwhm_avg": 2.420831250919757,
  "fwhm_x": 2.2889192727272727,
  "fwhm_y": 2.681716363636364,
  "fwhm_z": 2.291858116395634,
  "gcor": 0.0256247,
  "gsr_x": -0.005576645955443382,
  "gsr_y": 0.041799094527959824,
  "provenance": {
    "md5sum": "bda1e759c364717ba9436e17e9b1eb7b",
    "settings": {
      "fd_thres": 0.2,
      "testing": false
    },
    "software": "mriqc",
    "version": "22.0.0rc1",
    "webapi_port": null,
    "webapi_url": "https://mriqc.nimh.nih.gov/api/v1"
  },
  "size_t": 45,
  "size_x": 64,
  "size_y": 64,
  "size_z": 40,
  "snr": 5.181563866361669,
  "spacing_tr": 3.0,
  "spacing_x": 3.4375,
  "spacing_y": 3.4375,
  "spacing_z": 3.400001049041748,
  "summary_bg_k": 23.463669048978325,
  "summary_bg_mad": 16.769878929823687,
  "summary_bg_mean": 85.34412384033203,
  "summary_bg_median": 26.488889694213867,
  "summary_bg_n": 98628.0,
  "summary_bg_p05": 3.555555582046509,
  "summary_bg_p95": 365.14001617431614,
  "summary_bg_stdv": 152.2600555419922,
  "summary_fg_k": 0.6150766506512619,
  "summary_fg_mad": 284.61021794457315,
  "summary_fg_mean": 1599.8193359375,
  "summary_fg_median": 1600.122314453125,
  "summary_fg_n": 31290.0,
  "summary_fg_p05": 1092.6945190429688,
  "summary_fg_p95": 2106.858923339844,
  "summary_fg_stdv": 308.8057556152344,
  "tsnr": 127.89487671875395
}