{
  "aor": 0.004962,
  "aqi": 0.0034005986666666662,
  "bids_meta": {
    "CogAtlasID": "trm_4c898f079d05e",
    "CogPOID": "",
    "EchoTime": 0.035,
    "FlipAngle": 90.0,
    "InPlanePhaseEncodingDirection": "COL",
    "MRAcquisitionType": "2D",
    "MagneticFieldStrength": 3.0,
    "Manufacturer": "GE",
    "ManufacturerModelName": "SIGNA HDx",
    "ReceiveCoilName": "8-channel head",
    "RepetitionTime": 3.0,
    "ScanOptions": "EPI.GEMS",
    "ScanningSequence": "EP/GR",
    "SequenceVariant": "SS",
    "SliceAcquisitionDirection": "sequential/ascending (bottom up)",
    "SliceGap": 0,
    "SliceTiming": [
      0.0,
      0.075,
      0.15,
      0.225,
      0.3,
      0.375,
      0.45,
      0.525,
      0.6,
      0.675,
      0.75,
      0.825,
      0.9,
      0.975,
      1.05,
      1.125,
      1.2,
      1.275,
      1.35,
      1.425,
      1.5,
      1.575,
      1.65,
      1.725,
      1.8,
      1.875,
      1.95,
      2.025,
      2.1,
      2.175,
      2.25,
      2.325,
      2.4,
      2.475,
      2.55,
      2.625,
      2.7,
      2.775,
      2.85,
      2.925
    ],
    "SliceTimingCalculationMethod": "slice_number * (RepetitionTime / num_slices)",
    "SoftwareVersion": "14/LX/MR Software release.14.0.M5A.0828.b",
    "TaskDescription": "Finger-to-thumb opposition sequence performed with the trained hand using the novel, untrained sequence.",
    "TaskInstructions": "See published manuscripts.",
    "TaskName": "Trained Hand, Untrained Sequence",
    "dataset": "ds000170",
    "modality": "bold",
    "run_id": 2,
    "subject_id": "1712",
    "task_id": "TrainedHandUntrainedSequence"
  },
  "dummy_trs": 0,
  "dvars_nstd": 18.598341117954547,
  "dvars_std": 1.3464266424999995,
  "dvars_vstd": 1.0398987486363636,
  "efc": 0.5196422553259703,
  "fber": 3942.718994140625,
  "fd_mean": 0.05912977535989681,
  "fd_num": 1,
  "fd_perc": 2.2222222222222223,
  "fwhm_avg": 2.4118477216798073,
  "fwhm_x": 2.276349090909091,
  "fwhm_y": 2.669006545454545,
  "fwhm_z": 2.290187528675786,
  "gcor": 0.0582751,
  "gsr_x": -0.005751678720116615,
  "gsr_y": 0.04440266638994217,
  "provenance": {
    "md5sum": "b3e75b70ca23e6c5cf50fa1d7080774a",
    "settings": {
      "fd_thres": 0.2,
      "testing": false
    },
    "software": "mriqc",
    "version": "22.0.0rc1",
    "webapi_port": null,
    "webapi_url": "https://mriqc.nimh.nih.gov/api/v1"
  },
  "size_t": 45,
  "size_x": 64,
  "size_y": 64,
  "size_z": 40,
  "snr": 5.192815162077125,
  "spacing_tr": 3.0,
  "spacing_x": 3.4375,
  "spacing_y": 3.4375,
  "spacing_z": 3.400001049041748,
  "summary_bg_k": 26.996006132949496,
  "summary_bg_mad": 16.802826085676593,
  "summary_bg_mean": 86.15557098388672,
  "summary_bg_median": 26.44444465637207,
  "summary_bg_n": 98597.0,
  "summary_bg_p05": 3.4666666984558105,
  "summary_bg_p95": 370.3999938964844,
  "summary_bg_stdv": 154.49148559570312,
  "summary_fg_k": 0.6154781925567434,
  "summary_fg_mad": 283.09467705373254,
  "summary_fg_mean": 1592.5809326171875,
  "summary_fg_median": 1591.2445068359375,
  "summary_fg_n": 31314.0,
  "summary_fg_p05": 1092.8200439453126,
  "summary_fg_p95": 2095.0899780273435,
  "summary_fg_stdv": 306.42706298828125,
  "tsnr": 117.42927149869502
}