{
  "aor": 0.011010666666666667,
  "aqi": 0.003011623333333333,
  "bids_meta": {
    "CogAtlasID": "trm_4c898f079d05e",
    "CogPOID": "",
    "EchoTime": 0.035,
    "FlipAngle": 90.0,
    "InPlanePhaseEncodingDirection": "COL",
    "MRAcquisitionType": "2D",
    "MagneticFieldStrength": 3.0,
    "Manufacturer": "GE",
    "ManufacturerModelName": "SIGNA HDx",
    "ReceiveCoilName": "8-channel head",
    "RepetitionTime": 3.0,
    "ScanOptions": "EPI.GEMS",
    "ScanningSequence": "EP/GR",
    "SequenceVariant": "SS",
    "SliceAcquisitionDirection": "sequential/ascending (bottom up)",
    "SliceGap": 0,
    "SliceTiming": [
      0.0,
      0.075,
      0.15,
      0.225,
      0.3,
      0.375,
      0.45,
      0.525,
      0.6,
      0.675,
      0.75,
      0.825,
      0.9,
      0.975,
      1.05,
      1.125,
      1.2,
      1.275,
      1.35,
      1.425,
      1.5,
      1.575,
      1.65,
      1.725,
      1.8,
      1.875,
      1.95,
      2.025,
      2.1,
      2.175,
      2.25,
      2.325,
      2.4,
      2.475,
      2.55,
      2.625,
      2.7,
      2.775,
      2.85,
      2.925
    ],
    "SliceTimingCalculationMethod": "slice_number * (RepetitionTime / num_slices)",
    "SoftwareVersion": "14/LX/MR Software release.14.0.M5A.0828.b",
    "TaskDescription": "Finger-to-thumb opposition sequence performed with the trained hand using the pre-trained sequence.",
    "TaskInstructions": "See published manuscripts.",
    "TaskName": "Trained Hand, Trained Sequence",
    "dataset": "ds000170",
    "modality": "bold",
    "run_id": 2,
    "subject_id": "1712",
    "task_id": "TrainedHandTrainedSequence"
  },
  "dummy_trs": 0,
  "dvars_nstd": 19.731295715227272,
  "dvars_std": 1.410449835227273,
  "dvars_vstd": 1.0911452849999999,
  "efc": 0.5160134632945356,
  "fber": 3983.099853515625,
  "fd_mean": 0.07248188694664219,
  "fd_num": 5,
  "fd_perc": 11.11111111111111,
  "fwhm_avg": 2.3990637438512152,
  "fwhm_x": 2.272203636363636,
  "fwhm_y": 2.6423941818181818,
  "fwhm_z": 2.282593413371828,
  "gcor": 0.0568054,
  "gsr_x": -0.006012653931975365,
  "gsr_y": 0.0407620370388031,
  "provenance": {
    "md5sum": "84f168d6a0836754fe5ee921ba41b47d",
    "settings": {
      "fd_thres": 0.2,
      "testing": false
    },
    "software": "mriqc",
    "version": "22.0.0rc1",
    "webapi_port": null,
    "webapi_url": "https://mriqc.nimh.nih.gov/api/v1"
  },
  "size_t": 45,
  "size_x": 64,
  "size_y": 64,
  "size_z": 40,
  "snr": 5.2170375468565835,
  "spacing_tr": 3.0,
  "spacing_x": 3.4375,
  "spacing_y": 3.4375,
  "spacing_z": 3.400001049041748,
  "summary_bg_k": 29.102608451515813,
  "summary_bg_mad": 16.539254494531967,
  "summary_bg_mean": 84.61602783203125,
  "summary_bg_median": 26.55555534362793,
  "summary_bg_n": 99052.0,
  "summary_bg_p05": 3.5333333015441895,
  "summary_bg_p95": 360.10668487548804,
  "summary_bg_stdv": 153.29615783691406,
  "summary_fg_k": 0.6517053345663468,
  "summary_fg_mad": 284.19830355867,
  "summary_fg_mean": 1609.197998046875,
  "summary_fg_median": 1609.622314453125,
  "summary_fg_n": 30995.0,
  "summary_fg_p05": 1101.0066650390625,
  "summary_fg_p95": 2112.7400634765627,
  "summary_fg_stdv": 308.5268859863281,
  "tsnr": 107.06812205910683
}