{
  "aor": 0.00749688888888889,
  "aqi": 0.004353550444444444,
  "bids_meta": {
    "CogAtlasID": "trm_4c898f079d05e",
    "CogPOID": "",
    "EchoTime": 0.035,
    "FlipAngle": 90.0,
    "InPlanePhaseEncodingDirection": "COL",
    "MRAcquisitionType": "2D",
    "MagneticFieldStrength": 3.0,
    "Manufacturer": "GE",
    "ManufacturerModelName": "SIGNA HDx",
    "ReceiveCoilName": "8-channel head",
    "RepetitionTime": 3.0,
    "ScanOptions": "EPI.GEMS",
    "ScanningSequence": "EP/GR",
    "SequenceVariant": "SS",
    "SliceAcquisitionDirection": "sequential/ascending (bottom up)",
    "SliceGap": 0,
    "SliceTiming": [
      0.0,
      0.075,
      0.15,
      0.225,
      0.3,
      0.375,
      0.45,
      0.525,
      0.6,
      0.675,
      0.75,
      0.825,
      0.9,
      0.975,
      1.05,
      1.125,
      1.2,
      1.275,
      1.35,
      1.425,
      1.5,
      1.575,
      1.65,
      1.725,
      1.8,
      1.875,
      1.95,
      2.025,
      2.1,
      2.175,
      2.25,
      2.325,
      2.4,
      2.475,
      2.55,
      2.625,
      2.7,
      2.775,
      2.85,
      2.925
    ],
    "SliceTimingCalculationMethod": "slice_number * (RepetitionTime / num_slices)",
    "SoftwareVersion": "14/LX/MR Software release.14.0.M5A.0828.b",
    "TaskDescription": "Finger-to-thumb opposition sequence performed with the untrained hand using the novel, untrained sequence.",
    "TaskInstructions": "See published manuscripts.",
    "TaskName": "Untrained Hand, Untrained Sequence",
    "dataset": "ds000170",
    "modality": "bold",
    "run_id": 2,
    "subject_id": "1712",
    "task_id": "UntrainedHandUntrainedSequence"
  },
  "dummy_trs": 0,
  "dvars_nstd": 18.892553459545454,
  "dvars_std": 1.3782649900000001,
  "dvars_vstd": 1.075606716590909,
  "efc": 0.5173433907578531,
  "fber": 3972.722900390625,
  "fd_mean": 0.06421727971232417,
  "fd_num": 2,
  "fd_perc": 4.444444444444445,
  "fwhm_avg": 2.4153295360875418,
  "fwhm_x": 2.2754705454545454,
  "fwhm_y": 2.6782981818181817,
  "fwhm_z": 2.292219880989897,
  "gcor": 0.0592147,
  "gsr_x": -0.0046537877060472965,
  "gsr_y": 0.04361219331622124,
  "provenance": {
    "md5sum": "c13a4b56524438444040415f01ff1ac4",
    "settings": {
      "fd_thres": 0.2,
      "testing": false
    },
    "software": "mriqc",
    "version": "22.0.0rc1",
    "webapi_port": null,
    "webapi_url": "https://mriqc.nimh.nih.gov/api/v1"
  },
  "size_t": 45,
  "size_x": 64,
  "size_y": 64,
  "size_z": 40,
  "snr": 5.183982719855683,
  "spacing_tr": 3.0,
  "spacing_x": 3.4375,
  "spacing_y": 3.4375,
  "spacing_z": 3.400001049041748,
  "summary_bg_k": 28.7164111321296,
  "summary_bg_mad": 16.506305924759406,
  "summary_bg_mean": 85.66169738769531,
  "summary_bg_median": 26.35555648803711,
  "summary_bg_n": 98917.0,
  "summary_bg_p05": 3.7288889408111614,
  "summary_bg_p95": 366.8933349609374,
  "summary_bg_stdv": 155.2916717529297,
  "summary_fg_k": 0.6748297787891628,
  "summary_fg_mad": 285.0219513487602,
  "summary_fg_mean": 1591.1729736328125,
  "summary_fg_median": 1592.5777587890625,
  "summary_fg_n": 31088.0,
  "summary_fg_p05": 1087.7399841308595,
  "summary_fg_p95": 2087.420141601562,
  "summary_fg_stdv": 307.206298828125,
  "tsnr": 109.34281153744087
}