{
  "aor": 0.004415555555555556,
  "aqi": 0.0048248480000000005,
  "bids_meta": {
    "CogAtlasID": "trm_4c898f079d05e",
    "CogPOID": "",
    "EchoTime": 0.035,
    "FlipAngle": 90.0,
    "InPlanePhaseEncodingDirection": "COL",
    "MRAcquisitionType": "2D",
    "MagneticFieldStrength": 3.0,
    "Manufacturer": "GE",
    "ManufacturerModelName": "SIGNA HDx",
    "ReceiveCoilName": "8-channel head",
    "RepetitionTime": 3.0,
    "ScanOptions": "EPI.GEMS",
    "ScanningSequence": "EP/GR",
    "SequenceVariant": "SS",
    "SliceAcquisitionDirection": "sequential/ascending (bottom up)",
    "SliceGap": 0,
    "SliceTiming": [
      0.0,
      0.075,
      0.15,
      0.225,
      0.3,
      0.375,
      0.45,
      0.525,
      0.6,
      0.675,
      0.75,
      0.825,
      0.9,
      0.975,
      1.05,
      1.125,
      1.2,
      1.275,
      1.35,
      1.425,
      1.5,
      1.575,
      1.65,
      1.725,
      1.8,
      1.875,
      1.95,
      2.025,
      2.1,
      2.175,
      2.25,
      2.325,
      2.4,
      2.475,
      2.55,
      2.625,
      2.7,
      2.775,
      2.85,
      2.925
    ],
    "SliceTimingCalculationMethod": "slice_number * (RepetitionTime / num_slices)",
    "SoftwareVersion": "14/LX/MR Software release.14.0.M5A.0828.b",
    "TaskDescription": "Finger-to-thumb opposition sequence performed with the untrained hand using the novel, untrained sequence.",
    "TaskInstructions": "See published manuscripts.",
    "TaskName": "Untrained Hand, Untrained Sequence",
    "dataset": "ds000170",
    "modality": "bold",
    "run_id": 3,
    "subject_id": "1712",
    "task_id": "UntrainedHandUntrainedSequence"
  },
  "dummy_trs": 0,
  "dvars_nstd": 18.824871691818178,
  "dvars_std": 1.3764127381818183,
  "dvars_vstd": 1.0404205586363637,
  "efc": 0.5173943292804716,
  "fber": 3987.05322265625,
  "fd_mean": 0.055992828402676546,
  "fd_num": 0,
  "fd_perc": 0.0,
  "fwhm_avg": 2.4092142708570137,
  "fwhm_x": 2.274533818181818,
  "fwhm_y": 2.6644538181818183,
  "fwhm_z": 2.288655176207404,
  "gcor": 0.0563389,
  "gsr_x": -0.004842560738325119,
  "gsr_y": 0.04373518005013466,
  "provenance": {
    "md5sum": "dce98bb817989735fd53c9355458ffb8",
    "settings": {
      "fd_thres": 0.2,
      "testing": false
    },
    "software": "mriqc",
    "version": "22.0.0rc1",
    "webapi_port": null,
    "webapi_url": "https://mriqc.nimh.nih.gov/api/v1"
  },
  "size_t": 45,
  "size_x": 64,
  "size_y": 64,
  "size_z": 40,
  "snr": 5.189251306468376,
  "spacing_tr": 3.0,
  "spacing_x": 3.4375,
  "spacing_y": 3.4375,
  "spacing_z": 3.400001049041748,
  "summary_bg_k": 29.335580288270172,
  "summary_bg_mad": 16.53924883885334,
  "summary_bg_mean": 86.28778076171875,
  "summary_bg_median": 26.377779006958008,
  "summary_bg_n": 98979.0,
  "summary_bg_p05": 3.6666667461395264,
  "summary_bg_p95": 369.3555603027344,
  "summary_bg_stdv": 157.2640380859375,
  "summary_fg_k": 0.67000194952392,
  "summary_fg_mad": 284.9231353317553,
  "summary_fg_mean": 1595.9798583984375,
  "summary_fg_median": 1597.666748046875,
  "summary_fg_n": 31101.0,
  "summary_fg_p05": 1090.800048828125,
  "summary_fg_p95": 2097.60009765625,
  "summary_fg_stdv": 307.87506103515625,
  "tsnr": 118.77918768161908
}