{
  "aor": 0.005654444444444445,
  "aqi": 0.0027659204444444446,
  "bids_meta": {
    "CogAtlasID": "trm_4c898f079d05e",
    "CogPOID": "",
    "EchoTime": 0.035,
    "FlipAngle": 90.0,
    "InPlanePhaseEncodingDirection": "COL",
    "MRAcquisitionType": "2D",
    "MagneticFieldStrength": 3.0,
    "Manufacturer": "GE",
    "ManufacturerModelName": "SIGNA HDx",
    "ReceiveCoilName": "8-channel head",
    "RepetitionTime": 3.0,
    "ScanOptions": "EPI.GEMS",
    "ScanningSequence": "EP/GR",
    "SequenceVariant": "SS",
    "SliceAcquisitionDirection": "sequential/ascending (bottom up)",
    "SliceGap": 0,
    "SliceTiming": [
      0.0,
      0.075,
      0.15,
      0.225,
      0.3,
      0.375,
      0.45,
      0.525,
      0.6,
      0.675,
      0.75,
      0.825,
      0.9,
      0.975,
      1.05,
      1.125,
      1.2,
      1.275,
      1.35,
      1.425,
      1.5,
      1.575,
      1.65,
      1.725,
      1.8,
      1.875,
      1.95,
      2.025,
      2.1,
      2.175,
      2.25,
      2.325,
      2.4,
      2.475,
      2.55,
      2.625,
      2.7,
      2.775,
      2.85,
      2.925
    ],
    "SliceTimingCalculationMethod": "slice_number * (RepetitionTime / num_slices)",
    "SoftwareVersion": "14/LX/MR Software release.14.0.M5A.0828.b",
    "TaskDescription": "Finger-to-thumb opposition sequence performed with the trained hand using the pre-trained sequence.",
    "TaskInstructions": "See published manuscripts.",
    "TaskName": "Trained Hand, Trained Sequence",
    "dataset": "ds000170",
    "modality": "bold",
    "run_id": 1,
    "subject_id": "1712",
    "task_id": "TrainedHandTrainedSequence"
  },
  "dummy_trs": 0,
  "dvars_nstd": 19.01113822272727,
  "dvars_std": 1.4080956872727277,
  "dvars_vstd": 1.0524381143181816,
  "efc": 0.5157993607468034,
  "fber": 3998.1123046875,
  "fd_mean": 0.05732647086323914,
  "fd_num": 2,
  "fd_perc": 4.444444444444445,
  "fwhm_avg": 2.3948125357354937,
  "fwhm_x": 2.2579985454545453,
  "fwhm_y": 2.6481280000000003,
  "fwhm_z": 2.2783110617519355,
  "gcor": 0.0445431,
  "gsr_x": -0.006097566336393356,
  "gsr_y": 0.041105251759290695,
  "provenance": {
    "md5sum": "ed64f31555936eeb627050ed38183233",
    "settings": {
      "fd_thres": 0.2,
      "testing": false
    },
    "software": "mriqc",
    "version": "22.0.0rc1",
    "webapi_port": null,
    "webapi_url": "https://mriqc.nimh.nih.gov/api/v1"
  },
  "size_t": 45,
  "size_x": 64,
  "size_y": 64,
  "size_z": 40,
  "snr": 5.225343053031586,
  "spacing_tr": 3.0,
  "spacing_x": 3.4375,
  "spacing_y": 3.4375,
  "spacing_z": 3.400001049041748,
  "summary_bg_k": 28.27388526445299,
  "summary_bg_mad": 16.374518715267435,
  "summary_bg_mean": 83.93220520019531,
  "summary_bg_median": 26.35555648803711,
  "summary_bg_n": 98974.0,
  "summary_bg_p05": 3.555555582046509,
  "summary_bg_p95": 355.0911300659168,
  "summary_bg_stdv": 151.21852111816406,
  "summary_fg_k": 0.6578279892511669,
  "summary_fg_mad": 284.19830355867,
  "summary_fg_mean": 1607.8468017578125,
  "summary_fg_median": 1609.77783203125,
  "summary_fg_n": 30989.0,
  "summary_fg_p05": 1100.075537109375,
  "summary_fg_p95": 2110.47568359375,
  "summary_fg_stdv": 308.0662536621094,
  "tsnr": 119.35237380699255
}