{
  "bids_meta": {
    "EchoTime": 0.003,
    "FlipAngle": 20.0,
    "InPlanePhaseEncodingDirection": "ROW",
    "MRAcquisitionType": "3D",
    "MagneticFieldStrength": 3.0,
    "Manufacturer": "GE",
    "ManufacturerModelName": "SIGNA HDx",
    "ReceiveCoilName": "8-channel head",
    "RepetitionTime": 0.0073,
    "ScanOptions": "FAST.GEMS/EDR.GEMS/FILTERED.GEMS",
    "ScanningSequence": "Scanning Sequence",
    "SequenceVariant": "SS/SP/SK",
    "SeriesDescription": "Ax FSPGR 3D Asset",
    "SoftwareVersion": "14/LX/MR Software release.14.0.M5A.0828.b",
    "dataset": "ds000170",
    "modality": "T1w",
    "subject_id": "1716"
  },
  "cjv": 0.4429793387798786,
  "cnr": 2.9409566595804004,
  "efc": 0.7593195101313314,
  "fber": 25468.61345679012,
  "fwhm_avg": 5.26485035128221,
  "fwhm_x": 4.8918276673947965,
  "fwhm_y": 5.2212,
  "fwhm_z": 5.681523386451833,
  "icvs_csf": 0.2088647334875648,
  "icvs_gm": 0.42364789504859074,
  "icvs_wm": 0.36748737146384447,
  "inu_med": 0.9713125824928284,
  "inu_range": 0.37428824901580815,
  "provenance": {
    "md5sum": "59a4d26b28624c00443f819d1382b7da",
    "settings": {
      "testing": false
    },
    "software": "mriqc",
    "version": "22.0.0rc1",
    "warnings": {
      "large_rot_frame": true,
      "small_air_mask": true
    },
    "webapi_port": null,
    "webapi_url": "https://mriqc.nimh.nih.gov/api/v1"
  },
  "qi_1": 0.00016905727946358838,
  "qi_2": 0.0023005696876046405,
  "rpve_csf": 26.40117812617123,
  "rpve_gm": 13.499409100460209,
  "rpve_wm": 17.695775628198334,
  "size_x": 256,
  "size_y": 256,
  "size_z": 172,
  "snr_csf": 4.549596356185416,
  "snr_gm": 14.09524579929168,
  "snr_total": 14.655445536721855,
  "snr_wm": 25.321494454688466,
  "snrd_csf": 37.70299766310511,
  "snrd_gm": 67.48243072482917,
  "snrd_total": 63.37985244297687,
  "snrd_wm": 84.95412894099634,
  "spacing_x": 1.0000004768371582,
  "spacing_y": 1.0,
  "spacing_z": 0.9999994039535522,
  "summary_bg_k": 4.07448687897906,
  "summary_bg_mad": 7.711648178374511,
  "summary_bg_mean": 10.62624441026502,
  "summary_bg_median": 5.864354707300663,
  "summary_bg_n": 207668.0,
  "summary_bg_p05": 0.0,
  "summary_bg_p95": 36.35899918526411,
  "summary_bg_stdv": 12.43930721695058,
  "summary_csf_k": -0.044563802025985755,
  "summary_csf_mad": 95.79076707843633,
  "summary_csf_mean": 463.5878592592716,
  "summary_csf_median": 443.80416537076235,
  "summary_csf_n": 47738.0,
  "summary_csf_p05": 334.72716781497,
  "summary_csf_p95": 640.591511592269,
  "summary_csf_stdv": 97.54700906836446,
  "summary_gm_k": 0.1871820050834443,
  "summary_gm_mad": 54.43516361205537,
  "summary_gm_mean": 799.872871268337,
  "summary_gm_median": 794.3395937010646,
  "summary_gm_n": 35238.0,
  "summary_gm_p05": 715.8515802424401,
  "summary_gm_p95": 901.8867595940828,
  "summary_gm_stdv": 56.354343433711435,
  "summary_wm_k": 0.7967756885745421,
  "summary_wm_mad": 36.66813104423174,
  "summary_wm_mean": 1001.0256977665932,
  "summary_wm_median": 999.9999635666609,
  "summary_wm_n": 217587.0,
  "summary_wm_p05": 937.888798058033,
  "summary_wm_p95": 1066.9046016186476,
  "summary_wm_stdv": 39.49204765232745,
  "tpm_overlap_csf": 0.16641302406787872,
  "tpm_overlap_gm": 0.4634203612804413,
  "tpm_overlap_wm": 0.5154411792755127,
  "wm2max": 0.437597165789598
}