{
  "aor": 0.0058222222222222226,
  "aqi": 0.0029224737777777776,
  "bids_meta": {
    "CogAtlasID": "trm_4c898f079d05e",
    "CogPOID": "",
    "EchoTime": 0.035,
    "FlipAngle": 90.0,
    "InPlanePhaseEncodingDirection": "COL",
    "MRAcquisitionType": "2D",
    "MagneticFieldStrength": 3.0,
    "Manufacturer": "GE",
    "ManufacturerModelName": "SIGNA HDx",
    "ReceiveCoilName": "8-channel head",
    "RepetitionTime": 3.0,
    "ScanOptions": "EPI.GEMS",
    "ScanningSequence": "EP/GR",
    "SequenceVariant": "SS",
    "SliceAcquisitionDirection": "sequential/ascending (bottom up)",
    "SliceGap": 0,
    "SliceTiming": [
      0.0,
      0.075,
      0.15,
      0.225,
      0.3,
      0.375,
      0.45,
      0.525,
      0.6,
      0.675,
      0.75,
      0.825,
      0.9,
      0.975,
      1.05,
      1.125,
      1.2,
      1.275,
      1.35,
      1.425,
      1.5,
      1.575,
      1.65,
      1.725,
      1.8,
      1.875,
      1.95,
      2.025,
      2.1,
      2.175,
      2.25,
      2.325,
      2.4,
      2.475,
      2.55,
      2.625,
      2.7,
      2.775,
      2.85,
      2.925
    ],
    "SliceTimingCalculationMethod": "slice_number * (RepetitionTime / num_slices)",
    "SoftwareVersion": "14/LX/MR Software release.14.0.M5A.0828.b",
    "TaskDescription": "Finger-to-thumb opposition sequence performed with the untrained hand using the pre-trained sequence.",
    "TaskInstructions": "See published manuscripts.",
    "TaskName": "Untrained Hand, Trained Sequence",
    "dataset": "ds000170",
    "modality": "bold",
    "run_id": 2,
    "subject_id": "1712",
    "task_id": "UntrainedHandTrainedSequence"
  },
  "dummy_trs": 0,
  "dvars_nstd": 18.892284479772723,
  "dvars_std": 1.386402888181818,
  "dvars_vstd": 1.0385535427272723,
  "efc": 0.5162543914547709,
  "fber": 3957.2900390625,
  "fd_mean": 0.045395488148310376,
  "fd_num": 1,
  "fd_perc": 2.2222222222222223,
  "fwhm_avg": 2.398228700087119,
  "fwhm_x": 2.271362909090909,
  "fwhm_y": 2.6485003636363635,
  "fwhm_z": 2.274822827534084,
  "gcor": 0.0443535,
  "gsr_x": -0.005291531328111887,
  "gsr_y": 0.040237411856651306,
  "provenance": {
    "md5sum": "88e91b4e471021bd7ee39df840d30f4b",
    "settings": {
      "fd_thres": 0.2,
      "testing": false
    },
    "software": "mriqc",
    "version": "22.0.0rc1",
    "webapi_port": null,
    "webapi_url": "https://mriqc.nimh.nih.gov/api/v1"
  },
  "size_t": 45,
  "size_x": 64,
  "size_y": 64,
  "size_z": 40,
  "snr": 5.220734224990606,
  "spacing_tr": 3.0,
  "spacing_x": 3.4375,
  "spacing_y": 3.4375,
  "spacing_z": 3.400001049041748,
  "summary_bg_k": 27.15566319203759,
  "summary_bg_mad": 16.638093134251374,
  "summary_bg_mean": 84.82308197021484,
  "summary_bg_median": 26.600000381469727,
  "summary_bg_n": 99017.0,
  "summary_bg_p05": 3.622222423553467,
  "summary_bg_p95": 361.7600036621093,
  "summary_bg_stdv": 152.4375762939453,
  "summary_fg_k": 0.6426732042092835,
  "summary_fg_mad": 285.5162124155007,
  "summary_fg_mean": 1606.419921875,
  "summary_fg_median": 1608.1112060546875,
  "summary_fg_n": 30967.0,
  "summary_fg_p05": 1097.38447265625,
  "summary_fg_p95": 2109.444580078125,
  "summary_fg_stdv": 308.01898193359375,
  "tsnr": 120.7734962226823
}