{
  "aor": 0.006744444444444444,
  "aqi": 0.0029995802222222223,
  "bids_meta": {
    "CogAtlasID": "trm_4c898f079d05e",
    "CogPOID": "",
    "EchoTime": 0.035,
    "FlipAngle": 90.0,
    "InPlanePhaseEncodingDirection": "COL",
    "MRAcquisitionType": "2D",
    "MagneticFieldStrength": 3.0,
    "Manufacturer": "GE",
    "ManufacturerModelName": "SIGNA HDx",
    "ReceiveCoilName": "8-channel head",
    "RepetitionTime": 3.0,
    "ScanOptions": "EPI.GEMS",
    "ScanningSequence": "EP/GR",
    "SequenceVariant": "SS",
    "SliceAcquisitionDirection": "sequential/ascending (bottom up)",
    "SliceGap": 0,
    "SliceTiming": [
      0.0,
      0.075,
      0.15,
      0.225,
      0.3,
      0.375,
      0.45,
      0.525,
      0.6,
      0.675,
      0.75,
      0.825,
      0.9,
      0.975,
      1.05,
      1.125,
      1.2,
      1.275,
      1.35,
      1.425,
      1.5,
      1.575,
      1.65,
      1.725,
      1.8,
      1.875,
      1.95,
      2.025,
      2.1,
      2.175,
      2.25,
      2.325,
      2.4,
      2.475,
      2.55,
      2.625,
      2.7,
      2.775,
      2.85,
      2.925
    ],
    "SliceTimingCalculationMethod": "slice_number * (RepetitionTime / num_slices)",
    "SoftwareVersion": "14/LX/MR Software release.14.0.M5A.0828.b",
    "TaskDescription": "Finger-to-thumb opposition sequence performed with the untrained hand using the novel, untrained sequence.",
    "TaskInstructions": "See published manuscripts.",
    "TaskName": "Untrained Hand, Untrained Sequence",
    "dataset": "ds000170",
    "modality": "bold",
    "run_id": 1,
    "subject_id": "1712",
    "task_id": "UntrainedHandUntrainedSequence"
  },
  "dummy_trs": 0,
  "dvars_nstd": 19.51240717272727,
  "dvars_std": 1.3789127063636364,
  "dvars_vstd": 1.0663964654545455,
  "efc": 0.5168523413904009,
  "fber": 3994.48974609375,
  "fd_mean": 0.08454805186855222,
  "fd_num": 3,
  "fd_perc": 6.666666666666667,
  "fwhm_avg": 2.4198368969755175,
  "fwhm_x": 2.278816,
  "fwhm_y": 2.6790836363636363,
  "fwhm_z": 2.3016110545629163,
  "gcor": 0.0456081,
  "gsr_x": -0.004632567521184683,
  "gsr_y": 0.04268315061926842,
  "provenance": {
    "md5sum": "7d75e5c884e99bef0ee4de0956718662",
    "settings": {
      "fd_thres": 0.2,
      "testing": false
    },
    "software": "mriqc",
    "version": "22.0.0rc1",
    "webapi_port": null,
    "webapi_url": "https://mriqc.nimh.nih.gov/api/v1"
  },
  "size_t": 45,
  "size_x": 64,
  "size_y": 64,
  "size_z": 40,
  "snr": 5.177715023962362,
  "spacing_tr": 3.0,
  "spacing_x": 3.4375,
  "spacing_y": 3.4375,
  "spacing_z": 3.400001049041748,
  "summary_bg_k": 25.465368414412605,
  "summary_bg_mad": 16.407463043281027,
  "summary_bg_mean": 84.77393341064453,
  "summary_bg_median": 26.266666412353516,
  "summary_bg_n": 98934.0,
  "summary_bg_p05": 3.866666793823242,
  "summary_bg_p95": 364.13445281982365,
  "summary_bg_stdv": 151.75315856933594,
  "summary_fg_k": 0.6835351807512628,
  "summary_fg_mad": 286.1092894992462,
  "summary_fg_mean": 1591.7945556640625,
  "summary_fg_median": 1593.3111572265625,
  "summary_fg_n": 31081.0,
  "summary_fg_p05": 1086.5777587890625,
  "summary_fg_p95": 2089.51123046875,
  "summary_fg_stdv": 307.7198181152344,
  "tsnr": 111.89498500339687
}