{
  "aor": 0.0053375555555555555,
  "aqi": 0.0032365920000000004,
  "bids_meta": {
    "CogAtlasID": "trm_4c898f079d05e",
    "CogPOID": "",
    "EchoTime": 0.035,
    "FlipAngle": 90.0,
    "InPlanePhaseEncodingDirection": "COL",
    "MRAcquisitionType": "2D",
    "MagneticFieldStrength": 3.0,
    "Manufacturer": "GE",
    "ManufacturerModelName": "SIGNA HDx",
    "ReceiveCoilName": "8-channel head",
    "RepetitionTime": 3.0,
    "ScanOptions": "EPI.GEMS",
    "ScanningSequence": "EP/GR",
    "SequenceVariant": "SS",
    "SliceAcquisitionDirection": "sequential/ascending (bottom up)",
    "SliceGap": 0,
    "SliceTiming": [
      0.0,
      0.075,
      0.15,
      0.225,
      0.3,
      0.375,
      0.45,
      0.525,
      0.6,
      0.675,
      0.75,
      0.825,
      0.9,
      0.975,
      1.05,
      1.125,
      1.2,
      1.275,
      1.35,
      1.425,
      1.5,
      1.575,
      1.65,
      1.725,
      1.8,
      1.875,
      1.95,
      2.025,
      2.1,
      2.175,
      2.25,
      2.325,
      2.4,
      2.475,
      2.55,
      2.625,
      2.7,
      2.775,
      2.85,
      2.925
    ],
    "SliceTimingCalculationMethod": "slice_number * (RepetitionTime / num_slices)",
    "SoftwareVersion": "14/LX/MR Software release.14.0.M5A.0828.b",
    "TaskDescription": "Finger-to-thumb opposition sequence performed with the untrained hand using the pre-trained sequence.",
    "TaskInstructions": "See published manuscripts.",
    "TaskName": "Untrained Hand, Trained Sequence",
    "dataset": "ds000170",
    "modality": "bold",
    "run_id": 3,
    "subject_id": "1712",
    "task_id": "UntrainedHandTrainedSequence"
  },
  "dummy_trs": 0,
  "dvars_nstd": 19.060346040000002,
  "dvars_std": 1.385039614090909,
  "dvars_vstd": 1.0442084638636364,
  "efc": 0.5157299356597632,
  "fber": 4003.478759765625,
  "fd_mean": 0.06819945708519205,
  "fd_num": 2,
  "fd_perc": 4.444444444444445,
  "fwhm_avg": 2.398542104140311,
  "fwhm_x": 2.260221090909091,
  "fwhm_y": 2.6549294545454543,
  "fwhm_z": 2.280475766966387,
  "gcor": 0.0451307,
  "gsr_x": -0.005163185298442841,
  "gsr_y": 0.041067320853471756,
  "provenance": {
    "md5sum": "aa26a5f696536f7ab5feaddbee2dfa3b",
    "settings": {
      "fd_thres": 0.2,
      "testing": false
    },
    "software": "mriqc",
    "version": "22.0.0rc1",
    "webapi_port": null,
    "webapi_url": "https://mriqc.nimh.nih.gov/api/v1"
  },
  "size_t": 45,
  "size_x": 64,
  "size_y": 64,
  "size_z": 40,
  "snr": 5.204241181229649,
  "spacing_tr": 3.0,
  "spacing_x": 3.4375,
  "spacing_y": 3.4375,
  "spacing_z": 3.400001049041748,
  "summary_bg_k": 24.28091488929122,
  "summary_bg_mad": 16.407464457200685,
  "summary_bg_mean": 84.25088500976562,
  "summary_bg_median": 26.33333396911621,
  "summary_bg_n": 99147.0,
  "summary_bg_p05": 3.673333430290226,
  "summary_bg_p95": 361.4222412109375,
  "summary_bg_stdv": 150.27267456054688,
  "summary_fg_k": 0.6604229214648445,
  "summary_fg_mad": 284.98910316728325,
  "summary_fg_mean": 1599.7567138671875,
  "summary_fg_median": 1600.3555908203125,
  "summary_fg_n": 30946.0,
  "summary_fg_p05": 1097.2611694335938,
  "summary_fg_p95": 2097.8333740234375,
  "summary_fg_stdv": 307.5049133300781,
  "tsnr": 116.30322605930269
}