{
  "aor": 0.004957555555555556,
  "aqi": 0.0028729842222222227,
  "bids_meta": {
    "CogAtlasID": "trm_4c898f079d05e",
    "CogPOID": "",
    "EchoTime": 0.035,
    "FlipAngle": 90.0,
    "InPlanePhaseEncodingDirection": "COL",
    "MRAcquisitionType": "2D",
    "MagneticFieldStrength": 3.0,
    "Manufacturer": "GE",
    "ManufacturerModelName": "SIGNA HDx",
    "ReceiveCoilName": "8-channel head",
    "RepetitionTime": 3.0,
    "ScanOptions": "EPI.GEMS",
    "ScanningSequence": "EP/GR",
    "SequenceVariant": "SS",
    "SliceAcquisitionDirection": "sequential/ascending (bottom up)",
    "SliceGap": 0,
    "SliceTiming": [
      0.0,
      0.075,
      0.15,
      0.225,
      0.3,
      0.375,
      0.45,
      0.525,
      0.6,
      0.675,
      0.75,
      0.825,
      0.9,
      0.975,
      1.05,
      1.125,
      1.2,
      1.275,
      1.35,
      1.425,
      1.5,
      1.575,
      1.65,
      1.725,
      1.8,
      1.875,
      1.95,
      2.025,
      2.1,
      2.175,
      2.25,
      2.325,
      2.4,
      2.475,
      2.55,
      2.625,
      2.7,
      2.775,
      2.85,
      2.925
    ],
    "SliceTimingCalculationMethod": "slice_number * (RepetitionTime / num_slices)",
    "SoftwareVersion": "14/LX/MR Software release.14.0.M5A.0828.b",
    "TaskDescription": "Finger-to-thumb opposition sequence performed with the trained hand using the pre-trained sequence.",
    "TaskInstructions": "See published manuscripts.",
    "TaskName": "Trained Hand, Trained Sequence",
    "dataset": "ds000170",
    "modality": "bold",
    "run_id": 3,
    "subject_id": "1712",
    "task_id": "TrainedHandTrainedSequence"
  },
  "dummy_trs": 0,
  "dvars_nstd": 19.34398052818182,
  "dvars_std": 1.4067441143181816,
  "dvars_vstd": 1.0448521595454545,
  "efc": 0.5160950955423217,
  "fber": 4000.7314453125,
  "fd_mean": 0.048498592007684936,
  "fd_num": 0,
  "fd_perc": 0.0,
  "fwhm_avg": 2.40447459650611,
  "fwhm_x": 2.2694138181818184,
  "fwhm_y": 2.667298909090909,
  "fwhm_z": 2.276711062245602,
  "gcor": 0.0461541,
  "gsr_x": -0.005870278459042311,
  "gsr_y": 0.040986452251672745,
  "provenance": {
    "md5sum": "f03adb061b1a725fb7fd3a6a7c9789da",
    "settings": {
      "fd_thres": 0.2,
      "testing": false
    },
    "software": "mriqc",
    "version": "22.0.0rc1",
    "webapi_port": null,
    "webapi_url": "https://mriqc.nimh.nih.gov/api/v1"
  },
  "size_t": 45,
  "size_x": 64,
  "size_y": 64,
  "size_z": 40,
  "snr": 5.207724422626391,
  "spacing_tr": 3.0,
  "spacing_x": 3.4375,
  "spacing_y": 3.4375,
  "spacing_z": 3.400001049041748,
  "summary_bg_k": 27.23728392013401,
  "summary_bg_mad": 16.440410199133932,
  "summary_bg_mean": 84.3994369506836,
  "summary_bg_median": 26.377779006958008,
  "summary_bg_n": 98974.0,
  "summary_bg_p05": 3.577777862548828,
  "summary_bg_p95": 358.28222503662073,
  "summary_bg_stdv": 152.1895751953125,
  "summary_fg_k": 0.6461867397649264,
  "summary_fg_mad": 285.8786283020434,
  "summary_fg_mean": 1606.40771484375,
  "summary_fg_median": 1606.666748046875,
  "summary_fg_n": 31000.0,
  "summary_fg_p05": 1098.1088623046876,
  "summary_fg_p95": 2109.177734375,
  "summary_fg_stdv": 308.5111083984375,
  "tsnr": 120.62747141346335
}