{
  "aor": 0.004339777777777778,
  "aqi": 0.0021148195555555555,
  "bids_meta": {
    "CogAtlasID": "trm_4c898f079d05e",
    "CogPOID": "",
    "EchoTime": 0.035,
    "FlipAngle": 90.0,
    "InPlanePhaseEncodingDirection": "COL",
    "MRAcquisitionType": "2D",
    "MagneticFieldStrength": 3.0,
    "Manufacturer": "GE",
    "ManufacturerModelName": "SIGNA HDx",
    "ReceiveCoilName": "8-channel head",
    "RepetitionTime": 3.0,
    "ScanOptions": "EPI.GEMS",
    "ScanningSequence": "EP/GR",
    "SequenceVariant": "SS",
    "SliceAcquisitionDirection": "sequential/ascending (bottom up)",
    "SliceGap": 0,
    "SliceTiming": [
      0.0,
      0.075,
      0.15,
      0.225,
      0.3,
      0.375,
      0.45,
      0.525,
      0.6,
      0.675,
      0.75,
      0.825,
      0.9,
      0.975,
      1.05,
      1.125,
      1.2,
      1.275,
      1.35,
      1.425,
      1.5,
      1.575,
      1.65,
      1.725,
      1.8,
      1.875,
      1.95,
      2.025,
      2.1,
      2.175,
      2.25,
      2.325,
      2.4,
      2.475,
      2.55,
      2.625,
      2.7,
      2.775,
      2.85,
      2.925
    ],
    "SliceTimingCalculationMethod": "slice_number * (RepetitionTime / num_slices)",
    "SoftwareVersion": "14/LX/MR Software release.14.0.M5A.0828.b",
    "TaskDescription": "Finger-to-thumb opposition sequence performed with the trained hand using the pre-trained sequence.",
    "TaskInstructions": "See published manuscripts.",
    "TaskName": "Trained Hand, Trained Sequence",
    "dataset": "ds000170",
    "modality": "bold",
    "run_id": 3,
    "subject_id": "1709",
    "task_id": "TrainedHandTrainedSequence"
  },
  "dummy_trs": 0,
  "dvars_nstd": 17.53982242772727,
  "dvars_std": 1.375784724772727,
  "dvars_vstd": 1.0314293799999996,
  "efc": 0.47831227527128445,
  "fber": 5355.89501953125,
  "fd_mean": 0.050353819808348195,
  "fd_num": 0,
  "fd_perc": 0.0,
  "fwhm_avg": 2.216812990381573,
  "fwhm_x": 2.208242067183635,
  "fwhm_y": 2.3528087272727274,
  "fwhm_z": 2.0893881766883573,
  "gcor": 0.0408402,
  "gsr_x": -0.013799846172332764,
  "gsr_y": 0.025562480092048645,
  "provenance": {
    "md5sum": "a59967078e0a23ec697851fb7797ef89",
    "settings": {
      "fd_thres": 0.2,
      "testing": false
    },
    "software": "mriqc",
    "version": "22.0.0rc1",
    "webapi_port": null,
    "webapi_url": "https://mriqc.nimh.nih.gov/api/v1"
  },
  "size_t": 45,
  "size_x": 64,
  "size_y": 64,
  "size_z": 40,
  "snr": 5.739885853003376,
  "spacing_tr": 3.0,
  "spacing_x": 3.4374990463256836,
  "spacing_y": 3.4375,
  "spacing_z": 3.4000000953674316,
  "summary_bg_k": 19.329630420633055,
  "summary_bg_mad": 10.345268373686308,
  "summary_bg_mean": 63.152122497558594,
  "summary_bg_median": 23.155555725097656,
  "summary_bg_n": 103909.0,
  "summary_bg_p05": 5.120000171661389,
  "summary_bg_p95": 272.5244384765623,
  "summary_bg_stdv": 108.65550994873047,
  "summary_fg_k": 1.0882802782445289,
  "summary_fg_mad": 263.046608431572,
  "summary_fg_mean": 1684.1214599609375,
  "summary_fg_median": 1673.2667236328125,
  "summary_fg_n": 27018.0,
  "summary_fg_p05": 1239.0188842773437,
  "summary_fg_p95": 2182.9378295898423,
  "summary_fg_stdv": 291.5102844238281,
  "tsnr": 128.51527705788612
}