{
  "aor": 0.003456000000000001,
  "aqi": 0.0026501404444444444,
  "bids_meta": {
    "CogAtlasID": "trm_4c898f079d05e",
    "CogPOID": "",
    "EchoTime": 0.035,
    "FlipAngle": 90.0,
    "InPlanePhaseEncodingDirection": "COL",
    "MRAcquisitionType": "2D",
    "MagneticFieldStrength": 3.0,
    "Manufacturer": "GE",
    "ManufacturerModelName": "SIGNA HDx",
    "ReceiveCoilName": "8-channel head",
    "RepetitionTime": 3.0,
    "ScanOptions": "EPI.GEMS",
    "ScanningSequence": "EP/GR",
    "SequenceVariant": "SS",
    "SliceAcquisitionDirection": "sequential/ascending (bottom up)",
    "SliceGap": 0,
    "SliceTiming": [
      0.0,
      0.075,
      0.15,
      0.225,
      0.3,
      0.375,
      0.45,
      0.525,
      0.6,
      0.675,
      0.75,
      0.825,
      0.9,
      0.975,
      1.05,
      1.125,
      1.2,
      1.275,
      1.35,
      1.425,
      1.5,
      1.575,
      1.65,
      1.725,
      1.8,
      1.875,
      1.95,
      2.025,
      2.1,
      2.175,
      2.25,
      2.325,
      2.4,
      2.475,
      2.55,
      2.625,
      2.7,
      2.775,
      2.85,
      2.925
    ],
    "SliceTimingCalculationMethod": "slice_number * (RepetitionTime / num_slices)",
    "SoftwareVersion": "14/LX/MR Software release.14.0.M5A.0828.b",
    "TaskDescription": "Finger-to-thumb opposition sequence performed with the untrained hand using the novel, untrained sequence.",
    "TaskInstructions": "See published manuscripts.",
    "TaskName": "Untrained Hand, Untrained Sequence",
    "dataset": "ds000170",
    "modality": "bold",
    "run_id": 1,
    "subject_id": "1709",
    "task_id": "UntrainedHandUntrainedSequence"
  },
  "dummy_trs": 0,
  "dvars_nstd": 17.75412451159091,
  "dvars_std": 1.3074118815909097,
  "dvars_vstd": 1.0093589450000002,
  "efc": 0.4716000448588559,
  "fber": 5659.6328125,
  "fd_mean": 0.07357314948833606,
  "fd_num": 0,
  "fd_perc": 0.0,
  "fwhm_avg": 2.202704225748587,
  "fwhm_x": 2.1860166064721143,
  "fwhm_y": 2.3696843636363636,
  "fwhm_z": 2.0524117071372845,
  "gcor": 0.048862,
  "gsr_x": -0.010064976289868355,
  "gsr_y": 0.03159584850072861,
  "provenance": {
    "md5sum": "4b7deaca77a783c9b9de93bf2d3a306e",
    "settings": {
      "fd_thres": 0.2,
      "testing": false
    },
    "software": "mriqc",
    "version": "22.0.0rc1",
    "webapi_port": null,
    "webapi_url": "https://mriqc.nimh.nih.gov/api/v1"
  },
  "size_t": 45,
  "size_x": 64,
  "size_y": 64,
  "size_z": 40,
  "snr": 5.743396111822696,
  "spacing_tr": 3.0,
  "spacing_x": 3.4374990463256836,
  "spacing_y": 3.4375,
  "spacing_z": 3.4000000953674316,
  "summary_bg_k": 20.633603570180085,
  "summary_bg_mad": 9.521600788720896,
  "summary_bg_mean": 58.987022399902344,
  "summary_bg_median": 22.155555725097656,
  "summary_bg_n": 104924.0,
  "summary_bg_p05": 5.333333492279053,
  "summary_bg_p95": 253.93000183105448,
  "summary_bg_stdv": 101.45157623291016,
  "summary_fg_k": 1.0109139489404386,
  "summary_fg_mad": 258.0221940284772,
  "summary_fg_mean": 1650.097900390625,
  "summary_fg_median": 1638.9222412109375,
  "summary_fg_n": 26602.0,
  "summary_fg_p05": 1209.2011840820312,
  "summary_fg_p95": 2141.9489013671873,
  "summary_fg_stdv": 285.3523254394531,
  "tsnr": 110.1408915524371
}