{
  "aor": 0.0037097777777777784,
  "aqi": 0.0023742660000000003,
  "bids_meta": {
    "CogAtlasID": "trm_4c898f079d05e",
    "CogPOID": "",
    "EchoTime": 0.035,
    "FlipAngle": 90.0,
    "InPlanePhaseEncodingDirection": "COL",
    "MRAcquisitionType": "2D",
    "MagneticFieldStrength": 3.0,
    "Manufacturer": "GE",
    "ManufacturerModelName": "SIGNA HDx",
    "ReceiveCoilName": "8-channel head",
    "RepetitionTime": 3.0,
    "ScanOptions": "EPI.GEMS",
    "ScanningSequence": "EP/GR",
    "SequenceVariant": "SS",
    "SliceAcquisitionDirection": "sequential/ascending (bottom up)",
    "SliceGap": 0,
    "SliceTiming": [
      0.0,
      0.075,
      0.15,
      0.225,
      0.3,
      0.375,
      0.45,
      0.525,
      0.6,
      0.675,
      0.75,
      0.825,
      0.9,
      0.975,
      1.05,
      1.125,
      1.2,
      1.275,
      1.35,
      1.425,
      1.5,
      1.575,
      1.65,
      1.725,
      1.8,
      1.875,
      1.95,
      2.025,
      2.1,
      2.175,
      2.25,
      2.325,
      2.4,
      2.475,
      2.55,
      2.625,
      2.7,
      2.775,
      2.85,
      2.925
    ],
    "SliceTimingCalculationMethod": "slice_number * (RepetitionTime / num_slices)",
    "SoftwareVersion": "14/LX/MR Software release.14.0.M5A.0828.b",
    "TaskDescription": "Finger-to-thumb opposition sequence performed with the trained hand using the novel, untrained sequence.",
    "TaskInstructions": "See published manuscripts.",
    "TaskName": "Trained Hand, Untrained Sequence",
    "dataset": "ds000170",
    "modality": "bold",
    "run_id": 1,
    "subject_id": "1709",
    "task_id": "TrainedHandUntrainedSequence"
  },
  "dummy_trs": 0,
  "dvars_nstd": 16.694004145454546,
  "dvars_std": 1.3104744315909092,
  "dvars_vstd": 1.022115566136364,
  "efc": 0.4818891743107419,
  "fber": 5244.57666015625,
  "fd_mean": 0.053733030969845094,
  "fd_num": 0,
  "fd_perc": 0.0,
  "fwhm_avg": 2.236960598313036,
  "fwhm_x": 2.21017370408317,
  "fwhm_y": 2.401661090909091,
  "fwhm_z": 2.0990469999468466,
  "gcor": 0.0607493,
  "gsr_x": -0.014150422066450119,
  "gsr_y": 0.027216840535402298,
  "provenance": {
    "md5sum": "d8e25ab6a1f9ae7124e3a7229702fc49",
    "settings": {
      "fd_thres": 0.2,
      "testing": false
    },
    "software": "mriqc",
    "version": "22.0.0rc1",
    "webapi_port": null,
    "webapi_url": "https://mriqc.nimh.nih.gov/api/v1"
  },
  "size_t": 45,
  "size_x": 64,
  "size_y": 64,
  "size_z": 40,
  "snr": 5.7434518072413425,
  "spacing_tr": 3.0,
  "spacing_x": 3.4374990463256836,
  "spacing_y": 3.4375,
  "spacing_z": 3.4000000953674316,
  "summary_bg_k": 18.956301237972095,
  "summary_bg_mad": 10.641789948523153,
  "summary_bg_mean": 64.23707580566406,
  "summary_bg_median": 23.311111450195312,
  "summary_bg_n": 103379.0,
  "summary_bg_p05": 5.200000286102295,
  "summary_bg_p95": 277.9133544921873,
  "summary_bg_stdv": 110.04845428466797,
  "summary_fg_k": 1.0116324519263094,
  "summary_fg_mad": 264.71037334791987,
  "summary_fg_mean": 1679.3746337890625,
  "summary_fg_median": 1668.9111328125,
  "summary_fg_n": 27346.0,
  "summary_fg_p05": 1234.27783203125,
  "summary_fg_p95": 2181.7445068359375,
  "summary_fg_stdv": 290.5710144042969,
  "tsnr": 121.93632318172604
}