{
  "aor": 0.003962000000000001,
  "aqi": 0.0023383308888888887,
  "bids_meta": {
    "CogAtlasID": "trm_4c898f079d05e",
    "CogPOID": "",
    "EchoTime": 0.035,
    "FlipAngle": 90.0,
    "InPlanePhaseEncodingDirection": "COL",
    "MRAcquisitionType": "2D",
    "MagneticFieldStrength": 3.0,
    "Manufacturer": "GE",
    "ManufacturerModelName": "SIGNA HDx",
    "ReceiveCoilName": "8-channel head",
    "RepetitionTime": 3.0,
    "ScanOptions": "EPI.GEMS",
    "ScanningSequence": "EP/GR",
    "SequenceVariant": "SS",
    "SliceAcquisitionDirection": "sequential/ascending (bottom up)",
    "SliceGap": 0,
    "SliceTiming": [
      0.0,
      0.075,
      0.15,
      0.225,
      0.3,
      0.375,
      0.45,
      0.525,
      0.6,
      0.675,
      0.75,
      0.825,
      0.9,
      0.975,
      1.05,
      1.125,
      1.2,
      1.275,
      1.35,
      1.425,
      1.5,
      1.575,
      1.65,
      1.725,
      1.8,
      1.875,
      1.95,
      2.025,
      2.1,
      2.175,
      2.25,
      2.325,
      2.4,
      2.475,
      2.55,
      2.625,
      2.7,
      2.775,
      2.85,
      2.925
    ],
    "SliceTimingCalculationMethod": "slice_number * (RepetitionTime / num_slices)",
    "SoftwareVersion": "14/LX/MR Software release.14.0.M5A.0828.b",
    "TaskDescription": "Finger-to-thumb opposition sequence performed with the trained hand using the pre-trained sequence.",
    "TaskInstructions": "See published manuscripts.",
    "TaskName": "Trained Hand, Trained Sequence",
    "dataset": "ds000170",
    "modality": "bold",
    "run_id": 2,
    "subject_id": "1709",
    "task_id": "TrainedHandTrainedSequence"
  },
  "dummy_trs": 0,
  "dvars_nstd": 17.38474631318182,
  "dvars_std": 1.3437692093181817,
  "dvars_vstd": 1.016506099772727,
  "efc": 0.4779472158591847,
  "fber": 5414.64111328125,
  "fd_mean": 0.052922228378377185,
  "fd_num": 1,
  "fd_perc": 2.2222222222222223,
  "fwhm_avg": 2.223634121219702,
  "fwhm_x": 2.216637705876494,
  "fwhm_y": 2.3581323636363636,
  "fwhm_z": 2.096132294146249,
  "gcor": 0.029834,
  "gsr_x": -0.014075687155127525,
  "gsr_y": 0.026028795167803764,
  "provenance": {
    "md5sum": "135c3c919e1543419a1b14b424711c02",
    "settings": {
      "fd_thres": 0.2,
      "testing": false
    },
    "software": "mriqc",
    "version": "22.0.0rc1",
    "webapi_port": null,
    "webapi_url": "https://mriqc.nimh.nih.gov/api/v1"
  },
  "size_t": 45,
  "size_x": 64,
  "size_y": 64,
  "size_z": 40,
  "snr": 5.733291514969219,
  "spacing_tr": 3.0,
  "spacing_x": 3.4374990463256836,
  "spacing_y": 3.4375,
  "spacing_z": 3.4000000953674316,
  "summary_bg_k": 19.28001510421969,
  "summary_bg_mad": 10.378215529539213,
  "summary_bg_mean": 63.1058235168457,
  "summary_bg_median": 23.111112594604492,
  "summary_bg_n": 103950.0,
  "summary_bg_p05": 5.355555534362793,
  "summary_bg_p95": 272.24444580078125,
  "summary_bg_stdv": 108.60664367675781,
  "summary_fg_k": 1.0655203145426482,
  "summary_fg_mad": 266.4070769366027,
  "summary_fg_mean": 1692.393798828125,
  "summary_fg_median": 1681.2667236328125,
  "summary_fg_n": 27007.0,
  "summary_fg_p05": 1244.817822265625,
  "summary_fg_p95": 2197.5400390624986,
  "summary_fg_stdv": 293.24090576171875,
  "tsnr": 122.74089279351756
}