{
  "aor": 0.0052691111111111116,
  "aqi": 0.0017370888888888893,
  "bids_meta": {
    "CogAtlasID": "trm_4c898f079d05e",
    "CogPOID": "",
    "EchoTime": 0.035,
    "FlipAngle": 90.0,
    "InPlanePhaseEncodingDirection": "COL",
    "MRAcquisitionType": "2D",
    "MagneticFieldStrength": 3.0,
    "Manufacturer": "GE",
    "ManufacturerModelName": "SIGNA HDx",
    "ReceiveCoilName": "8-channel head",
    "RepetitionTime": 3.0,
    "ScanOptions": "EPI.GEMS",
    "ScanningSequence": "EP/GR",
    "SequenceVariant": "SS",
    "SliceAcquisitionDirection": "sequential/ascending (bottom up)",
    "SliceGap": 0,
    "SliceTiming": [
      0.0,
      0.075,
      0.15,
      0.225,
      0.3,
      0.375,
      0.45,
      0.525,
      0.6,
      0.675,
      0.75,
      0.825,
      0.9,
      0.975,
      1.05,
      1.125,
      1.2,
      1.275,
      1.35,
      1.425,
      1.5,
      1.575,
      1.65,
      1.725,
      1.8,
      1.875,
      1.95,
      2.025,
      2.1,
      2.175,
      2.25,
      2.325,
      2.4,
      2.475,
      2.55,
      2.625,
      2.7,
      2.775,
      2.85,
      2.925
    ],
    "SliceTimingCalculationMethod": "slice_number * (RepetitionTime / num_slices)",
    "SoftwareVersion": "14/LX/MR Software release.14.0.M5A.0828.b",
    "TaskDescription": "Finger-to-thumb opposition sequence performed with the untrained hand using the pre-trained sequence.",
    "TaskInstructions": "See published manuscripts.",
    "TaskName": "Untrained Hand, Trained Sequence",
    "dataset": "ds000170",
    "modality": "bold",
    "run_id": 1,
    "subject_id": "1718",
    "task_id": "UntrainedHandTrainedSequence"
  },
  "dummy_trs": 0,
  "dvars_nstd": 19.454414757045456,
  "dvars_std": 1.3773832945454545,
  "dvars_vstd": 1.0479937275,
  "efc": 0.48344229689831414,
  "fber": 4888.92138671875,
  "fd_mean": 0.03662124131454904,
  "fd_num": 0,
  "fd_perc": 0.0,
  "fwhm_avg": 2.31875206837458,
  "fwhm_x": 2.230109090909091,
  "fwhm_y": 2.5593134545454546,
  "fwhm_z": 2.166833659669194,
  "gcor": 0.0436475,
  "gsr_x": -0.007207526825368404,
  "gsr_y": 0.029531987383961678,
  "provenance": {
    "md5sum": "7f0e3baac13453c22bb76a16b2c88dee",
    "settings": {
      "fd_thres": 0.2,
      "testing": false
    },
    "software": "mriqc",
    "version": "22.0.0rc1",
    "webapi_port": null,
    "webapi_url": "https://mriqc.nimh.nih.gov/api/v1"
  },
  "size_t": 45,
  "size_x": 64,
  "size_y": 64,
  "size_z": 40,
  "snr": 5.079269263364192,
  "spacing_tr": 3.0,
  "spacing_x": 3.4375,
  "spacing_y": 3.4375,
  "spacing_z": 3.3999979496002197,
  "summary_bg_k": 30.48535962438355,
  "summary_bg_mad": 13.244581326831012,
  "summary_bg_mean": 65.66644287109375,
  "summary_bg_median": 23.822223663330078,
  "summary_bg_n": 103227.0,
  "summary_bg_p05": 4.651111221313481,
  "summary_bg_p95": 262.2377807617187,
  "summary_bg_stdv": 112.91789245605469,
  "summary_fg_k": 0.6101956113900378,
  "summary_fg_mad": 297.29468348270814,
  "summary_fg_mean": 1635.9630126953125,
  "summary_fg_median": 1623.622314453125,
  "summary_fg_n": 27440.0,
  "summary_fg_p05": 1126.393359375,
  "summary_fg_p95": 2175.0688720703124,
  "summary_fg_stdv": 319.6508483886719,
  "tsnr": 125.10992340743542
}