{
  "aor": 0.005081555555555556,
  "aqi": 0.001738593111111111,
  "bids_meta": {
    "CogAtlasID": "trm_4c898f079d05e",
    "CogPOID": "",
    "EchoTime": 0.035,
    "FlipAngle": 90.0,
    "InPlanePhaseEncodingDirection": "COL",
    "MRAcquisitionType": "2D",
    "MagneticFieldStrength": 3.0,
    "Manufacturer": "GE",
    "ManufacturerModelName": "SIGNA HDx",
    "ReceiveCoilName": "8-channel head",
    "RepetitionTime": 3.0,
    "ScanOptions": "EPI.GEMS",
    "ScanningSequence": "EP/GR",
    "SequenceVariant": "SS",
    "SliceAcquisitionDirection": "sequential/ascending (bottom up)",
    "SliceGap": 0,
    "SliceTiming": [
      0.0,
      0.075,
      0.15,
      0.225,
      0.3,
      0.375,
      0.45,
      0.525,
      0.6,
      0.675,
      0.75,
      0.825,
      0.9,
      0.975,
      1.05,
      1.125,
      1.2,
      1.275,
      1.35,
      1.425,
      1.5,
      1.575,
      1.65,
      1.725,
      1.8,
      1.875,
      1.95,
      2.025,
      2.1,
      2.175,
      2.25,
      2.325,
      2.4,
      2.475,
      2.55,
      2.625,
      2.7,
      2.775,
      2.85,
      2.925
    ],
    "SliceTimingCalculationMethod": "slice_number * (RepetitionTime / num_slices)",
    "SoftwareVersion": "14/LX/MR Software release.14.0.M5A.0828.b",
    "TaskDescription": "Finger-to-thumb opposition sequence performed with the untrained hand using the pre-trained sequence.",
    "TaskInstructions": "See published manuscripts.",
    "TaskName": "Untrained Hand, Trained Sequence",
    "dataset": "ds000170",
    "modality": "bold",
    "run_id": 3,
    "subject_id": "1718",
    "task_id": "UntrainedHandTrainedSequence"
  },
  "dummy_trs": 0,
  "dvars_nstd": 18.632715615227276,
  "dvars_std": 1.3454951781818183,
  "dvars_vstd": 1.040756711818182,
  "efc": 0.4815779168293369,
  "fber": 4952.50244140625,
  "fd_mean": 0.044575426892945844,
  "fd_num": 0,
  "fd_perc": 0.0,
  "fwhm_avg": 2.312578438414441,
  "fwhm_x": 2.2236683636363637,
  "fwhm_y": 2.550848,
  "fwhm_z": 2.1632189516069595,
  "gcor": 0.031928,
  "gsr_x": -0.0074453228153288364,
  "gsr_y": 0.028974877670407295,
  "provenance": {
    "md5sum": "8bcc66ddfadd7982f8734f1fd4e6a9b2",
    "settings": {
      "fd_thres": 0.2,
      "testing": false
    },
    "software": "mriqc",
    "version": "22.0.0rc1",
    "webapi_port": null,
    "webapi_url": "https://mriqc.nimh.nih.gov/api/v1"
  },
  "size_t": 45,
  "size_x": 64,
  "size_y": 64,
  "size_z": 40,
  "snr": 5.04583851602311,
  "spacing_tr": 3.0,
  "spacing_x": 3.4375,
  "spacing_y": 3.4375,
  "spacing_z": 3.3999979496002197,
  "summary_bg_k": 32.84774370275039,
  "summary_bg_mad": 13.013952649780322,
  "summary_bg_mean": 65.53056335449219,
  "summary_bg_median": 23.755556106567383,
  "summary_bg_n": 103581.0,
  "summary_bg_p05": 4.755555629730225,
  "summary_bg_p95": 260.8666687011719,
  "summary_bg_stdv": 113.16508483886719,
  "summary_fg_k": 0.684523079445456,
  "summary_fg_mad": 299.4856481381316,
  "summary_fg_mean": 1640.215576171875,
  "summary_fg_median": 1628.68896484375,
  "summary_fg_n": 27269.0,
  "summary_fg_p05": 1126.3778076171875,
  "summary_fg_p95": 2186.21328125,
  "summary_fg_stdv": 322.7727355957031,
  "tsnr": 121.47393436031416
}