{
  "aor": 0.0067466666666666664,
  "aqi": 0.0022532286666666667,
  "bids_meta": {
    "CogAtlasID": "trm_4c898f079d05e",
    "CogPOID": "",
    "EchoTime": 0.035,
    "FlipAngle": 90.0,
    "InPlanePhaseEncodingDirection": "COL",
    "MRAcquisitionType": "2D",
    "MagneticFieldStrength": 3.0,
    "Manufacturer": "GE",
    "ManufacturerModelName": "SIGNA HDx",
    "ReceiveCoilName": "8-channel head",
    "RepetitionTime": 3.0,
    "ScanOptions": "EPI.GEMS",
    "ScanningSequence": "EP/GR",
    "SequenceVariant": "SS",
    "SliceAcquisitionDirection": "sequential/ascending (bottom up)",
    "SliceGap": 0,
    "SliceTiming": [
      0.0,
      0.075,
      0.15,
      0.225,
      0.3,
      0.375,
      0.45,
      0.525,
      0.6,
      0.675,
      0.75,
      0.825,
      0.9,
      0.975,
      1.05,
      1.125,
      1.2,
      1.275,
      1.35,
      1.425,
      1.5,
      1.575,
      1.65,
      1.725,
      1.8,
      1.875,
      1.95,
      2.025,
      2.1,
      2.175,
      2.25,
      2.325,
      2.4,
      2.475,
      2.55,
      2.625,
      2.7,
      2.775,
      2.85,
      2.925
    ],
    "SliceTimingCalculationMethod": "slice_number * (RepetitionTime / num_slices)",
    "SoftwareVersion": "14/LX/MR Software release.14.0.M5A.0828.b",
    "TaskDescription": "Finger-to-thumb opposition sequence performed with the trained hand using the novel, untrained sequence.",
    "TaskInstructions": "See published manuscripts.",
    "TaskName": "Trained Hand, Untrained Sequence",
    "dataset": "ds000170",
    "modality": "bold",
    "run_id": 3,
    "subject_id": "1718",
    "task_id": "TrainedHandUntrainedSequence"
  },
  "dummy_trs": 0,
  "dvars_nstd": 19.535920447045456,
  "dvars_std": 1.3532118040909094,
  "dvars_vstd": 1.0694572445454547,
  "efc": 0.4814623255664717,
  "fber": 4819.70556640625,
  "fd_mean": 0.07193291472378904,
  "fd_num": 3,
  "fd_perc": 6.666666666666667,
  "fwhm_avg": 2.304714869261893,
  "fwhm_x": 2.2124887272727274,
  "fwhm_y": 2.558784,
  "fwhm_z": 2.142871880512951,
  "gcor": 0.0578162,
  "gsr_x": -0.007514365948736668,
  "gsr_y": 0.0296018086373806,
  "provenance": {
    "md5sum": "1c5af5d30b4a3a9cca7239d3da882cfa",
    "settings": {
      "fd_thres": 0.2,
      "testing": false
    },
    "software": "mriqc",
    "version": "22.0.0rc1",
    "webapi_port": null,
    "webapi_url": "https://mriqc.nimh.nih.gov/api/v1"
  },
  "size_t": 45,
  "size_x": 64,
  "size_y": 64,
  "size_z": 40,
  "snr": 5.057935351751743,
  "spacing_tr": 3.0,
  "spacing_x": 3.4375,
  "spacing_y": 3.4375,
  "spacing_z": 3.3999979496002197,
  "summary_bg_k": 30.163084001486816,
  "summary_bg_mad": 13.244578498991697,
  "summary_bg_mean": 64.95438385009766,
  "summary_bg_median": 23.80000114440918,
  "summary_bg_n": 103660.0,
  "summary_bg_p05": 4.732222461700456,
  "summary_bg_p95": 257.49111328124945,
  "summary_bg_stdv": 110.08927917480469,
  "summary_fg_k": 0.6613715574525552,
  "summary_fg_mad": 294.36250820888995,
  "summary_fg_mean": 1622.9444580078125,
  "summary_fg_median": 1608.10009765625,
  "summary_fg_n": 27102.0,
  "summary_fg_p05": 1117.5144409179688,
  "summary_fg_p95": 2160.7067382812497,
  "summary_fg_stdv": 317.9302062988281,
  "tsnr": 107.21714970096946
}