{
  "aor": 0.007719999999999999,
  "aqi": 0.0020193591111111117,
  "bids_meta": {
    "CogAtlasID": "trm_4c898f079d05e",
    "CogPOID": "",
    "EchoTime": 0.035,
    "FlipAngle": 90.0,
    "InPlanePhaseEncodingDirection": "COL",
    "MRAcquisitionType": "2D",
    "MagneticFieldStrength": 3.0,
    "Manufacturer": "GE",
    "ManufacturerModelName": "SIGNA HDx",
    "ReceiveCoilName": "8-channel head",
    "RepetitionTime": 3.0,
    "ScanOptions": "EPI.GEMS",
    "ScanningSequence": "EP/GR",
    "SequenceVariant": "SS",
    "SliceAcquisitionDirection": "sequential/ascending (bottom up)",
    "SliceGap": 0,
    "SliceTiming": [
      0.0,
      0.075,
      0.15,
      0.225,
      0.3,
      0.375,
      0.45,
      0.525,
      0.6,
      0.675,
      0.75,
      0.825,
      0.9,
      0.975,
      1.05,
      1.125,
      1.2,
      1.275,
      1.35,
      1.425,
      1.5,
      1.575,
      1.65,
      1.725,
      1.8,
      1.875,
      1.95,
      2.025,
      2.1,
      2.175,
      2.25,
      2.325,
      2.4,
      2.475,
      2.55,
      2.625,
      2.7,
      2.775,
      2.85,
      2.925
    ],
    "SliceTimingCalculationMethod": "slice_number * (RepetitionTime / num_slices)",
    "SoftwareVersion": "14/LX/MR Software release.14.0.M5A.0828.b",
    "TaskDescription": "Finger-to-thumb opposition sequence performed with the trained hand using the pre-trained sequence.",
    "TaskInstructions": "See published manuscripts.",
    "TaskName": "Trained Hand, Trained Sequence",
    "dataset": "ds000170",
    "modality": "bold",
    "run_id": 2,
    "subject_id": "1718",
    "task_id": "TrainedHandTrainedSequence"
  },
  "dummy_trs": 0,
  "dvars_nstd": 18.857809175454545,
  "dvars_std": 1.3479000463636361,
  "dvars_vstd": 1.062517173409091,
  "efc": 0.48478679257815965,
  "fber": 4857.490234375,
  "fd_mean": 0.060191786711874036,
  "fd_num": 2,
  "fd_perc": 4.444444444444445,
  "fwhm_avg": 2.3313013197600405,
  "fwhm_x": 2.234370909090909,
  "fwhm_y": 2.574722909090909,
  "fwhm_z": 2.184810141098304,
  "gcor": 0.0504247,
  "gsr_x": -0.0075237564742565155,
  "gsr_y": 0.029687413945794106,
  "provenance": {
    "md5sum": "f63b81752925a857354027ec3f85873a",
    "settings": {
      "fd_thres": 0.2,
      "testing": false
    },
    "software": "mriqc",
    "version": "22.0.0rc1",
    "webapi_port": null,
    "webapi_url": "https://mriqc.nimh.nih.gov/api/v1"
  },
  "size_t": 45,
  "size_x": 64,
  "size_y": 64,
  "size_z": 40,
  "snr": 5.027809949612465,
  "spacing_tr": 3.0,
  "spacing_x": 3.4375,
  "spacing_y": 3.4375,
  "spacing_z": 3.3999979496002197,
  "summary_bg_k": 29.95866742046217,
  "summary_bg_mad": 13.310475638536825,
  "summary_bg_mean": 65.97486114501953,
  "summary_bg_median": 23.77777862548828,
  "summary_bg_n": 103013.0,
  "summary_bg_p05": 4.888888835906982,
  "summary_bg_p95": 261.2889099121094,
  "summary_bg_stdv": 114.20917510986328,
  "summary_fg_k": 0.7002026433071871,
  "summary_fg_mad": 298.43142964169664,
  "summary_fg_mean": 1628.7806396484375,
  "summary_fg_median": 1616.8555908203125,
  "summary_fg_n": 27630.0,
  "summary_fg_p05": 1116.3167114257812,
  "summary_fg_p95": 2169.657861328125,
  "summary_fg_stdv": 321.57666015625,
  "tsnr": 111.37105248868465
}